{
  "aor": 0.0005440654205607477,
  "aqi": 0.0067464198598130845,
  "bids_meta": {
    "AccelFactPE": 2,
    "AcquisitionNumber": 1,
    "AcquisitionTime": "10:42:53.717500",
    "BandwidthPerPixelPhaseEncode": 49.18,
    "BodyPartExamined": "BRAIN",
    "ConversionSoftware": "dcm2niix",
    "ConversionSoftwareVersion": "v1.0.20170724 (OpenJPEG build) GCC6.1.0",
    "DeviceSerialNumber": "45031",
    "EchoTime": 0.034,
    "EchoTrainLength": 29,
    "EffectiveEchoSpacing": 0.000344635,
    "FlipAngle": 71,
    "ImageType": [
      "ORIGINAL",
      "PRIMARY",
      "M",
      "ND",
      "NORM",
      "MOSAIC"
    ],
    "InstitutionAddress": "Washington_and_Faculty_Rd._-_Building_25_25_Princeton_NJ_US_085",
    "InstitutionName": "Princeton_University_-_Neuroscience_Institute",
    "MagneticFieldStrength": 3,
    "Manufacturer": "Siemens",
    "ManufacturersModelName": "Skyra",
    "PhaseEncodingDirection": "j-",
    "PhaseEncodingLines": 59,
    "ProcedureStepDescription": "NormanLab_Jarrod",
    "ProtocolName": "epi_3x3x3_2s_phase2_(214_TRs)",
    "RepetitionTime": 2,
    "ScanningSequence": "EP",
    "SequenceName": "_epfid2d1_59",
    "SequenceVariant": "SK_OSP",
    "SeriesDescription": "epi_3x3x3_2s_phase2_(214_TRs)",
    "SliceTiming": [
      0.99,
      0,
      1.0475,
      0.06,
      1.1075,
      0.1175,
      1.165,
      0.175,
      1.2225,
      0.2325,
      1.2825,
      0.2925,
      1.34,
      0.35,
      1.3975,
      0.4075,
      1.455,
      0.4675,
      1.515,
      0.525,
      1.5725,
      0.5825,
      1.63,
      0.64,
      1.69,
      0.7,
      1.7475,
      0.7575,
      1.805,
      0.815,
      1.865,
      0.875,
      1.9225,
      0.9325
    ],
    "SoftwareVersions": "syngo_MR_D11",
    "TaskName": "Phase 2",
    "TotalReadoutTime": 0.0196442,
    "TrueEchoSpacing": 0.00068927,
    "dataset": "ds001232",
    "modality": "bold",
    "run_id": 4,
    "subject_id": "19",
    "task_id": "phase2"
  },
  "dummy_trs": 0,
  "dvars_nstd": 27.774289287840393,
  "dvars_std": 1.2276835630516434,
  "dvars_vstd": 1.0137606480751171,
  "efc": 0.6242653685830932,
  "fber": 1229.2115478515625,
  "fd_mean": 0.0903683381603075,
  "fd_num": 8,
  "fd_perc": 3.7383177570093458,
  "fwhm_avg": 1.7461260788256718,
  "fwhm_x": 1.6313886575937402,
  "fwhm_y": 1.93180651181312,
  "fwhm_z": 1.6751830670701555,
  "gcor": 0.029066,
  "gsr_x": 0.006195549853146076,
  "gsr_y": 0.03974400833249092,
  "provenance": {
    "md5sum": "11b2798d7d8b661f3bb21a400e1f699f",
    "settings": {
      "fd_thres": 0.2,
      "testing": false
    },
    "software": "mriqc",
    "version": "22.0.6",
    "webapi_port": null,
    "webapi_url": "https://mriqc.nimh.nih.gov/api/v1"
  },
  "size_t": 214,
  "size_x": 66,
  "size_y": 66,
  "size_z": 34,
  "snr": 6.044376171459154,
  "spacing_tr": 2.0,
  "spacing_x": 2.9696969985961914,
  "spacing_y": 2.9696969985961914,
  "spacing_z": 3.000000476837158,
  "summary_bg_k": 26.69977017564479,
  "summary_bg_mad": 12.40120652968305,
  "summary_bg_mean": 47.7784538269043,
  "summary_bg_median": 20.429906845092773,
  "summary_bg_n": 70801.0,
  "summary_bg_p05": 9.663551330566406,
  "summary_bg_p95": 199.6401824951172,
  "summary_bg_stdv": 77.68550872802734,
  "summary_fg_k": 3.2502325998769876,
  "summary_fg_mad": 109.52547432036911,
  "summary_fg_mean": 746.729248046875,
  "summary_fg_median": 737.373779296875,
  "summary_fg_n": 42952.0,
  "summary_fg_p05": 580.3275573730468,
  "summary_fg_p95": 939.550207519531,
  "summary_fg_stdv": 121.991943359375,
  "tsnr": 63.61906543560326
}