{
  "aor": 0.0006626635514018691,
  "aqi": 0.006562995280373832,
  "bids_meta": {
    "AccelFactPE": 2,
    "AcquisitionNumber": 1,
    "AcquisitionTime": "10:58:14.900000",
    "BandwidthPerPixelPhaseEncode": 49.18,
    "BodyPartExamined": "BRAIN",
    "ConversionSoftware": "dcm2niix",
    "ConversionSoftwareVersion": "v1.0.20170724 (OpenJPEG build) GCC6.1.0",
    "DeviceSerialNumber": "45031",
    "EchoTime": 0.034,
    "EchoTrainLength": 29,
    "EffectiveEchoSpacing": 0.000344635,
    "FlipAngle": 71,
    "ImageType": [
      "ORIGINAL",
      "PRIMARY",
      "M",
      "ND",
      "NORM",
      "MOSAIC"
    ],
    "InstitutionAddress": "Washington_and_Faculty_Rd._-_Building_25_25_Princeton_NJ_US_085",
    "InstitutionName": "Princeton_University_-_Neuroscience_Institute",
    "MagneticFieldStrength": 3,
    "Manufacturer": "Siemens",
    "ManufacturersModelName": "Skyra",
    "PhaseEncodingDirection": "j-",
    "PhaseEncodingLines": 59,
    "ProcedureStepDescription": "NormanLab_Jarrod",
    "ProtocolName": "epi_3x3x3_2s_phase2_(214_TRs)",
    "RepetitionTime": 2,
    "ScanningSequence": "EP",
    "SequenceName": "_epfid2d1_59",
    "SequenceVariant": "SK_OSP",
    "SeriesDescription": "epi_3x3x3_2s_phase2_(214_TRs)",
    "SliceTiming": [
      0.99,
      0,
      1.0475,
      0.0575,
      1.105,
      0.115,
      1.1625,
      0.175,
      1.2225,
      0.2325,
      1.28,
      0.29,
      1.3375,
      0.3475,
      1.3975,
      0.4075,
      1.455,
      0.465,
      1.5125,
      0.5225,
      1.57,
      0.5825,
      1.63,
      0.64,
      1.6875,
      0.6975,
      1.745,
      0.755,
      1.805,
      0.815,
      1.8625,
      0.8725,
      1.92,
      0.93
    ],
    "SoftwareVersions": "syngo_MR_D11",
    "TaskName": "Phase 2",
    "TotalReadoutTime": 0.0196442,
    "TrueEchoSpacing": 0.00068927,
    "dataset": "ds001232",
    "modality": "bold",
    "run_id": 6,
    "subject_id": "19",
    "task_id": "phase2"
  },
  "dummy_trs": 0,
  "dvars_nstd": 27.680794594835678,
  "dvars_std": 1.2191232104694842,
  "dvars_vstd": 1.016837022253521,
  "efc": 0.6251519200177924,
  "fber": 1207.0592041015625,
  "fd_mean": 0.09815602346434986,
  "fd_num": 8,
  "fd_perc": 3.7383177570093458,
  "fwhm_avg": 1.749059173364257,
  "fwhm_x": 1.6294625351635044,
  "fwhm_y": 1.9290419200032884,
  "fwhm_z": 1.6886730649259782,
  "gcor": 0.0231073,
  "gsr_x": 0.007650994695723057,
  "gsr_y": 0.038997307419776917,
  "provenance": {
    "md5sum": "004996b0a72bf64c1e60d14c7aeaba80",
    "settings": {
      "fd_thres": 0.2,
      "testing": false
    },
    "software": "mriqc",
    "version": "22.0.6",
    "webapi_port": null,
    "webapi_url": "https://mriqc.nimh.nih.gov/api/v1"
  },
  "size_t": 214,
  "size_x": 66,
  "size_y": 66,
  "size_z": 34,
  "snr": 6.06000521977536,
  "spacing_tr": 2.0,
  "spacing_x": 2.9696969985961914,
  "spacing_y": 2.9696969985961914,
  "spacing_z": 3.000000476837158,
  "summary_bg_k": 24.188390931538276,
  "summary_bg_mad": 12.512055002971016,
  "summary_bg_mean": 48.60468673706055,
  "summary_bg_median": 20.574766159057617,
  "summary_bg_n": 70839.0,
  "summary_bg_p05": 9.724298477172852,
  "summary_bg_p95": 204.94485778808587,
  "summary_bg_stdv": 79.14545440673828,
  "summary_fg_k": 3.192649008593306,
  "summary_fg_mad": 108.85005055578624,
  "summary_fg_mean": 743.8489379882812,
  "summary_fg_median": 735.210205078125,
  "summary_fg_n": 42892.0,
  "summary_fg_p05": 578.2151550292969,
  "summary_fg_p95": 936.3450775146482,
  "summary_fg_stdv": 121.32029724121094,
  "tsnr": 63.80269268644042
}