{
  "aor": 0.0004735680751173708,
  "aqi": 0.0062932011737089205,
  "bids_meta": {
    "AccelFactPE": 2,
    "AcquisitionNumber": 1,
    "AcquisitionTime": "10:27:41.080000",
    "BandwidthPerPixelPhaseEncode": 49.18,
    "BodyPartExamined": "BRAIN",
    "ConversionSoftware": "dcm2niix",
    "ConversionSoftwareVersion": "v1.0.20170724 (OpenJPEG build) GCC6.1.0",
    "DeviceSerialNumber": "45031",
    "EchoTime": 0.034,
    "EchoTrainLength": 29,
    "EffectiveEchoSpacing": 0.000344635,
    "FlipAngle": 71,
    "ImageType": [
      "ORIGINAL",
      "PRIMARY",
      "M",
      "ND",
      "NORM",
      "MOSAIC"
    ],
    "InstitutionAddress": "Washington_and_Faculty_Rd._-_Building_25_25_Princeton_NJ_US_085",
    "InstitutionName": "Princeton_University_-_Neuroscience_Institute",
    "MagneticFieldStrength": 3,
    "Manufacturer": "Siemens",
    "ManufacturersModelName": "Skyra",
    "PhaseEncodingDirection": "j-",
    "PhaseEncodingLines": 59,
    "ProcedureStepDescription": "NormanLab_Jarrod",
    "ProtocolName": "epi_3x3x3_2s_phase2_(214_TRs)",
    "RepetitionTime": 2,
    "ScanningSequence": "EP",
    "SequenceName": "_epfid2d1_59",
    "SequenceVariant": "SK_OSP",
    "SeriesDescription": "epi_3x3x3_2s_phase2_(214_TRs)",
    "SliceTiming": [
      0.9875,
      0,
      1.0475,
      0.0575,
      1.105,
      0.115,
      1.1625,
      0.1725,
      1.2225,
      0.2325,
      1.28,
      0.29,
      1.3375,
      0.3475,
      1.3975,
      0.4075,
      1.455,
      0.465,
      1.5125,
      0.5225,
      1.57,
      0.58,
      1.63,
      0.64,
      1.6875,
      0.6975,
      1.745,
      0.755,
      1.805,
      0.815,
      1.8625,
      0.8725,
      1.92,
      0.93
    ],
    "SoftwareVersions": "syngo_MR_D11",
    "TaskName": "Phase 2",
    "TotalReadoutTime": 0.0196442,
    "TrueEchoSpacing": 0.00068927,
    "dataset": "ds001232",
    "modality": "bold",
    "run_id": 2,
    "subject_id": "19",
    "task_id": "phase2"
  },
  "dummy_trs": 1,
  "dvars_nstd": 26.398561252735853,
  "dvars_std": 1.1878640290566038,
  "dvars_vstd": 1.0050925765094338,
  "efc": 0.6232932951473907,
  "fber": 1247.26220703125,
  "fd_mean": 0.08141247573233291,
  "fd_num": 2,
  "fd_perc": 0.9389671361502347,
  "fwhm_avg": 1.7512708401143484,
  "fwhm_x": 1.6329241677828792,
  "fwhm_y": 1.9343252872988128,
  "fwhm_z": 1.6865630652613535,
  "gcor": 0.0239474,
  "gsr_x": 0.005353065673261881,
  "gsr_y": 0.03956887871026993,
  "provenance": {
    "md5sum": "d657c636e82d34df68699b72754bee10",
    "settings": {
      "fd_thres": 0.2,
      "testing": false
    },
    "software": "mriqc",
    "version": "22.0.6",
    "webapi_port": null,
    "webapi_url": "https://mriqc.nimh.nih.gov/api/v1"
  },
  "size_t": 213,
  "size_x": 66,
  "size_y": 66,
  "size_z": 34,
  "snr": 6.035326545365044,
  "spacing_tr": 2.0,
  "spacing_x": 2.9696969985961914,
  "spacing_y": 2.9696969985961914,
  "spacing_z": 3.000000476837158,
  "summary_bg_k": 27.560224741997636,
  "summary_bg_mad": 12.358499086436245,
  "summary_bg_mean": 46.95843505859375,
  "summary_bg_median": 20.375587463378906,
  "summary_bg_n": 70776.0,
  "summary_bg_p05": 9.661972045898438,
  "summary_bg_p95": 192.51408767700195,
  "summary_bg_stdv": 75.74168395996094,
  "summary_fg_k": 3.0715753796402705,
  "summary_fg_mad": 110.81935785438415,
  "summary_fg_mean": 749.2249755859375,
  "summary_fg_median": 740.6290893554688,
  "summary_fg_n": 42965.0,
  "summary_fg_p05": 581.4704223632813,
  "summary_fg_p95": 943.8957885742187,
  "summary_fg_stdv": 122.7142333984375,
  "tsnr": 65.18475584802218
}