{
  "aor": 0.0005564953271028038,
  "aqi": 0.006413667429906542,
  "bids_meta": {
    "AccelFactPE": 2,
    "AcquisitionNumber": 1,
    "AcquisitionTime": "10:50:29.065000",
    "BandwidthPerPixelPhaseEncode": 49.18,
    "BodyPartExamined": "BRAIN",
    "ConversionSoftware": "dcm2niix",
    "ConversionSoftwareVersion": "v1.0.20170724 (OpenJPEG build) GCC6.1.0",
    "DeviceSerialNumber": "45031",
    "EchoTime": 0.034,
    "EchoTrainLength": 29,
    "EffectiveEchoSpacing": 0.000344635,
    "FlipAngle": 71,
    "ImageType": [
      "ORIGINAL",
      "PRIMARY",
      "M",
      "ND",
      "NORM",
      "MOSAIC"
    ],
    "InstitutionAddress": "Washington_and_Faculty_Rd._-_Building_25_25_Princeton_NJ_US_085",
    "InstitutionName": "Princeton_University_-_Neuroscience_Institute",
    "MagneticFieldStrength": 3,
    "Manufacturer": "Siemens",
    "ManufacturersModelName": "Skyra",
    "PhaseEncodingDirection": "j-",
    "PhaseEncodingLines": 59,
    "ProcedureStepDescription": "NormanLab_Jarrod",
    "ProtocolName": "epi_3x3x3_2s_phase2_(214_TRs)",
    "RepetitionTime": 2,
    "ScanningSequence": "EP",
    "SequenceName": "_epfid2d1_59",
    "SequenceVariant": "SK_OSP",
    "SeriesDescription": "epi_3x3x3_2s_phase2_(214_TRs)",
    "SliceTiming": [
      0.99,
      0,
      1.0475,
      0.0575,
      1.105,
      0.115,
      1.165,
      0.175,
      1.2225,
      0.2325,
      1.28,
      0.29,
      1.3375,
      0.35,
      1.3975,
      0.4075,
      1.455,
      0.465,
      1.5125,
      0.5225,
      1.5725,
      0.5825,
      1.63,
      0.64,
      1.6875,
      0.6975,
      1.745,
      0.7575,
      1.805,
      0.815,
      1.8625,
      0.8725,
      1.92,
      0.93
    ],
    "SoftwareVersions": "syngo_MR_D11",
    "TaskName": "Phase 2",
    "TotalReadoutTime": 0.0196442,
    "TrueEchoSpacing": 0.00068927,
    "dataset": "ds001232",
    "modality": "bold",
    "run_id": 5,
    "subject_id": "19",
    "task_id": "phase2"
  },
  "dummy_trs": 0,
  "dvars_nstd": 26.69487569910799,
  "dvars_std": 1.2023434334272296,
  "dvars_vstd": 1.0142323944600937,
  "efc": 0.6245488433776959,
  "fber": 1223.53466796875,
  "fd_mean": 0.08319990654275972,
  "fd_num": 3,
  "fd_perc": 1.4018691588785046,
  "fwhm_avg": 1.7494910672236095,
  "fwhm_x": 1.6330858004343676,
  "fwhm_y": 1.9355510015725992,
  "fwhm_z": 1.6798363996638617,
  "gcor": 0.0243901,
  "gsr_x": 0.006775632034987211,
  "gsr_y": 0.03960248455405235,
  "provenance": {
    "md5sum": "f03792672f0aba5b442a78d42aacf821",
    "settings": {
      "fd_thres": 0.2,
      "testing": false
    },
    "software": "mriqc",
    "version": "22.0.6",
    "webapi_port": null,
    "webapi_url": "https://mriqc.nimh.nih.gov/api/v1"
  },
  "size_t": 214,
  "size_x": 66,
  "size_y": 66,
  "size_z": 34,
  "snr": 6.046719232905544,
  "spacing_tr": 2.0,
  "spacing_x": 2.9696969985961914,
  "spacing_y": 2.9696969985961914,
  "spacing_z": 3.000000476837158,
  "summary_bg_k": 25.73216353270293,
  "summary_bg_mad": 12.470485765048286,
  "summary_bg_mean": 48.145084381103516,
  "summary_bg_median": 20.481307983398438,
  "summary_bg_n": 70847.0,
  "summary_bg_p05": 9.640186309814453,
  "summary_bg_p95": 202.92942962646475,
  "summary_bg_stdv": 78.35194396972656,
  "summary_fg_k": 3.2742834470459146,
  "summary_fg_mad": 109.25522337276371,
  "summary_fg_mean": 745.9160766601562,
  "summary_fg_median": 737.0653686523438,
  "summary_fg_n": 42977.0,
  "summary_fg_p05": 579.92802734375,
  "summary_fg_p95": 939.3139892578125,
  "summary_fg_stdv": 121.89366912841797,
  "tsnr": 64.90709759236779
}