{
  "aor": 0.0016805882352941177,
  "aqi": 0.009341008705882352,
  "bids_meta": {
    "AccelFactPE": 2,
    "AcquisitionNumber": 1,
    "AcquisitionTime": "16:04:43.152500",
    "BandwidthPerPixelPhaseEncode": 49.18,
    "BodyPartExamined": "BRAIN",
    "ConversionSoftware": "dcm2niix",
    "ConversionSoftwareVersion": "v1.0.20170724 (OpenJPEG build) GCC6.1.0",
    "DeviceSerialNumber": "45031",
    "EchoTime": 0.034,
    "EchoTrainLength": 29,
    "EffectiveEchoSpacing": 0.000344635,
    "FlipAngle": 71,
    "ImageType": [
      "ORIGINAL",
      "PRIMARY",
      "M",
      "ND",
      "NORM",
      "MOSAIC"
    ],
    "InstitutionAddress": "Washington_and_Faculty_Rd._-_Building_25_25_Princeton_NJ_US_085",
    "InstitutionName": "Princeton_University_-_Neuroscience_Institute",
    "MagneticFieldStrength": 3,
    "Manufacturer": "Siemens",
    "ManufacturersModelName": "Skyra",
    "PhaseEncodingDirection": "j-",
    "PhaseEncodingLines": 59,
    "ProcedureStepDescription": "NormanLab_Jarrod",
    "ProtocolName": "epi_3x3x3_2s_phase1",
    "RepetitionTime": 2,
    "ScanningSequence": "EP",
    "SequenceName": "_epfid2d1_59",
    "SequenceVariant": "SK_OSP",
    "SeriesDescription": "epi_3x3x3_2s_phase1",
    "SliceTiming": [
      0.99,
      0,
      1.05,
      0.06,
      1.1075,
      0.1175,
      1.165,
      0.175,
      1.2225,
      0.2325,
      1.2825,
      0.2925,
      1.34,
      0.35,
      1.3975,
      0.4075,
      1.4575,
      0.4675,
      1.515,
      0.525,
      1.5725,
      0.5825,
      1.63,
      0.6425,
      1.69,
      0.7,
      1.7475,
      0.7575,
      1.805,
      0.815,
      1.865,
      0.875,
      1.9225,
      0.9325
    ],
    "SoftwareVersions": "syngo_MR_D11",
    "TaskName": "Phase 1",
    "TotalReadoutTime": 0.0196442,
    "TrueEchoSpacing": 0.00068927,
    "dataset": "ds001232",
    "modality": "bold",
    "run_id": 1,
    "subject_id": "15",
    "task_id": "phase1"
  },
  "dummy_trs": 0,
  "dvars_nstd": 25.301592922603565,
  "dvars_std": 1.093686425029585,
  "dvars_vstd": 1.0219076955621302,
  "efc": 0.518077362351728,
  "fber": 1847.8612060546875,
  "fd_mean": 0.14548613088834828,
  "fd_num": 22,
  "fd_perc": 12.941176470588236,
  "fwhm_avg": 1.7120817215061166,
  "fwhm_x": 1.5519630461217622,
  "fwhm_y": 1.9317795730378717,
  "fwhm_z": 1.6525025453587157,
  "gcor": 0.0346471,
  "gsr_x": -0.0033535894472151995,
  "gsr_y": 0.02560080774128437,
  "provenance": {
    "md5sum": "0bc1032f827812817272cef8feec12ce",
    "settings": {
      "fd_thres": 0.2,
      "testing": false
    },
    "software": "mriqc",
    "version": "22.0.6",
    "webapi_port": null,
    "webapi_url": "https://mriqc.nimh.nih.gov/api/v1"
  },
  "size_t": 170,
  "size_x": 66,
  "size_y": 66,
  "size_z": 34,
  "snr": 6.380552590259633,
  "spacing_tr": 2.0,
  "spacing_x": 2.9696969985961914,
  "spacing_y": 2.9696969985961914,
  "spacing_z": 3.0000014305114746,
  "summary_bg_k": 67.43710345154727,
  "summary_bg_mad": 7.020557896787034,
  "summary_bg_mean": 28.45461082458496,
  "summary_bg_median": 15.182353019714355,
  "summary_bg_n": 88490.0,
  "summary_bg_p05": 8.217647552490234,
  "summary_bg_p95": 91.42676582336428,
  "summary_bg_stdv": 48.85964584350586,
  "summary_fg_k": 3.3026944101823927,
  "summary_fg_mad": 89.32239485834646,
  "summary_fg_mean": 669.0772094726562,
  "summary_fg_median": 657.744140625,
  "summary_fg_n": 28590.0,
  "summary_fg_p05": 537.2132507324219,
  "summary_fg_p95": 835.5523834228514,
  "summary_fg_stdv": 103.0839614868164,
  "tsnr": 57.383084058528766
}