{
  "aor": 0.0007371597633136094,
  "aqi": 0.007233408165680474,
  "bids_meta": {
    "AccelFactPE": 2,
    "AcquisitionNumber": 1,
    "AcquisitionTime": "16:10:50.747500",
    "BandwidthPerPixelPhaseEncode": 49.18,
    "BodyPartExamined": "BRAIN",
    "ConversionSoftware": "dcm2niix",
    "ConversionSoftwareVersion": "v1.0.20170724 (OpenJPEG build) GCC6.1.0",
    "DeviceSerialNumber": "45031",
    "EchoTime": 0.034,
    "EchoTrainLength": 29,
    "EffectiveEchoSpacing": 0.000344635,
    "FlipAngle": 71,
    "ImageType": [
      "ORIGINAL",
      "PRIMARY",
      "M",
      "ND",
      "NORM",
      "MOSAIC"
    ],
    "InstitutionAddress": "Washington_and_Faculty_Rd._-_Building_25_25_Princeton_NJ_US_085",
    "InstitutionName": "Princeton_University_-_Neuroscience_Institute",
    "MagneticFieldStrength": 3,
    "Manufacturer": "Siemens",
    "ManufacturersModelName": "Skyra",
    "PhaseEncodingDirection": "j-",
    "PhaseEncodingLines": 59,
    "ProcedureStepDescription": "NormanLab_Jarrod",
    "ProtocolName": "epi_3x3x3_2s_phase1",
    "RepetitionTime": 2,
    "ScanningSequence": "EP",
    "SequenceName": "_epfid2d1_59",
    "SequenceVariant": "SK_OSP",
    "SeriesDescription": "epi_3x3x3_2s_phase1",
    "SliceTiming": [
      0.99,
      0,
      1.05,
      0.06,
      1.1075,
      0.1175,
      1.165,
      0.175,
      1.2225,
      0.235,
      1.2825,
      0.2925,
      1.34,
      0.35,
      1.3975,
      0.4075,
      1.4575,
      0.4675,
      1.515,
      0.525,
      1.5725,
      0.5825,
      1.63,
      0.6425,
      1.69,
      0.7,
      1.7475,
      0.7575,
      1.805,
      0.815,
      1.865,
      0.875,
      1.9225,
      0.9325
    ],
    "SoftwareVersions": "syngo_MR_D11",
    "TaskName": "Phase 1",
    "TotalReadoutTime": 0.0196442,
    "TrueEchoSpacing": 0.00068927,
    "dataset": "ds001232",
    "modality": "bold",
    "run_id": 2,
    "subject_id": "15",
    "task_id": "phase1"
  },
  "dummy_trs": 1,
  "dvars_nstd": 23.355741682023808,
  "dvars_std": 1.079640636845238,
  "dvars_vstd": 1.0107247632738094,
  "efc": 0.5180798667343118,
  "fber": 1874.869873046875,
  "fd_mean": 0.10636969950359369,
  "fd_num": 14,
  "fd_perc": 8.284023668639053,
  "fwhm_avg": 1.7017242520291618,
  "fwhm_x": 1.544231617625571,
  "fwhm_y": 1.921781920073938,
  "fwhm_z": 1.6391592183879766,
  "gcor": 0.0212549,
  "gsr_x": -0.003471788251772523,
  "gsr_y": 0.026277927681803703,
  "provenance": {
    "md5sum": "6c1d36d452d84a7106dda8fc33e36640",
    "settings": {
      "fd_thres": 0.2,
      "testing": false
    },
    "software": "mriqc",
    "version": "22.0.6",
    "webapi_port": null,
    "webapi_url": "https://mriqc.nimh.nih.gov/api/v1"
  },
  "size_t": 169,
  "size_x": 66,
  "size_y": 66,
  "size_z": 34,
  "snr": 6.388120838495464,
  "spacing_tr": 2.0,
  "spacing_x": 2.9696969985961914,
  "spacing_y": 2.9696969985961914,
  "spacing_z": 3.0000014305114746,
  "summary_bg_k": 76.16284039252984,
  "summary_bg_mad": 7.000689497763558,
  "summary_bg_mean": 28.715866088867188,
  "summary_bg_median": 15.118343353271484,
  "summary_bg_n": 88521.0,
  "summary_bg_p05": 8.213017463684082,
  "summary_bg_p95": 92.78106689453125,
  "summary_bg_stdv": 50.38483810424805,
  "summary_fg_k": 3.219316402315191,
  "summary_fg_mad": 89.76322107340079,
  "summary_fg_mean": 670.9703979492188,
  "summary_fg_median": 660.1183471679688,
  "summary_fg_n": 28611.0,
  "summary_fg_p05": 538.0976257324219,
  "summary_fg_p95": 838.7603454589844,
  "summary_fg_stdv": 103.33348846435547,
  "tsnr": 63.431707844138145
}