{
  "aor": 0.0007120187793427231,
  "aqi": 0.009272976056338028,
  "bids_meta": {
    "AccelFactPE": 2,
    "AcquisitionNumber": 1,
    "AcquisitionTime": "17:10:58.582500",
    "BandwidthPerPixelPhaseEncode": 49.18,
    "BodyPartExamined": "BRAIN",
    "ConversionSoftware": "dcm2niix",
    "ConversionSoftwareVersion": "v1.0.20170724 (OpenJPEG build) GCC6.1.0",
    "DeviceSerialNumber": "45031",
    "EchoTime": 0.034,
    "EchoTrainLength": 29,
    "EffectiveEchoSpacing": 0.000344635,
    "FlipAngle": 71,
    "ImageType": [
      "ORIGINAL",
      "PRIMARY",
      "M",
      "ND",
      "NORM",
      "MOSAIC"
    ],
    "InstitutionAddress": "Washington_and_Faculty_Rd._-_Building_25_25_Princeton_NJ_US_085",
    "InstitutionName": "Princeton_University_-_Neuroscience_Institute",
    "MagneticFieldStrength": 3,
    "Manufacturer": "Siemens",
    "ManufacturersModelName": "Skyra",
    "PhaseEncodingDirection": "j-",
    "PhaseEncodingLines": 59,
    "ProcedureStepDescription": "NormanLab_Jarrod",
    "ProtocolName": "epi_3x3x3_2s_phase2_(214_TRs)",
    "RepetitionTime": 2,
    "ScanningSequence": "EP",
    "SequenceName": "_epfid2d1_59",
    "SequenceVariant": "SK_OSP",
    "SeriesDescription": "epi_3x3x3_2s_phase2_(214_TRs)",
    "SliceTiming": [
      0.99,
      0,
      1.0475,
      0.0575,
      1.1075,
      0.1175,
      1.165,
      0.175,
      1.2225,
      0.2325,
      1.2825,
      0.2925,
      1.34,
      0.35,
      1.3975,
      0.4075,
      1.455,
      0.465,
      1.515,
      0.525,
      1.5725,
      0.5825,
      1.63,
      0.64,
      1.69,
      0.7,
      1.7475,
      0.7575,
      1.805,
      0.815,
      1.8625,
      0.8725,
      1.9225,
      0.9325
    ],
    "SoftwareVersions": "syngo_MR_D11",
    "TaskName": "Phase 2",
    "TotalReadoutTime": 0.0196442,
    "TrueEchoSpacing": 0.00068927,
    "dataset": "ds001232",
    "modality": "bold",
    "run_id": 5,
    "subject_id": "15",
    "task_id": "phase2"
  },
  "dummy_trs": 1,
  "dvars_nstd": 25.143546572169807,
  "dvars_std": 1.0846964979716989,
  "dvars_vstd": 1.0027034406603768,
  "efc": 0.5173496527145307,
  "fber": 1800.669677734375,
  "fd_mean": 0.13907187285760844,
  "fd_num": 34,
  "fd_perc": 15.96244131455399,
  "fwhm_avg": 1.6800496100602114,
  "fwhm_x": 1.52935804634174,
  "fwhm_y": 1.8876538591815613,
  "fwhm_z": 1.6231369246573328,
  "gcor": 0.0134967,
  "gsr_x": -0.00359128275886178,
  "gsr_y": 0.0312916524708271,
  "provenance": {
    "md5sum": "1961249873bbdf1f26fb89ca1d89b185",
    "settings": {
      "fd_thres": 0.2,
      "testing": false
    },
    "software": "mriqc",
    "version": "22.0.6",
    "webapi_port": null,
    "webapi_url": "https://mriqc.nimh.nih.gov/api/v1"
  },
  "size_t": 213,
  "size_x": 66,
  "size_y": 66,
  "size_z": 34,
  "snr": 6.356311375738632,
  "spacing_tr": 2.0,
  "spacing_x": 2.9696969985961914,
  "spacing_y": 2.9696969985961914,
  "spacing_z": 2.999999523162842,
  "summary_bg_k": 84.50263683690646,
  "summary_bg_mad": 7.454775451363439,
  "summary_bg_mean": 29.108535766601562,
  "summary_bg_median": 15.497653007507324,
  "summary_bg_n": 88726.0,
  "summary_bg_p05": 8.502347946166992,
  "summary_bg_p95": 91.90845108032227,
  "summary_bg_stdv": 50.99217987060547,
  "summary_fg_k": 3.032581859566073,
  "summary_fg_mad": 90.89815741522801,
  "summary_fg_mean": 672.6290283203125,
  "summary_fg_median": 661.5258178710938,
  "summary_fg_n": 28407.0,
  "summary_fg_p05": 537.8197143554687,
  "summary_fg_p95": 844.6601074218748,
  "summary_fg_stdv": 104.072021484375,
  "tsnr": 57.81803172896616
}