{
  "aor": 0.0005243529411764706,
  "aqi": 0.00662411,
  "bids_meta": {
    "AccelFactPE": 2,
    "AcquisitionNumber": 1,
    "AcquisitionTime": "08:51:26.992500",
    "BandwidthPerPixelPhaseEncode": 49.18,
    "BodyPartExamined": "BRAIN",
    "ConversionSoftware": "dcm2niix",
    "ConversionSoftwareVersion": "v1.0.20170724 (OpenJPEG build) GCC6.1.0",
    "DeviceSerialNumber": "45031",
    "EchoTime": 0.034,
    "EchoTrainLength": 29,
    "EffectiveEchoSpacing": 0.000344635,
    "FlipAngle": 71,
    "ImageType": [
      "ORIGINAL",
      "PRIMARY",
      "M",
      "ND",
      "NORM",
      "MOSAIC"
    ],
    "InstitutionAddress": "Washington_and_Faculty_Rd._-_Building_25_25_Princeton_NJ_US_085",
    "InstitutionName": "Princeton_University_-_Neuroscience_Institute",
    "MagneticFieldStrength": 3,
    "Manufacturer": "Siemens",
    "ManufacturersModelName": "Skyra",
    "PhaseEncodingDirection": "j-",
    "PhaseEncodingLines": 59,
    "ProcedureStepDescription": "NormanLab_Jarrod",
    "ProtocolName": "epi_3x3x3_2s_phase1",
    "RepetitionTime": 2,
    "ScanningSequence": "EP",
    "SequenceName": "_epfid2d1_59",
    "SequenceVariant": "SK_OSP",
    "SeriesDescription": "epi_3x3x3_2s_phase1",
    "SliceTiming": [
      0.99,
      0,
      1.0475,
      0.0575,
      1.105,
      0.115,
      1.165,
      0.175,
      1.2225,
      0.2325,
      1.28,
      0.29,
      1.3375,
      0.3475,
      1.3975,
      0.4075,
      1.455,
      0.465,
      1.5125,
      0.5225,
      1.5725,
      0.5825,
      1.63,
      0.64,
      1.6875,
      0.6975,
      1.745,
      0.755,
      1.805,
      0.815,
      1.8625,
      0.8725,
      1.92,
      0.93
    ],
    "SoftwareVersions": "syngo_MR_D11",
    "TaskName": "Phase 1",
    "TotalReadoutTime": 0.0196442,
    "TrueEchoSpacing": 0.00068927,
    "dataset": "ds001232",
    "modality": "bold",
    "run_id": 4,
    "subject_id": "04",
    "task_id": "phase1"
  },
  "dummy_trs": 0,
  "dvars_nstd": 25.86824778260355,
  "dvars_std": 1.1430070497041425,
  "dvars_vstd": 1.0100306407692308,
  "efc": 0.5565945533531073,
  "fber": 1816.540771484375,
  "fd_mean": 0.07304582231214793,
  "fd_num": 4,
  "fd_perc": 2.3529411764705883,
  "fwhm_avg": 1.7850807946290852,
  "fwhm_x": 1.6249940658192334,
  "fwhm_y": 1.9923480418362127,
  "fwhm_z": 1.7379002762318096,
  "gcor": 0.0522693,
  "gsr_x": 0.013428847305476665,
  "gsr_y": 0.029402047395706177,
  "provenance": {
    "md5sum": "bba83348aa285d11db259525793ca9fe",
    "settings": {
      "fd_thres": 0.2,
      "testing": false
    },
    "software": "mriqc",
    "version": "22.0.6",
    "webapi_port": null,
    "webapi_url": "https://mriqc.nimh.nih.gov/api/v1"
  },
  "size_t": 170,
  "size_x": 66,
  "size_y": 66,
  "size_z": 34,
  "snr": 5.713269800040866,
  "spacing_tr": 2.0,
  "spacing_x": 2.9696969985961914,
  "spacing_y": 2.9696969985961914,
  "spacing_z": 2.999999523162842,
  "summary_bg_k": 20.92827446717498,
  "summary_bg_mad": 7.744416893148175,
  "summary_bg_mean": 37.7091178894043,
  "summary_bg_median": 15.594118118286133,
  "summary_bg_n": 82152.0,
  "summary_bg_p05": 8.547059059143066,
  "summary_bg_p95": 188.62559051513634,
  "summary_bg_stdv": 71.91584014892578,
  "summary_fg_k": 2.65545531209549,
  "summary_fg_mad": 111.29986431069914,
  "summary_fg_mean": 682.5557861328125,
  "summary_fg_median": 672.2706298828125,
  "summary_fg_n": 33128.0,
  "summary_fg_p05": 526.0764770507812,
  "summary_fg_p95": 876.9903045654295,
  "summary_fg_stdv": 117.66650390625,
  "tsnr": 62.123152278363705
}