{
  "aor": 0.0005783529411764706,
  "aqi": 0.006680145411764706,
  "bids_meta": {
    "AccelFactPE": 2,
    "AcquisitionNumber": 1,
    "AcquisitionTime": "17:56:18.682500",
    "BandwidthPerPixelPhaseEncode": 49.18,
    "BodyPartExamined": "BRAIN",
    "ConversionSoftware": "dcm2niix",
    "ConversionSoftwareVersion": "v1.0.20170724 (OpenJPEG build) GCC6.1.0",
    "DeviceSerialNumber": "45031",
    "EchoTime": 0.034,
    "EchoTrainLength": 29,
    "EffectiveEchoSpacing": 0.000344635,
    "FlipAngle": 71,
    "ImageType": [
      "ORIGINAL",
      "PRIMARY",
      "M",
      "ND",
      "NORM",
      "MOSAIC"
    ],
    "InstitutionAddress": "Washington_and_Faculty_Rd._-_Building_25_25_Princeton_NJ_US_085",
    "InstitutionName": "Princeton_University_-_Neuroscience_Institute",
    "MagneticFieldStrength": 3,
    "Manufacturer": "Siemens",
    "ManufacturersModelName": "Skyra",
    "PhaseEncodingDirection": "j-",
    "PhaseEncodingLines": 59,
    "ProcedureStepDescription": "NormanLab_Jarrod",
    "ProtocolName": "epi_3x3x3_2s_phase1",
    "RepetitionTime": 2,
    "ScanningSequence": "EP",
    "SequenceName": "_epfid2d1_59",
    "SequenceVariant": "SK_OSP",
    "SeriesDescription": "epi_3x3x3_2s_phase1",
    "SliceTiming": [
      0.99,
      0,
      1.0475,
      0.0575,
      1.105,
      0.115,
      1.1625,
      0.175,
      1.2225,
      0.2325,
      1.28,
      0.29,
      1.3375,
      0.3475,
      1.3975,
      0.4075,
      1.455,
      0.465,
      1.5125,
      0.5225,
      1.57,
      0.5825,
      1.63,
      0.64,
      1.6875,
      0.6975,
      1.745,
      0.755,
      1.805,
      0.815,
      1.8625,
      0.8725,
      1.92,
      0.93
    ],
    "SoftwareVersions": "syngo_MR_D11",
    "TaskName": "Phase 1",
    "TotalReadoutTime": 0.0196442,
    "TrueEchoSpacing": 0.00068927,
    "dataset": "ds001232",
    "modality": "bold",
    "run_id": 2,
    "subject_id": "16",
    "task_id": "phase1"
  },
  "dummy_trs": 0,
  "dvars_nstd": 27.000249445443778,
  "dvars_std": 1.1938638897633131,
  "dvars_vstd": 1.0160439050295857,
  "efc": 0.5776873693151896,
  "fber": 1524.255126953125,
  "fd_mean": 0.066673622590672,
  "fd_num": 2,
  "fd_perc": 1.1764705882352942,
  "fwhm_avg": 1.7086989085510371,
  "fwhm_x": 1.5752549846706099,
  "fwhm_y": 1.8784946755972234,
  "fwhm_z": 1.6723470653852777,
  "gcor": 0.0277263,
  "gsr_x": 0.009403335861861706,
  "gsr_y": 0.020512787625193596,
  "provenance": {
    "md5sum": "55bf82cbf10fe6bb01fc3038505ba3f4",
    "settings": {
      "fd_thres": 0.2,
      "testing": false
    },
    "software": "mriqc",
    "version": "22.0.6",
    "webapi_port": null,
    "webapi_url": "https://mriqc.nimh.nih.gov/api/v1"
  },
  "size_t": 170,
  "size_x": 66,
  "size_y": 66,
  "size_z": 34,
  "snr": 6.421143746149234,
  "spacing_tr": 2.0,
  "spacing_x": 2.9696969985961914,
  "spacing_y": 2.9696969985961914,
  "spacing_z": 2.9999992847442627,
  "summary_bg_k": 31.897158035812964,
  "summary_bg_mad": 9.379639013375458,
  "summary_bg_mean": 38.03700256347656,
  "summary_bg_median": 17.44411849975586,
  "summary_bg_n": 78880.0,
  "summary_bg_p05": 8.494117736816406,
  "summary_bg_p95": 149.4855957031252,
  "summary_bg_stdv": 68.44190979003906,
  "summary_fg_k": 2.9717808399484538,
  "summary_fg_mad": 95.26153610017195,
  "summary_fg_mean": 693.7593994140625,
  "summary_fg_median": 685.4647216796875,
  "summary_fg_n": 36309.0,
  "summary_fg_p05": 547.663525390625,
  "summary_fg_p95": 868.391796875,
  "summary_fg_stdv": 106.74971771240234,
  "tsnr": 64.151451934129
}