{
  "aor": 0.0006869411764705882,
  "aqi": 0.007203954000000001,
  "bids_meta": {
    "AccelFactPE": 2,
    "AcquisitionNumber": 1,
    "AcquisitionTime": "18:02:30.830000",
    "BandwidthPerPixelPhaseEncode": 49.18,
    "BodyPartExamined": "BRAIN",
    "ConversionSoftware": "dcm2niix",
    "ConversionSoftwareVersion": "v1.0.20170724 (OpenJPEG build) GCC6.1.0",
    "DeviceSerialNumber": "45031",
    "EchoTime": 0.034,
    "EchoTrainLength": 29,
    "EffectiveEchoSpacing": 0.000344635,
    "FlipAngle": 71,
    "ImageType": [
      "ORIGINAL",
      "PRIMARY",
      "M",
      "ND",
      "NORM",
      "MOSAIC"
    ],
    "InstitutionAddress": "Washington_and_Faculty_Rd._-_Building_25_25_Princeton_NJ_US_085",
    "InstitutionName": "Princeton_University_-_Neuroscience_Institute",
    "MagneticFieldStrength": 3,
    "Manufacturer": "Siemens",
    "ManufacturersModelName": "Skyra",
    "PhaseEncodingDirection": "j-",
    "PhaseEncodingLines": 59,
    "ProcedureStepDescription": "NormanLab_Jarrod",
    "ProtocolName": "epi_3x3x3_2s_phase1",
    "RepetitionTime": 2,
    "ScanningSequence": "EP",
    "SequenceName": "_epfid2d1_59",
    "SequenceVariant": "SK_OSP",
    "SeriesDescription": "epi_3x3x3_2s_phase1",
    "SliceTiming": [
      0.9875,
      0,
      1.0475,
      0.0575,
      1.105,
      0.115,
      1.1625,
      0.1725,
      1.2225,
      0.2325,
      1.28,
      0.29,
      1.3375,
      0.3475,
      1.395,
      0.4075,
      1.455,
      0.465,
      1.5125,
      0.5225,
      1.57,
      0.58,
      1.63,
      0.64,
      1.6875,
      0.6975,
      1.745,
      0.755,
      1.8025,
      0.815,
      1.8625,
      0.8725,
      1.92,
      0.93
    ],
    "SoftwareVersions": "syngo_MR_D11",
    "TaskName": "Phase 1",
    "TotalReadoutTime": 0.0196442,
    "TrueEchoSpacing": 0.00068927,
    "dataset": "ds001232",
    "modality": "bold",
    "run_id": 3,
    "subject_id": "16",
    "task_id": "phase1"
  },
  "dummy_trs": 0,
  "dvars_nstd": 27.01054719781068,
  "dvars_std": 1.1943674731952663,
  "dvars_vstd": 1.0120975636094667,
  "efc": 0.5782721692908973,
  "fber": 1516.9217529296875,
  "fd_mean": 0.06398391251246945,
  "fd_num": 3,
  "fd_perc": 1.7647058823529411,
  "fwhm_avg": 1.7073949291009278,
  "fwhm_x": 1.5780094744397235,
  "fwhm_y": 1.870268247105849,
  "fwhm_z": 1.6739070657572108,
  "gcor": 0.0254502,
  "gsr_x": 0.00928641390055418,
  "gsr_y": 0.020553939044475555,
  "provenance": {
    "md5sum": "95e687e2296b625b755161329acbdc5e",
    "settings": {
      "fd_thres": 0.2,
      "testing": false
    },
    "software": "mriqc",
    "version": "22.0.6",
    "webapi_port": null,
    "webapi_url": "https://mriqc.nimh.nih.gov/api/v1"
  },
  "size_t": 170,
  "size_x": 66,
  "size_y": 66,
  "size_z": 34,
  "snr": 6.425057990668475,
  "spacing_tr": 2.0,
  "spacing_x": 2.9696969985961914,
  "spacing_y": 2.9696969985961914,
  "spacing_z": 2.9999992847442627,
  "summary_bg_k": 32.07757035733143,
  "summary_bg_mad": 9.357836372260884,
  "summary_bg_mean": 38.287513732910156,
  "summary_bg_median": 17.47058868408203,
  "summary_bg_n": 78807.0,
  "summary_bg_p05": 8.494117736816406,
  "summary_bg_p95": 150.66705627441385,
  "summary_bg_stdv": 68.8296890258789,
  "summary_fg_k": 3.001840417873746,
  "summary_fg_mad": 95.26153610017195,
  "summary_fg_mean": 692.9553833007812,
  "summary_fg_median": 684.7647094726562,
  "summary_fg_n": 36351.0,
  "summary_fg_p05": 547.7529296875,
  "summary_fg_p95": 868.2352905273438,
  "summary_fg_stdv": 106.57573699951172,
  "tsnr": 62.77320650406182
}