{
  "bids_meta": {
    "AcquisitionNumber": 1,
    "AcquisitionTime": "17:33:27.095000",
    "BodyPartExamined": "BRAIN",
    "ConversionSoftware": "dcm2niix",
    "ConversionSoftwareVersion": "v1.0.20170724 (OpenJPEG build) GCC6.1.0",
    "DeviceSerialNumber": "45031",
    "EchoTime": 0.00308,
    "FlipAngle": 9,
    "ImageType": [
      "ORIGINAL",
      "PRIMARY",
      "M",
      "ND",
      "NORM"
    ],
    "InstitutionAddress": "Washington_and_Faculty_Rd._-_Building_25_25_Princeton_NJ_US_085",
    "InstitutionName": "Princeton_University_-_Neuroscience_Institute",
    "InversionTime": 0.9,
    "MagneticFieldStrength": 3,
    "Manufacturer": "Siemens",
    "ManufacturersModelName": "Skyra",
    "PhaseEncodingDirection": "i-",
    "PhaseEncodingLines": 224,
    "ProcedureStepDescription": "NormanLab_Jarrod",
    "ProtocolName": "long_mprage",
    "RepetitionTime": 2.3,
    "ScanningSequence": "GR_IR",
    "SequenceName": "_tfl3d1_16ns",
    "SequenceVariant": "SK_SP_MP",
    "SeriesDescription": "long_mprage",
    "SoftwareVersions": "syngo_MR_D11",
    "dataset": "ds001232",
    "modality": "T1w",
    "subject_id": "11"
  },
  "cjv": 0.3974845001733363,
  "cnr": 3.3478024137866185,
  "efc": 0.716519123791272,
  "fber": 3763.9077088155864,
  "fwhm_avg": 3.7685003196909825,
  "fwhm_x": 3.828194777254766,
  "fwhm_y": 3.8915723636363637,
  "fwhm_z": 3.585733818181818,
  "icvs_csf": 0.20752149623257957,
  "icvs_gm": 0.44326211945862865,
  "icvs_wm": 0.34921638430879176,
  "inu_med": 0.6300521492958069,
  "inu_range": 0.3158350944519043,
  "provenance": {
    "md5sum": "9068a34b70466fe37c802216bf5be7a7",
    "settings": {
      "testing": false
    },
    "software": "mriqc",
    "version": "22.0.6",
    "warnings": {
      "large_rot_frame": true,
      "small_air_mask": false
    },
    "webapi_port": null,
    "webapi_url": "https://mriqc.nimh.nih.gov/api/v1"
  },
  "qi_1": 0.00020021882740077097,
  "qi_2": 0.0023533413055371447,
  "rpve_csf": 13.78391403802483,
  "rpve_gm": 6.861896604942563,
  "rpve_wm": 9.698308105371481,
  "size_x": 176,
  "size_y": 224,
  "size_z": 256,
  "snr_csf": 1.5391866026261407,
  "snr_gm": 11.775173480561225,
  "snr_total": 10.415936367286795,
  "snr_wm": 17.933449018673016,
  "snrd_csf": 10.638390729666469,
  "snrd_gm": 27.94380213558898,
  "snrd_total": 25.838204764892794,
  "snrd_wm": 38.93242142942293,
  "spacing_x": 0.9000012278556824,
  "spacing_y": 0.859375,
  "spacing_z": 0.859375,
  "summary_bg_k": 577.6321947140034,
  "summary_bg_mad": 0.0,
  "summary_bg_mean": 7.448100631603742,
  "summary_bg_median": 0.0,
  "summary_bg_n": 1494964.0,
  "summary_bg_p05": 0.0,
  "summary_bg_p95": 31.383562937378883,
  "summary_bg_stdv": 16.82752749582807,
  "summary_csf_k": 33.86300609714561,
  "summary_csf_mad": 99.51605929786228,
  "summary_csf_mean": 296.9910576877797,
  "summary_csf_median": 273.25273410975933,
  "summary_csf_n": 75601.0,
  "summary_csf_p05": 127.77302731573582,
  "summary_csf_p95": 490.49537405371666,
  "summary_csf_stdv": 177.52943433524774,
  "summary_gm_k": 0.269207993800193,
  "summary_gm_mad": 58.8406051033449,
  "summary_gm_mean": 716.7468055408356,
  "summary_gm_median": 717.7514465302229,
  "summary_gm_n": 68972.0,
  "summary_gm_p05": 614.7270654737949,
  "summary_gm_p95": 814.6700760424137,
  "summary_gm_stdv": 60.95419693708565,
  "summary_wm_k": 0.5835813586190062,
  "summary_wm_mad": 53.348815293699374,
  "summary_wm_mean": 1001.504218359444,
  "summary_wm_median": 999.9999879151583,
  "summary_wm_n": 345379.0,
  "summary_wm_p05": 913.3797260075808,
  "summary_wm_p95": 1094.9240719228983,
  "summary_wm_stdv": 55.76164067424414,
  "tpm_overlap_csf": 0.171695903282222,
  "tpm_overlap_gm": 0.4611038800130453,
  "tpm_overlap_wm": 0.5105423911095444,
  "wm2max": 0.4766034221860086
}