{
  "aor": 0.0009867289719626168,
  "aqi": 0.007064023084112149,
  "bids_meta": {
    "AccelFactPE": 2,
    "AcquisitionNumber": 1,
    "AcquisitionTime": "18:30:48.897500",
    "BandwidthPerPixelPhaseEncode": 49.18,
    "BodyPartExamined": "BRAIN",
    "ConversionSoftware": "dcm2niix",
    "ConversionSoftwareVersion": "v1.0.20170724 (OpenJPEG build) GCC6.1.0",
    "DeviceSerialNumber": "45031",
    "EchoTime": 0.034,
    "EchoTrainLength": 29,
    "EffectiveEchoSpacing": 0.000344635,
    "FlipAngle": 71,
    "ImageType": [
      "ORIGINAL",
      "PRIMARY",
      "M",
      "ND",
      "NORM",
      "MOSAIC"
    ],
    "InstitutionAddress": "Washington_and_Faculty_Rd._-_Building_25_25_Princeton_NJ_US_085",
    "InstitutionName": "Princeton_University_-_Neuroscience_Institute",
    "MagneticFieldStrength": 3,
    "Manufacturer": "Siemens",
    "ManufacturersModelName": "Skyra",
    "PhaseEncodingDirection": "j-",
    "PhaseEncodingLines": 59,
    "ProcedureStepDescription": "NormanLab_Jarrod",
    "ProtocolName": "epi_3x3x3_2s_phase2_(214_TRs)",
    "RepetitionTime": 2,
    "ScanningSequence": "EP",
    "SequenceName": "_epfid2d1_59",
    "SequenceVariant": "SK_OSP",
    "SeriesDescription": "epi_3x3x3_2s_phase2_(214_TRs)",
    "SliceTiming": [
      0.99,
      0,
      1.0475,
      0.0575,
      1.105,
      0.115,
      1.1625,
      0.175,
      1.2225,
      0.2325,
      1.28,
      0.29,
      1.3375,
      0.3475,
      1.3975,
      0.4075,
      1.455,
      0.465,
      1.5125,
      0.5225,
      1.57,
      0.5825,
      1.63,
      0.64,
      1.6875,
      0.6975,
      1.745,
      0.755,
      1.805,
      0.815,
      1.8625,
      0.8725,
      1.92,
      0.93
    ],
    "SoftwareVersions": "syngo_MR_D11",
    "TaskName": "Phase 2",
    "TotalReadoutTime": 0.0196442,
    "TrueEchoSpacing": 0.00068927,
    "dataset": "ds001232",
    "modality": "bold",
    "run_id": 3,
    "subject_id": "16",
    "task_id": "phase2"
  },
  "dummy_trs": 0,
  "dvars_nstd": 26.595304256338032,
  "dvars_std": 1.2009939684976527,
  "dvars_vstd": 1.0189992384507043,
  "efc": 0.580534372750457,
  "fber": 1468.4481201171875,
  "fd_mean": 0.07104362508562834,
  "fd_num": 5,
  "fd_perc": 2.336448598130841,
  "fwhm_avg": 1.6810692337290354,
  "fwhm_x": 1.5500436583853385,
  "fwhm_y": 1.8678336552928063,
  "fwhm_z": 1.6253303875089615,
  "gcor": 0.0177649,
  "gsr_x": 0.007947415113449097,
  "gsr_y": 0.021768800914287567,
  "provenance": {
    "md5sum": "5dac71499306551f862ce9e3cca0ee42",
    "settings": {
      "fd_thres": 0.2,
      "testing": false
    },
    "software": "mriqc",
    "version": "22.0.6",
    "webapi_port": null,
    "webapi_url": "https://mriqc.nimh.nih.gov/api/v1"
  },
  "size_t": 214,
  "size_x": 66,
  "size_y": 66,
  "size_z": 34,
  "snr": 6.434537473396,
  "spacing_tr": 2.0,
  "spacing_x": 2.9696969985961914,
  "spacing_y": 2.9696969985961914,
  "spacing_z": 2.9999992847442627,
  "summary_bg_k": 32.25165019163701,
  "summary_bg_mad": 9.553777358360609,
  "summary_bg_mean": 38.6334114074707,
  "summary_bg_median": 17.654205322265625,
  "summary_bg_n": 78791.0,
  "summary_bg_p05": 8.556074142456055,
  "summary_bg_p95": 154.37615966796875,
  "summary_bg_stdv": 67.56298065185547,
  "summary_fg_k": 3.1664572069116144,
  "summary_fg_mad": 94.33916278393491,
  "summary_fg_mean": 688.4866333007812,
  "summary_fg_median": 680.8971557617188,
  "summary_fg_n": 36505.0,
  "summary_fg_p05": 544.0308471679688,
  "summary_fg_p95": 859.526135253906,
  "summary_fg_stdv": 105.81768035888672,
  "tsnr": 64.19368671765551
}