{
  "aor": 0.0006428823529411765,
  "aqi": 0.006208691294117647,
  "bids_meta": {
    "AccelFactPE": 2,
    "AcquisitionNumber": 1,
    "AcquisitionTime": "18:08:42.730000",
    "BandwidthPerPixelPhaseEncode": 49.18,
    "BodyPartExamined": "BRAIN",
    "ConversionSoftware": "dcm2niix",
    "ConversionSoftwareVersion": "v1.0.20170724 (OpenJPEG build) GCC6.1.0",
    "DeviceSerialNumber": "45031",
    "EchoTime": 0.034,
    "EchoTrainLength": 29,
    "EffectiveEchoSpacing": 0.000344635,
    "FlipAngle": 71,
    "ImageType": [
      "ORIGINAL",
      "PRIMARY",
      "M",
      "ND",
      "NORM",
      "MOSAIC"
    ],
    "InstitutionAddress": "Washington_and_Faculty_Rd._-_Building_25_25_Princeton_NJ_US_085",
    "InstitutionName": "Princeton_University_-_Neuroscience_Institute",
    "MagneticFieldStrength": 3,
    "Manufacturer": "Siemens",
    "ManufacturersModelName": "Skyra",
    "PhaseEncodingDirection": "j-",
    "PhaseEncodingLines": 59,
    "ProcedureStepDescription": "NormanLab_Jarrod",
    "ProtocolName": "epi_3x3x3_2s_phase1",
    "RepetitionTime": 2,
    "ScanningSequence": "EP",
    "SequenceName": "_epfid2d1_59",
    "SequenceVariant": "SK_OSP",
    "SeriesDescription": "epi_3x3x3_2s_phase1",
    "SliceTiming": [
      0.99,
      0,
      1.05,
      0.06,
      1.1075,
      0.1175,
      1.165,
      0.175,
      1.225,
      0.235,
      1.2825,
      0.2925,
      1.34,
      0.35,
      1.3975,
      0.4075,
      1.4575,
      0.4675,
      1.515,
      0.525,
      1.5725,
      0.5825,
      1.6325,
      0.6425,
      1.69,
      0.7,
      1.7475,
      0.7575,
      1.805,
      0.8175,
      1.865,
      0.875,
      1.9225,
      0.9325
    ],
    "SoftwareVersions": "syngo_MR_D11",
    "TaskName": "Phase 1",
    "TotalReadoutTime": 0.0196442,
    "TrueEchoSpacing": 0.00068927,
    "dataset": "ds001232",
    "modality": "bold",
    "run_id": 4,
    "subject_id": "16",
    "task_id": "phase1"
  },
  "dummy_trs": 0,
  "dvars_nstd": 24.202186742189348,
  "dvars_std": 1.1422924750295864,
  "dvars_vstd": 1.0183828920118345,
  "efc": 0.5783306226461001,
  "fber": 1523.75927734375,
  "fd_mean": 0.05297077750086787,
  "fd_num": 0,
  "fd_perc": 0.0,
  "fwhm_avg": 1.70038846522256,
  "fwhm_x": 1.5796156989138885,
  "fwhm_y": 1.864102634920951,
  "fwhm_z": 1.65744706183284,
  "gcor": 0.0197031,
  "gsr_x": 0.00892249122262001,
  "gsr_y": 0.020446166396141052,
  "provenance": {
    "md5sum": "f8d7e710032e675a28c4305c27cd4829",
    "settings": {
      "fd_thres": 0.2,
      "testing": false
    },
    "software": "mriqc",
    "version": "22.0.6",
    "webapi_port": null,
    "webapi_url": "https://mriqc.nimh.nih.gov/api/v1"
  },
  "size_t": 170,
  "size_x": 66,
  "size_y": 66,
  "size_z": 34,
  "snr": 6.446211458569212,
  "spacing_tr": 2.0,
  "spacing_x": 2.9696969985961914,
  "spacing_y": 2.9696969985961914,
  "spacing_z": 2.9999992847442627,
  "summary_bg_k": 33.26791826675448,
  "summary_bg_mad": 9.340392845449566,
  "summary_bg_mean": 37.908302307128906,
  "summary_bg_median": 17.388235092163086,
  "summary_bg_n": 78779.0,
  "summary_bg_p05": 8.494117736816406,
  "summary_bg_p95": 149.03705902099492,
  "summary_bg_stdv": 67.57856750488281,
  "summary_fg_k": 3.0859914426301005,
  "summary_fg_mad": 94.24993879788471,
  "summary_fg_mean": 691.246826171875,
  "summary_fg_median": 683.5,
  "summary_fg_n": 36406.0,
  "summary_fg_p05": 546.4044342041016,
  "summary_fg_p95": 864.5985260009766,
  "summary_fg_stdv": 106.02981567382812,
  "tsnr": 67.72444248350803
}