{
  "aor": 0.00044836448598130845,
  "aqi": 0.006660847570093458,
  "bids_meta": {
    "AccelFactPE": 2,
    "AcquisitionNumber": 1,
    "AcquisitionTime": "18:54:1.445000",
    "BandwidthPerPixelPhaseEncode": 49.18,
    "BodyPartExamined": "BRAIN",
    "ConversionSoftware": "dcm2niix",
    "ConversionSoftwareVersion": "v1.0.20170724 (OpenJPEG build) GCC6.1.0",
    "DeviceSerialNumber": "45031",
    "EchoTime": 0.034,
    "EchoTrainLength": 29,
    "EffectiveEchoSpacing": 0.000344635,
    "FlipAngle": 71,
    "ImageType": [
      "ORIGINAL",
      "PRIMARY",
      "M",
      "ND",
      "NORM",
      "MOSAIC"
    ],
    "InstitutionAddress": "Washington_and_Faculty_Rd._-_Building_25_25_Princeton_NJ_US_085",
    "InstitutionName": "Princeton_University_-_Neuroscience_Institute",
    "MagneticFieldStrength": 3,
    "Manufacturer": "Siemens",
    "ManufacturersModelName": "Skyra",
    "PhaseEncodingDirection": "j-",
    "PhaseEncodingLines": 59,
    "ProcedureStepDescription": "NormanLab_Jarrod",
    "ProtocolName": "epi_3x3x3_2s_phase2_(214_TRs)",
    "RepetitionTime": 2,
    "ScanningSequence": "EP",
    "SequenceName": "_epfid2d1_59",
    "SequenceVariant": "SK_OSP",
    "SeriesDescription": "epi_3x3x3_2s_phase2_(214_TRs)",
    "SliceTiming": [
      0.99,
      0,
      1.0475,
      0.0575,
      1.1075,
      0.1175,
      1.165,
      0.175,
      1.2225,
      0.2325,
      1.28,
      0.2925,
      1.34,
      0.35,
      1.3975,
      0.4075,
      1.455,
      0.465,
      1.515,
      0.525,
      1.5725,
      0.5825,
      1.63,
      0.64,
      1.6875,
      0.7,
      1.7475,
      0.7575,
      1.805,
      0.815,
      1.8625,
      0.8725,
      1.9225,
      0.9325
    ],
    "SoftwareVersions": "syngo_MR_D11",
    "TaskName": "Phase 2",
    "TotalReadoutTime": 0.0196442,
    "TrueEchoSpacing": 0.00068927,
    "dataset": "ds001232",
    "modality": "bold",
    "run_id": 6,
    "subject_id": "16",
    "task_id": "phase2"
  },
  "dummy_trs": 0,
  "dvars_nstd": 26.75173863323944,
  "dvars_std": 1.2091343912676062,
  "dvars_vstd": 1.0135773273239432,
  "efc": 0.5816156798946062,
  "fber": 1403.9246826171875,
  "fd_mean": 0.057996891945512136,
  "fd_num": 1,
  "fd_perc": 0.4672897196261682,
  "fwhm_avg": 1.6809816606348171,
  "fwhm_x": 1.5554381481287611,
  "fwhm_y": 1.854909777867553,
  "fwhm_z": 1.6325970559081369,
  "gcor": 0.0122245,
  "gsr_x": 0.007540730759501457,
  "gsr_y": 0.021582409739494324,
  "provenance": {
    "md5sum": "3bbcd62eeef40bd085fb1ab30c1c0d7d",
    "settings": {
      "fd_thres": 0.2,
      "testing": false
    },
    "software": "mriqc",
    "version": "22.0.6",
    "webapi_port": null,
    "webapi_url": "https://mriqc.nimh.nih.gov/api/v1"
  },
  "size_t": 214,
  "size_x": 66,
  "size_y": 66,
  "size_z": 34,
  "snr": 6.473981614637248,
  "spacing_tr": 2.0,
  "spacing_x": 2.9696969985961914,
  "spacing_y": 2.9696969985961914,
  "spacing_z": 2.9999992847442627,
  "summary_bg_k": 33.7164087371937,
  "summary_bg_mad": 9.893250984544963,
  "summary_bg_mean": 38.93569564819336,
  "summary_bg_median": 17.939250946044922,
  "summary_bg_n": 78718.0,
  "summary_bg_p05": 8.598130226135254,
  "summary_bg_p95": 153.88854827880857,
  "summary_bg_stdv": 67.31433868408203,
  "summary_fg_k": 3.0766425921210034,
  "summary_fg_mad": 94.06212502197478,
  "summary_fg_mean": 685.7568359375,
  "summary_fg_median": 678.34814453125,
  "summary_fg_n": 36478.0,
  "summary_fg_p05": 543.0086334228515,
  "summary_fg_p95": 855.5660736083985,
  "summary_fg_stdv": 104.77923583984375,
  "tsnr": 66.7294375852216
}