{
  "aor": 0.0005205140186915888,
  "aqi": 0.0071122310747663555,
  "bids_meta": {
    "AccelFactPE": 2,
    "AcquisitionNumber": 1,
    "AcquisitionTime": "18:46:20.902500",
    "BandwidthPerPixelPhaseEncode": 49.18,
    "BodyPartExamined": "BRAIN",
    "ConversionSoftware": "dcm2niix",
    "ConversionSoftwareVersion": "v1.0.20170724 (OpenJPEG build) GCC6.1.0",
    "DeviceSerialNumber": "45031",
    "EchoTime": 0.034,
    "EchoTrainLength": 29,
    "EffectiveEchoSpacing": 0.000344635,
    "FlipAngle": 71,
    "ImageType": [
      "ORIGINAL",
      "PRIMARY",
      "M",
      "ND",
      "NORM",
      "MOSAIC"
    ],
    "InstitutionAddress": "Washington_and_Faculty_Rd._-_Building_25_25_Princeton_NJ_US_085",
    "InstitutionName": "Princeton_University_-_Neuroscience_Institute",
    "MagneticFieldStrength": 3,
    "Manufacturer": "Siemens",
    "ManufacturersModelName": "Skyra",
    "PhaseEncodingDirection": "j-",
    "PhaseEncodingLines": 59,
    "ProcedureStepDescription": "NormanLab_Jarrod",
    "ProtocolName": "epi_3x3x3_2s_phase2_(214_TRs)",
    "RepetitionTime": 2,
    "ScanningSequence": "EP",
    "SequenceName": "_epfid2d1_59",
    "SequenceVariant": "SK_OSP",
    "SeriesDescription": "epi_3x3x3_2s_phase2_(214_TRs)",
    "SliceTiming": [
      0.99,
      0,
      1.0475,
      0.0575,
      1.105,
      0.115,
      1.1625,
      0.175,
      1.2225,
      0.2325,
      1.28,
      0.29,
      1.3375,
      0.3475,
      1.3975,
      0.4075,
      1.455,
      0.465,
      1.5125,
      0.5225,
      1.57,
      0.5825,
      1.63,
      0.64,
      1.6875,
      0.6975,
      1.745,
      0.755,
      1.805,
      0.815,
      1.8625,
      0.8725,
      1.92,
      0.93
    ],
    "SoftwareVersions": "syngo_MR_D11",
    "TaskName": "Phase 2",
    "TotalReadoutTime": 0.0196442,
    "TrueEchoSpacing": 0.00068927,
    "dataset": "ds001232",
    "modality": "bold",
    "run_id": 5,
    "subject_id": "16",
    "task_id": "phase2"
  },
  "dummy_trs": 0,
  "dvars_nstd": 26.998683239906125,
  "dvars_std": 1.2058704050704232,
  "dvars_vstd": 1.013258891455399,
  "efc": 0.5810326915999166,
  "fber": 1421.7310791015625,
  "fd_mean": 0.059565657557819576,
  "fd_num": 2,
  "fd_perc": 0.9345794392523364,
  "fwhm_avg": 1.6809346992342082,
  "fwhm_x": 1.5506194747062656,
  "fwhm_y": 1.8589809002769149,
  "fwhm_z": 1.6332037227194443,
  "gcor": 0.0164697,
  "gsr_x": 0.007492507342249155,
  "gsr_y": 0.02178337052464485,
  "provenance": {
    "md5sum": "0cfef15974718bdf35d6e3df4a29f66d",
    "settings": {
      "fd_thres": 0.2,
      "testing": false
    },
    "software": "mriqc",
    "version": "22.0.6",
    "webapi_port": null,
    "webapi_url": "https://mriqc.nimh.nih.gov/api/v1"
  },
  "size_t": 214,
  "size_x": 66,
  "size_y": 66,
  "size_z": 34,
  "snr": 6.430197982888928,
  "spacing_tr": 2.0,
  "spacing_x": 2.9696969985961914,
  "spacing_y": 2.9696969985961914,
  "spacing_z": 2.9999992847442627,
  "summary_bg_k": 34.53985158540528,
  "summary_bg_mad": 9.872467779503255,
  "summary_bg_mean": 38.75749969482422,
  "summary_bg_median": 17.89252281188965,
  "summary_bg_n": 78760.0,
  "summary_bg_p05": 8.593457221984863,
  "summary_bg_p95": 152.81378402709993,
  "summary_bg_stdv": 67.48676300048828,
  "summary_fg_k": 3.1868420815570015,
  "summary_fg_mad": 94.78609713190849,
  "summary_fg_mean": 686.7630615234375,
  "summary_fg_median": 679.3924560546875,
  "summary_fg_n": 36498.0,
  "summary_fg_p05": 543.1067779541015,
  "summary_fg_p95": 857.4350372314454,
  "summary_fg_stdv": 105.65509033203125,
  "tsnr": 64.820731327869
}