{
  "aor": 0.0004961032863849765,
  "aqi": 0.006475222065727699,
  "bids_meta": {
    "AccelFactPE": 2,
    "AcquisitionNumber": 1,
    "AcquisitionTime": "18:23:9.490000",
    "BandwidthPerPixelPhaseEncode": 49.18,
    "BodyPartExamined": "BRAIN",
    "ConversionSoftware": "dcm2niix",
    "ConversionSoftwareVersion": "v1.0.20170724 (OpenJPEG build) GCC6.1.0",
    "DeviceSerialNumber": "45031",
    "EchoTime": 0.034,
    "EchoTrainLength": 29,
    "EffectiveEchoSpacing": 0.000344635,
    "FlipAngle": 71,
    "ImageType": [
      "ORIGINAL",
      "PRIMARY",
      "M",
      "ND",
      "NORM",
      "MOSAIC"
    ],
    "InstitutionAddress": "Washington_and_Faculty_Rd._-_Building_25_25_Princeton_NJ_US_085",
    "InstitutionName": "Princeton_University_-_Neuroscience_Institute",
    "MagneticFieldStrength": 3,
    "Manufacturer": "Siemens",
    "ManufacturersModelName": "Skyra",
    "PhaseEncodingDirection": "j-",
    "PhaseEncodingLines": 59,
    "ProcedureStepDescription": "NormanLab_Jarrod",
    "ProtocolName": "epi_3x3x3_2s_phase2_(214_TRs)",
    "RepetitionTime": 2,
    "ScanningSequence": "EP",
    "SequenceName": "_epfid2d1_59",
    "SequenceVariant": "SK_OSP",
    "SeriesDescription": "epi_3x3x3_2s_phase2_(214_TRs)",
    "SliceTiming": [
      0.99,
      0,
      1.05,
      0.06,
      1.1075,
      0.1175,
      1.165,
      0.175,
      1.2225,
      0.235,
      1.2825,
      0.2925,
      1.34,
      0.35,
      1.3975,
      0.4075,
      1.4575,
      0.4675,
      1.515,
      0.525,
      1.5725,
      0.5825,
      1.63,
      0.6425,
      1.69,
      0.7,
      1.7475,
      0.7575,
      1.805,
      0.815,
      1.865,
      0.875,
      1.9225,
      0.9325
    ],
    "SoftwareVersions": "syngo_MR_D11",
    "TaskName": "Phase 2",
    "TotalReadoutTime": 0.0196442,
    "TrueEchoSpacing": 0.00068927,
    "dataset": "ds001232",
    "modality": "bold",
    "run_id": 2,
    "subject_id": "16",
    "task_id": "phase2"
  },
  "dummy_trs": 1,
  "dvars_nstd": 25.707650652594346,
  "dvars_std": 1.165178597264151,
  "dvars_vstd": 1.0069988886320755,
  "efc": 0.5800290203158683,
  "fber": 1483.0660400390625,
  "fd_mean": 0.0576503850439509,
  "fd_num": 1,
  "fd_perc": 0.4694835680751174,
  "fwhm_avg": 1.6851715129348548,
  "fwhm_x": 1.5611862092973146,
  "fwhm_y": 1.8649579410350767,
  "fwhm_z": 1.6293703884721729,
  "gcor": 0.0214827,
  "gsr_x": 0.008077164180576801,
  "gsr_y": 0.021910468116402626,
  "provenance": {
    "md5sum": "4d1361da50618e9ff81cf7517b9d7cd5",
    "settings": {
      "fd_thres": 0.2,
      "testing": false
    },
    "software": "mriqc",
    "version": "22.0.6",
    "webapi_port": null,
    "webapi_url": "https://mriqc.nimh.nih.gov/api/v1"
  },
  "size_t": 213,
  "size_x": 66,
  "size_y": 66,
  "size_z": 34,
  "snr": 6.43793871009328,
  "spacing_tr": 2.0,
  "spacing_x": 2.9696969985961914,
  "spacing_y": 2.9696969985961914,
  "spacing_z": 2.9999992847442627,
  "summary_bg_k": 33.22285199704727,
  "summary_bg_mad": 9.459418016115327,
  "summary_bg_mean": 38.498802185058594,
  "summary_bg_median": 17.5821590423584,
  "summary_bg_n": 78745.0,
  "summary_bg_p05": 8.549295425415039,
  "summary_bg_p95": 154.54084472656257,
  "summary_bg_stdv": 68.02747344970703,
  "summary_fg_k": 3.0821174185662263,
  "summary_fg_mad": 94.86219994353955,
  "summary_fg_mean": 689.7164306640625,
  "summary_fg_median": 682.042236328125,
  "summary_fg_n": 36468.0,
  "summary_fg_p05": 545.1706512451171,
  "summary_fg_p95": 861.372772216797,
  "summary_fg_stdv": 105.93963623046875,
  "tsnr": 65.93333922384772
}