{
  "aor": 0.0006034117647058824,
  "aqi": 0.006879082823529411,
  "bids_meta": {
    "AccelFactPE": 2,
    "AcquisitionNumber": 1,
    "AcquisitionTime": "17:50:11.792500",
    "BandwidthPerPixelPhaseEncode": 49.18,
    "BodyPartExamined": "BRAIN",
    "ConversionSoftware": "dcm2niix",
    "ConversionSoftwareVersion": "v1.0.20170724 (OpenJPEG build) GCC6.1.0",
    "DeviceSerialNumber": "45031",
    "EchoTime": 0.034,
    "EchoTrainLength": 29,
    "EffectiveEchoSpacing": 0.000344635,
    "FlipAngle": 71,
    "ImageType": [
      "ORIGINAL",
      "PRIMARY",
      "M",
      "ND",
      "NORM",
      "MOSAIC"
    ],
    "InstitutionAddress": "Washington_and_Faculty_Rd._-_Building_25_25_Princeton_NJ_US_085",
    "InstitutionName": "Princeton_University_-_Neuroscience_Institute",
    "MagneticFieldStrength": 3,
    "Manufacturer": "Siemens",
    "ManufacturersModelName": "Skyra",
    "PhaseEncodingDirection": "j-",
    "PhaseEncodingLines": 59,
    "ProcedureStepDescription": "NormanLab_Jarrod",
    "ProtocolName": "epi_3x3x3_2s_phase1",
    "RepetitionTime": 2,
    "ScanningSequence": "EP",
    "SequenceName": "_epfid2d1_59",
    "SequenceVariant": "SK_OSP",
    "SeriesDescription": "epi_3x3x3_2s_phase1",
    "SliceTiming": [
      0.99,
      0,
      1.0475,
      0.0575,
      1.105,
      0.115,
      1.1625,
      0.1725,
      1.2225,
      0.2325,
      1.28,
      0.29,
      1.3375,
      0.3475,
      1.3975,
      0.4075,
      1.455,
      0.465,
      1.5125,
      0.5225,
      1.57,
      0.58,
      1.63,
      0.64,
      1.6875,
      0.6975,
      1.745,
      0.755,
      1.805,
      0.815,
      1.8625,
      0.8725,
      1.92,
      0.93
    ],
    "SoftwareVersions": "syngo_MR_D11",
    "TaskName": "Phase 1",
    "TotalReadoutTime": 0.0196442,
    "TrueEchoSpacing": 0.00068927,
    "dataset": "ds001232",
    "modality": "bold",
    "run_id": 1,
    "subject_id": "16",
    "task_id": "phase1"
  },
  "dummy_trs": 0,
  "dvars_nstd": 26.350221092307695,
  "dvars_std": 1.159492086331361,
  "dvars_vstd": 1.0154971955029595,
  "efc": 0.5764357108705999,
  "fber": 1534.0321044921875,
  "fd_mean": 0.07391144371872238,
  "fd_num": 4,
  "fd_perc": 2.3529411764705883,
  "fwhm_avg": 1.7056348487722321,
  "fwhm_x": 1.577831005053705,
  "fwhm_y": 1.8770231449992982,
  "fwhm_z": 1.6620503962636939,
  "gcor": 0.0177732,
  "gsr_x": 0.009020420722663403,
  "gsr_y": 0.021970665082335472,
  "provenance": {
    "md5sum": "3d0650fc5e5854491c9f6e7d91d2984a",
    "settings": {
      "fd_thres": 0.2,
      "testing": false
    },
    "software": "mriqc",
    "version": "22.0.6",
    "webapi_port": null,
    "webapi_url": "https://mriqc.nimh.nih.gov/api/v1"
  },
  "size_t": 170,
  "size_x": 66,
  "size_y": 66,
  "size_z": 34,
  "snr": 6.379859224100939,
  "spacing_tr": 2.0,
  "spacing_x": 2.9696969985961914,
  "spacing_y": 2.9696969985961914,
  "spacing_z": 2.9999992847442627,
  "summary_bg_k": 32.938228339556595,
  "summary_bg_mad": 9.157250660087138,
  "summary_bg_mean": 37.256526947021484,
  "summary_bg_median": 17.305883407592773,
  "summary_bg_n": 78960.0,
  "summary_bg_p05": 8.44705867767334,
  "summary_bg_p95": 143.90970764160178,
  "summary_bg_stdv": 66.8492431640625,
  "summary_fg_k": 3.0747782469616727,
  "summary_fg_mad": 95.43600247451758,
  "summary_fg_mean": 690.8873901367188,
  "summary_fg_median": 682.564697265625,
  "summary_fg_n": 36235.0,
  "summary_fg_p05": 544.9194274902344,
  "summary_fg_p95": 865.4735534667963,
  "summary_fg_stdv": 106.98594665527344,
  "tsnr": 63.0352501522284
}