{
  "aor": 0.006797056074766355,
  "aqi": 0.00923442429906542,
  "bids_meta": {
    "AccelFactPE": 2,
    "AcquisitionNumber": 1,
    "AcquisitionTime": "17:16:6.952500",
    "BandwidthPerPixelPhaseEncode": 49.18,
    "BodyPartExamined": "BRAIN",
    "ConversionSoftware": "dcm2niix",
    "ConversionSoftwareVersion": "v1.0.20170724 (OpenJPEG build) GCC6.1.0",
    "DeviceSerialNumber": "45031",
    "EchoTime": 0.034,
    "EchoTrainLength": 29,
    "EffectiveEchoSpacing": 0.000344635,
    "FlipAngle": 71,
    "ImageType": [
      "ORIGINAL",
      "PRIMARY",
      "M",
      "ND",
      "NORM",
      "MOSAIC"
    ],
    "InstitutionAddress": "Washington_and_Faculty_Rd._-_Building_25_25_Princeton_NJ_US_085",
    "InstitutionName": "Princeton_University_-_Neuroscience_Institute",
    "MagneticFieldStrength": 3,
    "Manufacturer": "Siemens",
    "ManufacturersModelName": "Skyra",
    "PhaseEncodingDirection": "j-",
    "PhaseEncodingLines": 59,
    "ProcedureStepDescription": "NormanLab_Jarrod",
    "ProtocolName": "epi_3x3x3_2s_phase2_(214_TRs)",
    "RepetitionTime": 2,
    "ScanningSequence": "EP",
    "SequenceName": "_epfid2d1_59",
    "SequenceVariant": "SK_OSP",
    "SeriesDescription": "epi_3x3x3_2s_phase2_(214_TRs)",
    "SliceTiming": [
      0.99,
      0,
      1.0475,
      0.0575,
      1.105,
      0.115,
      1.165,
      0.175,
      1.2225,
      0.2325,
      1.28,
      0.29,
      1.3375,
      0.3475,
      1.3975,
      0.4075,
      1.455,
      0.465,
      1.5125,
      0.5225,
      1.5725,
      0.5825,
      1.63,
      0.64,
      1.6875,
      0.6975,
      1.745,
      0.755,
      1.805,
      0.815,
      1.8625,
      0.8725,
      1.92,
      0.93
    ],
    "SoftwareVersions": "syngo_MR_D11",
    "TaskName": "Phase 2",
    "TotalReadoutTime": 0.0196442,
    "TrueEchoSpacing": 0.00068927,
    "dataset": "ds001232",
    "modality": "bold",
    "run_id": 4,
    "subject_id": "02",
    "task_id": "phase2"
  },
  "dummy_trs": 0,
  "dvars_nstd": 26.088518671032844,
  "dvars_std": 1.1649618329577467,
  "dvars_vstd": 1.0863788443192488,
  "efc": 0.5615403892478872,
  "fber": 1794.3380126953125,
  "fd_mean": 0.17233579094054807,
  "fd_num": 39,
  "fd_perc": 18.22429906542056,
  "fwhm_avg": 1.6961044458326509,
  "fwhm_x": 1.5534581481480292,
  "fwhm_y": 1.8660186553104687,
  "fwhm_z": 1.6688365340394549,
  "gcor": 0.0422104,
  "gsr_x": 0.0021125769708305597,
  "gsr_y": 0.020360052585601807,
  "provenance": {
    "md5sum": "0c264004402ac6d7870622ec2cb44413",
    "settings": {
      "fd_thres": 0.2,
      "testing": false
    },
    "software": "mriqc",
    "version": "22.0.6",
    "webapi_port": null,
    "webapi_url": "https://mriqc.nimh.nih.gov/api/v1"
  },
  "size_t": 214,
  "size_x": 66,
  "size_y": 66,
  "size_z": 34,
  "snr": 6.472993510200753,
  "spacing_tr": 2.0,
  "spacing_x": 2.9696969985961914,
  "spacing_y": 2.9696969985961914,
  "spacing_z": 3.000000238418579,
  "summary_bg_k": 35.362166560360784,
  "summary_bg_mad": 8.098887965136827,
  "summary_bg_mean": 30.10475730895996,
  "summary_bg_median": 16.925233840942383,
  "summary_bg_n": 79587.0,
  "summary_bg_p05": 8.757009506225586,
  "summary_bg_p95": 86.18457870483391,
  "summary_bg_stdv": 48.9821891784668,
  "summary_fg_k": 2.7206605268407476,
  "summary_fg_mad": 101.48205866514462,
  "summary_fg_mean": 736.4777221679688,
  "summary_fg_median": 725.9298706054688,
  "summary_fg_n": 35387.0,
  "summary_fg_p05": 585.3644409179688,
  "summary_fg_p95": 923.6392333984375,
  "summary_fg_stdv": 112.14588928222656,
  "tsnr": 55.90830836025998
}