{
  "aor": 0.0006089411764705882,
  "aqi": 0.005431001176470588,
  "bids_meta": {
    "AccelFactPE": 2,
    "AcquisitionNumber": 1,
    "AcquisitionTime": "16:32:15.955000",
    "BandwidthPerPixelPhaseEncode": 49.18,
    "BodyPartExamined": "BRAIN",
    "ConversionSoftware": "dcm2niix",
    "ConversionSoftwareVersion": "v1.0.20170724 (OpenJPEG build) GCC6.1.0",
    "DeviceSerialNumber": "45031",
    "EchoTime": 0.034,
    "EchoTrainLength": 29,
    "EffectiveEchoSpacing": 0.000344635,
    "FlipAngle": 71,
    "ImageType": [
      "ORIGINAL",
      "PRIMARY",
      "M",
      "ND",
      "NORM",
      "MOSAIC"
    ],
    "InstitutionAddress": "Washington_and_Faculty_Rd._-_Building_25_25_Princeton_NJ_US_085",
    "InstitutionName": "Princeton_University_-_Neuroscience_Institute",
    "MagneticFieldStrength": 3,
    "Manufacturer": "Siemens",
    "ManufacturersModelName": "Skyra",
    "PhaseEncodingDirection": "j-",
    "PhaseEncodingLines": 59,
    "ProcedureStepDescription": "NormanLab_Jarrod",
    "ProtocolName": "epi_3x3x3_2s_phase1",
    "RepetitionTime": 2,
    "ScanningSequence": "EP",
    "SequenceName": "_epfid2d1_59",
    "SequenceVariant": "SK_OSP",
    "SeriesDescription": "epi_3x3x3_2s_phase1",
    "SliceTiming": [
      0.99,
      0,
      1.0475,
      0.0575,
      1.1075,
      0.1175,
      1.165,
      0.175,
      1.2225,
      0.2325,
      1.28,
      0.2925,
      1.34,
      0.35,
      1.3975,
      0.4075,
      1.455,
      0.465,
      1.515,
      0.525,
      1.5725,
      0.5825,
      1.63,
      0.64,
      1.6875,
      0.7,
      1.7475,
      0.7575,
      1.805,
      0.815,
      1.8625,
      0.8725,
      1.9225,
      0.9325
    ],
    "SoftwareVersions": "syngo_MR_D11",
    "TaskName": "Phase 1",
    "TotalReadoutTime": 0.0196442,
    "TrueEchoSpacing": 0.00068927,
    "dataset": "ds001232",
    "modality": "bold",
    "run_id": 2,
    "subject_id": "02",
    "task_id": "phase1"
  },
  "dummy_trs": 0,
  "dvars_nstd": 22.783408035325447,
  "dvars_std": 1.101438903786982,
  "dvars_vstd": 1.0154289618343195,
  "efc": 0.5640813251605611,
  "fber": 1776.7371826171875,
  "fd_mean": 0.07177808184329061,
  "fd_num": 6,
  "fd_perc": 3.5294117647058822,
  "fwhm_avg": 1.7034723593257308,
  "fwhm_x": 1.5517172297976238,
  "fwhm_y": 1.8783599817209828,
  "fwhm_z": 1.6803398664585854,
  "gcor": 0.0237655,
  "gsr_x": 8.190512744477019e-05,
  "gsr_y": 0.015898289158940315,
  "provenance": {
    "md5sum": "f4cc48d6ddbadf529a1550b061c16348",
    "settings": {
      "fd_thres": 0.2,
      "testing": false
    },
    "software": "mriqc",
    "version": "22.0.6",
    "webapi_port": null,
    "webapi_url": "https://mriqc.nimh.nih.gov/api/v1"
  },
  "size_t": 170,
  "size_x": 66,
  "size_y": 66,
  "size_z": 34,
  "snr": 6.419758057801805,
  "spacing_tr": 2.0,
  "spacing_x": 2.9696969985961914,
  "spacing_y": 2.9696969985961914,
  "spacing_z": 3.000000238418579,
  "summary_bg_k": 33.774150137425615,
  "summary_bg_mad": 7.9275619063499185,
  "summary_bg_mean": 30.951032638549805,
  "summary_bg_median": 17.10588264465332,
  "summary_bg_n": 79466.0,
  "summary_bg_p05": 8.882352828979492,
  "summary_bg_p95": 91.4058837890625,
  "summary_bg_stdv": 51.38496017456055,
  "summary_fg_k": 2.7707566872552007,
  "summary_fg_mad": 103.30246325679971,
  "summary_fg_mean": 739.3313598632812,
  "summary_fg_median": 729.0147094726562,
  "summary_fg_n": 35680.0,
  "summary_fg_p05": 584.9699951171875,
  "summary_fg_p95": 928.3420684814453,
  "summary_fg_stdv": 113.55638122558594,
  "tsnr": 68.53803432639688
}