{
  "aor": 0.0011355140186915887,
  "aqi": 0.006707553364485982,
  "bids_meta": {
    "AccelFactPE": 2,
    "AcquisitionNumber": 1,
    "AcquisitionTime": "17:08:30.140000",
    "BandwidthPerPixelPhaseEncode": 49.18,
    "BodyPartExamined": "BRAIN",
    "ConversionSoftware": "dcm2niix",
    "ConversionSoftwareVersion": "v1.0.20170724 (OpenJPEG build) GCC6.1.0",
    "DeviceSerialNumber": "45031",
    "EchoTime": 0.034,
    "EchoTrainLength": 29,
    "EffectiveEchoSpacing": 0.000344635,
    "FlipAngle": 71,
    "ImageType": [
      "ORIGINAL",
      "PRIMARY",
      "M",
      "ND",
      "NORM",
      "MOSAIC"
    ],
    "InstitutionAddress": "Washington_and_Faculty_Rd._-_Building_25_25_Princeton_NJ_US_085",
    "InstitutionName": "Princeton_University_-_Neuroscience_Institute",
    "MagneticFieldStrength": 3,
    "Manufacturer": "Siemens",
    "ManufacturersModelName": "Skyra",
    "PhaseEncodingDirection": "j-",
    "PhaseEncodingLines": 59,
    "ProcedureStepDescription": "NormanLab_Jarrod",
    "ProtocolName": "epi_3x3x3_2s_phase2_(214_TRs)",
    "RepetitionTime": 2,
    "ScanningSequence": "EP",
    "SequenceName": "_epfid2d1_59",
    "SequenceVariant": "SK_OSP",
    "SeriesDescription": "epi_3x3x3_2s_phase2_(214_TRs)",
    "SliceTiming": [
      0.99,
      0,
      1.0475,
      0.0575,
      1.105,
      0.115,
      1.165,
      0.175,
      1.2225,
      0.2325,
      1.28,
      0.29,
      1.3375,
      0.35,
      1.3975,
      0.4075,
      1.455,
      0.465,
      1.5125,
      0.5225,
      1.5725,
      0.5825,
      1.63,
      0.64,
      1.6875,
      0.6975,
      1.745,
      0.7575,
      1.805,
      0.815,
      1.8625,
      0.8725,
      1.92,
      0.93
    ],
    "SoftwareVersions": "syngo_MR_D11",
    "TaskName": "Phase 2",
    "TotalReadoutTime": 0.0196442,
    "TrueEchoSpacing": 0.00068927,
    "dataset": "ds001232",
    "modality": "bold",
    "run_id": 3,
    "subject_id": "02",
    "task_id": "phase2"
  },
  "dummy_trs": 0,
  "dvars_nstd": 23.89830781821596,
  "dvars_std": 1.1077212803286387,
  "dvars_vstd": 1.0186635505633805,
  "efc": 0.5612267020080702,
  "fber": 1817.0291748046875,
  "fd_mean": 0.10959114284133932,
  "fd_num": 18,
  "fd_perc": 8.411214953271028,
  "fwhm_avg": 1.6922851942412034,
  "fwhm_x": 1.5460668216893447,
  "fwhm_y": 1.8650522267484448,
  "fwhm_z": 1.6657365342858208,
  "gcor": 0.0210733,
  "gsr_x": 0.0024577658623456955,
  "gsr_y": 0.0203543808311224,
  "provenance": {
    "md5sum": "f431f6af9760e6ba0c7c00cfaccefcc3",
    "settings": {
      "fd_thres": 0.2,
      "testing": false
    },
    "software": "mriqc",
    "version": "22.0.6",
    "webapi_port": null,
    "webapi_url": "https://mriqc.nimh.nih.gov/api/v1"
  },
  "size_t": 214,
  "size_x": 66,
  "size_y": 66,
  "size_z": 34,
  "snr": 6.438524247159998,
  "spacing_tr": 2.0,
  "spacing_x": 2.9696969985961914,
  "spacing_y": 2.9696969985961914,
  "spacing_z": 3.000000238418579,
  "summary_bg_k": 35.005558146679455,
  "summary_bg_mad": 7.953398460246587,
  "summary_bg_mean": 30.219356536865234,
  "summary_bg_median": 16.873830795288086,
  "summary_bg_n": 79641.0,
  "summary_bg_p05": 8.719625473022461,
  "summary_bg_p95": 87.20560455322266,
  "summary_bg_stdv": 49.68721389770508,
  "summary_fg_k": 2.735316166856535,
  "summary_fg_mad": 101.57558096695281,
  "summary_fg_mean": 738.2740478515625,
  "summary_fg_median": 727.700927734375,
  "summary_fg_n": 35348.0,
  "summary_fg_p05": 585.3827026367187,
  "summary_fg_p95": 926.406756591797,
  "summary_fg_stdv": 113.0213394165039,
  "tsnr": 64.37175543420017
}