{
  "aor": 0.005568271028037384,
  "aqi": 0.009742038504672899,
  "bids_meta": {
    "AccelFactPE": 2,
    "AcquisitionNumber": 1,
    "AcquisitionTime": "17:31:36.042500",
    "BandwidthPerPixelPhaseEncode": 49.18,
    "BodyPartExamined": "BRAIN",
    "ConversionSoftware": "dcm2niix",
    "ConversionSoftwareVersion": "v1.0.20170724 (OpenJPEG build) GCC6.1.0",
    "DeviceSerialNumber": "45031",
    "EchoTime": 0.034,
    "EchoTrainLength": 29,
    "EffectiveEchoSpacing": 0.000344635,
    "FlipAngle": 71,
    "ImageType": [
      "ORIGINAL",
      "PRIMARY",
      "M",
      "ND",
      "NORM",
      "MOSAIC"
    ],
    "InstitutionAddress": "Washington_and_Faculty_Rd._-_Building_25_25_Princeton_NJ_US_085",
    "InstitutionName": "Princeton_University_-_Neuroscience_Institute",
    "MagneticFieldStrength": 3,
    "Manufacturer": "Siemens",
    "ManufacturersModelName": "Skyra",
    "PhaseEncodingDirection": "j-",
    "PhaseEncodingLines": 59,
    "ProcedureStepDescription": "NormanLab_Jarrod",
    "ProtocolName": "epi_3x3x3_2s_phase2_(214_TRs)",
    "RepetitionTime": 2,
    "ScanningSequence": "EP",
    "SequenceName": "_epfid2d1_59",
    "SequenceVariant": "SK_OSP",
    "SeriesDescription": "epi_3x3x3_2s_phase2_(214_TRs)",
    "SliceTiming": [
      0.99,
      0,
      1.0475,
      0.0575,
      1.105,
      0.115,
      1.165,
      0.175,
      1.2225,
      0.2325,
      1.28,
      0.29,
      1.3375,
      0.3475,
      1.3975,
      0.4075,
      1.455,
      0.465,
      1.5125,
      0.5225,
      1.5725,
      0.5825,
      1.63,
      0.64,
      1.6875,
      0.6975,
      1.745,
      0.7575,
      1.805,
      0.815,
      1.8625,
      0.8725,
      1.92,
      0.93
    ],
    "SoftwareVersions": "syngo_MR_D11",
    "TaskName": "Phase 2",
    "TotalReadoutTime": 0.0196442,
    "TrueEchoSpacing": 0.00068927,
    "dataset": "ds001232",
    "modality": "bold",
    "run_id": 6,
    "subject_id": "02",
    "task_id": "phase2"
  },
  "dummy_trs": 0,
  "dvars_nstd": 26.125246289530505,
  "dvars_std": 1.1144134500469485,
  "dvars_vstd": 1.0349902169953054,
  "efc": 0.5617053055052735,
  "fber": 1738.783203125,
  "fd_mean": 0.17107121047353654,
  "fd_num": 33,
  "fd_perc": 15.42056074766355,
  "fwhm_avg": 1.6978453641677131,
  "fwhm_x": 1.5446963114985999,
  "fwhm_y": 1.8793432470175369,
  "fwhm_z": 1.669496533987003,
  "gcor": 0.0251807,
  "gsr_x": 0.0018070373916998506,
  "gsr_y": 0.02082196995615959,
  "provenance": {
    "md5sum": "8e3c05573212544a4585b9356db601b1",
    "settings": {
      "fd_thres": 0.2,
      "testing": false
    },
    "software": "mriqc",
    "version": "22.0.6",
    "webapi_port": null,
    "webapi_url": "https://mriqc.nimh.nih.gov/api/v1"
  },
  "size_t": 214,
  "size_x": 66,
  "size_y": 66,
  "size_z": 34,
  "snr": 6.451572586033486,
  "spacing_tr": 2.0,
  "spacing_x": 2.9696969985961914,
  "spacing_y": 2.9696969985961914,
  "spacing_z": 3.000000238418579,
  "summary_bg_k": 34.76046534923813,
  "summary_bg_mad": 8.285945294030142,
  "summary_bg_mean": 30.423166275024414,
  "summary_bg_median": 17.163551330566406,
  "summary_bg_n": 79647.0,
  "summary_bg_p05": 8.76168155670166,
  "summary_bg_p95": 86.39579086303709,
  "summary_bg_stdv": 49.35346984863281,
  "summary_fg_k": 2.6105001397151764,
  "summary_fg_mad": 102.34108838073749,
  "summary_fg_mean": 734.4908447265625,
  "summary_fg_median": 724.1448364257812,
  "summary_fg_n": 35315.0,
  "summary_fg_p05": 582.8635375976562,
  "summary_fg_p95": 922.8869018554682,
  "summary_fg_stdv": 112.24156188964844,
  "tsnr": 53.28066507616313
}