{
  "aor": 0.0005988823529411765,
  "aqi": 0.006478540235294117,
  "bids_meta": {
    "AccelFactPE": 2,
    "AcquisitionNumber": 1,
    "AcquisitionTime": "10:06:31.630000",
    "BandwidthPerPixelPhaseEncode": 49.18,
    "BodyPartExamined": "BRAIN",
    "ConversionSoftware": "dcm2niix",
    "ConversionSoftwareVersion": "v1.0.20170724 (OpenJPEG build) GCC6.1.0",
    "DeviceSerialNumber": "45031",
    "EchoTime": 0.034,
    "EchoTrainLength": 29,
    "EffectiveEchoSpacing": 0.000344635,
    "FlipAngle": 71,
    "ImageType": [
      "ORIGINAL",
      "PRIMARY",
      "M",
      "ND",
      "NORM",
      "MOSAIC"
    ],
    "InstitutionAddress": "Washington_and_Faculty_Rd._-_Building_25_25_Princeton_NJ_US_085",
    "InstitutionName": "Princeton_University_-_Neuroscience_Institute",
    "MagneticFieldStrength": 3,
    "Manufacturer": "Siemens",
    "ManufacturersModelName": "Skyra",
    "PhaseEncodingDirection": "j-",
    "PhaseEncodingLines": 59,
    "ProcedureStepDescription": "NormanLab_Jarrod",
    "ProtocolName": "epi_3x3x3_2s_phase1",
    "RepetitionTime": 2,
    "ScanningSequence": "EP",
    "SequenceName": "_epfid2d1_59",
    "SequenceVariant": "SK_OSP",
    "SeriesDescription": "epi_3x3x3_2s_phase1",
    "SliceTiming": [
      0.99,
      0,
      1.0475,
      0.0575,
      1.105,
      0.115,
      1.165,
      0.175,
      1.2225,
      0.2325,
      1.28,
      0.29,
      1.34,
      0.35,
      1.3975,
      0.4075,
      1.455,
      0.465,
      1.5125,
      0.5225,
      1.5725,
      0.5825,
      1.63,
      0.64,
      1.6875,
      0.6975,
      1.7475,
      0.7575,
      1.805,
      0.815,
      1.8625,
      0.8725,
      1.92,
      0.9325
    ],
    "SoftwareVersions": "syngo_MR_D11",
    "TaskName": "Phase 1",
    "TotalReadoutTime": 0.0196442,
    "TrueEchoSpacing": 0.00068927,
    "dataset": "ds001232",
    "modality": "bold",
    "run_id": 3,
    "subject_id": "19",
    "task_id": "phase1"
  },
  "dummy_trs": 0,
  "dvars_nstd": 25.455677055207097,
  "dvars_std": 1.1781402616568042,
  "dvars_vstd": 1.015418947455621,
  "efc": 0.6213388643219709,
  "fber": 1283.254150390625,
  "fd_mean": 0.07185347335794003,
  "fd_num": 3,
  "fd_perc": 1.7647058823529411,
  "fwhm_avg": 1.7460646270744284,
  "fwhm_x": 1.6275902902837647,
  "fwhm_y": 1.925273858815467,
  "fwhm_z": 1.6853297321240535,
  "gcor": 0.0247546,
  "gsr_x": 0.002104006474837661,
  "gsr_y": 0.040582723915576935,
  "provenance": {
    "md5sum": "f35e704b92e13704dadae30314f987b2",
    "settings": {
      "fd_thres": 0.2,
      "testing": false
    },
    "software": "mriqc",
    "version": "22.0.6",
    "webapi_port": null,
    "webapi_url": "https://mriqc.nimh.nih.gov/api/v1"
  },
  "size_t": 170,
  "size_x": 66,
  "size_y": 66,
  "size_z": 34,
  "snr": 6.042978710519736,
  "spacing_tr": 2.0,
  "spacing_x": 2.9696969985961914,
  "spacing_y": 2.9696969985961914,
  "spacing_z": 3.000000476837158,
  "summary_bg_k": 31.14946050220656,
  "summary_bg_mad": 11.956752196788258,
  "summary_bg_mean": 45.589656829833984,
  "summary_bg_median": 20.100000381469727,
  "summary_bg_n": 70881.0,
  "summary_bg_p05": 9.600000381469727,
  "summary_bg_p95": 185.35882568359375,
  "summary_bg_stdv": 73.62682342529297,
  "summary_fg_k": 3.164339949528511,
  "summary_fg_mad": 112.04116541995194,
  "summary_fg_mean": 751.3911743164062,
  "summary_fg_median": 742.2941284179688,
  "summary_fg_n": 42805.0,
  "summary_fg_p05": 584.42470703125,
  "summary_fg_p95": 945.9623779296871,
  "summary_fg_stdv": 122.83436584472656,
  "tsnr": 65.17297923518345
}