{
  "aor": 0.0004928971962616822,
  "aqi": 0.0062102388785046725,
  "bids_meta": {
    "AccelFactPE": 2,
    "AcquisitionNumber": 1,
    "AcquisitionTime": "10:20:1.842500",
    "BandwidthPerPixelPhaseEncode": 49.18,
    "BodyPartExamined": "BRAIN",
    "ConversionSoftware": "dcm2niix",
    "ConversionSoftwareVersion": "v1.0.20170724 (OpenJPEG build) GCC6.1.0",
    "DeviceSerialNumber": "45031",
    "EchoTime": 0.034,
    "EchoTrainLength": 29,
    "EffectiveEchoSpacing": 0.000344635,
    "FlipAngle": 71,
    "ImageType": [
      "ORIGINAL",
      "PRIMARY",
      "M",
      "ND",
      "NORM",
      "MOSAIC"
    ],
    "InstitutionAddress": "Washington_and_Faculty_Rd._-_Building_25_25_Princeton_NJ_US_085",
    "InstitutionName": "Princeton_University_-_Neuroscience_Institute",
    "MagneticFieldStrength": 3,
    "Manufacturer": "Siemens",
    "ManufacturersModelName": "Skyra",
    "PhaseEncodingDirection": "j-",
    "PhaseEncodingLines": 59,
    "ProcedureStepDescription": "NormanLab_Jarrod",
    "ProtocolName": "epi_3x3x3_2s_phase2_(214_TRs)",
    "RepetitionTime": 2,
    "ScanningSequence": "EP",
    "SequenceName": "_epfid2d1_59",
    "SequenceVariant": "SK_OSP",
    "SeriesDescription": "epi_3x3x3_2s_phase2_(214_TRs)",
    "SliceTiming": [
      0.99,
      0,
      1.0475,
      0.0575,
      1.105,
      0.1175,
      1.165,
      0.175,
      1.2225,
      0.2325,
      1.28,
      0.29,
      1.34,
      0.35,
      1.3975,
      0.4075,
      1.455,
      0.465,
      1.5125,
      0.525,
      1.5725,
      0.5825,
      1.63,
      0.64,
      1.6875,
      0.6975,
      1.7475,
      0.7575,
      1.805,
      0.815,
      1.8625,
      0.8725,
      1.92,
      0.9325
    ],
    "SoftwareVersions": "syngo_MR_D11",
    "TaskName": "Phase 2",
    "TotalReadoutTime": 0.0196442,
    "TrueEchoSpacing": 0.00068927,
    "dataset": "ds001232",
    "modality": "bold",
    "run_id": 1,
    "subject_id": "19",
    "task_id": "phase2"
  },
  "dummy_trs": 0,
  "dvars_nstd": 26.384735600328636,
  "dvars_std": 1.202256159671362,
  "dvars_vstd": 1.0115698047887332,
  "efc": 0.6223838845610214,
  "fber": 1253.9892578125,
  "fd_mean": 0.08364508862138091,
  "fd_num": 7,
  "fd_perc": 3.2710280373831777,
  "fwhm_avg": 1.7422746391133481,
  "fwhm_x": 1.6307522290285048,
  "fwhm_y": 1.9240952873983648,
  "fwhm_z": 1.6719764009131748,
  "gcor": 0.02123,
  "gsr_x": 0.004864254966378212,
  "gsr_y": 0.03877927362918854,
  "provenance": {
    "md5sum": "e3d6557c8c85020a6e67ff79734b19f4",
    "settings": {
      "fd_thres": 0.2,
      "testing": false
    },
    "software": "mriqc",
    "version": "22.0.6",
    "webapi_port": null,
    "webapi_url": "https://mriqc.nimh.nih.gov/api/v1"
  },
  "size_t": 214,
  "size_x": 66,
  "size_y": 66,
  "size_z": 34,
  "snr": 6.05192972897768,
  "spacing_tr": 2.0,
  "spacing_x": 2.9696969985961914,
  "spacing_y": 2.9696969985961914,
  "spacing_z": 3.000000476837158,
  "summary_bg_k": 28.65905987991064,
  "summary_bg_mad": 12.269570609594405,
  "summary_bg_mean": 46.18819808959961,
  "summary_bg_median": 20.359811782836914,
  "summary_bg_n": 70852.0,
  "summary_bg_p05": 9.640186309814453,
  "summary_bg_p95": 188.5908805847165,
  "summary_bg_stdv": 73.9853744506836,
  "summary_fg_k": 3.1499282997217026,
  "summary_fg_mad": 111.43071409145836,
  "summary_fg_mean": 751.0671997070312,
  "summary_fg_median": 742.0560302734375,
  "summary_fg_n": 42880.0,
  "summary_fg_p05": 583.9382751464843,
  "summary_fg_p95": 945.4326751708982,
  "summary_fg_stdv": 122.61334991455078,
  "tsnr": 65.12188432901166
}