{
  "aor": 0.000786235294117647,
  "aqi": 0.006478623058823529,
  "bids_meta": {
    "AccelFactPE": 2,
    "AcquisitionNumber": 1,
    "AcquisitionTime": "09:54:3.225000",
    "BandwidthPerPixelPhaseEncode": 49.18,
    "BodyPartExamined": "BRAIN",
    "ConversionSoftware": "dcm2niix",
    "ConversionSoftwareVersion": "v1.0.20170724 (OpenJPEG build) GCC6.1.0",
    "DeviceSerialNumber": "45031",
    "EchoTime": 0.034,
    "EchoTrainLength": 29,
    "EffectiveEchoSpacing": 0.000344635,
    "FlipAngle": 71,
    "ImageType": [
      "ORIGINAL",
      "PRIMARY",
      "M",
      "ND",
      "NORM",
      "MOSAIC"
    ],
    "InstitutionAddress": "Washington_and_Faculty_Rd._-_Building_25_25_Princeton_NJ_US_085",
    "InstitutionName": "Princeton_University_-_Neuroscience_Institute",
    "MagneticFieldStrength": 3,
    "Manufacturer": "Siemens",
    "ManufacturersModelName": "Skyra",
    "PhaseEncodingDirection": "j-",
    "PhaseEncodingLines": 59,
    "ProcedureStepDescription": "NormanLab_Jarrod",
    "ProtocolName": "epi_3x3x3_2s_phase1",
    "RepetitionTime": 2,
    "ScanningSequence": "EP",
    "SequenceName": "_epfid2d1_59",
    "SequenceVariant": "SK_OSP",
    "SeriesDescription": "epi_3x3x3_2s_phase1",
    "SliceTiming": [
      0.99,
      0,
      1.0475,
      0.06,
      1.1075,
      0.1175,
      1.165,
      0.175,
      1.2225,
      0.2325,
      1.2825,
      0.2925,
      1.34,
      0.35,
      1.3975,
      0.4075,
      1.455,
      0.4675,
      1.515,
      0.525,
      1.5725,
      0.5825,
      1.63,
      0.64,
      1.69,
      0.7,
      1.7475,
      0.7575,
      1.805,
      0.815,
      1.8625,
      0.875,
      1.9225,
      0.9325
    ],
    "SoftwareVersions": "syngo_MR_D11",
    "TaskName": "Phase 1",
    "TotalReadoutTime": 0.0196442,
    "TrueEchoSpacing": 0.00068927,
    "dataset": "ds001232",
    "modality": "bold",
    "run_id": 1,
    "subject_id": "19",
    "task_id": "phase1"
  },
  "dummy_trs": 0,
  "dvars_nstd": 26.176948456745578,
  "dvars_std": 1.1806024241420119,
  "dvars_vstd": 1.0200002943786974,
  "efc": 0.6197197010543783,
  "fber": 1272.4249267578125,
  "fd_mean": 0.08766422678812152,
  "fd_num": 7,
  "fd_perc": 4.117647058823529,
  "fwhm_avg": 1.7739463716383137,
  "fwhm_x": 1.6498349839448445,
  "fwhm_y": 1.9626177360030803,
  "fwhm_z": 1.7093863949670165,
  "gcor": 0.0208663,
  "gsr_x": 0.0015404269797727466,
  "gsr_y": 0.0423310361802578,
  "provenance": {
    "md5sum": "4c543182279ebc8ff1ea884b211aa7f9",
    "settings": {
      "fd_thres": 0.2,
      "testing": false
    },
    "software": "mriqc",
    "version": "22.0.6",
    "webapi_port": null,
    "webapi_url": "https://mriqc.nimh.nih.gov/api/v1"
  },
  "size_t": 170,
  "size_x": 66,
  "size_y": 66,
  "size_z": 34,
  "snr": 5.910342832213577,
  "spacing_tr": 2.0,
  "spacing_x": 2.9696969985961914,
  "spacing_y": 2.9696969985961914,
  "spacing_z": 3.000000476837158,
  "summary_bg_k": 31.188173680868488,
  "summary_bg_mad": 11.987274480429006,
  "summary_bg_mean": 44.368186950683594,
  "summary_bg_median": 20.120588302612305,
  "summary_bg_n": 70968.0,
  "summary_bg_p05": 9.55294132232666,
  "summary_bg_p95": 178.4861793518066,
  "summary_bg_stdv": 70.48857116699219,
  "summary_fg_k": 3.1876109032733133,
  "summary_fg_mad": 113.10076812244165,
  "summary_fg_mean": 748.4205322265625,
  "summary_fg_median": 739.2706298828125,
  "summary_fg_n": 42806.0,
  "summary_fg_p05": 578.0897216796875,
  "summary_fg_p95": 946.810302734375,
  "summary_fg_stdv": 125.07937622070312,
  "tsnr": 63.79251552186906
}