{
  "aor": 0.0005898235294117647,
  "aqi": 0.006196534470588236,
  "bids_meta": {
    "AccelFactPE": 2,
    "AcquisitionNumber": 1,
    "AcquisitionTime": "10:00:7.915000",
    "BandwidthPerPixelPhaseEncode": 49.18,
    "BodyPartExamined": "BRAIN",
    "ConversionSoftware": "dcm2niix",
    "ConversionSoftwareVersion": "v1.0.20170724 (OpenJPEG build) GCC6.1.0",
    "DeviceSerialNumber": "45031",
    "EchoTime": 0.034,
    "EchoTrainLength": 29,
    "EffectiveEchoSpacing": 0.000344635,
    "FlipAngle": 71,
    "ImageType": [
      "ORIGINAL",
      "PRIMARY",
      "M",
      "ND",
      "NORM",
      "MOSAIC"
    ],
    "InstitutionAddress": "Washington_and_Faculty_Rd._-_Building_25_25_Princeton_NJ_US_085",
    "InstitutionName": "Princeton_University_-_Neuroscience_Institute",
    "MagneticFieldStrength": 3,
    "Manufacturer": "Siemens",
    "ManufacturersModelName": "Skyra",
    "PhaseEncodingDirection": "j-",
    "PhaseEncodingLines": 59,
    "ProcedureStepDescription": "NormanLab_Jarrod",
    "ProtocolName": "epi_3x3x3_2s_phase1",
    "RepetitionTime": 2,
    "ScanningSequence": "EP",
    "SequenceName": "_epfid2d1_59",
    "SequenceVariant": "SK_OSP",
    "SeriesDescription": "epi_3x3x3_2s_phase1",
    "SliceTiming": [
      0.99,
      0,
      1.0475,
      0.06,
      1.1075,
      0.1175,
      1.165,
      0.175,
      1.2225,
      0.2325,
      1.2825,
      0.2925,
      1.34,
      0.35,
      1.3975,
      0.4075,
      1.455,
      0.4675,
      1.515,
      0.525,
      1.5725,
      0.5825,
      1.63,
      0.64,
      1.69,
      0.7,
      1.7475,
      0.7575,
      1.805,
      0.815,
      1.865,
      0.875,
      1.9225,
      0.9325
    ],
    "SoftwareVersions": "syngo_MR_D11",
    "TaskName": "Phase 1",
    "TotalReadoutTime": 0.0196442,
    "TrueEchoSpacing": 0.00068927,
    "dataset": "ds001232",
    "modality": "bold",
    "run_id": 2,
    "subject_id": "19",
    "task_id": "phase1"
  },
  "dummy_trs": 0,
  "dvars_nstd": 25.645710815207085,
  "dvars_std": 1.1803209698816575,
  "dvars_vstd": 1.0160349802366864,
  "efc": 0.6206990744988893,
  "fber": 1279.3724365234375,
  "fd_mean": 0.08420407391636596,
  "fd_num": 5,
  "fd_perc": 2.9411764705882355,
  "fwhm_avg": 1.7594187301415494,
  "fwhm_x": 1.635412637146418,
  "fwhm_y": 1.9351704913722205,
  "fwhm_z": 1.70767306190601,
  "gcor": 0.0237997,
  "gsr_x": 0.0016105399699881673,
  "gsr_y": 0.0410236157476902,
  "provenance": {
    "md5sum": "ff01f20efff15f97840449b0974c2fb6",
    "settings": {
      "fd_thres": 0.2,
      "testing": false
    },
    "software": "mriqc",
    "version": "22.0.6",
    "webapi_port": null,
    "webapi_url": "https://mriqc.nimh.nih.gov/api/v1"
  },
  "size_t": 170,
  "size_x": 66,
  "size_y": 66,
  "size_z": 34,
  "snr": 5.998488067734508,
  "spacing_tr": 2.0,
  "spacing_x": 2.9696969985961914,
  "spacing_y": 2.9696969985961914,
  "spacing_z": 3.000000476837158,
  "summary_bg_k": 30.67993496713997,
  "summary_bg_mad": 12.131173325704857,
  "summary_bg_mean": 45.15468978881836,
  "summary_bg_median": 20.147058486938477,
  "summary_bg_n": 70892.0,
  "summary_bg_p05": 9.511764526367188,
  "summary_bg_p95": 182.75294494628906,
  "summary_bg_stdv": 72.42388916015625,
  "summary_fg_k": 3.065111267029356,
  "summary_fg_mad": 112.98299427067253,
  "summary_fg_mean": 751.88671875,
  "summary_fg_median": 742.5059204101562,
  "summary_fg_n": 42765.0,
  "summary_fg_p05": 582.7529541015625,
  "summary_fg_p95": 947.6247436523437,
  "summary_fg_stdv": 123.78073120117188,
  "tsnr": 65.744887185283
}