{
  "aor": 0.0007048598130841121,
  "aqi": 0.008099979345794392,
  "bids_meta": {
    "AccelFactPE": 2,
    "AcquisitionNumber": 1,
    "AcquisitionTime": "18:23:58.442500",
    "BandwidthPerPixelPhaseEncode": 49.18,
    "BodyPartExamined": "BRAIN",
    "ConversionSoftware": "dcm2niix",
    "ConversionSoftwareVersion": "v1.0.20170724 (OpenJPEG build) GCC6.1.0",
    "DeviceSerialNumber": "45031",
    "EchoTime": 0.034,
    "EchoTrainLength": 29,
    "EffectiveEchoSpacing": 0.000344635,
    "FlipAngle": 71,
    "ImageType": [
      "ORIGINAL",
      "PRIMARY",
      "M",
      "ND",
      "NORM",
      "MOSAIC"
    ],
    "InstitutionAddress": "Washington_and_Faculty_Rd._-_Building_25_25_Princeton_NJ_US_085",
    "InstitutionName": "Princeton_University_-_Neuroscience_Institute",
    "MagneticFieldStrength": 3,
    "Manufacturer": "Siemens",
    "ManufacturersModelName": "Skyra",
    "PhaseEncodingDirection": "j-",
    "PhaseEncodingLines": 59,
    "ProcedureStepDescription": "NormanLab_Jarrod",
    "ProtocolName": "epi_3x3x3_2s_phase2_(214_TRs)",
    "RepetitionTime": 2,
    "ScanningSequence": "EP",
    "SequenceName": "_epfid2d1_59",
    "SequenceVariant": "SK_OSP",
    "SeriesDescription": "epi_3x3x3_2s_phase2_(214_TRs)",
    "SliceTiming": [
      0.99,
      0,
      1.0475,
      0.0575,
      1.105,
      0.115,
      1.165,
      0.175,
      1.2225,
      0.2325,
      1.28,
      0.29,
      1.34,
      0.35,
      1.3975,
      0.4075,
      1.455,
      0.465,
      1.5125,
      0.5225,
      1.5725,
      0.5825,
      1.63,
      0.64,
      1.6875,
      0.6975,
      1.7475,
      0.7575,
      1.805,
      0.815,
      1.8625,
      0.8725,
      1.92,
      0.9325
    ],
    "SoftwareVersions": "syngo_MR_D11",
    "TaskName": "Phase 2",
    "TotalReadoutTime": 0.0196442,
    "TrueEchoSpacing": 0.00068927,
    "dataset": "ds001232",
    "modality": "bold",
    "run_id": 5,
    "subject_id": "09",
    "task_id": "phase2"
  },
  "dummy_trs": 0,
  "dvars_nstd": 25.644165289483574,
  "dvars_std": 1.0754207205633797,
  "dvars_vstd": 1.0137875175586852,
  "efc": 0.5800310984205657,
  "fber": 1689.0958251953125,
  "fd_mean": 0.2357044433155699,
  "fd_num": 110,
  "fd_perc": 51.401869158878505,
  "fwhm_avg": 1.7527194602616298,
  "fwhm_x": 1.556852433829284,
  "fwhm_y": 1.9607084503073746,
  "fwhm_z": 1.7405974966482307,
  "gcor": 0.00585558,
  "gsr_x": 0.004719865974038839,
  "gsr_y": 0.029953477904200554,
  "provenance": {
    "md5sum": "e7c2f7a77ed3a97835c11fdce38a9b64",
    "settings": {
      "fd_thres": 0.2,
      "testing": false
    },
    "software": "mriqc",
    "version": "22.0.6",
    "webapi_port": null,
    "webapi_url": "https://mriqc.nimh.nih.gov/api/v1"
  },
  "size_t": 214,
  "size_x": 66,
  "size_y": 66,
  "size_z": 34,
  "snr": 6.656070444088727,
  "spacing_tr": 2.0,
  "spacing_x": 2.9696969985961914,
  "spacing_y": 2.9696969985961914,
  "spacing_z": 2.9999985694885254,
  "summary_bg_k": 28.751996619731997,
  "summary_bg_mad": 7.544642770857683,
  "summary_bg_mean": 31.093807220458984,
  "summary_bg_median": 16.71495246887207,
  "summary_bg_n": 76689.0,
  "summary_bg_p05": 8.668224334716797,
  "summary_bg_p95": 93.24579010009762,
  "summary_bg_stdv": 54.51169967651367,
  "summary_fg_k": 2.726389685085259,
  "summary_fg_mad": 94.4847173291294,
  "summary_fg_mean": 709.9521484375,
  "summary_fg_median": 699.8434448242188,
  "summary_fg_n": 38368.0,
  "summary_fg_p05": 567.8983642578125,
  "summary_fg_p95": 886.340170288086,
  "summary_fg_stdv": 105.14226531982422,
  "tsnr": 59.867083047982305
}