{
  "aor": 0.002799485981308411,
  "aqi": 0.01323296051401869,
  "bids_meta": {
    "AccelFactPE": 2,
    "AcquisitionNumber": 1,
    "AcquisitionTime": "18:32:37.037500",
    "BandwidthPerPixelPhaseEncode": 49.18,
    "BodyPartExamined": "BRAIN",
    "ConversionSoftware": "dcm2niix",
    "ConversionSoftwareVersion": "v1.0.20170724 (OpenJPEG build) GCC6.1.0",
    "DeviceSerialNumber": "45031",
    "EchoTime": 0.034,
    "EchoTrainLength": 29,
    "EffectiveEchoSpacing": 0.000344635,
    "FlipAngle": 71,
    "ImageType": [
      "ORIGINAL",
      "PRIMARY",
      "M",
      "ND",
      "NORM",
      "MOSAIC"
    ],
    "InstitutionAddress": "Washington_and_Faculty_Rd._-_Building_25_25_Princeton_NJ_US_085",
    "InstitutionName": "Princeton_University_-_Neuroscience_Institute",
    "MagneticFieldStrength": 3,
    "Manufacturer": "Siemens",
    "ManufacturersModelName": "Skyra",
    "PhaseEncodingDirection": "j-",
    "PhaseEncodingLines": 59,
    "ProcedureStepDescription": "NormanLab_Jarrod",
    "ProtocolName": "epi_3x3x3_2s_phase2_(214_TRs)",
    "RepetitionTime": 2,
    "ScanningSequence": "EP",
    "SequenceName": "_epfid2d1_59",
    "SequenceVariant": "SK_OSP",
    "SeriesDescription": "epi_3x3x3_2s_phase2_(214_TRs)",
    "SliceTiming": [
      0.99,
      0,
      1.0475,
      0.0575,
      1.105,
      0.115,
      1.1625,
      0.175,
      1.2225,
      0.2325,
      1.28,
      0.29,
      1.3375,
      0.3475,
      1.3975,
      0.4075,
      1.455,
      0.465,
      1.5125,
      0.5225,
      1.57,
      0.5825,
      1.63,
      0.64,
      1.6875,
      0.6975,
      1.745,
      0.755,
      1.805,
      0.815,
      1.8625,
      0.8725,
      1.92,
      0.93
    ],
    "SoftwareVersions": "syngo_MR_D11",
    "TaskName": "Phase 2",
    "TotalReadoutTime": 0.0196442,
    "TrueEchoSpacing": 0.00068927,
    "dataset": "ds001232",
    "modality": "bold",
    "run_id": 6,
    "subject_id": "09",
    "task_id": "phase2"
  },
  "dummy_trs": 0,
  "dvars_nstd": 31.014167902159617,
  "dvars_std": 1.125397548544601,
  "dvars_vstd": 1.041362049389671,
  "efc": 0.5791402309222643,
  "fber": 1723.1956787109375,
  "fd_mean": 0.4337076582945345,
  "fd_num": 150,
  "fd_perc": 70.09345794392523,
  "fwhm_avg": 1.7608147558681246,
  "fwhm_x": 1.5640619235550441,
  "fwhm_y": 1.9722315114197293,
  "fwhm_z": 1.746150832629601,
  "gcor": 0.0149403,
  "gsr_x": 0.005533366464078426,
  "gsr_y": 0.02981017343699932,
  "provenance": {
    "md5sum": "97be6ba3c478cf8ab3f0c9886b48f450",
    "settings": {
      "fd_thres": 0.2,
      "testing": false
    },
    "software": "mriqc",
    "version": "22.0.6",
    "webapi_port": null,
    "webapi_url": "https://mriqc.nimh.nih.gov/api/v1"
  },
  "size_t": 214,
  "size_x": 66,
  "size_y": 66,
  "size_z": 34,
  "snr": 6.640489981368379,
  "spacing_tr": 2.0,
  "spacing_x": 2.9696969985961914,
  "spacing_y": 2.9696969985961914,
  "spacing_z": 2.9999985694885254,
  "summary_bg_k": 28.779877987356752,
  "summary_bg_mad": 7.402618783047327,
  "summary_bg_mean": 31.046316146850586,
  "summary_bg_median": 16.511682510375977,
  "summary_bg_n": 76874.0,
  "summary_bg_p05": 8.626168251037598,
  "summary_bg_p95": 93.9149475097653,
  "summary_bg_stdv": 54.61360549926758,
  "summary_fg_k": 2.712045900620902,
  "summary_fg_mad": 93.61867457203662,
  "summary_fg_mean": 707.4969482421875,
  "summary_fg_median": 696.5653686523438,
  "summary_fg_n": 38201.0,
  "summary_fg_p05": 565.7429809570312,
  "summary_fg_p95": 886.14013671875,
  "summary_fg_stdv": 104.89530944824219,
  "tsnr": 49.0431800968945
}