{
  "aor": 0.0018566355140186917,
  "aqi": 0.013078222056074765,
  "bids_meta": {
    "AccelFactPE": 2,
    "AcquisitionNumber": 1,
    "AcquisitionTime": "17:51:1.255000",
    "BandwidthPerPixelPhaseEncode": 49.18,
    "BodyPartExamined": "BRAIN",
    "ConversionSoftware": "dcm2niix",
    "ConversionSoftwareVersion": "v1.0.20170724 (OpenJPEG build) GCC6.1.0",
    "DeviceSerialNumber": "45031",
    "EchoTime": 0.034,
    "EchoTrainLength": 29,
    "EffectiveEchoSpacing": 0.000344635,
    "FlipAngle": 71,
    "ImageType": [
      "ORIGINAL",
      "PRIMARY",
      "M",
      "ND",
      "NORM",
      "MOSAIC"
    ],
    "InstitutionAddress": "Washington_and_Faculty_Rd._-_Building_25_25_Princeton_NJ_US_085",
    "InstitutionName": "Princeton_University_-_Neuroscience_Institute",
    "MagneticFieldStrength": 3,
    "Manufacturer": "Siemens",
    "ManufacturersModelName": "Skyra",
    "PhaseEncodingDirection": "j-",
    "PhaseEncodingLines": 59,
    "ProcedureStepDescription": "NormanLab_Jarrod",
    "ProtocolName": "epi_3x3x3_2s_phase2_(214_TRs)",
    "RepetitionTime": 2,
    "ScanningSequence": "EP",
    "SequenceName": "_epfid2d1_59",
    "SequenceVariant": "SK_OSP",
    "SeriesDescription": "epi_3x3x3_2s_phase2_(214_TRs)",
    "SliceTiming": [
      0.99,
      0,
      1.0475,
      0.0575,
      1.105,
      0.115,
      1.1625,
      0.175,
      1.2225,
      0.2325,
      1.28,
      0.29,
      1.3375,
      0.3475,
      1.3975,
      0.4075,
      1.455,
      0.465,
      1.5125,
      0.5225,
      1.57,
      0.5825,
      1.63,
      0.64,
      1.6875,
      0.6975,
      1.745,
      0.755,
      1.805,
      0.815,
      1.8625,
      0.8725,
      1.92,
      0.93
    ],
    "SoftwareVersions": "syngo_MR_D11",
    "TaskName": "Phase 2",
    "TotalReadoutTime": 0.0196442,
    "TrueEchoSpacing": 0.00068927,
    "dataset": "ds001232",
    "modality": "bold",
    "run_id": 1,
    "subject_id": "09",
    "task_id": "phase2"
  },
  "dummy_trs": 0,
  "dvars_nstd": 31.349572186244124,
  "dvars_std": 1.1087489712206573,
  "dvars_vstd": 1.024433659953052,
  "efc": 0.5872140939490663,
  "fber": 1580.665771484375,
  "fd_mean": 0.4281113255930772,
  "fd_num": 173,
  "fd_perc": 80.8411214953271,
  "fwhm_avg": 1.7391107916300683,
  "fwhm_x": 1.5662810051661022,
  "fwhm_y": 1.9513472259086762,
  "fwhm_z": 1.699704143815427,
  "gcor": 0.0201633,
  "gsr_x": -0.0014337464235723019,
  "gsr_y": 0.02700931765139103,
  "provenance": {
    "md5sum": "3746e6f91bae336987a81f1aac7781dc",
    "settings": {
      "fd_thres": 0.2,
      "testing": false
    },
    "software": "mriqc",
    "version": "22.0.6",
    "webapi_port": null,
    "webapi_url": "https://mriqc.nimh.nih.gov/api/v1"
  },
  "size_t": 214,
  "size_x": 66,
  "size_y": 66,
  "size_z": 34,
  "snr": 6.655075125540816,
  "spacing_tr": 2.0,
  "spacing_x": 2.9696969985961914,
  "spacing_y": 2.9696969985961914,
  "spacing_z": 2.9999985694885254,
  "summary_bg_k": 26.83168231930645,
  "summary_bg_mad": 8.015752317130682,
  "summary_bg_mean": 32.28934097290039,
  "summary_bg_median": 17.257009506225586,
  "summary_bg_n": 75611.0,
  "summary_bg_p05": 8.794392585754395,
  "summary_bg_p95": 102.1822395324707,
  "summary_bg_stdv": 54.9715690612793,
  "summary_fg_k": 2.9660149807369605,
  "summary_fg_mad": 93.5113524143738,
  "summary_fg_mean": 708.4844360351562,
  "summary_fg_median": 698.7453002929688,
  "summary_fg_n": 39162.0,
  "summary_fg_p05": 565.8705413818359,
  "summary_fg_p95": 881.6349975585935,
  "summary_fg_stdv": 104.99301147460938,
  "tsnr": 49.93552945344709
}