{
  "aor": 0.002072,
  "aqi": 0.008225125470588235,
  "bids_meta": {
    "AccelFactPE": 2,
    "AcquisitionNumber": 1,
    "AcquisitionTime": "09:14:2.672500",
    "BandwidthPerPixelPhaseEncode": 49.18,
    "BodyPartExamined": "BRAIN",
    "ConversionSoftware": "dcm2niix",
    "ConversionSoftwareVersion": "v1.0.20170724 (OpenJPEG build) GCC6.1.0",
    "DeviceSerialNumber": "45031",
    "EchoTime": 0.034,
    "EchoTrainLength": 29,
    "EffectiveEchoSpacing": 0.000344635,
    "FlipAngle": 71,
    "ImageType": [
      "ORIGINAL",
      "PRIMARY",
      "M",
      "ND",
      "NORM",
      "MOSAIC"
    ],
    "InstitutionAddress": "Washington_and_Faculty_Rd._-_Building_25_25_Princeton_NJ_US_085",
    "InstitutionName": "Princeton_University_-_Neuroscience_Institute",
    "MagneticFieldStrength": 3,
    "Manufacturer": "Siemens",
    "ManufacturersModelName": "Skyra",
    "PhaseEncodingDirection": "j-",
    "PhaseEncodingLines": 59,
    "ProcedureStepDescription": "NormanLab_Jarrod",
    "ProtocolName": "epi_3x3x3_2s_phase1",
    "RepetitionTime": 2,
    "ScanningSequence": "EP",
    "SequenceName": "_epfid2d1_59",
    "SequenceVariant": "SK_OSP",
    "SeriesDescription": "epi_3x3x3_2s_phase1",
    "SliceTiming": [
      0.99,
      0,
      1.05,
      0.06,
      1.1075,
      0.1175,
      1.165,
      0.175,
      1.225,
      0.235,
      1.2825,
      0.2925,
      1.34,
      0.35,
      1.3975,
      0.41,
      1.4575,
      0.4675,
      1.515,
      0.525,
      1.5725,
      0.5825,
      1.6325,
      0.6425,
      1.69,
      0.7,
      1.7475,
      0.7575,
      1.805,
      0.8175,
      1.865,
      0.875,
      1.9225,
      0.9325
    ],
    "SoftwareVersions": "syngo_MR_D11",
    "TaskName": "Phase 1",
    "TotalReadoutTime": 0.0196442,
    "TrueEchoSpacing": 0.00068927,
    "dataset": "ds001232",
    "modality": "bold",
    "run_id": 4,
    "subject_id": "20",
    "task_id": "phase1"
  },
  "dummy_trs": 0,
  "dvars_nstd": 25.824892890355034,
  "dvars_std": 1.1474352010650894,
  "dvars_vstd": 1.034083147337278,
  "efc": 0.5465762770312211,
  "fber": 1909.7789306640625,
  "fd_mean": 0.19830645864946572,
  "fd_num": 56,
  "fd_perc": 32.94117647058823,
  "fwhm_avg": 1.7191595276303022,
  "fwhm_x": 1.608847637404932,
  "fwhm_y": 1.8649916145041365,
  "fwhm_z": 1.6836393309818383,
  "gcor": 0.0552775,
  "gsr_x": 6.617980398004875e-05,
  "gsr_y": 0.026965992525219917,
  "provenance": {
    "md5sum": "ec35e21a01c1c4e89d4d72601205398e",
    "settings": {
      "fd_thres": 0.2,
      "testing": false
    },
    "software": "mriqc",
    "version": "22.0.6",
    "webapi_port": null,
    "webapi_url": "https://mriqc.nimh.nih.gov/api/v1"
  },
  "size_t": 170,
  "size_x": 66,
  "size_y": 66,
  "size_z": 34,
  "snr": 6.016301339980133,
  "spacing_tr": 2.0,
  "spacing_x": 2.9696969985961914,
  "spacing_y": 2.9696969985961914,
  "spacing_z": 3.0000011920928955,
  "summary_bg_k": 67.85864992244352,
  "summary_bg_mad": 7.988609301470728,
  "summary_bg_mean": 28.49190902709961,
  "summary_bg_median": 16.264705657958984,
  "summary_bg_n": 82199.0,
  "summary_bg_p05": 7.60588264465332,
  "summary_bg_p95": 83.53647003173818,
  "summary_bg_stdv": 47.907501220703125,
  "summary_fg_k": 2.128397467266642,
  "summary_fg_mad": 117.32614824883939,
  "summary_fg_mean": 729.909912109375,
  "summary_fg_median": 717.48828125,
  "summary_fg_n": 33814.0,
  "summary_fg_p05": 570.0211944580078,
  "summary_fg_p95": 927.1020874023437,
  "summary_fg_stdv": 119.25560760498047,
  "tsnr": 60.7916029948974
}