{
  "aor": 0.01013906542056075,
  "aqi": 0.015043341355140186,
  "bids_meta": {
    "AccelFactPE": 2,
    "AcquisitionNumber": 1,
    "AcquisitionTime": "09:36:1.600000",
    "BandwidthPerPixelPhaseEncode": 49.18,
    "BodyPartExamined": "BRAIN",
    "ConversionSoftware": "dcm2niix",
    "ConversionSoftwareVersion": "v1.0.20170724 (OpenJPEG build) GCC6.1.0",
    "DeviceSerialNumber": "45031",
    "EchoTime": 0.034,
    "EchoTrainLength": 29,
    "EffectiveEchoSpacing": 0.000344635,
    "FlipAngle": 71,
    "ImageType": [
      "ORIGINAL",
      "PRIMARY",
      "M",
      "ND",
      "NORM",
      "MOSAIC"
    ],
    "InstitutionAddress": "Washington_and_Faculty_Rd._-_Building_25_25_Princeton_NJ_US_085",
    "InstitutionName": "Princeton_University_-_Neuroscience_Institute",
    "MagneticFieldStrength": 3,
    "Manufacturer": "Siemens",
    "ManufacturersModelName": "Skyra",
    "PhaseEncodingDirection": "j-",
    "PhaseEncodingLines": 59,
    "ProcedureStepDescription": "NormanLab_Jarrod",
    "ProtocolName": "epi_3x3x3_2s_phase2_(214_TRs)",
    "RepetitionTime": 2,
    "ScanningSequence": "EP",
    "SequenceName": "_epfid2d1_59",
    "SequenceVariant": "SK_OSP",
    "SeriesDescription": "epi_3x3x3_2s_phase2_(214_TRs)",
    "SliceTiming": [
      0.9875,
      0,
      1.0475,
      0.0575,
      1.105,
      0.115,
      1.1625,
      0.1725,
      1.2225,
      0.2325,
      1.28,
      0.29,
      1.3375,
      0.3475,
      1.395,
      0.4075,
      1.455,
      0.465,
      1.5125,
      0.5225,
      1.57,
      0.58,
      1.63,
      0.64,
      1.6875,
      0.6975,
      1.745,
      0.755,
      1.8025,
      0.815,
      1.8625,
      0.8725,
      1.92,
      0.93
    ],
    "SoftwareVersions": "syngo_MR_D11",
    "TaskName": "Phase 2",
    "TotalReadoutTime": 0.0196442,
    "TrueEchoSpacing": 0.00068927,
    "dataset": "ds001232",
    "modality": "bold",
    "run_id": 3,
    "subject_id": "20",
    "task_id": "phase2"
  },
  "dummy_trs": 0,
  "dvars_nstd": 33.68220048140847,
  "dvars_std": 1.2241436818779345,
  "dvars_vstd": 1.0960619220187795,
  "efc": 0.5464246819577917,
  "fber": 1905.729736328125,
  "fd_mean": 0.5249774465026726,
  "fd_num": 133,
  "fd_perc": 62.149532710280376,
  "fwhm_avg": 1.7261025871087767,
  "fwhm_x": 1.6211822291216342,
  "fwhm_y": 1.8604962063846178,
  "fwhm_z": 1.696629325820078,
  "gcor": 0.047593,
  "gsr_x": 0.0015643318183720112,
  "gsr_y": 0.026442164555191994,
  "provenance": {
    "md5sum": "7e0b78017e1fdb83f66e4e726ad9be27",
    "settings": {
      "fd_thres": 0.2,
      "testing": false
    },
    "software": "mriqc",
    "version": "22.0.6",
    "webapi_port": null,
    "webapi_url": "https://mriqc.nimh.nih.gov/api/v1"
  },
  "size_t": 214,
  "size_x": 66,
  "size_y": 66,
  "size_z": 34,
  "snr": 6.079613183432655,
  "spacing_tr": 2.0,
  "spacing_x": 2.9696969985961914,
  "spacing_y": 2.9696969985961914,
  "spacing_z": 3.0000011920928955,
  "summary_bg_k": 68.61760632166039,
  "summary_bg_mad": 8.105814757537626,
  "summary_bg_mean": 28.42664337158203,
  "summary_bg_median": 16.285045623779297,
  "summary_bg_n": 82284.0,
  "summary_bg_p05": 7.588784694671631,
  "summary_bg_p95": 82.50794410705558,
  "summary_bg_stdv": 47.737239837646484,
  "summary_fg_k": 2.128815783312133,
  "summary_fg_mad": 116.0032171493861,
  "summary_fg_mean": 728.527099609375,
  "summary_fg_median": 717.0794067382812,
  "summary_fg_n": 33765.0,
  "summary_fg_p05": 569.5868896484375,
  "summary_fg_p95": 923.3018432617188,
  "summary_fg_stdv": 117.94644927978516,
  "tsnr": 45.14318506419659
}