{
  "aor": 0.011216682242990654,
  "aqi": 0.015697772803738314,
  "bids_meta": {
    "AccelFactPE": 2,
    "AcquisitionNumber": 1,
    "AcquisitionTime": "09:28:27.842500",
    "BandwidthPerPixelPhaseEncode": 49.18,
    "BodyPartExamined": "BRAIN",
    "ConversionSoftware": "dcm2niix",
    "ConversionSoftwareVersion": "v1.0.20170724 (OpenJPEG build) GCC6.1.0",
    "DeviceSerialNumber": "45031",
    "EchoTime": 0.034,
    "EchoTrainLength": 29,
    "EffectiveEchoSpacing": 0.000344635,
    "FlipAngle": 71,
    "ImageType": [
      "ORIGINAL",
      "PRIMARY",
      "M",
      "ND",
      "NORM",
      "MOSAIC"
    ],
    "InstitutionAddress": "Washington_and_Faculty_Rd._-_Building_25_25_Princeton_NJ_US_085",
    "InstitutionName": "Princeton_University_-_Neuroscience_Institute",
    "MagneticFieldStrength": 3,
    "Manufacturer": "Siemens",
    "ManufacturersModelName": "Skyra",
    "PhaseEncodingDirection": "j-",
    "PhaseEncodingLines": 59,
    "ProcedureStepDescription": "NormanLab_Jarrod",
    "ProtocolName": "epi_3x3x3_2s_phase2_(214_TRs)",
    "RepetitionTime": 2,
    "ScanningSequence": "EP",
    "SequenceName": "_epfid2d1_59",
    "SequenceVariant": "SK_OSP",
    "SeriesDescription": "epi_3x3x3_2s_phase2_(214_TRs)",
    "SliceTiming": [
      0.99,
      0,
      1.0475,
      0.0575,
      1.1075,
      0.1175,
      1.165,
      0.175,
      1.2225,
      0.2325,
      1.28,
      0.29,
      1.34,
      0.35,
      1.3975,
      0.4075,
      1.455,
      0.465,
      1.515,
      0.525,
      1.5725,
      0.5825,
      1.63,
      0.64,
      1.6875,
      0.7,
      1.7475,
      0.7575,
      1.805,
      0.815,
      1.8625,
      0.8725,
      1.9225,
      0.9325
    ],
    "SoftwareVersions": "syngo_MR_D11",
    "TaskName": "Phase 2",
    "TotalReadoutTime": 0.0196442,
    "TrueEchoSpacing": 0.00068927,
    "dataset": "ds001232",
    "modality": "bold",
    "run_id": 2,
    "subject_id": "20",
    "task_id": "phase2"
  },
  "dummy_trs": 0,
  "dvars_nstd": 31.69969660812206,
  "dvars_std": 1.210720469859155,
  "dvars_vstd": 1.1025281429577458,
  "efc": 0.5464322483902792,
  "fber": 1813.616943359375,
  "fd_mean": 0.4947121921271031,
  "fd_num": 104,
  "fd_perc": 48.598130841121495,
  "fwhm_avg": 1.7362759080460652,
  "fwhm_x": 1.628802535169927,
  "fwhm_y": 1.8759725327646242,
  "fwhm_z": 1.704052656203645,
  "gcor": 0.0530489,
  "gsr_x": -0.0001829212560551241,
  "gsr_y": 0.030487794429063797,
  "provenance": {
    "md5sum": "f5b1ebf2c5034a64a733c6ded6fc4eb7",
    "settings": {
      "fd_thres": 0.2,
      "testing": false
    },
    "software": "mriqc",
    "version": "22.0.6",
    "webapi_port": null,
    "webapi_url": "https://mriqc.nimh.nih.gov/api/v1"
  },
  "size_t": 214,
  "size_x": 66,
  "size_y": 66,
  "size_z": 34,
  "snr": 6.096130302827118,
  "spacing_tr": 2.0,
  "spacing_x": 2.9696969985961914,
  "spacing_y": 2.9696969985961914,
  "spacing_z": 3.0000011920928955,
  "summary_bg_k": 66.83260632930232,
  "summary_bg_mad": 8.64620353917586,
  "summary_bg_mean": 29.076309204101562,
  "summary_bg_median": 16.728971481323242,
  "summary_bg_n": 82425.0,
  "summary_bg_p05": 7.556074619293213,
  "summary_bg_p95": 83.75700683593757,
  "summary_bg_stdv": 48.55070877075195,
  "summary_fg_k": 1.9669665528753093,
  "summary_fg_mad": 115.78155979256056,
  "summary_fg_mean": 730.3101806640625,
  "summary_fg_median": 718.058349609375,
  "summary_fg_n": 33586.0,
  "summary_fg_p05": 570.9053497314453,
  "summary_fg_p95": 925.1121215820312,
  "summary_fg_stdv": 117.7874526977539,
  "tsnr": 43.98474045365583
}