{
  "aor": 0.008842009345794391,
  "aqi": 0.01734516327102804,
  "bids_meta": {
    "AccelFactPE": 2,
    "AcquisitionNumber": 1,
    "AcquisitionTime": "09:43:38.725000",
    "BandwidthPerPixelPhaseEncode": 49.18,
    "BodyPartExamined": "BRAIN",
    "ConversionSoftware": "dcm2niix",
    "ConversionSoftwareVersion": "v1.0.20170724 (OpenJPEG build) GCC6.1.0",
    "DeviceSerialNumber": "45031",
    "EchoTime": 0.034,
    "EchoTrainLength": 29,
    "EffectiveEchoSpacing": 0.000344635,
    "FlipAngle": 71,
    "ImageType": [
      "ORIGINAL",
      "PRIMARY",
      "M",
      "ND",
      "NORM",
      "MOSAIC"
    ],
    "InstitutionAddress": "Washington_and_Faculty_Rd._-_Building_25_25_Princeton_NJ_US_085",
    "InstitutionName": "Princeton_University_-_Neuroscience_Institute",
    "MagneticFieldStrength": 3,
    "Manufacturer": "Siemens",
    "ManufacturersModelName": "Skyra",
    "PhaseEncodingDirection": "j-",
    "PhaseEncodingLines": 59,
    "ProcedureStepDescription": "NormanLab_Jarrod",
    "ProtocolName": "epi_3x3x3_2s_phase2_(214_TRs)",
    "RepetitionTime": 2,
    "ScanningSequence": "EP",
    "SequenceName": "_epfid2d1_59",
    "SequenceVariant": "SK_OSP",
    "SeriesDescription": "epi_3x3x3_2s_phase2_(214_TRs)",
    "SliceTiming": [
      0.9875,
      0,
      1.0475,
      0.0575,
      1.105,
      0.115,
      1.1625,
      0.1725,
      1.2225,
      0.2325,
      1.28,
      0.29,
      1.3375,
      0.3475,
      1.395,
      0.4075,
      1.455,
      0.465,
      1.5125,
      0.5225,
      1.57,
      0.58,
      1.63,
      0.64,
      1.6875,
      0.6975,
      1.745,
      0.755,
      1.8025,
      0.815,
      1.8625,
      0.8725,
      1.92,
      0.93
    ],
    "SoftwareVersions": "syngo_MR_D11",
    "TaskName": "Phase 2",
    "TotalReadoutTime": 0.0196442,
    "TrueEchoSpacing": 0.00068927,
    "dataset": "ds001232",
    "modality": "bold",
    "run_id": 4,
    "subject_id": "20",
    "task_id": "phase2"
  },
  "dummy_trs": 0,
  "dvars_nstd": 34.36418068596243,
  "dvars_std": 1.2008793954929577,
  "dvars_vstd": 1.0842877324882632,
  "efc": 0.5460958618529997,
  "fber": 1876.212158203125,
  "fd_mean": 0.5892041632431173,
  "fd_num": 154,
  "fd_perc": 71.96261682242991,
  "fwhm_avg": 1.72693504757362,
  "fwhm_x": 1.6227547801267392,
  "fwhm_y": 1.8626243696292142,
  "fwhm_z": 1.6954259929649065,
  "gcor": 0.0522376,
  "gsr_x": 0.0017869637813419104,
  "gsr_y": 0.027242926880717278,
  "provenance": {
    "md5sum": "2da7197106e0fec611b949c3fbec89ea",
    "settings": {
      "fd_thres": 0.2,
      "testing": false
    },
    "software": "mriqc",
    "version": "22.0.6",
    "webapi_port": null,
    "webapi_url": "https://mriqc.nimh.nih.gov/api/v1"
  },
  "size_t": 214,
  "size_x": 66,
  "size_y": 66,
  "size_z": 34,
  "snr": 6.111761784438294,
  "spacing_tr": 2.0,
  "spacing_x": 2.9696969985961914,
  "spacing_y": 2.9696969985961914,
  "spacing_z": 3.0000011920928955,
  "summary_bg_k": 71.76877019721314,
  "summary_bg_mad": 8.216663230825592,
  "summary_bg_mean": 28.641510009765625,
  "summary_bg_median": 16.443923950195312,
  "summary_bg_n": 82349.0,
  "summary_bg_p05": 7.588784694671631,
  "summary_bg_p95": 82.27476501464811,
  "summary_bg_stdv": 48.908451080322266,
  "summary_fg_k": 2.142347344367952,
  "summary_fg_mad": 115.67066324600425,
  "summary_fg_mean": 730.2496948242188,
  "summary_fg_median": 718.2102661132812,
  "summary_fg_n": 33737.0,
  "summary_fg_p05": 572.5878173828125,
  "summary_fg_p95": 923.0467163085937,
  "summary_fg_stdv": 117.51106262207031,
  "tsnr": 42.42990125995129
}