{
  "aor": 0.001114941176470588,
  "aqi": 0.006910870352941176,
  "bids_meta": {
    "AccelFactPE": 2,
    "AcquisitionNumber": 1,
    "AcquisitionTime": "08:41:59.122500",
    "BandwidthPerPixelPhaseEncode": 49.18,
    "BodyPartExamined": "BRAIN",
    "ConversionSoftware": "dcm2niix",
    "ConversionSoftwareVersion": "v1.0.20170724 (OpenJPEG build) GCC6.1.0",
    "DeviceSerialNumber": "45031",
    "EchoTime": 0.034,
    "EchoTrainLength": 29,
    "EffectiveEchoSpacing": 0.000344635,
    "FlipAngle": 71,
    "ImageType": [
      "ORIGINAL",
      "PRIMARY",
      "M",
      "ND",
      "NORM",
      "MOSAIC"
    ],
    "InstitutionAddress": "Washington_and_Faculty_Rd._-_Building_25_25_Princeton_NJ_US_085",
    "InstitutionName": "Princeton_University_-_Neuroscience_Institute",
    "MagneticFieldStrength": 3,
    "Manufacturer": "Siemens",
    "ManufacturersModelName": "Skyra",
    "PhaseEncodingDirection": "j-",
    "PhaseEncodingLines": 59,
    "ProcedureStepDescription": "NormanLab_Jarrod",
    "ProtocolName": "epi_3x3x3_2s_phase1",
    "RepetitionTime": 2,
    "ScanningSequence": "EP",
    "SequenceName": "_epfid2d1_59",
    "SequenceVariant": "SK_OSP",
    "SeriesDescription": "epi_3x3x3_2s_phase1",
    "SliceTiming": [
      0.99,
      0,
      1.05,
      0.06,
      1.1075,
      0.1175,
      1.165,
      0.175,
      1.2225,
      0.235,
      1.2825,
      0.2925,
      1.34,
      0.35,
      1.3975,
      0.4075,
      1.4575,
      0.4675,
      1.515,
      0.525,
      1.5725,
      0.5825,
      1.63,
      0.6425,
      1.69,
      0.7,
      1.7475,
      0.7575,
      1.805,
      0.815,
      1.865,
      0.875,
      1.9225,
      0.9325
    ],
    "SoftwareVersions": "syngo_MR_D11",
    "TaskName": "Phase 1",
    "TotalReadoutTime": 0.0196442,
    "TrueEchoSpacing": 0.00068927,
    "dataset": "ds001232",
    "modality": "bold",
    "run_id": 1,
    "subject_id": "17",
    "task_id": "phase1"
  },
  "dummy_trs": 0,
  "dvars_nstd": 24.662248555147908,
  "dvars_std": 1.136867051360946,
  "dvars_vstd": 1.0194810491715967,
  "efc": 0.5889949763898956,
  "fber": 1570.6707763671875,
  "fd_mean": 0.1262148307998539,
  "fd_num": 19,
  "fd_perc": 11.176470588235293,
  "fwhm_avg": 1.7206763188682288,
  "fwhm_x": 1.568099372495346,
  "fwhm_y": 1.9163234507393014,
  "fwhm_z": 1.6776061333700392,
  "gcor": 0.0411841,
  "gsr_x": -0.011571403592824936,
  "gsr_y": 0.03849242255091667,
  "provenance": {
    "md5sum": "cb5c15fd405b3578f8f49f6d224171a3",
    "settings": {
      "fd_thres": 0.2,
      "testing": false
    },
    "software": "mriqc",
    "version": "22.0.6",
    "webapi_port": null,
    "webapi_url": "https://mriqc.nimh.nih.gov/api/v1"
  },
  "size_t": 170,
  "size_x": 66,
  "size_y": 66,
  "size_z": 34,
  "snr": 6.087350860748333,
  "spacing_tr": 2.0,
  "spacing_x": 2.9696969985961914,
  "spacing_y": 2.9696969985961914,
  "spacing_z": 3.0000009536743164,
  "summary_bg_k": 53.78336728912468,
  "summary_bg_mad": 11.267777426210438,
  "summary_bg_mean": 38.184234619140625,
  "summary_bg_median": 19.729412078857422,
  "summary_bg_n": 75803.0,
  "summary_bg_p05": 9.341176986694336,
  "summary_bg_p95": 128.06412353515623,
  "summary_bg_stdv": 56.539772033691406,
  "summary_fg_k": 2.614900678157298,
  "summary_fg_mad": 121.76087897536607,
  "summary_fg_mean": 812.9003295898438,
  "summary_fg_median": 801.9823608398438,
  "summary_fg_n": 38598.0,
  "summary_fg_p05": 630.8403076171875,
  "summary_fg_p95": 1029.10771484375,
  "summary_fg_stdv": 131.74400329589844,
  "tsnr": 60.25622694706544
}