{
  "aor": 0.0005145794392523365,
  "aqi": 0.0066697770560747655,
  "bids_meta": {
    "AccelFactPE": 2,
    "AcquisitionNumber": 1,
    "AcquisitionTime": "09:31:31.757500",
    "BandwidthPerPixelPhaseEncode": 49.18,
    "BodyPartExamined": "BRAIN",
    "ConversionSoftware": "dcm2niix",
    "ConversionSoftwareVersion": "v1.0.20170724 (OpenJPEG build) GCC6.1.0",
    "DeviceSerialNumber": "45031",
    "EchoTime": 0.034,
    "EchoTrainLength": 29,
    "EffectiveEchoSpacing": 0.000344635,
    "FlipAngle": 71,
    "ImageType": [
      "ORIGINAL",
      "PRIMARY",
      "M",
      "ND",
      "NORM",
      "MOSAIC"
    ],
    "InstitutionAddress": "Washington_and_Faculty_Rd._-_Building_25_25_Princeton_NJ_US_085",
    "InstitutionName": "Princeton_University_-_Neuroscience_Institute",
    "MagneticFieldStrength": 3,
    "Manufacturer": "Siemens",
    "ManufacturersModelName": "Skyra",
    "PhaseEncodingDirection": "j-",
    "PhaseEncodingLines": 59,
    "ProcedureStepDescription": "NormanLab_Jarrod",
    "ProtocolName": "epi_3x3x3_2s_phase2_(214_TRs)",
    "RepetitionTime": 2,
    "ScanningSequence": "EP",
    "SequenceName": "_epfid2d1_59",
    "SequenceVariant": "SK_OSP",
    "SeriesDescription": "epi_3x3x3_2s_phase2_(214_TRs)",
    "SliceTiming": [
      0.99,
      0,
      1.0475,
      0.0575,
      1.105,
      0.115,
      1.165,
      0.175,
      1.2225,
      0.2325,
      1.28,
      0.29,
      1.3375,
      0.3475,
      1.3975,
      0.4075,
      1.455,
      0.465,
      1.5125,
      0.5225,
      1.5725,
      0.5825,
      1.63,
      0.64,
      1.6875,
      0.6975,
      1.745,
      0.755,
      1.805,
      0.815,
      1.8625,
      0.8725,
      1.92,
      0.93
    ],
    "SoftwareVersions": "syngo_MR_D11",
    "TaskName": "Phase 2",
    "TotalReadoutTime": 0.0196442,
    "TrueEchoSpacing": 0.00068927,
    "dataset": "ds001232",
    "modality": "bold",
    "run_id": 4,
    "subject_id": "17",
    "task_id": "phase2"
  },
  "dummy_trs": 0,
  "dvars_nstd": 22.971964312488268,
  "dvars_std": 1.1009783928638504,
  "dvars_vstd": 1.0065249649765262,
  "efc": 0.5920715837518441,
  "fber": 1529.6466064453125,
  "fd_mean": 0.11613918950867716,
  "fd_num": 27,
  "fd_perc": 12.616822429906541,
  "fwhm_avg": 1.7044122849223002,
  "fwhm_x": 1.5567177399530436,
  "fwhm_y": 1.9001063080399736,
  "fwhm_z": 1.656412806773883,
  "gcor": 0.049652,
  "gsr_x": -0.012245649471879005,
  "gsr_y": 0.03967881575226784,
  "provenance": {
    "md5sum": "c27bfb4485605311d965870600cbb483",
    "settings": {
      "fd_thres": 0.2,
      "testing": false
    },
    "software": "mriqc",
    "version": "22.0.6",
    "webapi_port": null,
    "webapi_url": "https://mriqc.nimh.nih.gov/api/v1"
  },
  "size_t": 214,
  "size_x": 66,
  "size_y": 66,
  "size_z": 34,
  "snr": 6.198931181882381,
  "spacing_tr": 2.0,
  "spacing_x": 2.9696969985961914,
  "spacing_y": 2.9696969985961914,
  "spacing_z": 3.0000009536743164,
  "summary_bg_k": 56.254973848663894,
  "summary_bg_mad": 11.445133852335458,
  "summary_bg_mean": 39.38627243041992,
  "summary_bg_median": 19.780372619628906,
  "summary_bg_n": 75683.0,
  "summary_bg_p05": 9.411214828491211,
  "summary_bg_p95": 133.26215057373022,
  "summary_bg_stdv": 58.057064056396484,
  "summary_fg_k": 2.725708884391989,
  "summary_fg_mad": 117.29189745906251,
  "summary_fg_mean": 804.3024291992188,
  "summary_fg_median": 793.9439086914062,
  "summary_fg_n": 38783.0,
  "summary_fg_p05": 628.2387512207031,
  "summary_fg_p95": 1014.624755859375,
  "summary_fg_stdv": 128.07589721679688,
  "tsnr": 62.11692894715816
}