{
  "bids_meta": {
    "AcquisitionNumber": 1,
    "AcquisitionTime": "11:30:23.107500",
    "BodyPartExamined": "BRAIN",
    "ConversionSoftware": "dcm2niix",
    "ConversionSoftwareVersion": "v1.0.20170724 (OpenJPEG build) GCC6.1.0",
    "DeviceSerialNumber": "45031",
    "EchoTime": 0.00308,
    "FlipAngle": 9,
    "ImageType": [
      "ORIGINAL",
      "PRIMARY",
      "M",
      "ND",
      "NORM"
    ],
    "InstitutionAddress": "Washington_and_Faculty_Rd._-_Building_25_25_Princeton_NJ_US_085",
    "InstitutionName": "Princeton_University_-_Neuroscience_Institute",
    "InversionTime": 0.9,
    "MagneticFieldStrength": 3,
    "Manufacturer": "Siemens",
    "ManufacturersModelName": "Skyra",
    "PhaseEncodingDirection": "i-",
    "PhaseEncodingLines": 224,
    "ProcedureStepDescription": "NormanLab_Jarrod",
    "ProtocolName": "long_mprage",
    "RepetitionTime": 2.3,
    "ScanningSequence": "GR_IR",
    "SequenceName": "_tfl3d1_16ns",
    "SequenceVariant": "SK_SP_MP",
    "SeriesDescription": "long_mprage",
    "SoftwareVersions": "syngo_MR_D11",
    "dataset": "ds001232",
    "modality": "T1w",
    "subject_id": "10"
  },
  "cjv": 0.3950827556270726,
  "cnr": 3.324811155821497,
  "efc": 0.6665176428933627,
  "fber": 3055.8644930975834,
  "fwhm_avg": 3.8180122502403075,
  "fwhm_x": 3.918851296175468,
  "fwhm_y": 3.8656465454545454,
  "fwhm_z": 3.669538909090909,
  "icvs_csf": 0.23778960210855274,
  "icvs_gm": 0.4163457097745175,
  "icvs_wm": 0.3458646881169297,
  "inu_med": 0.6150438189506531,
  "inu_range": 0.28103544116020196,
  "provenance": {
    "md5sum": "0864a4c5ffa7ce8b40f8c896119428b5",
    "settings": {
      "testing": false
    },
    "software": "mriqc",
    "version": "22.0.6",
    "warnings": {
      "large_rot_frame": true,
      "small_air_mask": false
    },
    "webapi_port": null,
    "webapi_url": "https://mriqc.nimh.nih.gov/api/v1"
  },
  "qi_1": 0.0,
  "qi_2": 0.004300537643052722,
  "rpve_csf": 13.261040870176073,
  "rpve_gm": 7.564653332170352,
  "rpve_wm": 10.301294552114669,
  "size_x": 176,
  "size_y": 224,
  "size_z": 256,
  "snr_csf": 2.462093440928241,
  "snr_gm": 10.642609667949882,
  "snr_total": 10.782177103940683,
  "snr_wm": 19.24182820294392,
  "snrd_csf": 12.651944261363044,
  "snrd_gm": 36.692904623819544,
  "snrd_total": 33.565457727752275,
  "snrd_wm": 51.35152429807424,
  "spacing_x": 0.8999984264373779,
  "spacing_y": 0.859375,
  "spacing_z": 0.859375,
  "summary_bg_k": 148.4885608544056,
  "summary_bg_mad": 0.0,
  "summary_bg_mean": 7.493021527128259,
  "summary_bg_median": 0.0,
  "summary_bg_n": 1392524.0,
  "summary_bg_p05": 0.0,
  "summary_bg_p95": 32.21664868667722,
  "summary_bg_stdv": 12.757875900823745,
  "summary_csf_k": 2.059913726627469,
  "summary_csf_mad": 85.53588391650372,
  "summary_csf_mean": 256.151001398642,
  "summary_csf_median": 246.37912775203586,
  "summary_csf_n": 108419.0,
  "summary_csf_p05": 110.5275784146041,
  "summary_csf_p95": 436.23268099017406,
  "summary_csf_stdv": 100.06849757115343,
  "summary_gm_k": 0.370264530664111,
  "summary_gm_mad": 63.11096859207959,
  "summary_gm_mean": 714.3788541031761,
  "summary_gm_median": 714.5436028763652,
  "summary_gm_n": 50901.0,
  "summary_gm_p05": 602.447318404913,
  "summary_gm_p95": 825.8374801576138,
  "summary_gm_stdv": 67.13922676683731,
  "summary_wm_k": 0.5689599110372532,
  "summary_wm_mad": 49.667915904228515,
  "summary_wm_mean": 1001.0283708623771,
  "summary_wm_median": 999.9999607913196,
  "summary_wm_n": 332691.0,
  "summary_wm_p05": 918.034066312015,
  "summary_wm_p95": 1087.7030666805804,
  "summary_wm_stdv": 51.97003358242086,
  "tpm_overlap_csf": 0.1669782661739849,
  "tpm_overlap_gm": 0.44142110989236993,
  "tpm_overlap_wm": 0.4889761502789348,
  "wm2max": 0.49469088022228835
}