{
  "bids_meta": {
    "AcquisitionNumber": 1,
    "AcquisitionTime": "11:08:28.090000",
    "BodyPartExamined": "BRAIN",
    "ConversionSoftware": "dcm2niix",
    "ConversionSoftwareVersion": "v1.0.20170724 (OpenJPEG build) GCC6.1.0",
    "DeviceSerialNumber": "45031",
    "EchoTime": 0.00308,
    "FlipAngle": 9,
    "ImageType": [
      "ORIGINAL",
      "PRIMARY",
      "M",
      "ND",
      "NORM"
    ],
    "InstitutionAddress": "Washington_and_Faculty_Rd._-_Building_25_25_Princeton_NJ_US_085",
    "InstitutionName": "Princeton_University_-_Neuroscience_Institute",
    "InversionTime": 0.9,
    "MagneticFieldStrength": 3,
    "Manufacturer": "Siemens",
    "ManufacturersModelName": "Skyra",
    "PhaseEncodingDirection": "i-",
    "PhaseEncodingLines": 224,
    "ProcedureStepDescription": "NormanLab_Jarrod",
    "ProtocolName": "long_mprage",
    "RepetitionTime": 2.3,
    "ScanningSequence": "GR_IR",
    "SequenceName": "_tfl3d1_16ns",
    "SequenceVariant": "SK_SP_MP",
    "SeriesDescription": "long_mprage",
    "SoftwareVersions": "syngo_MR_D11",
    "dataset": "ds001232",
    "modality": "T1w",
    "subject_id": "19"
  },
  "cjv": 0.38477826430450995,
  "cnr": 3.5064770592217633,
  "efc": 0.7169387886561055,
  "fber": 4826.10163733571,
  "fwhm_avg": 3.6651123089024598,
  "fwhm_x": 3.688747835798289,
  "fwhm_y": 3.8473309090909087,
  "fwhm_z": 3.4592581818181816,
  "icvs_csf": 0.17767991301330366,
  "icvs_gm": 0.4597295745231087,
  "icvs_wm": 0.36259051246358764,
  "inu_med": 0.5809774398803711,
  "inu_range": 0.27977714985609065,
  "provenance": {
    "md5sum": "58c45d5c3c310d09687265e0599b8796",
    "settings": {
      "testing": false
    },
    "software": "mriqc",
    "version": "22.0.6",
    "warnings": {
      "large_rot_frame": true,
      "small_air_mask": false
    },
    "webapi_port": null,
    "webapi_url": "https://mriqc.nimh.nih.gov/api/v1"
  },
  "qi_1": 0.0,
  "qi_2": 0.003935407074808058,
  "rpve_csf": 14.392014861974317,
  "rpve_gm": 6.1176606111339495,
  "rpve_wm": 8.527513265102616,
  "size_x": 176,
  "size_y": 224,
  "size_z": 256,
  "snr_csf": 1.9447612095278535,
  "snr_gm": 11.690893351142424,
  "snr_total": 11.025412914610476,
  "snr_wm": 19.440584183161146,
  "snrd_csf": 18.296860359965926,
  "snrd_gm": 44.920132038248575,
  "snrd_total": 41.95716243604096,
  "snrd_wm": 62.65449490990838,
  "spacing_x": 0.9000018835067749,
  "spacing_y": 0.859375,
  "spacing_z": 0.859375,
  "summary_bg_k": 8.220259210498035,
  "summary_bg_mad": 0.0,
  "summary_bg_mean": 5.670673125117505,
  "summary_bg_median": 0.0,
  "summary_bg_n": 1197386.0,
  "summary_bg_p05": 0.0,
  "summary_bg_p95": 26.81874132156372,
  "summary_bg_stdv": 10.456737722611907,
  "summary_csf_k": 20.251379433840324,
  "summary_csf_mad": 110.25825285214798,
  "summary_csf_mean": 306.41141418298747,
  "summary_csf_median": 292.0391386151314,
  "summary_csf_n": 63044.0,
  "summary_csf_p05": 111.44227401316166,
  "summary_csf_p95": 524.429697394371,
  "summary_csf_stdv": 150.16590264237965,
  "summary_gm_k": 0.25312013576986514,
  "summary_gm_mad": 59.27095198658213,
  "summary_gm_mean": 716.1767390874406,
  "summary_gm_median": 716.977470934391,
  "summary_gm_n": 96556.0,
  "summary_gm_p05": 613.9025671482086,
  "summary_gm_p95": 815.466986477375,
  "summary_gm_stdv": 61.32754244140736,
  "summary_wm_k": 0.3558046140522695,
  "summary_wm_mad": 49.64477809767699,
  "summary_wm_mean": 1000.5661471751034,
  "summary_wm_median": 1000.0384964346886,
  "summary_wm_n": 391854.0,
  "summary_wm_p05": 917.2703120112419,
  "summary_wm_p95": 1085.6966314315796,
  "summary_wm_stdv": 51.44069802519167,
  "tpm_overlap_csf": 0.16802615976569238,
  "tpm_overlap_gm": 0.47018247585131673,
  "tpm_overlap_wm": 0.5073321259677447,
  "wm2max": 0.48466796145514307
}