{
  "bids_meta": {
    "AcquisitionNumber": 1,
    "AcquisitionTime": "10:45:3.115000",
    "BodyPartExamined": "BRAIN",
    "ConversionSoftware": "dcm2niix",
    "ConversionSoftwareVersion": "v1.0.20170724 (OpenJPEG build) GCC6.1.0",
    "DeviceSerialNumber": "45031",
    "EchoTime": 0.00308,
    "FlipAngle": 9,
    "ImageType": [
      "ORIGINAL",
      "PRIMARY",
      "M",
      "ND",
      "NORM"
    ],
    "InstitutionAddress": "Washington_and_Faculty_Rd._-_Building_25_25_Princeton_NJ_US_085",
    "InstitutionName": "Princeton_University_-_Neuroscience_Institute",
    "InversionTime": 0.9,
    "MagneticFieldStrength": 3,
    "Manufacturer": "Siemens",
    "ManufacturersModelName": "Skyra",
    "PhaseEncodingDirection": "i-",
    "PhaseEncodingLines": 224,
    "ProcedureStepDescription": "NormanLab_Jarrod",
    "ProtocolName": "long_mprage",
    "RepetitionTime": 2.3,
    "ScanningSequence": "GR_IR",
    "SequenceName": "_tfl3d1_16ns",
    "SequenceVariant": "SK_SP_MP",
    "SeriesDescription": "long_mprage",
    "SoftwareVersions": "syngo_MR_D11",
    "dataset": "ds001232",
    "modality": "T1w",
    "subject_id": "03"
  },
  "cjv": 0.42871644391558006,
  "cnr": 3.124307702420449,
  "efc": 0.7246785129570213,
  "fber": 1894.124613715479,
  "fwhm_avg": 3.5753767948398405,
  "fwhm_x": 3.597251839064976,
  "fwhm_y": 3.7159563636363635,
  "fwhm_z": 3.412922181818182,
  "icvs_csf": 0.1810698395499573,
  "icvs_gm": 0.4611240122908641,
  "icvs_wm": 0.3578061481591786,
  "inu_med": 0.7002100646495819,
  "inu_range": 0.3385704308748244,
  "provenance": {
    "md5sum": "5a17d320bab55f91d3b62e202039cc5b",
    "settings": {
      "testing": false
    },
    "software": "mriqc",
    "version": "22.0.6",
    "warnings": {
      "large_rot_frame": true,
      "small_air_mask": false
    },
    "webapi_port": null,
    "webapi_url": "https://mriqc.nimh.nih.gov/api/v1"
  },
  "qi_1": 1.484746489220095e-05,
  "qi_2": 0.0017371282231860644,
  "rpve_csf": 14.67655037648377,
  "rpve_gm": 6.157878206006548,
  "rpve_wm": 8.530596199107437,
  "size_x": 176,
  "size_y": 224,
  "size_z": 256,
  "snr_csf": 1.117155556146289,
  "snr_gm": 10.944092598097,
  "snr_total": 9.499464061805638,
  "snr_wm": 16.43714403117362,
  "snrd_csf": 9.257400004607629,
  "snrd_gm": 23.31724332248139,
  "snrd_total": 21.739764372156845,
  "snrd_wm": 32.644649789381525,
  "spacing_x": 0.9000009298324585,
  "spacing_y": 0.859375,
  "spacing_z": 0.859375,
  "summary_bg_k": 182.26928791500228,
  "summary_bg_mad": 0.0,
  "summary_bg_mean": 9.748917355888523,
  "summary_bg_median": 0.0,
  "summary_bg_n": 1352754.0,
  "summary_bg_p05": 0.0,
  "summary_bg_p95": 46.3620049059391,
  "summary_bg_stdv": 20.069504110717688,
  "summary_csf_k": 13.662731494469732,
  "summary_csf_mad": 122.6733934716831,
  "summary_csf_mean": 330.5554037642962,
  "summary_csf_median": 283.59197786450386,
  "summary_csf_n": 52905.0,
  "summary_csf_p05": 88.98073607683182,
  "summary_csf_p95": 629.4314785480494,
  "summary_csf_stdv": 253.84942686938868,
  "summary_gm_k": 0.0899431201065033,
  "summary_gm_mad": 64.45845132937166,
  "summary_gm_mean": 713.7652002527544,
  "summary_gm_median": 714.3024120032787,
  "summary_gm_n": 68919.0,
  "summary_gm_p05": 605.3185569047928,
  "summary_gm_p95": 820.3228420615196,
  "summary_gm_stdv": 65.26783498897044,
  "summary_wm_k": 0.6377874599859661,
  "summary_wm_mad": 58.04151133155977,
  "summary_wm_mean": 1002.4190562624784,
  "summary_wm_median": 1000.0389737784863,
  "summary_wm_n": 326165.0,
  "summary_wm_p05": 907.7438807487488,
  "summary_wm_p95": 1105.396532446146,
  "summary_wm_stdv": 60.840097212418186,
  "tpm_overlap_csf": 0.16033123343079825,
  "tpm_overlap_gm": 0.4694287882805871,
  "tpm_overlap_wm": 0.47912331436657574,
  "wm2max": 0.4748061483610179
}