{
  "bids_meta": {
    "AcquisitionNumber": 1,
    "AcquisitionTime": "19:03:59.087500",
    "BodyPartExamined": "BRAIN",
    "ConversionSoftware": "dcm2niix",
    "ConversionSoftwareVersion": "v1.0.20170724 (OpenJPEG build) GCC6.1.0",
    "DeviceSerialNumber": "45031",
    "EchoTime": 0.00308,
    "FlipAngle": 9,
    "ImageType": [
      "ORIGINAL",
      "PRIMARY",
      "M",
      "ND",
      "NORM"
    ],
    "InstitutionAddress": "Washington_and_Faculty_Rd._-_Building_25_25_Princeton_NJ_US_085",
    "InstitutionName": "Princeton_University_-_Neuroscience_Institute",
    "InversionTime": 0.9,
    "MagneticFieldStrength": 3,
    "Manufacturer": "Siemens",
    "ManufacturersModelName": "Skyra",
    "PhaseEncodingDirection": "i-",
    "PhaseEncodingLines": 224,
    "ProcedureStepDescription": "NormanLab_Jarrod",
    "ProtocolName": "long_mprage",
    "RepetitionTime": 2.3,
    "ScanningSequence": "GR_IR",
    "SequenceName": "_tfl3d1_16ns",
    "SequenceVariant": "SK_SP_MP",
    "SeriesDescription": "long_mprage",
    "SoftwareVersions": "syngo_MR_D11",
    "dataset": "ds001232",
    "modality": "T1w",
    "subject_id": "16"
  },
  "cjv": 0.35986765207592336,
  "cnr": 3.6791842146280924,
  "efc": 0.6739554893180776,
  "fber": 2318.5228135850693,
  "fwhm_avg": 3.7752700899934375,
  "fwhm_x": 3.8821331790712206,
  "fwhm_y": 3.8891403636363635,
  "fwhm_z": 3.554536727272727,
  "icvs_csf": 0.1692477641787644,
  "icvs_gm": 0.46273580905093875,
  "icvs_wm": 0.36801642677029683,
  "inu_med": 0.5765564739704132,
  "inu_range": 0.2766527369618416,
  "provenance": {
    "md5sum": "d69ff2326abad0785a9a3a6157ca0afc",
    "settings": {
      "testing": false
    },
    "software": "mriqc",
    "version": "22.0.6",
    "warnings": {
      "large_rot_frame": true,
      "small_air_mask": false
    },
    "webapi_port": null,
    "webapi_url": "https://mriqc.nimh.nih.gov/api/v1"
  },
  "qi_1": 0.0,
  "qi_2": 0.003946508429667285,
  "rpve_csf": 17.71520055001524,
  "rpve_gm": 7.141189183566742,
  "rpve_wm": 9.845950836233909,
  "size_x": 176,
  "size_y": 224,
  "size_z": 256,
  "snr_csf": 2.0009249988949405,
  "snr_gm": 11.140779669968015,
  "snr_total": 10.878703012047367,
  "snr_wm": 19.49440436727915,
  "snrd_csf": 16.509078097247105,
  "snrd_gm": 41.814498964455986,
  "snrd_total": 39.37865870465808,
  "snrd_wm": 59.812399052271154,
  "spacing_x": 0.9000000357627869,
  "spacing_y": 0.859375,
  "spacing_z": 0.859375,
  "summary_bg_k": 6.654533013901489,
  "summary_bg_mad": 0.0,
  "summary_bg_mean": 6.339859409264081,
  "summary_bg_median": 0.0,
  "summary_bg_n": 1314101.0,
  "summary_bg_p05": 0.0,
  "summary_bg_p95": 29.649084016680717,
  "summary_bg_stdv": 10.953187608515634,
  "summary_csf_k": 2.891536337726966,
  "summary_csf_mad": 129.108396955891,
  "summary_csf_mean": 284.76768706402123,
  "summary_csf_median": 276.014322578907,
  "summary_csf_n": 38763.0,
  "summary_csf_p05": 76.50148764252663,
  "summary_csf_p95": 525.3102151453495,
  "summary_csf_stdv": 137.94158323158803,
  "summary_gm_k": 0.34044868739167766,
  "summary_gm_mad": 59.47563391237287,
  "summary_gm_mean": 698.764563795205,
  "summary_gm_median": 699.0941915512085,
  "summary_gm_n": 82623.0,
  "summary_gm_p05": 594.5040979981422,
  "summary_gm_p95": 801.5909608155489,
  "summary_gm_stdv": 62.7505418490518,
  "summary_wm_k": 0.4817329247765554,
  "summary_wm_mad": 48.81064832467033,
  "summary_wm_mean": 1000.6500567545467,
  "summary_wm_median": 1000.0000429451466,
  "summary_wm_n": 331880.0,
  "summary_wm_p05": 917.9797912687063,
  "summary_wm_p95": 1085.5979761332273,
  "summary_wm_stdv": 51.29669609468958,
  "tpm_overlap_csf": 0.13633817896112965,
  "tpm_overlap_gm": 0.464057861245643,
  "tpm_overlap_wm": 0.497698501918273,
  "wm2max": 0.5456357859323406
}