{
  "aor": 0.0015357647058823528,
  "aqi": 0.007709751058823529,
  "bids_meta": {
    "AccelFactPE": 2,
    "AcquisitionNumber": 1,
    "AcquisitionTime": "17:31:18.485000",
    "BandwidthPerPixelPhaseEncode": 49.18,
    "BodyPartExamined": "BRAIN",
    "ConversionSoftware": "dcm2niix",
    "ConversionSoftwareVersion": "v1.0.20170724 (OpenJPEG build) GCC6.1.0",
    "DeviceSerialNumber": "45031",
    "EchoTime": 0.034,
    "EchoTrainLength": 29,
    "EffectiveEchoSpacing": 0.000344635,
    "FlipAngle": 71,
    "ImageType": [
      "ORIGINAL",
      "PRIMARY",
      "M",
      "ND",
      "NORM",
      "MOSAIC"
    ],
    "InstitutionAddress": "Washington_and_Faculty_Rd._-_Building_25_25_Princeton_NJ_US_085",
    "InstitutionName": "Princeton_University_-_Neuroscience_Institute",
    "MagneticFieldStrength": 3,
    "Manufacturer": "Siemens",
    "ManufacturersModelName": "Skyra",
    "PhaseEncodingDirection": "j-",
    "PhaseEncodingLines": 59,
    "ProcedureStepDescription": "NormanLab_Jarrod",
    "ProtocolName": "epi_3x3x3_2s_phase1",
    "RepetitionTime": 2,
    "ScanningSequence": "EP",
    "SequenceName": "_epfid2d1_59",
    "SequenceVariant": "SK_OSP",
    "SeriesDescription": "epi_3x3x3_2s_phase1",
    "SliceTiming": [
      0.99,
      0,
      1.0475,
      0.0575,
      1.105,
      0.115,
      1.1625,
      0.175,
      1.2225,
      0.2325,
      1.28,
      0.29,
      1.3375,
      0.3475,
      1.3975,
      0.4075,
      1.455,
      0.465,
      1.5125,
      0.5225,
      1.57,
      0.5825,
      1.63,
      0.64,
      1.6875,
      0.6975,
      1.745,
      0.755,
      1.805,
      0.815,
      1.8625,
      0.8725,
      1.92,
      0.93
    ],
    "SoftwareVersions": "syngo_MR_D11",
    "TaskName": "Phase 1",
    "TotalReadoutTime": 0.0196442,
    "TrueEchoSpacing": 0.00068927,
    "dataset": "ds001232",
    "modality": "bold",
    "run_id": 2,
    "subject_id": "09",
    "task_id": "phase1"
  },
  "dummy_trs": 0,
  "dvars_nstd": 24.00172527053253,
  "dvars_std": 1.0797991770414204,
  "dvars_vstd": 1.0254908056804741,
  "efc": 0.5882920441548583,
  "fber": 1566.4033203125,
  "fd_mean": 0.14523593435640011,
  "fd_num": 23,
  "fd_perc": 13.529411764705882,
  "fwhm_avg": 1.716421469935038,
  "fwhm_x": 1.5494038624731972,
  "fwhm_y": 1.9136464099490262,
  "fwhm_z": 1.6862141373828905,
  "gcor": 0.00638453,
  "gsr_x": -0.003590452717617154,
  "gsr_y": 0.02289755456149578,
  "provenance": {
    "md5sum": "c7d57641c5e1d85b09a658359a18b5ab",
    "settings": {
      "fd_thres": 0.2,
      "testing": false
    },
    "software": "mriqc",
    "version": "22.0.6",
    "webapi_port": null,
    "webapi_url": "https://mriqc.nimh.nih.gov/api/v1"
  },
  "size_t": 170,
  "size_x": 66,
  "size_y": 66,
  "size_z": 34,
  "snr": 6.735627039266658,
  "spacing_tr": 2.0,
  "spacing_x": 2.9696969985961914,
  "spacing_y": 2.9696969985961914,
  "spacing_z": 2.9999985694885254,
  "summary_bg_k": 24.332417720278414,
  "summary_bg_mad": 8.023493527254047,
  "summary_bg_mean": 33.35471725463867,
  "summary_bg_median": 17.41176414489746,
  "summary_bg_n": 76048.0,
  "summary_bg_p05": 9.025588798522952,
  "summary_bg_p95": 113.84853172302229,
  "summary_bg_stdv": 55.479209899902344,
  "summary_fg_k": 3.1343012862442974,
  "summary_fg_mad": 92.41840383068785,
  "summary_fg_mean": 708.8656616210938,
  "summary_fg_median": 700.4176635742188,
  "summary_fg_n": 38865.0,
  "summary_fg_p05": 568.2400024414062,
  "summary_fg_p95": 879.7176635742185,
  "summary_fg_stdv": 103.98566436767578,
  "tsnr": 61.892965614795685
}