{
  "aor": 0.0014335046728971962,
  "aqi": 0.012927106962616824,
  "bids_meta": {
    "AccelFactPE": 2,
    "AcquisitionNumber": 1,
    "AcquisitionTime": "18:15:48.645000",
    "BandwidthPerPixelPhaseEncode": 49.18,
    "BodyPartExamined": "BRAIN",
    "ConversionSoftware": "dcm2niix",
    "ConversionSoftwareVersion": "v1.0.20170724 (OpenJPEG build) GCC6.1.0",
    "DeviceSerialNumber": "45031",
    "EchoTime": 0.034,
    "EchoTrainLength": 29,
    "EffectiveEchoSpacing": 0.000344635,
    "FlipAngle": 71,
    "ImageType": [
      "ORIGINAL",
      "PRIMARY",
      "M",
      "ND",
      "NORM",
      "MOSAIC"
    ],
    "InstitutionAddress": "Washington_and_Faculty_Rd._-_Building_25_25_Princeton_NJ_US_085",
    "InstitutionName": "Princeton_University_-_Neuroscience_Institute",
    "MagneticFieldStrength": 3,
    "Manufacturer": "Siemens",
    "ManufacturersModelName": "Skyra",
    "PhaseEncodingDirection": "j-",
    "PhaseEncodingLines": 59,
    "ProcedureStepDescription": "NormanLab_Jarrod",
    "ProtocolName": "epi_3x3x3_2s_phase2_(214_TRs)",
    "RepetitionTime": 2,
    "ScanningSequence": "EP",
    "SequenceName": "_epfid2d1_59",
    "SequenceVariant": "SK_OSP",
    "SeriesDescription": "epi_3x3x3_2s_phase2_(214_TRs)",
    "SliceTiming": [
      0.99,
      0,
      1.0475,
      0.0575,
      1.105,
      0.115,
      1.165,
      0.175,
      1.2225,
      0.2325,
      1.28,
      0.29,
      1.3375,
      0.35,
      1.3975,
      0.4075,
      1.455,
      0.465,
      1.5125,
      0.5225,
      1.5725,
      0.5825,
      1.63,
      0.64,
      1.6875,
      0.6975,
      1.745,
      0.7575,
      1.805,
      0.815,
      1.8625,
      0.8725,
      1.92,
      0.93
    ],
    "SoftwareVersions": "syngo_MR_D11",
    "TaskName": "Phase 2",
    "TotalReadoutTime": 0.0196442,
    "TrueEchoSpacing": 0.00068927,
    "dataset": "ds001232",
    "modality": "bold",
    "run_id": 4,
    "subject_id": "09",
    "task_id": "phase2"
  },
  "dummy_trs": 0,
  "dvars_nstd": 30.292798789953043,
  "dvars_std": 1.1004473922065727,
  "dvars_vstd": 1.0190817292018777,
  "efc": 0.5857726352754588,
  "fber": 1608.7681884765625,
  "fd_mean": 0.4018134558789665,
  "fd_num": 158,
  "fd_perc": 73.83177570093459,
  "fwhm_avg": 1.755256137120209,
  "fwhm_x": 1.5750462091624375,
  "fwhm_y": 1.9570380421798275,
  "fwhm_z": 1.7336841600183615,
  "gcor": 0.024948,
  "gsr_x": -0.00010761852172436193,
  "gsr_y": 0.028126521036028862,
  "provenance": {
    "md5sum": "aad003ff4cead94ee2c62eda871a4be2",
    "settings": {
      "fd_thres": 0.2,
      "testing": false
    },
    "software": "mriqc",
    "version": "22.0.6",
    "webapi_port": null,
    "webapi_url": "https://mriqc.nimh.nih.gov/api/v1"
  },
  "size_t": 214,
  "size_x": 66,
  "size_y": 66,
  "size_z": 34,
  "snr": 6.672359345413002,
  "spacing_tr": 2.0,
  "spacing_x": 2.9696969985961914,
  "spacing_y": 2.9696969985961914,
  "spacing_z": 2.9999985694885254,
  "summary_bg_k": 26.771307314475543,
  "summary_bg_mad": 7.918758842563968,
  "summary_bg_mean": 32.71072769165039,
  "summary_bg_median": 17.11214828491211,
  "summary_bg_n": 75954.0,
  "summary_bg_p05": 8.799065589904785,
  "summary_bg_p95": 107.06565055847156,
  "summary_bg_stdv": 56.32411193847656,
  "summary_fg_k": 2.6052164414466494,
  "summary_fg_mad": 94.08981522454208,
  "summary_fg_mean": 707.640869140625,
  "summary_fg_median": 697.0957641601562,
  "summary_fg_n": 38844.0,
  "summary_fg_p05": 566.725,
  "summary_fg_p95": 884.0665618896484,
  "summary_fg_stdv": 104.47380828857422,
  "tsnr": 50.856183432391845
}