{
  "aor": 0.0008497647058823529,
  "aqi": 0.008364462647058825,
  "bids_meta": {
    "AccelFactPE": 2,
    "AcquisitionNumber": 1,
    "AcquisitionTime": "17:43:51.157500",
    "BandwidthPerPixelPhaseEncode": 49.18,
    "BodyPartExamined": "BRAIN",
    "ConversionSoftware": "dcm2niix",
    "ConversionSoftwareVersion": "v1.0.20170724 (OpenJPEG build) GCC6.1.0",
    "DeviceSerialNumber": "45031",
    "EchoTime": 0.034,
    "EchoTrainLength": 29,
    "EffectiveEchoSpacing": 0.000344635,
    "FlipAngle": 71,
    "ImageType": [
      "ORIGINAL",
      "PRIMARY",
      "M",
      "ND",
      "NORM",
      "MOSAIC"
    ],
    "InstitutionAddress": "Washington_and_Faculty_Rd._-_Building_25_25_Princeton_NJ_US_085",
    "InstitutionName": "Princeton_University_-_Neuroscience_Institute",
    "MagneticFieldStrength": 3,
    "Manufacturer": "Siemens",
    "ManufacturersModelName": "Skyra",
    "PhaseEncodingDirection": "j-",
    "PhaseEncodingLines": 59,
    "ProcedureStepDescription": "NormanLab_Jarrod",
    "ProtocolName": "epi_3x3x3_2s_phase1",
    "RepetitionTime": 2,
    "ScanningSequence": "EP",
    "SequenceName": "_epfid2d1_59",
    "SequenceVariant": "SK_OSP",
    "SeriesDescription": "epi_3x3x3_2s_phase1",
    "SliceTiming": [
      0.99,
      0,
      1.0475,
      0.0575,
      1.105,
      0.115,
      1.1625,
      0.175,
      1.2225,
      0.2325,
      1.28,
      0.29,
      1.3375,
      0.3475,
      1.3975,
      0.4075,
      1.455,
      0.465,
      1.5125,
      0.5225,
      1.57,
      0.5825,
      1.63,
      0.64,
      1.6875,
      0.6975,
      1.745,
      0.755,
      1.805,
      0.815,
      1.8625,
      0.8725,
      1.92,
      0.93
    ],
    "SoftwareVersions": "syngo_MR_D11",
    "TaskName": "Phase 1",
    "TotalReadoutTime": 0.0196442,
    "TrueEchoSpacing": 0.00068927,
    "dataset": "ds001232",
    "modality": "bold",
    "run_id": 4,
    "subject_id": "09",
    "task_id": "phase1"
  },
  "dummy_trs": 0,
  "dvars_nstd": 26.723757320828398,
  "dvars_std": 1.089653560177514,
  "dvars_vstd": 1.0193103949112432,
  "efc": 0.5881901637399559,
  "fber": 1610.24755859375,
  "fd_mean": 0.2389434264126181,
  "fd_num": 92,
  "fd_perc": 54.11764705882353,
  "fwhm_avg": 1.7201425915352362,
  "fwhm_x": 1.5559028420017902,
  "fwhm_y": 1.9233207976099833,
  "fwhm_z": 1.6812041349939355,
  "gcor": 0.0153787,
  "gsr_x": -0.003435723949223757,
  "gsr_y": 0.024225175380706787,
  "provenance": {
    "md5sum": "1f81acca0683a355255ec2e26ebb30a6",
    "settings": {
      "fd_thres": 0.2,
      "testing": false
    },
    "software": "mriqc",
    "version": "22.0.6",
    "webapi_port": null,
    "webapi_url": "https://mriqc.nimh.nih.gov/api/v1"
  },
  "size_t": 170,
  "size_x": 66,
  "size_y": 66,
  "size_z": 34,
  "snr": 6.6964185137619285,
  "spacing_tr": 2.0,
  "spacing_x": 2.9696969985961914,
  "spacing_y": 2.9696969985961914,
  "spacing_z": 2.9999985694885254,
  "summary_bg_k": 25.232936332919962,
  "summary_bg_mad": 7.857790626943965,
  "summary_bg_mean": 32.94973373413086,
  "summary_bg_median": 17.21176528930664,
  "summary_bg_n": 75827.0,
  "summary_bg_p05": 8.94705867767334,
  "summary_bg_p95": 111.10706253051748,
  "summary_bg_stdv": 55.33810043334961,
  "summary_fg_k": 3.097644561760256,
  "summary_fg_mad": 92.92863653387656,
  "summary_fg_mean": 709.98388671875,
  "summary_fg_median": 700.9735107421875,
  "summary_fg_n": 39066.0,
  "summary_fg_p05": 568.2073516845703,
  "summary_fg_p95": 882.1220703125,
  "summary_fg_stdv": 104.67752838134766,
  "tsnr": 60.195099842734635
}