{
  "bids_meta": {
    "AcquisitionNumber": 1,
    "AcquisitionTime": "11:10:41.070000",
    "BodyPartExamined": "BRAIN",
    "ConversionSoftware": "dcm2niix",
    "ConversionSoftwareVersion": "v1.0.20170724 (OpenJPEG build) GCC6.1.0",
    "DeviceSerialNumber": "45031",
    "EchoTime": 0.00308,
    "FlipAngle": 9,
    "ImageType": [
      "ORIGINAL",
      "PRIMARY",
      "M",
      "ND",
      "NORM"
    ],
    "InstitutionAddress": "Washington_and_Faculty_Rd._-_Building_25_25_Princeton_NJ_US_085",
    "InstitutionName": "Princeton_University_-_Neuroscience_Institute",
    "InversionTime": 0.9,
    "MagneticFieldStrength": 3,
    "Manufacturer": "Siemens",
    "ManufacturersModelName": "Skyra",
    "PhaseEncodingDirection": "i-",
    "PhaseEncodingLines": 224,
    "ProcedureStepDescription": "NormanLab_Jarrod",
    "ProtocolName": "long_mprage",
    "RepetitionTime": 2.3,
    "ScanningSequence": "GR_IR",
    "SequenceName": "_tfl3d1_16ns",
    "SequenceVariant": "SK_SP_MP",
    "SeriesDescription": "long_mprage",
    "SoftwareVersions": "syngo_MR_D11",
    "dataset": "ds001232",
    "modality": "T1w",
    "subject_id": "12"
  },
  "cjv": 0.36619482667675096,
  "cnr": 3.6478226188137977,
  "efc": 0.6223485515496782,
  "fber": 3166.368247782854,
  "fwhm_avg": 3.8602782665018456,
  "fwhm_x": 3.894027526778264,
  "fwhm_y": 4.023284363636364,
  "fwhm_z": 3.663522909090909,
  "icvs_csf": 0.17578484762513388,
  "icvs_gm": 0.43840973498939534,
  "icvs_wm": 0.3858054173854708,
  "inu_med": 0.5374024212360382,
  "inu_range": 0.22951706498861307,
  "provenance": {
    "md5sum": "61588ca8874a82aa81f97e0db391987a",
    "settings": {
      "testing": false
    },
    "software": "mriqc",
    "version": "22.0.6",
    "warnings": {
      "large_rot_frame": true,
      "small_air_mask": false
    },
    "webapi_port": null,
    "webapi_url": "https://mriqc.nimh.nih.gov/api/v1"
  },
  "qi_1": 0.0,
  "qi_2": 0.004591162890151843,
  "rpve_csf": 18.439458453144585,
  "rpve_gm": 7.86873444395849,
  "rpve_wm": 9.987728882751997,
  "size_x": 176,
  "size_y": 224,
  "size_z": 256,
  "snr_csf": 1.9131788770624223,
  "snr_gm": 10.41437995364174,
  "snr_total": 10.636171880836727,
  "snr_wm": 19.58095681180602,
  "snrd_csf": 12.852630852576171,
  "snrd_gm": 35.98199620719131,
  "snrd_total": 33.63284079091497,
  "snrd_wm": 52.06389531297742,
  "spacing_x": 0.9000039100646973,
  "spacing_y": 0.859375,
  "spacing_z": 0.859375,
  "summary_bg_k": 12.713555796349672,
  "summary_bg_mad": 0.0,
  "summary_bg_mean": 8.348064582100722,
  "summary_bg_median": 0.0,
  "summary_bg_n": 2074304.0,
  "summary_bg_p05": 0.0,
  "summary_bg_p95": 33.66112008318305,
  "summary_bg_stdv": 12.583747965201205,
  "summary_csf_k": 0.8179592638289095,
  "summary_csf_mad": 119.89686689223235,
  "summary_csf_mean": 262.21617754501824,
  "summary_csf_median": 246.87113605439663,
  "summary_csf_n": 47212.0,
  "summary_csf_p05": 77.46527430787683,
  "summary_csf_p95": 501.9942320883274,
  "summary_csf_stdv": 129.0357762698945,
  "summary_gm_k": 0.20714203554299315,
  "summary_gm_mad": 63.87362849318331,
  "summary_gm_mean": 692.7817000314426,
  "summary_gm_median": 691.1360314525664,
  "summary_gm_n": 68571.0,
  "summary_gm_p05": 585.5625184644014,
  "summary_gm_p95": 804.7552054207772,
  "summary_gm_stdv": 66.36314355205135,
  "summary_wm_k": 0.32680036573549875,
  "summary_wm_mad": 49.243356045024,
  "summary_wm_mean": 1000.9244585943258,
  "summary_wm_median": 1000.0344000197947,
  "summary_wm_n": 348301.0,
  "summary_wm_p05": 918.8901268877089,
  "summary_wm_p95": 1086.0954659730196,
  "summary_wm_stdv": 51.071710848495336,
  "tpm_overlap_csf": 0.14335517870581077,
  "tpm_overlap_gm": 0.4581602548081492,
  "tpm_overlap_wm": 0.5081555524249395,
  "wm2max": 0.5339467059503976
}