{
  "aor": 0.0007924117647058823,
  "aqi": 0.0072052572941176465,
  "bids_meta": {
    "AccelFactPE": 2,
    "AcquisitionNumber": 1,
    "AcquisitionTime": "11:33:44.285000",
    "BandwidthPerPixelPhaseEncode": 49.18,
    "BodyPartExamined": "BRAIN",
    "ConversionSoftware": "dcm2niix",
    "ConversionSoftwareVersion": "v1.0.20170724 (OpenJPEG build) GCC6.1.0",
    "DeviceSerialNumber": "45031",
    "EchoTime": 0.034,
    "EchoTrainLength": 29,
    "EffectiveEchoSpacing": 0.000344635,
    "FlipAngle": 71,
    "ImageType": [
      "ORIGINAL",
      "PRIMARY",
      "M",
      "ND",
      "NORM",
      "MOSAIC"
    ],
    "InstitutionAddress": "Washington_and_Faculty_Rd._-_Building_25_25_Princeton_NJ_US_085",
    "InstitutionName": "Princeton_University_-_Neuroscience_Institute",
    "MagneticFieldStrength": 3,
    "Manufacturer": "Siemens",
    "ManufacturersModelName": "Skyra",
    "PhaseEncodingDirection": "j-",
    "PhaseEncodingLines": 59,
    "ProcedureStepDescription": "NormanLab_Jarrod",
    "ProtocolName": "epi_3x3x3_2s_phase1",
    "RepetitionTime": 2,
    "ScanningSequence": "EP",
    "SequenceName": "_epfid2d1_59",
    "SequenceVariant": "SK_OSP",
    "SeriesDescription": "epi_3x3x3_2s_phase1",
    "SliceTiming": [
      0.99,
      0,
      1.0475,
      0.0575,
      1.105,
      0.115,
      1.1625,
      0.1725,
      1.2225,
      0.2325,
      1.28,
      0.29,
      1.3375,
      0.3475,
      1.3975,
      0.4075,
      1.455,
      0.465,
      1.5125,
      0.5225,
      1.57,
      0.5825,
      1.63,
      0.64,
      1.6875,
      0.6975,
      1.745,
      0.755,
      1.805,
      0.815,
      1.8625,
      0.8725,
      1.92,
      0.93
    ],
    "SoftwareVersions": "syngo_MR_D11",
    "TaskName": "Phase 1",
    "TotalReadoutTime": 0.0196442,
    "TrueEchoSpacing": 0.00068927,
    "dataset": "ds001232",
    "modality": "bold",
    "run_id": 1,
    "subject_id": "13",
    "task_id": "phase1"
  },
  "dummy_trs": 0,
  "dvars_nstd": 28.83138655491125,
  "dvars_std": 1.1428529257396451,
  "dvars_vstd": 1.0154003121893496,
  "efc": 0.6182717416429998,
  "fber": 1051.30322265625,
  "fd_mean": 0.167103464838155,
  "fd_num": 37,
  "fd_perc": 21.764705882352942,
  "fwhm_avg": 1.811371578274116,
  "fwhm_x": 1.6324763106443803,
  "fwhm_y": 2.0672277349850816,
  "fwhm_z": 1.7344106891928868,
  "gcor": 0.0339258,
  "gsr_x": 0.003927103243768215,
  "gsr_y": 0.04774580895900726,
  "provenance": {
    "md5sum": "c39b1b62bcbc58000014b63b9cdbcdc7",
    "settings": {
      "fd_thres": 0.2,
      "testing": false
    },
    "software": "mriqc",
    "version": "22.0.6",
    "webapi_port": null,
    "webapi_url": "https://mriqc.nimh.nih.gov/api/v1"
  },
  "size_t": 170,
  "size_x": 66,
  "size_y": 66,
  "size_z": 34,
  "snr": 5.688268173722033,
  "spacing_tr": 2.0,
  "spacing_x": 2.9696969985961914,
  "spacing_y": 2.9696969985961914,
  "spacing_z": 2.9999988079071045,
  "summary_bg_k": 15.903379555225687,
  "summary_bg_mad": 14.276587145450792,
  "summary_bg_mean": 48.22653579711914,
  "summary_bg_median": 22.458824157714844,
  "summary_bg_n": 72175.0,
  "summary_bg_p05": 10.029412269592285,
  "summary_bg_p95": 202.23471221923833,
  "summary_bg_stdv": 72.39167785644531,
  "summary_fg_k": 2.622290369834971,
  "summary_fg_mad": 120.09077969895375,
  "summary_fg_mean": 764.1660766601562,
  "summary_fg_median": 751.7647094726562,
  "summary_fg_n": 41848.0,
  "summary_fg_p05": 586.3235473632812,
  "summary_fg_p95": 987.7741241455078,
  "summary_fg_stdv": 132.1589813232422,
  "tsnr": 53.846125259413384
}