{
  "aor": 0.0022448598130841123,
  "aqi": 0.007552517009345794,
  "bids_meta": {
    "AccelFactPE": 2,
    "AcquisitionNumber": 1,
    "AcquisitionTime": "12:45:39.267500",
    "BandwidthPerPixelPhaseEncode": 49.18,
    "BodyPartExamined": "BRAIN",
    "ConversionSoftware": "dcm2niix",
    "ConversionSoftwareVersion": "v1.0.20170724 (OpenJPEG build) GCC6.1.0",
    "DeviceSerialNumber": "45031",
    "EchoTime": 0.034,
    "EchoTrainLength": 29,
    "EffectiveEchoSpacing": 0.000344635,
    "FlipAngle": 71,
    "ImageType": [
      "ORIGINAL",
      "PRIMARY",
      "M",
      "ND",
      "NORM",
      "MOSAIC"
    ],
    "InstitutionAddress": "Washington_and_Faculty_Rd._-_Building_25_25_Princeton_NJ_US_085",
    "InstitutionName": "Princeton_University_-_Neuroscience_Institute",
    "MagneticFieldStrength": 3,
    "Manufacturer": "Siemens",
    "ManufacturersModelName": "Skyra",
    "PhaseEncodingDirection": "j-",
    "PhaseEncodingLines": 59,
    "ProcedureStepDescription": "NormanLab_Jarrod",
    "ProtocolName": "epi_3x3x3_2s_phase2_(214_TRs)",
    "RepetitionTime": 2,
    "ScanningSequence": "EP",
    "SequenceName": "_epfid2d1_59",
    "SequenceVariant": "SK_OSP",
    "SeriesDescription": "epi_3x3x3_2s_phase2_(214_TRs)",
    "SliceTiming": [
      0.9875,
      0,
      1.0475,
      0.0575,
      1.105,
      0.115,
      1.1625,
      0.1725,
      1.2225,
      0.2325,
      1.28,
      0.29,
      1.3375,
      0.3475,
      1.395,
      0.4075,
      1.455,
      0.465,
      1.5125,
      0.5225,
      1.57,
      0.58,
      1.63,
      0.64,
      1.6875,
      0.6975,
      1.745,
      0.755,
      1.8025,
      0.815,
      1.8625,
      0.8725,
      1.92,
      0.93
    ],
    "SoftwareVersions": "syngo_MR_D11",
    "TaskName": "Phase 2",
    "TotalReadoutTime": 0.0196442,
    "TrueEchoSpacing": 0.00068927,
    "dataset": "ds001232",
    "modality": "bold",
    "run_id": 6,
    "subject_id": "13",
    "task_id": "phase2"
  },
  "dummy_trs": 0,
  "dvars_nstd": 25.33845536140844,
  "dvars_std": 1.123407358075117,
  "dvars_vstd": 1.0413639941314548,
  "efc": 0.6197194346306992,
  "fber": 1077.568115234375,
  "fd_mean": 0.11930495752481039,
  "fd_num": 19,
  "fd_perc": 8.878504672897197,
  "fwhm_avg": 1.771941812565031,
  "fwhm_x": 1.5861584539522595,
  "fwhm_y": 2.028159776181593,
  "fwhm_z": 1.701507207561241,
  "gcor": 0.0128834,
  "gsr_x": -0.0002178690192522481,
  "gsr_y": 0.05662168562412262,
  "provenance": {
    "md5sum": "e18dbe8a8f9b8384c50dda6b54ffe257",
    "settings": {
      "fd_thres": 0.2,
      "testing": false
    },
    "software": "mriqc",
    "version": "22.0.6",
    "webapi_port": null,
    "webapi_url": "https://mriqc.nimh.nih.gov/api/v1"
  },
  "size_t": 214,
  "size_x": 66,
  "size_y": 66,
  "size_z": 34,
  "snr": 5.806033610446175,
  "spacing_tr": 2.0,
  "spacing_x": 2.9696969985961914,
  "spacing_y": 2.9696969985961914,
  "spacing_z": 2.9999990463256836,
  "summary_bg_k": 22.499333709856703,
  "summary_bg_mad": 15.283272490848793,
  "summary_bg_mean": 51.31343460083008,
  "summary_bg_median": 22.72429847717285,
  "summary_bg_n": 72288.0,
  "summary_bg_p05": 9.598130226135254,
  "summary_bg_p95": 207.73200302124022,
  "summary_bg_stdv": 77.0572280883789,
  "summary_fg_k": 2.669951341402294,
  "summary_fg_mad": 119.20396928993551,
  "summary_fg_mean": 784.9022216796875,
  "summary_fg_median": 771.2990112304688,
  "summary_fg_n": 41798.0,
  "summary_fg_p05": 607.7263702392578,
  "summary_fg_p95": 1011.0501983642579,
  "summary_fg_stdv": 132.84280395507812,
  "tsnr": 58.27090402459726
}