{
  "aor": 0.0010127102803738316,
  "aqi": 0.006975467850467289,
  "bids_meta": {
    "AccelFactPE": 2,
    "AcquisitionNumber": 1,
    "AcquisitionTime": "12:30:29.797500",
    "BandwidthPerPixelPhaseEncode": 49.18,
    "BodyPartExamined": "BRAIN",
    "ConversionSoftware": "dcm2niix",
    "ConversionSoftwareVersion": "v1.0.20170724 (OpenJPEG build) GCC6.1.0",
    "DeviceSerialNumber": "45031",
    "EchoTime": 0.034,
    "EchoTrainLength": 29,
    "EffectiveEchoSpacing": 0.000344635,
    "FlipAngle": 71,
    "ImageType": [
      "ORIGINAL",
      "PRIMARY",
      "M",
      "ND",
      "NORM",
      "MOSAIC"
    ],
    "InstitutionAddress": "Washington_and_Faculty_Rd._-_Building_25_25_Princeton_NJ_US_085",
    "InstitutionName": "Princeton_University_-_Neuroscience_Institute",
    "MagneticFieldStrength": 3,
    "Manufacturer": "Siemens",
    "ManufacturersModelName": "Skyra",
    "PhaseEncodingDirection": "j-",
    "PhaseEncodingLines": 59,
    "ProcedureStepDescription": "NormanLab_Jarrod",
    "ProtocolName": "epi_3x3x3_2s_phase2_(214_TRs)",
    "RepetitionTime": 2,
    "ScanningSequence": "EP",
    "SequenceName": "_epfid2d1_59",
    "SequenceVariant": "SK_OSP",
    "SeriesDescription": "epi_3x3x3_2s_phase2_(214_TRs)",
    "SliceTiming": [
      0.99,
      0,
      1.0475,
      0.0575,
      1.1075,
      0.1175,
      1.165,
      0.175,
      1.2225,
      0.2325,
      1.28,
      0.2925,
      1.34,
      0.35,
      1.3975,
      0.4075,
      1.455,
      0.465,
      1.515,
      0.525,
      1.5725,
      0.5825,
      1.63,
      0.64,
      1.6875,
      0.7,
      1.7475,
      0.7575,
      1.805,
      0.815,
      1.8625,
      0.8725,
      1.9225,
      0.9325
    ],
    "SoftwareVersions": "syngo_MR_D11",
    "TaskName": "Phase 2",
    "TotalReadoutTime": 0.0196442,
    "TrueEchoSpacing": 0.00068927,
    "dataset": "ds001232",
    "modality": "bold",
    "run_id": 4,
    "subject_id": "13",
    "task_id": "phase2"
  },
  "dummy_trs": 0,
  "dvars_nstd": 24.785155811267607,
  "dvars_std": 1.1021796055399056,
  "dvars_vstd": 1.0198708971361503,
  "efc": 0.6205757203354484,
  "fber": 1057.616943359375,
  "fd_mean": 0.10270650128377563,
  "fd_num": 6,
  "fd_perc": 2.803738317757009,
  "fwhm_avg": 1.7787036049945473,
  "fwhm_x": 1.5962099844666893,
  "fwhm_y": 2.028210286385183,
  "fwhm_z": 1.7116905441317698,
  "gcor": 0.0116342,
  "gsr_x": -0.0004829911922570318,
  "gsr_y": 0.05600695312023163,
  "provenance": {
    "md5sum": "4d5512c1b545de165c6ee1fbe77146ac",
    "settings": {
      "fd_thres": 0.2,
      "testing": false
    },
    "software": "mriqc",
    "version": "22.0.6",
    "webapi_port": null,
    "webapi_url": "https://mriqc.nimh.nih.gov/api/v1"
  },
  "size_t": 214,
  "size_x": 66,
  "size_y": 66,
  "size_z": 34,
  "snr": 5.7783628942227,
  "spacing_tr": 2.0,
  "spacing_x": 2.9696969985961914,
  "spacing_y": 2.9696969985961914,
  "spacing_z": 2.9999990463256836,
  "summary_bg_k": 22.42585300512149,
  "summary_bg_mad": 15.401050584376872,
  "summary_bg_mean": 51.24777603149414,
  "summary_bg_median": 22.920560836791992,
  "summary_bg_n": 72128.0,
  "summary_bg_p05": 9.668224334716797,
  "summary_bg_p95": 207.30677108764647,
  "summary_bg_stdv": 76.62618255615234,
  "summary_fg_k": 2.6502997235412753,
  "summary_fg_mad": 120.40252070498109,
  "summary_fg_mean": 784.314453125,
  "summary_fg_median": 771.2196044921875,
  "summary_fg_n": 41971.0,
  "summary_fg_p05": 605.6939086914062,
  "summary_fg_p95": 1011.6144409179688,
  "summary_fg_stdv": 133.4652099609375,
  "tsnr": 59.77501876302995
}