{
  "aor": 0.0009561764705882353,
  "aqi": 0.006554407470588235,
  "bids_meta": {
    "AccelFactPE": 2,
    "AcquisitionNumber": 1,
    "AcquisitionTime": "11:45:56.665000",
    "BandwidthPerPixelPhaseEncode": 49.18,
    "BodyPartExamined": "BRAIN",
    "ConversionSoftware": "dcm2niix",
    "ConversionSoftwareVersion": "v1.0.20170724 (OpenJPEG build) GCC6.1.0",
    "DeviceSerialNumber": "45031",
    "EchoTime": 0.034,
    "EchoTrainLength": 29,
    "EffectiveEchoSpacing": 0.000344635,
    "FlipAngle": 71,
    "ImageType": [
      "ORIGINAL",
      "PRIMARY",
      "M",
      "ND",
      "NORM",
      "MOSAIC"
    ],
    "InstitutionAddress": "Washington_and_Faculty_Rd._-_Building_25_25_Princeton_NJ_US_085",
    "InstitutionName": "Princeton_University_-_Neuroscience_Institute",
    "MagneticFieldStrength": 3,
    "Manufacturer": "Siemens",
    "ManufacturersModelName": "Skyra",
    "PhaseEncodingDirection": "j-",
    "PhaseEncodingLines": 59,
    "ProcedureStepDescription": "NormanLab_Jarrod",
    "ProtocolName": "epi_3x3x3_2s_phase1",
    "RepetitionTime": 2,
    "ScanningSequence": "EP",
    "SequenceName": "_epfid2d1_59",
    "SequenceVariant": "SK_OSP",
    "SeriesDescription": "epi_3x3x3_2s_phase1",
    "SliceTiming": [
      0.99,
      0,
      1.0475,
      0.0575,
      1.105,
      0.115,
      1.165,
      0.175,
      1.2225,
      0.2325,
      1.28,
      0.29,
      1.3375,
      0.35,
      1.3975,
      0.4075,
      1.455,
      0.465,
      1.5125,
      0.5225,
      1.5725,
      0.5825,
      1.63,
      0.64,
      1.6875,
      0.6975,
      1.745,
      0.7575,
      1.805,
      0.815,
      1.8625,
      0.8725,
      1.92,
      0.93
    ],
    "SoftwareVersions": "syngo_MR_D11",
    "TaskName": "Phase 1",
    "TotalReadoutTime": 0.0196442,
    "TrueEchoSpacing": 0.00068927,
    "dataset": "ds001232",
    "modality": "bold",
    "run_id": 3,
    "subject_id": "13",
    "task_id": "phase1"
  },
  "dummy_trs": 0,
  "dvars_nstd": 26.682231012011854,
  "dvars_std": 1.1188969476923074,
  "dvars_vstd": 1.0206230572781063,
  "efc": 0.6177733162240686,
  "fber": 1103.9566650390625,
  "fd_mean": 0.13173630514106288,
  "fd_num": 16,
  "fd_perc": 9.411764705882353,
  "fwhm_avg": 1.794737948663452,
  "fwhm_x": 1.6135181475635632,
  "fwhm_y": 2.048478347412437,
  "fwhm_z": 1.7222173510143561,
  "gcor": 0.00946217,
  "gsr_x": 0.00499006686732173,
  "gsr_y": 0.046916767954826355,
  "provenance": {
    "md5sum": "a826643d48d558ed2f0d5c115c58d930",
    "settings": {
      "fd_thres": 0.2,
      "testing": false
    },
    "software": "mriqc",
    "version": "22.0.6",
    "webapi_port": null,
    "webapi_url": "https://mriqc.nimh.nih.gov/api/v1"
  },
  "size_t": 170,
  "size_x": 66,
  "size_y": 66,
  "size_z": 34,
  "snr": 5.728860225590533,
  "spacing_tr": 2.0,
  "spacing_x": 2.9696969985961914,
  "spacing_y": 2.9696969985961914,
  "spacing_z": 2.9999988079071045,
  "summary_bg_k": 15.981987585749145,
  "summary_bg_mad": 13.849248310006839,
  "summary_bg_mean": 48.388797760009766,
  "summary_bg_median": 21.905881881713867,
  "summary_bg_n": 72233.0,
  "summary_bg_p05": 9.90000057220459,
  "summary_bg_p95": 202.93647155761693,
  "summary_bg_stdv": 73.56488037109375,
  "summary_fg_k": 2.6289044359023075,
  "summary_fg_mad": 118.71721896441417,
  "summary_fg_mean": 765.6505126953125,
  "summary_fg_median": 752.5264892578125,
  "summary_fg_n": 41718.0,
  "summary_fg_p05": 589.7049926757812,
  "summary_fg_p95": 989.5600372314453,
  "summary_fg_stdv": 131.35552978515625,
  "tsnr": 58.29756473354064
}