{
  "aor": 0.000935764705882353,
  "aqi": 0.006979922705882352,
  "bids_meta": {
    "AccelFactPE": 2,
    "AcquisitionNumber": 1,
    "AcquisitionTime": "11:39:52.452500",
    "BandwidthPerPixelPhaseEncode": 49.18,
    "BodyPartExamined": "BRAIN",
    "ConversionSoftware": "dcm2niix",
    "ConversionSoftwareVersion": "v1.0.20170724 (OpenJPEG build) GCC6.1.0",
    "DeviceSerialNumber": "45031",
    "EchoTime": 0.034,
    "EchoTrainLength": 29,
    "EffectiveEchoSpacing": 0.000344635,
    "FlipAngle": 71,
    "ImageType": [
      "ORIGINAL",
      "PRIMARY",
      "M",
      "ND",
      "NORM",
      "MOSAIC"
    ],
    "InstitutionAddress": "Washington_and_Faculty_Rd._-_Building_25_25_Princeton_NJ_US_085",
    "InstitutionName": "Princeton_University_-_Neuroscience_Institute",
    "MagneticFieldStrength": 3,
    "Manufacturer": "Siemens",
    "ManufacturersModelName": "Skyra",
    "PhaseEncodingDirection": "j-",
    "PhaseEncodingLines": 59,
    "ProcedureStepDescription": "NormanLab_Jarrod",
    "ProtocolName": "epi_3x3x3_2s_phase1",
    "RepetitionTime": 2,
    "ScanningSequence": "EP",
    "SequenceName": "_epfid2d1_59",
    "SequenceVariant": "SK_OSP",
    "SeriesDescription": "epi_3x3x3_2s_phase1",
    "SliceTiming": [
      0.9875,
      0,
      1.0475,
      0.0575,
      1.105,
      0.115,
      1.1625,
      0.1725,
      1.2225,
      0.2325,
      1.28,
      0.29,
      1.3375,
      0.3475,
      1.395,
      0.4075,
      1.455,
      0.465,
      1.5125,
      0.5225,
      1.57,
      0.58,
      1.63,
      0.64,
      1.6875,
      0.6975,
      1.745,
      0.755,
      1.8025,
      0.815,
      1.8625,
      0.8725,
      1.92,
      0.93
    ],
    "SoftwareVersions": "syngo_MR_D11",
    "TaskName": "Phase 1",
    "TotalReadoutTime": 0.0196442,
    "TrueEchoSpacing": 0.00068927,
    "dataset": "ds001232",
    "modality": "bold",
    "run_id": 2,
    "subject_id": "13",
    "task_id": "phase1"
  },
  "dummy_trs": 0,
  "dvars_nstd": 28.05306539591715,
  "dvars_std": 1.1394133190532538,
  "dvars_vstd": 1.0170676501183435,
  "efc": 0.6184639396851299,
  "fber": 1064.3033447265625,
  "fd_mean": 0.1662364992204379,
  "fd_num": 34,
  "fd_perc": 20.0,
  "fwhm_avg": 1.808552519502496,
  "fwhm_x": 1.6251354943892857,
  "fwhm_y": 2.0649480411297154,
  "fwhm_z": 1.7355740229884875,
  "gcor": 0.0130116,
  "gsr_x": 0.005051479674875736,
  "gsr_y": 0.046922650188207626,
  "provenance": {
    "md5sum": "e2649d33e5478473b39f227b8a87800e",
    "settings": {
      "fd_thres": 0.2,
      "testing": false
    },
    "software": "mriqc",
    "version": "22.0.6",
    "webapi_port": null,
    "webapi_url": "https://mriqc.nimh.nih.gov/api/v1"
  },
  "size_t": 170,
  "size_x": 66,
  "size_y": 66,
  "size_z": 34,
  "snr": 5.696452081360934,
  "spacing_tr": 2.0,
  "spacing_x": 2.9696969985961914,
  "spacing_y": 2.9696969985961914,
  "spacing_z": 2.9999988079071045,
  "summary_bg_k": 15.952127307928038,
  "summary_bg_mad": 14.25914503255913,
  "summary_bg_mean": 48.800811767578125,
  "summary_bg_median": 22.294118881225586,
  "summary_bg_n": 72185.0,
  "summary_bg_p05": 9.935294151306152,
  "summary_bg_p95": 206.17882080078138,
  "summary_bg_stdv": 74.13555908203125,
  "summary_fg_k": 2.508688744063652,
  "summary_fg_mad": 119.95124279582048,
  "summary_fg_mean": 764.5956420898438,
  "summary_fg_median": 752.188232421875,
  "summary_fg_n": 41757.0,
  "summary_fg_p05": 586.8882446289062,
  "summary_fg_p95": 990.0000366210936,
  "summary_fg_stdv": 132.04345703125,
  "tsnr": 55.90685823862441
}