{
  "aor": 0.0011044705882352942,
  "aqi": 0.006796825058823529,
  "bids_meta": {
    "AccelFactPE": 2,
    "AcquisitionNumber": 1,
    "AcquisitionTime": "11:52:7.167500",
    "BandwidthPerPixelPhaseEncode": 49.18,
    "BodyPartExamined": "BRAIN",
    "ConversionSoftware": "dcm2niix",
    "ConversionSoftwareVersion": "v1.0.20170724 (OpenJPEG build) GCC6.1.0",
    "DeviceSerialNumber": "45031",
    "EchoTime": 0.034,
    "EchoTrainLength": 29,
    "EffectiveEchoSpacing": 0.000344635,
    "FlipAngle": 71,
    "ImageType": [
      "ORIGINAL",
      "PRIMARY",
      "M",
      "ND",
      "NORM",
      "MOSAIC"
    ],
    "InstitutionAddress": "Washington_and_Faculty_Rd._-_Building_25_25_Princeton_NJ_US_085",
    "InstitutionName": "Princeton_University_-_Neuroscience_Institute",
    "MagneticFieldStrength": 3,
    "Manufacturer": "Siemens",
    "ManufacturersModelName": "Skyra",
    "PhaseEncodingDirection": "j-",
    "PhaseEncodingLines": 59,
    "ProcedureStepDescription": "NormanLab_Jarrod",
    "ProtocolName": "epi_3x3x3_2s_phase1",
    "RepetitionTime": 2,
    "ScanningSequence": "EP",
    "SequenceName": "_epfid2d1_59",
    "SequenceVariant": "SK_OSP",
    "SeriesDescription": "epi_3x3x3_2s_phase1",
    "SliceTiming": [
      0.9875,
      0,
      1.0475,
      0.0575,
      1.105,
      0.115,
      1.1625,
      0.1725,
      1.2225,
      0.2325,
      1.28,
      0.29,
      1.3375,
      0.3475,
      1.3975,
      0.4075,
      1.455,
      0.465,
      1.5125,
      0.5225,
      1.57,
      0.58,
      1.63,
      0.64,
      1.6875,
      0.6975,
      1.745,
      0.755,
      1.805,
      0.815,
      1.8625,
      0.8725,
      1.92,
      0.93
    ],
    "SoftwareVersions": "syngo_MR_D11",
    "TaskName": "Phase 1",
    "TotalReadoutTime": 0.0196442,
    "TrueEchoSpacing": 0.00068927,
    "dataset": "ds001232",
    "modality": "bold",
    "run_id": 4,
    "subject_id": "13",
    "task_id": "phase1"
  },
  "dummy_trs": 0,
  "dvars_nstd": 26.837685037988177,
  "dvars_std": 1.1313879704733734,
  "dvars_vstd": 1.023720396508876,
  "efc": 0.6176889132025177,
  "fber": 1101.4090576171875,
  "fd_mean": 0.12188635981811773,
  "fd_num": 19,
  "fd_perc": 11.176470588235293,
  "fwhm_avg": 1.7918001473121568,
  "fwhm_x": 1.6168450863066977,
  "fwhm_y": 2.0431646739947587,
  "fwhm_z": 1.7153906816350148,
  "gcor": 0.0179957,
  "gsr_x": 0.0051900604739785194,
  "gsr_y": 0.04755125567317009,
  "provenance": {
    "md5sum": "c51c37961ab941c22bf7565c5bdf97f4",
    "settings": {
      "fd_thres": 0.2,
      "testing": false
    },
    "software": "mriqc",
    "version": "22.0.6",
    "webapi_port": null,
    "webapi_url": "https://mriqc.nimh.nih.gov/api/v1"
  },
  "size_t": 170,
  "size_x": 66,
  "size_y": 66,
  "size_z": 34,
  "snr": 5.75710268004951,
  "spacing_tr": 2.0,
  "spacing_x": 2.9696969985961914,
  "spacing_y": 2.9696969985961914,
  "spacing_z": 2.9999988079071045,
  "summary_bg_k": 15.924724741941851,
  "summary_bg_mad": 13.971344514168115,
  "summary_bg_mean": 48.59885025024414,
  "summary_bg_median": 21.964706420898438,
  "summary_bg_n": 72363.0,
  "summary_bg_p05": 9.805882453918457,
  "summary_bg_p95": 204.37471466064443,
  "summary_bg_stdv": 73.28468322753906,
  "summary_fg_k": 2.5911028429193763,
  "summary_fg_mad": 118.52094429327533,
  "summary_fg_mean": 767.066650390625,
  "summary_fg_median": 753.6588134765625,
  "summary_fg_n": 41673.0,
  "summary_fg_p05": 591.5188232421875,
  "summary_fg_p95": 990.8223754882813,
  "summary_fg_stdv": 130.90782165527344,
  "tsnr": 57.19464232563041
}