{
  "aor": 0.0017577102803738318,
  "aqi": 0.007687465560747664,
  "bids_meta": {
    "AccelFactPE": 2,
    "AcquisitionNumber": 1,
    "AcquisitionTime": "12:07:13.927500",
    "BandwidthPerPixelPhaseEncode": 49.18,
    "BodyPartExamined": "BRAIN",
    "ConversionSoftware": "dcm2niix",
    "ConversionSoftwareVersion": "v1.0.20170724 (OpenJPEG build) GCC6.1.0",
    "DeviceSerialNumber": "45031",
    "EchoTime": 0.034,
    "EchoTrainLength": 29,
    "EffectiveEchoSpacing": 0.000344635,
    "FlipAngle": 71,
    "ImageType": [
      "ORIGINAL",
      "PRIMARY",
      "M",
      "ND",
      "NORM",
      "MOSAIC"
    ],
    "InstitutionAddress": "Washington_and_Faculty_Rd._-_Building_25_25_Princeton_NJ_US_085",
    "InstitutionName": "Princeton_University_-_Neuroscience_Institute",
    "MagneticFieldStrength": 3,
    "Manufacturer": "Siemens",
    "ManufacturersModelName": "Skyra",
    "PhaseEncodingDirection": "j-",
    "PhaseEncodingLines": 59,
    "ProcedureStepDescription": "NormanLab_Jarrod",
    "ProtocolName": "epi_3x3x3_2s_phase2_(214_TRs)",
    "RepetitionTime": 2,
    "ScanningSequence": "EP",
    "SequenceName": "_epfid2d1_59",
    "SequenceVariant": "SK_OSP",
    "SeriesDescription": "epi_3x3x3_2s_phase2_(214_TRs)",
    "SliceTiming": [
      0.99,
      0,
      1.0475,
      0.0575,
      1.1075,
      0.1175,
      1.165,
      0.175,
      1.2225,
      0.2325,
      1.2825,
      0.2925,
      1.34,
      0.35,
      1.3975,
      0.4075,
      1.455,
      0.4675,
      1.515,
      0.525,
      1.5725,
      0.5825,
      1.63,
      0.64,
      1.69,
      0.7,
      1.7475,
      0.7575,
      1.805,
      0.815,
      1.8625,
      0.875,
      1.9225,
      0.9325
    ],
    "SoftwareVersions": "syngo_MR_D11",
    "TaskName": "Phase 2",
    "TotalReadoutTime": 0.0196442,
    "TrueEchoSpacing": 0.00068927,
    "dataset": "ds001232",
    "modality": "bold",
    "run_id": 2,
    "subject_id": "13",
    "task_id": "phase2"
  },
  "dummy_trs": 0,
  "dvars_nstd": 28.69406963413145,
  "dvars_std": 1.1446089816431924,
  "dvars_vstd": 1.029637353286385,
  "efc": 0.619166339072809,
  "fber": 1058.3026123046875,
  "fd_mean": 0.20774876720907096,
  "fd_num": 62,
  "fd_perc": 28.97196261682243,
  "fwhm_avg": 1.7952923591368426,
  "fwhm_x": 1.6117772292131576,
  "fwhm_y": 2.051529163709279,
  "fwhm_z": 1.7225706844880915,
  "gcor": 0.0261577,
  "gsr_x": 0.004764109384268522,
  "gsr_y": 0.048041727393865585,
  "provenance": {
    "md5sum": "cc30c08f9cdae540a4a8114acad5138d",
    "settings": {
      "fd_thres": 0.2,
      "testing": false
    },
    "software": "mriqc",
    "version": "22.0.6",
    "webapi_port": null,
    "webapi_url": "https://mriqc.nimh.nih.gov/api/v1"
  },
  "size_t": 214,
  "size_x": 66,
  "size_y": 66,
  "size_z": 34,
  "snr": 5.749652345887868,
  "spacing_tr": 2.0,
  "spacing_x": 2.9696969985961914,
  "spacing_y": 2.9696969985961914,
  "spacing_z": 2.9999988079071045,
  "summary_bg_k": 15.403489613139985,
  "summary_bg_mad": 14.521183934795312,
  "summary_bg_mean": 49.730709075927734,
  "summary_bg_median": 22.425233840942383,
  "summary_bg_n": 72305.0,
  "summary_bg_p05": 9.831775665283203,
  "summary_bg_p95": 211.04859619140643,
  "summary_bg_stdv": 74.61194610595703,
  "summary_fg_k": 2.620337519798481,
  "summary_fg_mad": 118.60817748044816,
  "summary_fg_mean": 768.1804809570312,
  "summary_fg_median": 754.939208984375,
  "summary_fg_n": 41715.0,
  "summary_fg_p05": 591.6065185546875,
  "summary_fg_p95": 991.7719177246092,
  "summary_fg_stdv": 131.30014038085938,
  "tsnr": 54.07387377880514
}