{
  "aor": 0.0015485294117647062,
  "aqi": 0.006397838058823529,
  "bids_meta": {
    "AccelFactPE": 2,
    "AcquisitionNumber": 1,
    "AcquisitionTime": "08:48:8.142500",
    "BandwidthPerPixelPhaseEncode": 49.18,
    "BodyPartExamined": "BRAIN",
    "ConversionSoftware": "dcm2niix",
    "ConversionSoftwareVersion": "v1.0.20170724 (OpenJPEG build) GCC6.1.0",
    "DeviceSerialNumber": "45031",
    "EchoTime": 0.034,
    "EchoTrainLength": 29,
    "EffectiveEchoSpacing": 0.000344635,
    "FlipAngle": 71,
    "ImageType": [
      "ORIGINAL",
      "PRIMARY",
      "M",
      "ND",
      "NORM",
      "MOSAIC"
    ],
    "InstitutionAddress": "Washington_and_Faculty_Rd._-_Building_25_25_Princeton_NJ_US_085",
    "InstitutionName": "Princeton_University_-_Neuroscience_Institute",
    "MagneticFieldStrength": 3,
    "Manufacturer": "Siemens",
    "ManufacturersModelName": "Skyra",
    "PhaseEncodingDirection": "j-",
    "PhaseEncodingLines": 59,
    "ProcedureStepDescription": "NormanLab_Jarrod",
    "ProtocolName": "epi_3x3x3_2s_phase1",
    "RepetitionTime": 2,
    "ScanningSequence": "EP",
    "SequenceName": "_epfid2d1_59",
    "SequenceVariant": "SK_OSP",
    "SeriesDescription": "epi_3x3x3_2s_phase1",
    "SliceTiming": [
      0.9875,
      0,
      1.0475,
      0.0575,
      1.105,
      0.115,
      1.1625,
      0.1725,
      1.2225,
      0.2325,
      1.28,
      0.29,
      1.3375,
      0.3475,
      1.3975,
      0.4075,
      1.455,
      0.465,
      1.5125,
      0.5225,
      1.57,
      0.58,
      1.63,
      0.64,
      1.6875,
      0.6975,
      1.745,
      0.755,
      1.805,
      0.815,
      1.8625,
      0.8725,
      1.92,
      0.93
    ],
    "SoftwareVersions": "syngo_MR_D11",
    "TaskName": "Phase 1",
    "TotalReadoutTime": 0.0196442,
    "TrueEchoSpacing": 0.00068927,
    "dataset": "ds001232",
    "modality": "bold",
    "run_id": 2,
    "subject_id": "17",
    "task_id": "phase1"
  },
  "dummy_trs": 0,
  "dvars_nstd": 24.295428371893482,
  "dvars_std": 1.1323075052071003,
  "dvars_vstd": 1.0233008979289941,
  "efc": 0.5891757714985586,
  "fber": 1609.614990234375,
  "fd_mean": 0.11526946683909332,
  "fd_num": 21,
  "fd_perc": 12.352941176470589,
  "fwhm_avg": 1.7132709455867134,
  "fwhm_x": 1.5578255970851198,
  "fwhm_y": 1.9121311038413231,
  "fwhm_z": 1.6698561358336972,
  "gcor": 0.0651367,
  "gsr_x": -0.011452783830463886,
  "gsr_y": 0.03840545192360878,
  "provenance": {
    "md5sum": "3648af66a6fbdaff45fe68feff395104",
    "settings": {
      "fd_thres": 0.2,
      "testing": false
    },
    "software": "mriqc",
    "version": "22.0.6",
    "webapi_port": null,
    "webapi_url": "https://mriqc.nimh.nih.gov/api/v1"
  },
  "size_t": 170,
  "size_x": 66,
  "size_y": 66,
  "size_z": 34,
  "snr": 6.118940521929775,
  "spacing_tr": 2.0,
  "spacing_x": 2.9696969985961914,
  "spacing_y": 2.9696969985961914,
  "spacing_z": 3.0000009536743164,
  "summary_bg_k": 55.90433240551593,
  "summary_bg_mad": 11.093353469454525,
  "summary_bg_mean": 37.93451690673828,
  "summary_bg_median": 19.476470947265625,
  "summary_bg_n": 75709.0,
  "summary_bg_p05": 9.252941131591797,
  "summary_bg_p95": 127.1588287353513,
  "summary_bg_stdv": 56.04340362548828,
  "summary_fg_k": 2.67095204684127,
  "summary_fg_mad": 120.12561867930805,
  "summary_fg_mean": 810.8935546875,
  "summary_fg_median": 799.8294067382812,
  "summary_fg_n": 38731.0,
  "summary_fg_p05": 630.0235595703125,
  "summary_fg_p95": 1026.3206176757812,
  "summary_fg_stdv": 130.71202087402344,
  "tsnr": 61.77866234257817
}