{
  "aor": 0.0015273364485981307,
  "aqi": 0.007018858457943925,
  "bids_meta": {
    "AccelFactPE": 2,
    "AcquisitionNumber": 1,
    "AcquisitionTime": "09:39:5.835000",
    "BandwidthPerPixelPhaseEncode": 49.18,
    "BodyPartExamined": "BRAIN",
    "ConversionSoftware": "dcm2niix",
    "ConversionSoftwareVersion": "v1.0.20170724 (OpenJPEG build) GCC6.1.0",
    "DeviceSerialNumber": "45031",
    "EchoTime": 0.034,
    "EchoTrainLength": 29,
    "EffectiveEchoSpacing": 0.000344635,
    "FlipAngle": 71,
    "ImageType": [
      "ORIGINAL",
      "PRIMARY",
      "M",
      "ND",
      "NORM",
      "MOSAIC"
    ],
    "InstitutionAddress": "Washington_and_Faculty_Rd._-_Building_25_25_Princeton_NJ_US_085",
    "InstitutionName": "Princeton_University_-_Neuroscience_Institute",
    "MagneticFieldStrength": 3,
    "Manufacturer": "Siemens",
    "ManufacturersModelName": "Skyra",
    "PhaseEncodingDirection": "j-",
    "PhaseEncodingLines": 59,
    "ProcedureStepDescription": "NormanLab_Jarrod",
    "ProtocolName": "epi_3x3x3_2s_phase2_(214_TRs)",
    "RepetitionTime": 2,
    "ScanningSequence": "EP",
    "SequenceName": "_epfid2d1_59",
    "SequenceVariant": "SK_OSP",
    "SeriesDescription": "epi_3x3x3_2s_phase2_(214_TRs)",
    "SliceTiming": [
      0.9875,
      0,
      1.0475,
      0.0575,
      1.105,
      0.115,
      1.1625,
      0.1725,
      1.2225,
      0.2325,
      1.28,
      0.29,
      1.3375,
      0.3475,
      1.395,
      0.4075,
      1.455,
      0.465,
      1.5125,
      0.5225,
      1.57,
      0.58,
      1.63,
      0.64,
      1.6875,
      0.6975,
      1.745,
      0.755,
      1.8025,
      0.815,
      1.8625,
      0.8725,
      1.92,
      0.93
    ],
    "SoftwareVersions": "syngo_MR_D11",
    "TaskName": "Phase 2",
    "TotalReadoutTime": 0.0196442,
    "TrueEchoSpacing": 0.00068927,
    "dataset": "ds001232",
    "modality": "bold",
    "run_id": 5,
    "subject_id": "17",
    "task_id": "phase2"
  },
  "dummy_trs": 0,
  "dvars_nstd": 23.97410722295776,
  "dvars_std": 1.128444770516432,
  "dvars_vstd": 1.0236458508920188,
  "efc": 0.5923825001853981,
  "fber": 1528.6376953125,
  "fd_mean": 0.1343712064234452,
  "fd_num": 31,
  "fd_perc": 14.485981308411215,
  "fwhm_avg": 1.7060653908641445,
  "fwhm_x": 1.5557412093503016,
  "fwhm_y": 1.9000254917142294,
  "fwhm_z": 1.6624294715279033,
  "gcor": 0.0945402,
  "gsr_x": -0.012187783606350422,
  "gsr_y": 0.040689464658498764,
  "provenance": {
    "md5sum": "458c7495dd95d8feb568edad29bd22e2",
    "settings": {
      "fd_thres": 0.2,
      "testing": false
    },
    "software": "mriqc",
    "version": "22.0.6",
    "webapi_port": null,
    "webapi_url": "https://mriqc.nimh.nih.gov/api/v1"
  },
  "size_t": 214,
  "size_x": 66,
  "size_y": 66,
  "size_z": 34,
  "snr": 6.219003213596155,
  "spacing_tr": 2.0,
  "spacing_x": 2.9696969985961914,
  "spacing_y": 2.9696969985961914,
  "spacing_z": 3.0000009536743164,
  "summary_bg_k": 55.15420467072635,
  "summary_bg_mad": 11.458991678896025,
  "summary_bg_mean": 39.654842376708984,
  "summary_bg_median": 19.831775665283203,
  "summary_bg_n": 75694.0,
  "summary_bg_p05": 9.434578895568848,
  "summary_bg_p95": 133.96891937255856,
  "summary_bg_stdv": 58.64385223388672,
  "summary_fg_k": 2.7610581556956078,
  "summary_fg_mad": 116.44662235389522,
  "summary_fg_mean": 805.664306640625,
  "summary_fg_median": 794.733642578125,
  "summary_fg_n": 38757.0,
  "summary_fg_p05": 630.212109375,
  "summary_fg_p95": 1014.4794189453124,
  "summary_fg_stdv": 127.78951263427734,
  "tsnr": 60.16349068284035
}