{
  "aor": 0.0006707009345794392,
  "aqi": 0.006259186962616822,
  "bids_meta": {
    "AccelFactPE": 2,
    "AcquisitionNumber": 1,
    "AcquisitionTime": "09:08:41.042500",
    "BandwidthPerPixelPhaseEncode": 49.18,
    "BodyPartExamined": "BRAIN",
    "ConversionSoftware": "dcm2niix",
    "ConversionSoftwareVersion": "v1.0.20170724 (OpenJPEG build) GCC6.1.0",
    "DeviceSerialNumber": "45031",
    "EchoTime": 0.034,
    "EchoTrainLength": 29,
    "EffectiveEchoSpacing": 0.000344635,
    "FlipAngle": 71,
    "ImageType": [
      "ORIGINAL",
      "PRIMARY",
      "M",
      "ND",
      "NORM",
      "MOSAIC"
    ],
    "InstitutionAddress": "Washington_and_Faculty_Rd._-_Building_25_25_Princeton_NJ_US_085",
    "InstitutionName": "Princeton_University_-_Neuroscience_Institute",
    "MagneticFieldStrength": 3,
    "Manufacturer": "Siemens",
    "ManufacturersModelName": "Skyra",
    "PhaseEncodingDirection": "j-",
    "PhaseEncodingLines": 59,
    "ProcedureStepDescription": "NormanLab_Jarrod",
    "ProtocolName": "epi_3x3x3_2s_phase2_(214_TRs)",
    "RepetitionTime": 2,
    "ScanningSequence": "EP",
    "SequenceName": "_epfid2d1_59",
    "SequenceVariant": "SK_OSP",
    "SeriesDescription": "epi_3x3x3_2s_phase2_(214_TRs)",
    "SliceTiming": [
      0.99,
      0,
      1.0475,
      0.0575,
      1.105,
      0.1175,
      1.165,
      0.175,
      1.2225,
      0.2325,
      1.28,
      0.29,
      1.34,
      0.35,
      1.3975,
      0.4075,
      1.455,
      0.465,
      1.5125,
      0.525,
      1.5725,
      0.5825,
      1.63,
      0.64,
      1.6875,
      0.6975,
      1.7475,
      0.7575,
      1.805,
      0.815,
      1.8625,
      0.8725,
      1.9225,
      0.9325
    ],
    "SoftwareVersions": "syngo_MR_D11",
    "TaskName": "Phase 2",
    "TotalReadoutTime": 0.0196442,
    "TrueEchoSpacing": 0.00068927,
    "dataset": "ds001232",
    "modality": "bold",
    "run_id": 1,
    "subject_id": "17",
    "task_id": "phase2"
  },
  "dummy_trs": 0,
  "dvars_nstd": 22.768774408403765,
  "dvars_std": 1.1030569830516432,
  "dvars_vstd": 1.0084088256338033,
  "efc": 0.5914246537741615,
  "fber": 1542.2347412109375,
  "fd_mean": 0.09853698011718184,
  "fd_num": 12,
  "fd_perc": 5.607476635514018,
  "fwhm_avg": 1.7041102896620597,
  "fwhm_x": 1.5612872297044944,
  "fwhm_y": 1.8965941652170089,
  "fwhm_z": 1.6544494740646762,
  "gcor": 0.030646,
  "gsr_x": -0.012291795574128628,
  "gsr_y": 0.03968150168657303,
  "provenance": {
    "md5sum": "1ef80bfa8031019d9d27175b044f05b5",
    "settings": {
      "fd_thres": 0.2,
      "testing": false
    },
    "software": "mriqc",
    "version": "22.0.6",
    "webapi_port": null,
    "webapi_url": "https://mriqc.nimh.nih.gov/api/v1"
  },
  "size_t": 214,
  "size_x": 66,
  "size_y": 66,
  "size_z": 34,
  "snr": 6.187325744005794,
  "spacing_tr": 2.0,
  "spacing_x": 2.9696969985961914,
  "spacing_y": 2.9696969985961914,
  "spacing_z": 3.0000009536743164,
  "summary_bg_k": 54.51420329296623,
  "summary_bg_mad": 11.375854616970221,
  "summary_bg_mean": 38.938358306884766,
  "summary_bg_median": 19.738317489624023,
  "summary_bg_n": 75737.0,
  "summary_bg_p05": 9.35981273651123,
  "summary_bg_p95": 132.15513916015624,
  "summary_bg_stdv": 57.508968353271484,
  "summary_fg_k": 2.6136428966037757,
  "summary_fg_mad": 118.39344267426446,
  "summary_fg_mean": 804.4523315429688,
  "summary_fg_median": 794.266357421875,
  "summary_fg_n": 38786.0,
  "summary_fg_p05": 626.2815093994141,
  "summary_fg_p95": 1013.9287109375,
  "summary_fg_stdv": 128.3682403564453,
  "tsnr": 63.914072548854165
}