{
  "aor": 0.000957943925233645,
  "aqi": 0.006675074532710281,
  "bids_meta": {
    "AccelFactPE": 2,
    "AcquisitionNumber": 1,
    "AcquisitionTime": "09:23:54.485000",
    "BandwidthPerPixelPhaseEncode": 49.18,
    "BodyPartExamined": "BRAIN",
    "ConversionSoftware": "dcm2niix",
    "ConversionSoftwareVersion": "v1.0.20170724 (OpenJPEG build) GCC6.1.0",
    "DeviceSerialNumber": "45031",
    "EchoTime": 0.034,
    "EchoTrainLength": 29,
    "EffectiveEchoSpacing": 0.000344635,
    "FlipAngle": 71,
    "ImageType": [
      "ORIGINAL",
      "PRIMARY",
      "M",
      "ND",
      "NORM",
      "MOSAIC"
    ],
    "InstitutionAddress": "Washington_and_Faculty_Rd._-_Building_25_25_Princeton_NJ_US_085",
    "InstitutionName": "Princeton_University_-_Neuroscience_Institute",
    "MagneticFieldStrength": 3,
    "Manufacturer": "Siemens",
    "ManufacturersModelName": "Skyra",
    "PhaseEncodingDirection": "j-",
    "PhaseEncodingLines": 59,
    "ProcedureStepDescription": "NormanLab_Jarrod",
    "ProtocolName": "epi_3x3x3_2s_phase2_(214_TRs)",
    "RepetitionTime": 2,
    "ScanningSequence": "EP",
    "SequenceName": "_epfid2d1_59",
    "SequenceVariant": "SK_OSP",
    "SeriesDescription": "epi_3x3x3_2s_phase2_(214_TRs)",
    "SliceTiming": [
      0.99,
      0,
      1.0475,
      0.0575,
      1.1075,
      0.1175,
      1.165,
      0.175,
      1.2225,
      0.2325,
      1.28,
      0.29,
      1.34,
      0.35,
      1.3975,
      0.4075,
      1.455,
      0.465,
      1.515,
      0.525,
      1.5725,
      0.5825,
      1.63,
      0.64,
      1.6875,
      0.7,
      1.7475,
      0.7575,
      1.805,
      0.815,
      1.8625,
      0.8725,
      1.9225,
      0.9325
    ],
    "SoftwareVersions": "syngo_MR_D11",
    "TaskName": "Phase 2",
    "TotalReadoutTime": 0.0196442,
    "TrueEchoSpacing": 0.00068927,
    "dataset": "ds001232",
    "modality": "bold",
    "run_id": 3,
    "subject_id": "17",
    "task_id": "phase2"
  },
  "dummy_trs": 0,
  "dvars_nstd": 22.42775353769953,
  "dvars_std": 1.1004179712206565,
  "dvars_vstd": 1.0156762333802816,
  "efc": 0.5916647015090648,
  "fber": 1537.4912109375,
  "fd_mean": 0.10259666895282465,
  "fd_num": 18,
  "fd_perc": 8.411214953271028,
  "fwhm_avg": 1.701812886097729,
  "fwhm_x": 1.55080131143919,
  "fwhm_y": 1.9005912059944388,
  "fwhm_z": 1.654046140859559,
  "gcor": 0.0877417,
  "gsr_x": -0.012413596734404564,
  "gsr_y": 0.03961645066738129,
  "provenance": {
    "md5sum": "a1fbfccf6c747cd998edb4816a75944a",
    "settings": {
      "fd_thres": 0.2,
      "testing": false
    },
    "software": "mriqc",
    "version": "22.0.6",
    "webapi_port": null,
    "webapi_url": "https://mriqc.nimh.nih.gov/api/v1"
  },
  "size_t": 214,
  "size_x": 66,
  "size_y": 66,
  "size_z": 34,
  "snr": 6.198291114101844,
  "spacing_tr": 2.0,
  "spacing_x": 2.9696969985961914,
  "spacing_y": 2.9696969985961914,
  "spacing_z": 3.0000009536743164,
  "summary_bg_k": 54.777984545641175,
  "summary_bg_mad": 11.493631296578643,
  "summary_bg_mean": 39.30827331542969,
  "summary_bg_median": 19.766353607177734,
  "summary_bg_n": 75705.0,
  "summary_bg_p05": 9.387849807739258,
  "summary_bg_p95": 133.29346008300797,
  "summary_bg_stdv": 58.013065338134766,
  "summary_fg_k": 2.700970659403766,
  "summary_fg_mad": 117.51011616328164,
  "summary_fg_mean": 805.0769653320312,
  "summary_fg_median": 794.7640380859375,
  "summary_fg_n": 38756.0,
  "summary_fg_p05": 629.2651824951172,
  "summary_fg_p95": 1014.808349609375,
  "summary_fg_stdv": 128.221435546875,
  "tsnr": 60.61829066136852
}