{
  "aor": 0.00140785046728972,
  "aqi": 0.0064262210280373825,
  "bids_meta": {
    "AccelFactPE": 2,
    "AcquisitionNumber": 1,
    "AcquisitionTime": "09:16:19.322500",
    "BandwidthPerPixelPhaseEncode": 49.18,
    "BodyPartExamined": "BRAIN",
    "ConversionSoftware": "dcm2niix",
    "ConversionSoftwareVersion": "v1.0.20170724 (OpenJPEG build) GCC6.1.0",
    "DeviceSerialNumber": "45031",
    "EchoTime": 0.034,
    "EchoTrainLength": 29,
    "EffectiveEchoSpacing": 0.000344635,
    "FlipAngle": 71,
    "ImageType": [
      "ORIGINAL",
      "PRIMARY",
      "M",
      "ND",
      "NORM",
      "MOSAIC"
    ],
    "InstitutionAddress": "Washington_and_Faculty_Rd._-_Building_25_25_Princeton_NJ_US_085",
    "InstitutionName": "Princeton_University_-_Neuroscience_Institute",
    "MagneticFieldStrength": 3,
    "Manufacturer": "Siemens",
    "ManufacturersModelName": "Skyra",
    "PhaseEncodingDirection": "j-",
    "PhaseEncodingLines": 59,
    "ProcedureStepDescription": "NormanLab_Jarrod",
    "ProtocolName": "epi_3x3x3_2s_phase2_(214_TRs)",
    "RepetitionTime": 2,
    "ScanningSequence": "EP",
    "SequenceName": "_epfid2d1_59",
    "SequenceVariant": "SK_OSP",
    "SeriesDescription": "epi_3x3x3_2s_phase2_(214_TRs)",
    "SliceTiming": [
      0.99,
      0,
      1.05,
      0.06,
      1.1075,
      0.1175,
      1.165,
      0.175,
      1.2225,
      0.235,
      1.2825,
      0.2925,
      1.34,
      0.35,
      1.3975,
      0.4075,
      1.4575,
      0.4675,
      1.515,
      0.525,
      1.5725,
      0.5825,
      1.63,
      0.6425,
      1.69,
      0.7,
      1.7475,
      0.7575,
      1.805,
      0.815,
      1.865,
      0.875,
      1.9225,
      0.9325
    ],
    "SoftwareVersions": "syngo_MR_D11",
    "TaskName": "Phase 2",
    "TotalReadoutTime": 0.0196442,
    "TrueEchoSpacing": 0.00068927,
    "dataset": "ds001232",
    "modality": "bold",
    "run_id": 2,
    "subject_id": "17",
    "task_id": "phase2"
  },
  "dummy_trs": 0,
  "dvars_nstd": 22.751118073474156,
  "dvars_std": 1.1089001302816905,
  "dvars_vstd": 1.0201090738028171,
  "efc": 0.591499305689056,
  "fber": 1540.3660888671875,
  "fd_mean": 0.10157888598753867,
  "fd_num": 20,
  "fd_perc": 9.345794392523365,
  "fwhm_avg": 1.70248602636574,
  "fwhm_x": 1.548774168601774,
  "fwhm_y": 1.9015711039440866,
  "fwhm_z": 1.657112806551359,
  "gcor": 0.0946857,
  "gsr_x": -0.011935845017433167,
  "gsr_y": 0.03930085897445679,
  "provenance": {
    "md5sum": "12f39aa09998f7fe8bd62e64a9f325aa",
    "settings": {
      "fd_thres": 0.2,
      "testing": false
    },
    "software": "mriqc",
    "version": "22.0.6",
    "webapi_port": null,
    "webapi_url": "https://mriqc.nimh.nih.gov/api/v1"
  },
  "size_t": 214,
  "size_x": 66,
  "size_y": 66,
  "size_z": 34,
  "snr": 6.18242176893829,
  "spacing_tr": 2.0,
  "spacing_x": 2.9696969985961914,
  "spacing_y": 2.9696969985961914,
  "spacing_z": 3.0000009536743164,
  "summary_bg_k": 54.54301264009223,
  "summary_bg_mad": 11.431277439694547,
  "summary_bg_mean": 39.368839263916016,
  "summary_bg_median": 19.794391632080078,
  "summary_bg_n": 75731.0,
  "summary_bg_p05": 9.378504753112793,
  "summary_bg_p95": 133.77102661132812,
  "summary_bg_stdv": 58.47972869873047,
  "summary_fg_k": 2.688235970015606,
  "summary_fg_mad": 118.62202258173181,
  "summary_fg_mean": 806.9817504882812,
  "summary_fg_median": 796.320068359375,
  "summary_fg_n": 38814.0,
  "summary_fg_p05": 629.0497467041016,
  "summary_fg_p95": 1017.500894165039,
  "summary_fg_stdv": 128.80224609375,
  "tsnr": 60.92912454158068
}