{
  "aor": 0.008375117647058823,
  "aqi": 0.008918424,
  "bids_meta": {
    "AccelFactPE": 2,
    "AcquisitionNumber": 1,
    "AcquisitionTime": "09:01:40.357500",
    "BandwidthPerPixelPhaseEncode": 49.18,
    "BodyPartExamined": "BRAIN",
    "ConversionSoftware": "dcm2niix",
    "ConversionSoftwareVersion": "v1.0.20170724 (OpenJPEG build) GCC6.1.0",
    "DeviceSerialNumber": "45031",
    "EchoTime": 0.034,
    "EchoTrainLength": 29,
    "EffectiveEchoSpacing": 0.000344635,
    "FlipAngle": 71,
    "ImageType": [
      "ORIGINAL",
      "PRIMARY",
      "M",
      "ND",
      "NORM",
      "MOSAIC"
    ],
    "InstitutionAddress": "Washington_and_Faculty_Rd._-_Building_25_25_Princeton_NJ_US_085",
    "InstitutionName": "Princeton_University_-_Neuroscience_Institute",
    "MagneticFieldStrength": 3,
    "Manufacturer": "Siemens",
    "ManufacturersModelName": "Skyra",
    "PhaseEncodingDirection": "j-",
    "PhaseEncodingLines": 59,
    "ProcedureStepDescription": "NormanLab_Jarrod",
    "ProtocolName": "epi_3x3x3_2s_phase1",
    "RepetitionTime": 2,
    "ScanningSequence": "EP",
    "SequenceName": "_epfid2d1_59",
    "SequenceVariant": "SK_OSP",
    "SeriesDescription": "epi_3x3x3_2s_phase1",
    "SliceTiming": [
      0.99,
      0,
      1.0475,
      0.0575,
      1.1075,
      0.1175,
      1.165,
      0.175,
      1.2225,
      0.2325,
      1.2825,
      0.2925,
      1.34,
      0.35,
      1.3975,
      0.4075,
      1.455,
      0.465,
      1.515,
      0.525,
      1.5725,
      0.5825,
      1.63,
      0.64,
      1.69,
      0.7,
      1.7475,
      0.7575,
      1.805,
      0.815,
      1.8625,
      0.875,
      1.9225,
      0.9325
    ],
    "SoftwareVersions": "syngo_MR_D11",
    "TaskName": "Phase 1",
    "TotalReadoutTime": 0.0196442,
    "TrueEchoSpacing": 0.00068927,
    "dataset": "ds001232",
    "modality": "bold",
    "run_id": 2,
    "subject_id": "20",
    "task_id": "phase1"
  },
  "dummy_trs": 0,
  "dvars_nstd": 26.05532499473374,
  "dvars_std": 1.1931648482840234,
  "dvars_vstd": 1.1043012440236681,
  "efc": 0.5464980550390263,
  "fber": 1879.1478271484375,
  "fd_mean": 0.25835572368379267,
  "fd_num": 45,
  "fd_perc": 26.470588235294116,
  "fwhm_avg": 1.7337326891916316,
  "fwhm_x": 1.6244485556204604,
  "fwhm_y": 1.8810201857767281,
  "fwhm_z": 1.6957293261777058,
  "gcor": 0.0342236,
  "gsr_x": -0.0005003181868232787,
  "gsr_y": 0.027544405311346054,
  "provenance": {
    "md5sum": "e3a464aceadf2cf4c5099b2b1ce29adc",
    "settings": {
      "fd_thres": 0.2,
      "testing": false
    },
    "software": "mriqc",
    "version": "22.0.6",
    "webapi_port": null,
    "webapi_url": "https://mriqc.nimh.nih.gov/api/v1"
  },
  "size_t": 170,
  "size_x": 66,
  "size_y": 66,
  "size_z": 34,
  "snr": 6.002540600369503,
  "spacing_tr": 2.0,
  "spacing_x": 2.9696969985961914,
  "spacing_y": 2.9696969985961914,
  "spacing_z": 3.0000011920928955,
  "summary_bg_k": 69.35649969165301,
  "summary_bg_mad": 8.189197841483788,
  "summary_bg_mean": 28.499717712402344,
  "summary_bg_median": 16.441177368164062,
  "summary_bg_n": 82176.0,
  "summary_bg_p05": 7.629411697387695,
  "summary_bg_p95": 83.43676567077637,
  "summary_bg_stdv": 47.67325210571289,
  "summary_fg_k": 2.0930188184718697,
  "summary_fg_mad": 118.43375635153156,
  "summary_fg_mean": 731.2649536132812,
  "summary_fg_median": 719.808837890625,
  "summary_fg_n": 33794.0,
  "summary_fg_p05": 570.1623687744141,
  "summary_fg_p95": 928.6041381835937,
  "summary_fg_stdv": 119.91558837890625,
  "tsnr": 55.80037959734909
}