{
  "aor": 0.008260411764705884,
  "aqi": 0.009705214588235294,
  "bids_meta": {
    "AccelFactPE": 2,
    "AcquisitionNumber": 1,
    "AcquisitionTime": "09:07:56.440000",
    "BandwidthPerPixelPhaseEncode": 49.18,
    "BodyPartExamined": "BRAIN",
    "ConversionSoftware": "dcm2niix",
    "ConversionSoftwareVersion": "v1.0.20170724 (OpenJPEG build) GCC6.1.0",
    "DeviceSerialNumber": "45031",
    "EchoTime": 0.034,
    "EchoTrainLength": 29,
    "EffectiveEchoSpacing": 0.000344635,
    "FlipAngle": 71,
    "ImageType": [
      "ORIGINAL",
      "PRIMARY",
      "M",
      "ND",
      "NORM",
      "MOSAIC"
    ],
    "InstitutionAddress": "Washington_and_Faculty_Rd._-_Building_25_25_Princeton_NJ_US_085",
    "InstitutionName": "Princeton_University_-_Neuroscience_Institute",
    "MagneticFieldStrength": 3,
    "Manufacturer": "Siemens",
    "ManufacturersModelName": "Skyra",
    "PhaseEncodingDirection": "j-",
    "PhaseEncodingLines": 59,
    "ProcedureStepDescription": "NormanLab_Jarrod",
    "ProtocolName": "epi_3x3x3_2s_phase1",
    "RepetitionTime": 2,
    "ScanningSequence": "EP",
    "SequenceName": "_epfid2d1_59",
    "SequenceVariant": "SK_OSP",
    "SeriesDescription": "epi_3x3x3_2s_phase1",
    "SliceTiming": [
      0.99,
      0,
      1.0475,
      0.0575,
      1.105,
      0.115,
      1.165,
      0.175,
      1.2225,
      0.2325,
      1.28,
      0.29,
      1.34,
      0.35,
      1.3975,
      0.4075,
      1.455,
      0.465,
      1.5125,
      0.5225,
      1.5725,
      0.5825,
      1.63,
      0.64,
      1.6875,
      0.6975,
      1.7475,
      0.7575,
      1.805,
      0.815,
      1.8625,
      0.8725,
      1.92,
      0.9325
    ],
    "SoftwareVersions": "syngo_MR_D11",
    "TaskName": "Phase 1",
    "TotalReadoutTime": 0.0196442,
    "TrueEchoSpacing": 0.00068927,
    "dataset": "ds001232",
    "modality": "bold",
    "run_id": 3,
    "subject_id": "20",
    "task_id": "phase1"
  },
  "dummy_trs": 0,
  "dvars_nstd": 27.110096406745544,
  "dvars_std": 1.1943323228994083,
  "dvars_vstd": 1.0953932627218932,
  "efc": 0.5465343952288607,
  "fber": 1907.52490234375,
  "fd_mean": 0.303637280891674,
  "fd_num": 58,
  "fd_perc": 34.11764705882353,
  "fwhm_avg": 1.7212208419691457,
  "fwhm_x": 1.6174781475250268,
  "fwhm_y": 1.8560917166315614,
  "fwhm_z": 1.6900926617508485,
  "gcor": 0.038858,
  "gsr_x": 0.00033672916470095515,
  "gsr_y": 0.026143653318285942,
  "provenance": {
    "md5sum": "c164513dddce2bde35047d8202d66b57",
    "settings": {
      "fd_thres": 0.2,
      "testing": false
    },
    "software": "mriqc",
    "version": "22.0.6",
    "webapi_port": null,
    "webapi_url": "https://mriqc.nimh.nih.gov/api/v1"
  },
  "size_t": 170,
  "size_x": 66,
  "size_y": 66,
  "size_z": 34,
  "snr": 6.017021780457166,
  "spacing_tr": 2.0,
  "spacing_x": 2.9696969985961914,
  "spacing_y": 2.9696969985961914,
  "spacing_z": 3.0000011920928955,
  "summary_bg_k": 68.11339939635175,
  "summary_bg_mad": 8.006052828282044,
  "summary_bg_mean": 28.232229232788086,
  "summary_bg_median": 16.32941246032715,
  "summary_bg_n": 82128.0,
  "summary_bg_p05": 7.611764907836914,
  "summary_bg_p95": 81.87441368103023,
  "summary_bg_stdv": 46.912254333496094,
  "summary_fg_k": 2.062587163708728,
  "summary_fg_mad": 118.21571862902856,
  "summary_fg_mean": 731.9981689453125,
  "summary_fg_median": 719.8529663085938,
  "summary_fg_n": 33833.0,
  "summary_fg_p05": 571.8364868164062,
  "summary_fg_p95": 929.2552978515624,
  "summary_fg_stdv": 119.63432312011719,
  "tsnr": 54.129756425041705
}