{
  "aor": 0.0009318691588785045,
  "aqi": 0.007673975700934579,
  "bids_meta": {
    "AccelFactPE": 2,
    "AcquisitionNumber": 1,
    "AcquisitionTime": "09:20:53.862500",
    "BandwidthPerPixelPhaseEncode": 49.18,
    "BodyPartExamined": "BRAIN",
    "ConversionSoftware": "dcm2niix",
    "ConversionSoftwareVersion": "v1.0.20170724 (OpenJPEG build) GCC6.1.0",
    "DeviceSerialNumber": "45031",
    "EchoTime": 0.034,
    "EchoTrainLength": 29,
    "EffectiveEchoSpacing": 0.000344635,
    "FlipAngle": 71,
    "ImageType": [
      "ORIGINAL",
      "PRIMARY",
      "M",
      "ND",
      "NORM",
      "MOSAIC"
    ],
    "InstitutionAddress": "Washington_and_Faculty_Rd._-_Building_25_25_Princeton_NJ_US_085",
    "InstitutionName": "Princeton_University_-_Neuroscience_Institute",
    "MagneticFieldStrength": 3,
    "Manufacturer": "Siemens",
    "ManufacturersModelName": "Skyra",
    "PhaseEncodingDirection": "j-",
    "PhaseEncodingLines": 59,
    "ProcedureStepDescription": "NormanLab_Jarrod",
    "ProtocolName": "epi_3x3x3_2s_phase2_(214_TRs)",
    "RepetitionTime": 2,
    "ScanningSequence": "EP",
    "SequenceName": "_epfid2d1_59",
    "SequenceVariant": "SK_OSP",
    "SeriesDescription": "epi_3x3x3_2s_phase2_(214_TRs)",
    "SliceTiming": [
      0.99,
      0,
      1.0475,
      0.0575,
      1.1075,
      0.1175,
      1.165,
      0.175,
      1.2225,
      0.2325,
      1.28,
      0.2925,
      1.34,
      0.35,
      1.3975,
      0.4075,
      1.455,
      0.465,
      1.515,
      0.525,
      1.5725,
      0.5825,
      1.63,
      0.64,
      1.6875,
      0.7,
      1.7475,
      0.7575,
      1.805,
      0.815,
      1.8625,
      0.8725,
      1.9225,
      0.9325
    ],
    "SoftwareVersions": "syngo_MR_D11",
    "TaskName": "Phase 2",
    "TotalReadoutTime": 0.0196442,
    "TrueEchoSpacing": 0.00068927,
    "dataset": "ds001232",
    "modality": "bold",
    "run_id": 1,
    "subject_id": "20",
    "task_id": "phase2"
  },
  "dummy_trs": 0,
  "dvars_nstd": 25.445806476572763,
  "dvars_std": 1.1410503203286382,
  "dvars_vstd": 1.0188575308450711,
  "efc": 0.5454122186923319,
  "fber": 1944.282958984375,
  "fd_mean": 0.17209660104844357,
  "fd_num": 61,
  "fd_perc": 28.50467289719626,
  "fwhm_avg": 1.7160497436968327,
  "fwhm_x": 1.6082852904716287,
  "fwhm_y": 1.8609979410736128,
  "fwhm_z": 1.6788659995452564,
  "gcor": 0.03106,
  "gsr_x": 0.001421061111614108,
  "gsr_y": 0.026751048862934113,
  "provenance": {
    "md5sum": "b118b0126fca2125c4f96dd900cf7fec",
    "settings": {
      "fd_thres": 0.2,
      "testing": false
    },
    "software": "mriqc",
    "version": "22.0.6",
    "webapi_port": null,
    "webapi_url": "https://mriqc.nimh.nih.gov/api/v1"
  },
  "size_t": 214,
  "size_x": 66,
  "size_y": 66,
  "size_z": 34,
  "snr": 6.049570094949195,
  "spacing_tr": 2.0,
  "spacing_x": 2.9696969985961914,
  "spacing_y": 2.9696969985961914,
  "spacing_z": 3.0000011920928955,
  "summary_bg_k": 69.5869502849168,
  "summary_bg_mad": 7.891046017282148,
  "summary_bg_mean": 28.273624420166016,
  "summary_bg_median": 16.149532318115234,
  "summary_bg_n": 82276.0,
  "summary_bg_p05": 7.57827091217041,
  "summary_bg_p95": 82.54438972473145,
  "summary_bg_stdv": 48.156044006347656,
  "summary_fg_k": 2.0354063968128386,
  "summary_fg_mad": 116.83111800980527,
  "summary_fg_mean": 731.1766967773438,
  "summary_fg_median": 718.3177490234375,
  "summary_fg_n": 33756.0,
  "summary_fg_p05": 571.2733612060547,
  "summary_fg_p95": 927.3072204589844,
  "summary_fg_stdv": 118.73688507080078,
  "tsnr": 63.51785824459512
}