{
  "aor": 0.0024456074766355143,
  "aqi": 0.012534468551401869,
  "bids_meta": {
    "AccelFactPE": 2,
    "AcquisitionNumber": 1,
    "AcquisitionTime": "09:58:58.142500",
    "BandwidthPerPixelPhaseEncode": 49.18,
    "BodyPartExamined": "BRAIN",
    "ConversionSoftware": "dcm2niix",
    "ConversionSoftwareVersion": "v1.0.20170724 (OpenJPEG build) GCC6.1.0",
    "DeviceSerialNumber": "45031",
    "EchoTime": 0.034,
    "EchoTrainLength": 29,
    "EffectiveEchoSpacing": 0.000344635,
    "FlipAngle": 71,
    "ImageType": [
      "ORIGINAL",
      "PRIMARY",
      "M",
      "ND",
      "NORM",
      "MOSAIC"
    ],
    "InstitutionAddress": "Washington_and_Faculty_Rd._-_Building_25_25_Princeton_NJ_US_085",
    "InstitutionName": "Princeton_University_-_Neuroscience_Institute",
    "MagneticFieldStrength": 3,
    "Manufacturer": "Siemens",
    "ManufacturersModelName": "Skyra",
    "PhaseEncodingDirection": "j-",
    "PhaseEncodingLines": 59,
    "ProcedureStepDescription": "NormanLab_Jarrod",
    "ProtocolName": "epi_3x3x3_2s_phase2_(214_TRs)",
    "RepetitionTime": 2,
    "ScanningSequence": "EP",
    "SequenceName": "_epfid2d1_59",
    "SequenceVariant": "SK_OSP",
    "SeriesDescription": "epi_3x3x3_2s_phase2_(214_TRs)",
    "SliceTiming": [
      0.99,
      0,
      1.0475,
      0.0575,
      1.105,
      0.115,
      1.1625,
      0.1725,
      1.2225,
      0.2325,
      1.28,
      0.29,
      1.3375,
      0.3475,
      1.3975,
      0.4075,
      1.455,
      0.465,
      1.5125,
      0.5225,
      1.57,
      0.5825,
      1.63,
      0.64,
      1.6875,
      0.6975,
      1.745,
      0.755,
      1.805,
      0.815,
      1.8625,
      0.8725,
      1.92,
      0.93
    ],
    "SoftwareVersions": "syngo_MR_D11",
    "TaskName": "Phase 2",
    "TotalReadoutTime": 0.0196442,
    "TrueEchoSpacing": 0.00068927,
    "dataset": "ds001232",
    "modality": "bold",
    "run_id": 6,
    "subject_id": "20",
    "task_id": "phase2"
  },
  "dummy_trs": 0,
  "dvars_nstd": 31.06288038643192,
  "dvars_std": 1.15658500455399,
  "dvars_vstd": 1.0306716338028161,
  "efc": 0.547105394457989,
  "fber": 1857.6988525390625,
  "fd_mean": 0.4112702272219883,
  "fd_num": 138,
  "fd_perc": 64.48598130841121,
  "fwhm_avg": 1.7173876451952799,
  "fwhm_x": 1.6085647802648275,
  "fwhm_y": 1.8571254921317053,
  "fwhm_z": 1.6864726631893068,
  "gcor": 0.0271492,
  "gsr_x": 0.0012190314009785652,
  "gsr_y": 0.026334568858146667,
  "provenance": {
    "md5sum": "3604a939350459c3e222172c8dd67900",
    "settings": {
      "fd_thres": 0.2,
      "testing": false
    },
    "software": "mriqc",
    "version": "22.0.6",
    "webapi_port": null,
    "webapi_url": "https://mriqc.nimh.nih.gov/api/v1"
  },
  "size_t": 214,
  "size_x": 66,
  "size_y": 66,
  "size_z": 34,
  "snr": 6.0835881364577595,
  "spacing_tr": 2.0,
  "spacing_x": 2.9696969985961914,
  "spacing_y": 2.9696969985961914,
  "spacing_z": 3.0000011920928955,
  "summary_bg_k": 62.553595617589565,
  "summary_bg_mad": 8.161241822020923,
  "summary_bg_mean": 28.724735260009766,
  "summary_bg_median": 16.429906845092773,
  "summary_bg_n": 82260.0,
  "summary_bg_p05": 7.621495246887207,
  "summary_bg_p95": 84.49602432250981,
  "summary_bg_stdv": 47.6602783203125,
  "summary_fg_k": 2.1628489305854695,
  "summary_fg_mad": 114.49636338091959,
  "summary_fg_mean": 725.7615356445312,
  "summary_fg_median": 713.6728515625,
  "summary_fg_n": 33738.0,
  "summary_fg_p05": 567.7981079101562,
  "summary_fg_p95": 917.9590667724608,
  "summary_fg_stdv": 117.30943298339844,
  "tsnr": 51.21027944638627
}