{
  "aor": 0.011771775700934581,
  "aqi": 0.022377478364485982,
  "bids_meta": {
    "AccelFactPE": 2,
    "AcquisitionNumber": 1,
    "AcquisitionTime": "12:48:38.882500",
    "BandwidthPerPixelPhaseEncode": 49.18,
    "BodyPartExamined": "BRAIN",
    "ConversionSoftware": "dcm2niix",
    "ConversionSoftwareVersion": "v1.0.20170724 (OpenJPEG build) GCC6.1.0",
    "DeviceSerialNumber": "45031",
    "EchoTime": 0.034,
    "EchoTrainLength": 29,
    "EffectiveEchoSpacing": 0.000344635,
    "FlipAngle": 71,
    "ImageType": [
      "ORIGINAL",
      "PRIMARY",
      "M",
      "ND",
      "NORM",
      "MOSAIC"
    ],
    "InstitutionAddress": "Washington_and_Faculty_Rd._-_Building_25_25_Princeton_NJ_US_085",
    "InstitutionName": "Princeton_University_-_Neuroscience_Institute",
    "MagneticFieldStrength": 3,
    "Manufacturer": "Siemens",
    "ManufacturersModelName": "Skyra",
    "PhaseEncodingDirection": "j-",
    "PhaseEncodingLines": 59,
    "ProcedureStepDescription": "NormanLab_Jarrod",
    "ProtocolName": "epi_3x3x3_2s_phase2_(214_TRs)",
    "RepetitionTime": 2,
    "ScanningSequence": "EP",
    "SequenceName": "_epfid2d1_59",
    "SequenceVariant": "SK_OSP",
    "SeriesDescription": "epi_3x3x3_2s_phase2_(214_TRs)",
    "SliceTiming": [
      0.99,
      0,
      1.0475,
      0.06,
      1.1075,
      0.1175,
      1.165,
      0.175,
      1.2225,
      0.2325,
      1.2825,
      0.2925,
      1.34,
      0.35,
      1.3975,
      0.4075,
      1.455,
      0.4675,
      1.515,
      0.525,
      1.5725,
      0.5825,
      1.63,
      0.64,
      1.69,
      0.7,
      1.7475,
      0.7575,
      1.805,
      0.815,
      1.865,
      0.875,
      1.9225,
      0.9325
    ],
    "SoftwareVersions": "syngo_MR_D11",
    "TaskName": "Phase 2",
    "TotalReadoutTime": 0.0196442,
    "TrueEchoSpacing": 0.00068927,
    "dataset": "ds001232",
    "modality": "bold",
    "run_id": 6,
    "subject_id": "06",
    "task_id": "phase2"
  },
  "dummy_trs": 0,
  "dvars_nstd": 43.22078522150235,
  "dvars_std": 1.271150219577465,
  "dvars_vstd": 1.1137779717840375,
  "efc": 0.6197091506766845,
  "fber": 876.9127197265625,
  "fd_mean": 0.600104842731952,
  "fd_num": 128,
  "fd_perc": 59.81308411214953,
  "fwhm_avg": 2.0321577357709226,
  "fwhm_x": 1.8354768188729886,
  "fwhm_y": 2.3366592629753886,
  "fwhm_z": 1.92433712546439,
  "gcor": 0.053935,
  "gsr_x": -0.0025757034309208393,
  "gsr_y": 0.045679762959480286,
  "provenance": {
    "md5sum": "dbf21989bb89c777c85dc7cc646dff7e",
    "settings": {
      "fd_thres": 0.2,
      "testing": false
    },
    "software": "mriqc",
    "version": "22.0.6",
    "webapi_port": null,
    "webapi_url": "https://mriqc.nimh.nih.gov/api/v1"
  },
  "size_t": 214,
  "size_x": 66,
  "size_y": 66,
  "size_z": 34,
  "snr": 5.092570339525976,
  "spacing_tr": 2.0,
  "spacing_x": 2.9696969985961914,
  "spacing_y": 2.9696969985961914,
  "spacing_z": 2.9999992847442627,
  "summary_bg_k": 15.01063395513976,
  "summary_bg_mad": 16.6965940600695,
  "summary_bg_mean": 55.63274002075195,
  "summary_bg_median": 24.864484786987305,
  "summary_bg_n": 73377.0,
  "summary_bg_p05": 10.943924903869629,
  "summary_bg_p95": 232.25887145996091,
  "summary_bg_stdv": 81.0611343383789,
  "summary_fg_k": 4.0163002893626665,
  "summary_fg_mad": 110.88347062732184,
  "summary_fg_mean": 792.1091918945312,
  "summary_fg_median": 770.3270263671875,
  "summary_fg_n": 40634.0,
  "summary_fg_p05": 611.676870727539,
  "summary_fg_p95": 1056.6424743652342,
  "summary_fg_stdv": 151.2630157470703,
  "tsnr": 34.922226537019014
}