{
  "aor": 0.00894514018691589,
  "aqi": 0.014488333457943925,
  "bids_meta": {
    "AccelFactPE": 2,
    "AcquisitionNumber": 1,
    "AcquisitionTime": "12:18:13.197500",
    "BandwidthPerPixelPhaseEncode": 49.18,
    "BodyPartExamined": "BRAIN",
    "ConversionSoftware": "dcm2niix",
    "ConversionSoftwareVersion": "v1.0.20170724 (OpenJPEG build) GCC6.1.0",
    "DeviceSerialNumber": "45031",
    "EchoTime": 0.034,
    "EchoTrainLength": 29,
    "EffectiveEchoSpacing": 0.000344635,
    "FlipAngle": 71,
    "ImageType": [
      "ORIGINAL",
      "PRIMARY",
      "M",
      "ND",
      "NORM",
      "MOSAIC"
    ],
    "InstitutionAddress": "Washington_and_Faculty_Rd._-_Building_25_25_Princeton_NJ_US_085",
    "InstitutionName": "Princeton_University_-_Neuroscience_Institute",
    "MagneticFieldStrength": 3,
    "Manufacturer": "Siemens",
    "ManufacturersModelName": "Skyra",
    "PhaseEncodingDirection": "j-",
    "PhaseEncodingLines": 59,
    "ProcedureStepDescription": "NormanLab_Jarrod",
    "ProtocolName": "epi_3x3x3_2s_phase2_(214_TRs)",
    "RepetitionTime": 2,
    "ScanningSequence": "EP",
    "SequenceName": "_epfid2d1_59",
    "SequenceVariant": "SK_OSP",
    "SeriesDescription": "epi_3x3x3_2s_phase2_(214_TRs)",
    "SliceTiming": [
      0.99,
      0,
      1.0475,
      0.0575,
      1.105,
      0.115,
      1.165,
      0.175,
      1.2225,
      0.2325,
      1.28,
      0.29,
      1.3375,
      0.3475,
      1.3975,
      0.4075,
      1.455,
      0.465,
      1.5125,
      0.5225,
      1.5725,
      0.5825,
      1.63,
      0.64,
      1.6875,
      0.6975,
      1.745,
      0.755,
      1.805,
      0.815,
      1.8625,
      0.8725,
      1.92,
      0.93
    ],
    "SoftwareVersions": "syngo_MR_D11",
    "TaskName": "Phase 2",
    "TotalReadoutTime": 0.0196442,
    "TrueEchoSpacing": 0.00068927,
    "dataset": "ds001232",
    "modality": "bold",
    "run_id": 2,
    "subject_id": "06",
    "task_id": "phase2"
  },
  "dummy_trs": 0,
  "dvars_nstd": 35.587671360938955,
  "dvars_std": 1.2572890133802819,
  "dvars_vstd": 1.0876895980751173,
  "efc": 0.6175009246545181,
  "fber": 1032.2269287109375,
  "fd_mean": 0.3658211181979656,
  "fd_num": 94,
  "fd_perc": 43.925233644859816,
  "fwhm_avg": 2.023084788018097,
  "fwhm_x": 1.8276982475201136,
  "fwhm_y": 2.31716232438961,
  "fwhm_z": 1.9243937921445669,
  "gcor": 0.0434426,
  "gsr_x": -0.0019212940242141485,
  "gsr_y": 0.04263751208782196,
  "provenance": {
    "md5sum": "e9e201dd76a2db51a90b9ee9f7c8075f",
    "settings": {
      "fd_thres": 0.2,
      "testing": false
    },
    "software": "mriqc",
    "version": "22.0.6",
    "webapi_port": null,
    "webapi_url": "https://mriqc.nimh.nih.gov/api/v1"
  },
  "size_t": 214,
  "size_x": 66,
  "size_y": 66,
  "size_z": 34,
  "snr": 5.076071071804879,
  "spacing_tr": 2.0,
  "spacing_x": 2.9696969985961914,
  "spacing_y": 2.9696969985961914,
  "spacing_z": 2.9999992847442627,
  "summary_bg_k": 15.274523499344081,
  "summary_bg_mad": 14.625109857441453,
  "summary_bg_mean": 53.735198974609375,
  "summary_bg_median": 23.140186309814453,
  "summary_bg_n": 73225.0,
  "summary_bg_p05": 10.799064636230469,
  "summary_bg_p95": 227.62055358886727,
  "summary_bg_stdv": 79.91278839111328,
  "summary_fg_k": 4.0457855054108744,
  "summary_fg_mad": 111.0288441908002,
  "summary_fg_mean": 795.4979248046875,
  "summary_fg_median": 773.0747680664062,
  "summary_fg_n": 40693.0,
  "summary_fg_p05": 615.0364379882812,
  "summary_fg_p95": 1065.6980712890625,
  "summary_fg_stdv": 152.29598999023438,
  "tsnr": 44.185016386792995
}