{
  "aor": 0.005186647058823529,
  "aqi": 0.009282226999999999,
  "bids_meta": {
    "AccelFactPE": 2,
    "AcquisitionNumber": 1,
    "AcquisitionTime": "11:51:0.232500",
    "BandwidthPerPixelPhaseEncode": 49.18,
    "BodyPartExamined": "BRAIN",
    "ConversionSoftware": "dcm2niix",
    "ConversionSoftwareVersion": "v1.0.20170724 (OpenJPEG build) GCC6.1.0",
    "DeviceSerialNumber": "45031",
    "EchoTime": 0.034,
    "EchoTrainLength": 29,
    "EffectiveEchoSpacing": 0.000344635,
    "FlipAngle": 71,
    "ImageType": [
      "ORIGINAL",
      "PRIMARY",
      "M",
      "ND",
      "NORM",
      "MOSAIC"
    ],
    "InstitutionAddress": "Washington_and_Faculty_Rd._-_Building_25_25_Princeton_NJ_US_085",
    "InstitutionName": "Princeton_University_-_Neuroscience_Institute",
    "MagneticFieldStrength": 3,
    "Manufacturer": "Siemens",
    "ManufacturersModelName": "Skyra",
    "PhaseEncodingDirection": "j-",
    "PhaseEncodingLines": 59,
    "ProcedureStepDescription": "NormanLab_Jarrod",
    "ProtocolName": "epi_3x3x3_2s_phase1",
    "RepetitionTime": 2,
    "ScanningSequence": "EP",
    "SequenceName": "_epfid2d1_59",
    "SequenceVariant": "SK_OSP",
    "SeriesDescription": "epi_3x3x3_2s_phase1",
    "SliceTiming": [
      0.99,
      0,
      1.0475,
      0.0575,
      1.1075,
      0.1175,
      1.165,
      0.175,
      1.2225,
      0.2325,
      1.28,
      0.29,
      1.34,
      0.35,
      1.3975,
      0.4075,
      1.455,
      0.465,
      1.515,
      0.525,
      1.5725,
      0.5825,
      1.63,
      0.64,
      1.6875,
      0.7,
      1.7475,
      0.7575,
      1.805,
      0.815,
      1.8625,
      0.8725,
      1.9225,
      0.9325
    ],
    "SoftwareVersions": "syngo_MR_D11",
    "TaskName": "Phase 1",
    "TotalReadoutTime": 0.0196442,
    "TrueEchoSpacing": 0.00068927,
    "dataset": "ds001232",
    "modality": "bold",
    "run_id": 2,
    "subject_id": "06",
    "task_id": "phase1"
  },
  "dummy_trs": 0,
  "dvars_nstd": 30.01748530834321,
  "dvars_std": 1.2353200827810655,
  "dvars_vstd": 1.063286164319526,
  "efc": 0.616128203290128,
  "fber": 1040.00048828125,
  "fd_mean": 0.15755563582521798,
  "fd_num": 27,
  "fd_perc": 15.882352941176471,
  "fwhm_avg": 2.021089254907617,
  "fwhm_x": 1.8297220230106235,
  "fwhm_y": 2.3121752836218143,
  "fwhm_z": 1.9213704580904145,
  "gcor": 0.0529361,
  "gsr_x": -0.0023184833116829395,
  "gsr_y": 0.0409153550863266,
  "provenance": {
    "md5sum": "8cf960e9b7f880cfbb76e376a9be45ce",
    "settings": {
      "fd_thres": 0.2,
      "testing": false
    },
    "software": "mriqc",
    "version": "22.0.6",
    "webapi_port": null,
    "webapi_url": "https://mriqc.nimh.nih.gov/api/v1"
  },
  "size_t": 170,
  "size_x": 66,
  "size_y": 66,
  "size_z": 34,
  "snr": 5.050809124897122,
  "spacing_tr": 2.0,
  "spacing_x": 2.9696969985961914,
  "spacing_y": 2.9696969985961914,
  "spacing_z": 2.9999992847442627,
  "summary_bg_k": 15.830395248533982,
  "summary_bg_mad": 14.485895327990024,
  "summary_bg_mean": 53.214263916015625,
  "summary_bg_median": 23.147058486938477,
  "summary_bg_n": 73229.0,
  "summary_bg_p05": 10.788235664367676,
  "summary_bg_p95": 226.38118286132746,
  "summary_bg_stdv": 79.68260192871094,
  "summary_fg_k": 4.06027086376978,
  "summary_fg_mad": 112.18938944545927,
  "summary_fg_mean": 797.8399658203125,
  "summary_fg_median": 775.5882568359375,
  "summary_fg_n": 40709.0,
  "summary_fg_p05": 616.5294311523437,
  "summary_fg_p95": 1072.1141357421873,
  "summary_fg_stdv": 153.5553436279297,
  "tsnr": 53.14448783732951
}