{
  "aor": 0.011601028037383177,
  "aqi": 0.02408951261682243,
  "bids_meta": {
    "AccelFactPE": 2,
    "AcquisitionNumber": 1,
    "AcquisitionTime": "12:25:45.685000",
    "BandwidthPerPixelPhaseEncode": 49.18,
    "BodyPartExamined": "BRAIN",
    "ConversionSoftware": "dcm2niix",
    "ConversionSoftwareVersion": "v1.0.20170724 (OpenJPEG build) GCC6.1.0",
    "DeviceSerialNumber": "45031",
    "EchoTime": 0.034,
    "EchoTrainLength": 29,
    "EffectiveEchoSpacing": 0.000344635,
    "FlipAngle": 71,
    "ImageType": [
      "ORIGINAL",
      "PRIMARY",
      "M",
      "ND",
      "NORM",
      "MOSAIC"
    ],
    "InstitutionAddress": "Washington_and_Faculty_Rd._-_Building_25_25_Princeton_NJ_US_085",
    "InstitutionName": "Princeton_University_-_Neuroscience_Institute",
    "MagneticFieldStrength": 3,
    "Manufacturer": "Siemens",
    "ManufacturersModelName": "Skyra",
    "PhaseEncodingDirection": "j-",
    "PhaseEncodingLines": 59,
    "ProcedureStepDescription": "NormanLab_Jarrod",
    "ProtocolName": "epi_3x3x3_2s_phase2_(214_TRs)",
    "RepetitionTime": 2,
    "ScanningSequence": "EP",
    "SequenceName": "_epfid2d1_59",
    "SequenceVariant": "SK_OSP",
    "SeriesDescription": "epi_3x3x3_2s_phase2_(214_TRs)",
    "SliceTiming": [
      0.99,
      0,
      1.0475,
      0.06,
      1.1075,
      0.1175,
      1.165,
      0.175,
      1.2225,
      0.2325,
      1.2825,
      0.2925,
      1.34,
      0.35,
      1.3975,
      0.4075,
      1.455,
      0.4675,
      1.515,
      0.525,
      1.5725,
      0.5825,
      1.63,
      0.64,
      1.69,
      0.7,
      1.7475,
      0.7575,
      1.805,
      0.815,
      1.8625,
      0.875,
      1.9225,
      0.9325
    ],
    "SoftwareVersions": "syngo_MR_D11",
    "TaskName": "Phase 2",
    "TotalReadoutTime": 0.0196442,
    "TrueEchoSpacing": 0.00068927,
    "dataset": "ds001232",
    "modality": "bold",
    "run_id": 3,
    "subject_id": "06",
    "task_id": "phase2"
  },
  "dummy_trs": 0,
  "dvars_nstd": 44.22170517258221,
  "dvars_std": 1.2664005576056343,
  "dvars_vstd": 1.103319679201878,
  "efc": 0.6184210454727886,
  "fber": 983.853759765625,
  "fd_mean": 0.6719643045685426,
  "fd_num": 145,
  "fd_perc": 67.75700934579439,
  "fwhm_avg": 2.048294177594967,
  "fwhm_x": 1.849892430977603,
  "fwhm_y": 2.345606303704648,
  "fwhm_z": 1.9493837981026487,
  "gcor": 0.0505929,
  "gsr_x": -0.0036074130330234766,
  "gsr_y": 0.04374563694000244,
  "provenance": {
    "md5sum": "530054ef05826b4ad5fe80ca875efd1a",
    "settings": {
      "fd_thres": 0.2,
      "testing": false
    },
    "software": "mriqc",
    "version": "22.0.6",
    "webapi_port": null,
    "webapi_url": "https://mriqc.nimh.nih.gov/api/v1"
  },
  "size_t": 214,
  "size_x": 66,
  "size_y": 66,
  "size_z": 34,
  "snr": 5.09134303607443,
  "spacing_tr": 2.0,
  "spacing_x": 2.9696969985961914,
  "spacing_y": 2.9696969985961914,
  "spacing_z": 2.9999992847442627,
  "summary_bg_k": 15.070401346590018,
  "summary_bg_mad": 15.50497226526404,
  "summary_bg_mean": 53.542171478271484,
  "summary_bg_median": 23.71495246887207,
  "summary_bg_n": 72964.0,
  "summary_bg_p05": 10.644859313964844,
  "summary_bg_p95": 221.73293991088863,
  "summary_bg_stdv": 77.9407958984375,
  "summary_fg_k": 4.399824933317014,
  "summary_fg_mad": 109.33494581871727,
  "summary_fg_mean": 799.10498046875,
  "summary_fg_median": 776.5980834960938,
  "summary_fg_n": 40974.0,
  "summary_fg_p05": 620.7439239501953,
  "summary_fg_p95": 1065.1406188964836,
  "summary_fg_stdv": 152.53118896484375,
  "tsnr": 34.531079062842764
}