{
  "aor": 0.005160823529411765,
  "aqi": 0.00929977588235294,
  "bids_meta": {
    "AccelFactPE": 2,
    "AcquisitionNumber": 1,
    "AcquisitionTime": "11:57:5.002500",
    "BandwidthPerPixelPhaseEncode": 49.18,
    "BodyPartExamined": "BRAIN",
    "ConversionSoftware": "dcm2niix",
    "ConversionSoftwareVersion": "v1.0.20170724 (OpenJPEG build) GCC6.1.0",
    "DeviceSerialNumber": "45031",
    "EchoTime": 0.034,
    "EchoTrainLength": 29,
    "EffectiveEchoSpacing": 0.000344635,
    "FlipAngle": 71,
    "ImageType": [
      "ORIGINAL",
      "PRIMARY",
      "M",
      "ND",
      "NORM",
      "MOSAIC"
    ],
    "InstitutionAddress": "Washington_and_Faculty_Rd._-_Building_25_25_Princeton_NJ_US_085",
    "InstitutionName": "Princeton_University_-_Neuroscience_Institute",
    "MagneticFieldStrength": 3,
    "Manufacturer": "Siemens",
    "ManufacturersModelName": "Skyra",
    "PhaseEncodingDirection": "j-",
    "PhaseEncodingLines": 59,
    "ProcedureStepDescription": "NormanLab_Jarrod",
    "ProtocolName": "epi_3x3x3_2s_phase1",
    "RepetitionTime": 2,
    "ScanningSequence": "EP",
    "SequenceName": "_epfid2d1_59",
    "SequenceVariant": "SK_OSP",
    "SeriesDescription": "epi_3x3x3_2s_phase1",
    "SliceTiming": [
      0.9875,
      0,
      1.0475,
      0.0575,
      1.105,
      0.115,
      1.1625,
      0.1725,
      1.2225,
      0.2325,
      1.28,
      0.29,
      1.3375,
      0.3475,
      1.395,
      0.4075,
      1.455,
      0.465,
      1.5125,
      0.5225,
      1.57,
      0.58,
      1.63,
      0.64,
      1.6875,
      0.6975,
      1.745,
      0.755,
      1.805,
      0.815,
      1.8625,
      0.8725,
      1.92,
      0.93
    ],
    "SoftwareVersions": "syngo_MR_D11",
    "TaskName": "Phase 1",
    "TotalReadoutTime": 0.0196442,
    "TrueEchoSpacing": 0.00068927,
    "dataset": "ds001232",
    "modality": "bold",
    "run_id": 3,
    "subject_id": "06",
    "task_id": "phase1"
  },
  "dummy_trs": 0,
  "dvars_nstd": 29.831233504556216,
  "dvars_std": 1.2347690549704147,
  "dvars_vstd": 1.0607669960355022,
  "efc": 0.6165723848479867,
  "fber": 1026.8385009765625,
  "fd_mean": 0.13922243153996428,
  "fd_num": 19,
  "fd_perc": 11.176470588235293,
  "fwhm_avg": 2.013852008926189,
  "fwhm_x": 1.8252905944823188,
  "fwhm_y": 2.308844977531774,
  "fwhm_z": 1.9074204547644746,
  "gcor": 0.0618536,
  "gsr_x": -0.001594086643308401,
  "gsr_y": 0.04110317677259445,
  "provenance": {
    "md5sum": "035421a666462ebfcb9cde234711757e",
    "settings": {
      "fd_thres": 0.2,
      "testing": false
    },
    "software": "mriqc",
    "version": "22.0.6",
    "webapi_port": null,
    "webapi_url": "https://mriqc.nimh.nih.gov/api/v1"
  },
  "size_t": 170,
  "size_x": 66,
  "size_y": 66,
  "size_z": 34,
  "snr": 5.051650931886309,
  "spacing_tr": 2.0,
  "spacing_x": 2.9696969985961914,
  "spacing_y": 2.9696969985961914,
  "spacing_z": 2.9999992847442627,
  "summary_bg_k": 15.19710165789638,
  "summary_bg_mad": 14.573108720287637,
  "summary_bg_mean": 53.517852783203125,
  "summary_bg_median": 23.182353973388672,
  "summary_bg_n": 73243.0,
  "summary_bg_p05": 10.770588874816895,
  "summary_bg_p95": 229.508242797851,
  "summary_bg_stdv": 80.0078353881836,
  "summary_fg_k": 4.009271664843744,
  "summary_fg_mad": 112.10215625828646,
  "summary_fg_mean": 795.06103515625,
  "summary_fg_median": 773.1353149414062,
  "summary_fg_n": 40723.0,
  "summary_fg_p05": 614.1135192871094,
  "summary_fg_p95": 1066.0011840820316,
  "summary_fg_stdv": 153.044189453125,
  "tsnr": 51.43923272565007
}