{
  "aor": 0.006445727699530516,
  "aqi": 0.019905931549295777,
  "bids_meta": {
    "AccelFactPE": 2,
    "AcquisitionNumber": 1,
    "AcquisitionTime": "12:33:18.720000",
    "BandwidthPerPixelPhaseEncode": 49.18,
    "BodyPartExamined": "BRAIN",
    "ConversionSoftware": "dcm2niix",
    "ConversionSoftwareVersion": "v1.0.20170724 (OpenJPEG build) GCC6.1.0",
    "DeviceSerialNumber": "45031",
    "EchoTime": 0.034,
    "EchoTrainLength": 29,
    "EffectiveEchoSpacing": 0.000344635,
    "FlipAngle": 71,
    "ImageType": [
      "ORIGINAL",
      "PRIMARY",
      "M",
      "ND",
      "NORM",
      "MOSAIC"
    ],
    "InstitutionAddress": "Washington_and_Faculty_Rd._-_Building_25_25_Princeton_NJ_US_085",
    "InstitutionName": "Princeton_University_-_Neuroscience_Institute",
    "MagneticFieldStrength": 3,
    "Manufacturer": "Siemens",
    "ManufacturersModelName": "Skyra",
    "PhaseEncodingDirection": "j-",
    "PhaseEncodingLines": 59,
    "ProcedureStepDescription": "NormanLab_Jarrod",
    "ProtocolName": "epi_3x3x3_2s_phase2_(214_TRs)",
    "RepetitionTime": 2,
    "ScanningSequence": "EP",
    "SequenceName": "_epfid2d1_59",
    "SequenceVariant": "SK_OSP",
    "SeriesDescription": "epi_3x3x3_2s_phase2_(214_TRs)",
    "SliceTiming": [
      0.99,
      0,
      1.0475,
      0.0575,
      1.105,
      0.115,
      1.165,
      0.175,
      1.2225,
      0.2325,
      1.28,
      0.29,
      1.3375,
      0.35,
      1.3975,
      0.4075,
      1.455,
      0.465,
      1.5125,
      0.5225,
      1.5725,
      0.5825,
      1.63,
      0.64,
      1.6875,
      0.6975,
      1.745,
      0.7575,
      1.805,
      0.815,
      1.8625,
      0.8725,
      1.92,
      0.93
    ],
    "SoftwareVersions": "syngo_MR_D11",
    "TaskName": "Phase 2",
    "TotalReadoutTime": 0.0196442,
    "TrueEchoSpacing": 0.00068927,
    "dataset": "ds001232",
    "modality": "bold",
    "run_id": 4,
    "subject_id": "06",
    "task_id": "phase2"
  },
  "dummy_trs": 1,
  "dvars_nstd": 41.840433669575475,
  "dvars_std": 1.1905954199528301,
  "dvars_vstd": 1.0471007016037732,
  "efc": 0.6188091714885567,
  "fber": 1005.9409790039062,
  "fd_mean": 0.6493062679856089,
  "fd_num": 148,
  "fd_perc": 69.48356807511738,
  "fwhm_avg": 2.043810352973886,
  "fwhm_x": 1.8627388594240182,
  "fwhm_y": 2.3652850790233506,
  "fwhm_z": 1.9034071204742877,
  "gcor": 0.0623508,
  "gsr_x": -0.002746743615716696,
  "gsr_y": 0.043767061084508896,
  "provenance": {
    "md5sum": "9801467fd21a532e622a31ee223e0848",
    "settings": {
      "fd_thres": 0.2,
      "testing": false
    },
    "software": "mriqc",
    "version": "22.0.6",
    "webapi_port": null,
    "webapi_url": "https://mriqc.nimh.nih.gov/api/v1"
  },
  "size_t": 213,
  "size_x": 66,
  "size_y": 66,
  "size_z": 34,
  "snr": 5.078010167989504,
  "spacing_tr": 2.0,
  "spacing_x": 2.9696969985961914,
  "spacing_y": 2.9696969985961914,
  "spacing_z": 2.9999992847442627,
  "summary_bg_k": 15.210051135744802,
  "summary_bg_mad": 15.431595490732136,
  "summary_bg_mean": 54.12028121948242,
  "summary_bg_median": 23.51643180847168,
  "summary_bg_n": 72961.0,
  "summary_bg_p05": 10.563380241394043,
  "summary_bg_p95": 225.2488250732422,
  "summary_bg_stdv": 79.55037689208984,
  "summary_fg_k": 4.132849927168323,
  "summary_fg_mad": 110.54082699326597,
  "summary_fg_mean": 797.8590087890625,
  "summary_fg_median": 775.5962524414062,
  "summary_fg_n": 40969.0,
  "summary_fg_p05": 617.0591552734375,
  "summary_fg_p95": 1064.9849609374999,
  "summary_fg_stdv": 152.73439025878906,
  "tsnr": 37.19347050017677
}