{
  "aor": 0.0086896261682243,
  "aqi": 0.01700748397196262,
  "bids_meta": {
    "AccelFactPE": 2,
    "AcquisitionNumber": 1,
    "AcquisitionTime": "10:36:7.087500",
    "BandwidthPerPixelPhaseEncode": 49.18,
    "BodyPartExamined": "BRAIN",
    "ConversionSoftware": "dcm2niix",
    "ConversionSoftwareVersion": "v1.0.20170724 (OpenJPEG build) GCC6.1.0",
    "DeviceSerialNumber": "45031",
    "EchoTime": 0.034,
    "EchoTrainLength": 29,
    "EffectiveEchoSpacing": 0.000344635,
    "FlipAngle": 71,
    "ImageType": [
      "ORIGINAL",
      "PRIMARY",
      "M",
      "ND",
      "NORM",
      "MOSAIC"
    ],
    "InstitutionAddress": "Washington_and_Faculty_Rd._-_Building_25_25_Princeton_NJ_US_085",
    "InstitutionName": "Princeton_University_-_Neuroscience_Institute",
    "MagneticFieldStrength": 3,
    "Manufacturer": "Siemens",
    "ManufacturersModelName": "Skyra",
    "PhaseEncodingDirection": "j-",
    "PhaseEncodingLines": 59,
    "ProcedureStepDescription": "NormanLab_Jarrod",
    "ProtocolName": "epi_3x3x3_2s_phase2_(214_TRs)",
    "RepetitionTime": 2,
    "ScanningSequence": "EP",
    "SequenceName": "_epfid2d1_59",
    "SequenceVariant": "SK_OSP",
    "SeriesDescription": "epi_3x3x3_2s_phase2_(214_TRs)",
    "SliceTiming": [
      0.99,
      0,
      1.0475,
      0.0575,
      1.1075,
      0.1175,
      1.165,
      0.175,
      1.2225,
      0.2325,
      1.2825,
      0.2925,
      1.34,
      0.35,
      1.3975,
      0.4075,
      1.455,
      0.465,
      1.515,
      0.525,
      1.5725,
      0.5825,
      1.63,
      0.64,
      1.69,
      0.7,
      1.7475,
      0.7575,
      1.805,
      0.815,
      1.8625,
      0.875,
      1.9225,
      0.9325
    ],
    "SoftwareVersions": "syngo_MR_D11",
    "TaskName": "Phase 2",
    "TotalReadoutTime": 0.0196442,
    "TrueEchoSpacing": 0.00068927,
    "dataset": "ds001232",
    "modality": "bold",
    "run_id": 6,
    "subject_id": "01",
    "task_id": "phase2"
  },
  "dummy_trs": 0,
  "dvars_nstd": 33.25645701075118,
  "dvars_std": 1.1707643268075114,
  "dvars_vstd": 1.0868640382159624,
  "efc": 0.5970016473648191,
  "fber": 1460.73193359375,
  "fd_mean": 0.39004321982120826,
  "fd_num": 106,
  "fd_perc": 49.532710280373834,
  "fwhm_avg": 1.7482886732923086,
  "fwhm_x": 1.5949236579485946,
  "fwhm_y": 1.9389587566414779,
  "fwhm_z": 1.7109836052868534,
  "gcor": 0.0436271,
  "gsr_x": -0.006202063523232937,
  "gsr_y": 0.047471486032009125,
  "provenance": {
    "md5sum": "cd1f7b53135a982335fb4346957bd69a",
    "settings": {
      "fd_thres": 0.2,
      "testing": false
    },
    "software": "mriqc",
    "version": "22.0.6",
    "webapi_port": null,
    "webapi_url": "https://mriqc.nimh.nih.gov/api/v1"
  },
  "size_t": 214,
  "size_x": 66,
  "size_y": 66,
  "size_z": 34,
  "snr": 6.341540279089846,
  "spacing_tr": 2.0,
  "spacing_x": 2.9696969985961914,
  "spacing_y": 2.9696969985961914,
  "spacing_z": 2.999999523162842,
  "summary_bg_k": 73.43433402094266,
  "summary_bg_mad": 13.703676797776478,
  "summary_bg_mean": 37.944454193115234,
  "summary_bg_median": 21.364484786987305,
  "summary_bg_n": 72896.0,
  "summary_bg_p05": 8.008177757263184,
  "summary_bg_p95": 111.55840492248535,
  "summary_bg_stdv": 61.60673522949219,
  "summary_fg_k": 2.369191950779303,
  "summary_fg_mad": 126.78325733415446,
  "summary_fg_mean": 851.5845336914062,
  "summary_fg_median": 841.64013671875,
  "summary_fg_n": 40272.0,
  "summary_fg_p05": 666.2408660888672,
  "summary_fg_p95": 1067.919592285156,
  "summary_fg_stdv": 132.7169189453125,
  "tsnr": 41.27678539417684
}