{
  "aor": 0.006340934579439252,
  "aqi": 0.01888959214953271,
  "bids_meta": {
    "AccelFactPE": 2,
    "AcquisitionNumber": 1,
    "AcquisitionTime": "10:13:15.800000",
    "BandwidthPerPixelPhaseEncode": 49.18,
    "BodyPartExamined": "BRAIN",
    "ConversionSoftware": "dcm2niix",
    "ConversionSoftwareVersion": "v1.0.20170724 (OpenJPEG build) GCC6.1.0",
    "DeviceSerialNumber": "45031",
    "EchoTime": 0.034,
    "EchoTrainLength": 29,
    "EffectiveEchoSpacing": 0.000344635,
    "FlipAngle": 71,
    "ImageType": [
      "ORIGINAL",
      "PRIMARY",
      "M",
      "ND",
      "NORM",
      "MOSAIC"
    ],
    "InstitutionAddress": "Washington_and_Faculty_Rd._-_Building_25_25_Princeton_NJ_US_085",
    "InstitutionName": "Princeton_University_-_Neuroscience_Institute",
    "MagneticFieldStrength": 3,
    "Manufacturer": "Siemens",
    "ManufacturersModelName": "Skyra",
    "PhaseEncodingDirection": "j-",
    "PhaseEncodingLines": 59,
    "ProcedureStepDescription": "NormanLab_Jarrod",
    "ProtocolName": "epi_3x3x3_2s_phase2_(214_TRs)",
    "RepetitionTime": 2,
    "ScanningSequence": "EP",
    "SequenceName": "_epfid2d1_59",
    "SequenceVariant": "SK_OSP",
    "SeriesDescription": "epi_3x3x3_2s_phase2_(214_TRs)",
    "SliceTiming": [
      0.99,
      0,
      1.0475,
      0.0575,
      1.1075,
      0.1175,
      1.165,
      0.175,
      1.2225,
      0.2325,
      1.28,
      0.2925,
      1.34,
      0.35,
      1.3975,
      0.4075,
      1.455,
      0.465,
      1.515,
      0.525,
      1.5725,
      0.5825,
      1.63,
      0.64,
      1.6875,
      0.7,
      1.7475,
      0.7575,
      1.805,
      0.815,
      1.8625,
      0.8725,
      1.9225,
      0.9325
    ],
    "SoftwareVersions": "syngo_MR_D11",
    "TaskName": "Phase 2",
    "TotalReadoutTime": 0.0196442,
    "TrueEchoSpacing": 0.00068927,
    "dataset": "ds001232",
    "modality": "bold",
    "run_id": 3,
    "subject_id": "01",
    "task_id": "phase2"
  },
  "dummy_trs": 0,
  "dvars_nstd": 33.85838052807512,
  "dvars_std": 1.1478789448356812,
  "dvars_vstd": 1.0569729412676065,
  "efc": 0.5966043030897529,
  "fber": 1504.48779296875,
  "fd_mean": 0.434398408040297,
  "fd_num": 117,
  "fd_perc": 54.67289719626168,
  "fwhm_avg": 1.7399792741488191,
  "fwhm_x": 1.5851482498804574,
  "fwhm_y": 1.9261426343172168,
  "fwhm_z": 1.7086469382487834,
  "gcor": 0.0347469,
  "gsr_x": -0.007053825538605452,
  "gsr_y": 0.04679093509912491,
  "provenance": {
    "md5sum": "09f0da6a7c77bb01190a5b89bccb268b",
    "settings": {
      "fd_thres": 0.2,
      "testing": false
    },
    "software": "mriqc",
    "version": "22.0.6",
    "webapi_port": null,
    "webapi_url": "https://mriqc.nimh.nih.gov/api/v1"
  },
  "size_t": 214,
  "size_x": 66,
  "size_y": 66,
  "size_z": 34,
  "snr": 6.4288945439066305,
  "spacing_tr": 2.0,
  "spacing_x": 2.9696969985961914,
  "spacing_y": 2.9696969985961914,
  "spacing_z": 2.999999523162842,
  "summary_bg_k": 83.50394430080964,
  "summary_bg_mad": 13.433483820877019,
  "summary_bg_mean": 37.13539505004883,
  "summary_bg_median": 21.172897338867188,
  "summary_bg_n": 72755.0,
  "summary_bg_p05": 8.018691062927246,
  "summary_bg_p95": 109.0901840209961,
  "summary_bg_stdv": 60.42353057861328,
  "summary_fg_k": 2.5729849771033004,
  "summary_fg_mad": 126.21863962526982,
  "summary_fg_mean": 856.2657470703125,
  "summary_fg_median": 847.0630493164062,
  "summary_fg_n": 40414.0,
  "summary_fg_p05": 673.1193481445313,
  "summary_fg_p95": 1070.004638671875,
  "summary_fg_stdv": 131.75711059570312,
  "tsnr": 40.61740554869175
}