{
  "aor": 0.009125981308411217,
  "aqi": 0.0227269888317757,
  "bids_meta": {
    "AccelFactPE": 2,
    "AcquisitionNumber": 1,
    "AcquisitionTime": "10:20:50.785000",
    "BandwidthPerPixelPhaseEncode": 49.18,
    "BodyPartExamined": "BRAIN",
    "ConversionSoftware": "dcm2niix",
    "ConversionSoftwareVersion": "v1.0.20170724 (OpenJPEG build) GCC6.1.0",
    "DeviceSerialNumber": "45031",
    "EchoTime": 0.034,
    "EchoTrainLength": 29,
    "EffectiveEchoSpacing": 0.000344635,
    "FlipAngle": 71,
    "ImageType": [
      "ORIGINAL",
      "PRIMARY",
      "M",
      "ND",
      "NORM",
      "MOSAIC"
    ],
    "InstitutionAddress": "Washington_and_Faculty_Rd._-_Building_25_25_Princeton_NJ_US_085",
    "InstitutionName": "Princeton_University_-_Neuroscience_Institute",
    "MagneticFieldStrength": 3,
    "Manufacturer": "Siemens",
    "ManufacturersModelName": "Skyra",
    "PhaseEncodingDirection": "j-",
    "PhaseEncodingLines": 59,
    "ProcedureStepDescription": "NormanLab_Jarrod",
    "ProtocolName": "epi_3x3x3_2s_phase2_(214_TRs)",
    "RepetitionTime": 2,
    "ScanningSequence": "EP",
    "SequenceName": "_epfid2d1_59",
    "SequenceVariant": "SK_OSP",
    "SeriesDescription": "epi_3x3x3_2s_phase2_(214_TRs)",
    "SliceTiming": [
      0.99,
      0,
      1.0475,
      0.0575,
      1.105,
      0.115,
      1.165,
      0.175,
      1.2225,
      0.2325,
      1.28,
      0.29,
      1.3375,
      0.35,
      1.3975,
      0.4075,
      1.455,
      0.465,
      1.5125,
      0.5225,
      1.5725,
      0.5825,
      1.63,
      0.64,
      1.6875,
      0.6975,
      1.7475,
      0.7575,
      1.805,
      0.815,
      1.8625,
      0.8725,
      1.92,
      0.93
    ],
    "SoftwareVersions": "syngo_MR_D11",
    "TaskName": "Phase 2",
    "TotalReadoutTime": 0.0196442,
    "TrueEchoSpacing": 0.00068927,
    "dataset": "ds001232",
    "modality": "bold",
    "run_id": 4,
    "subject_id": "01",
    "task_id": "phase2"
  },
  "dummy_trs": 0,
  "dvars_nstd": 37.80616671582159,
  "dvars_std": 1.1772787501877937,
  "dvars_vstd": 1.079804856103286,
  "efc": 0.5980902545177765,
  "fber": 1447.9237060546875,
  "fd_mean": 0.5779208303676167,
  "fd_num": 137,
  "fd_perc": 64.01869158878505,
  "fwhm_avg": 1.7465662809723403,
  "fwhm_x": 1.594698045705892,
  "fwhm_y": 1.9348438587223378,
  "fwhm_z": 1.7101569384887916,
  "gcor": 0.0461008,
  "gsr_x": -0.007946890778839588,
  "gsr_y": 0.04778003320097923,
  "provenance": {
    "md5sum": "45f852ad0a639dbfdfb0eb99984151b2",
    "settings": {
      "fd_thres": 0.2,
      "testing": false
    },
    "software": "mriqc",
    "version": "22.0.6",
    "webapi_port": null,
    "webapi_url": "https://mriqc.nimh.nih.gov/api/v1"
  },
  "size_t": 214,
  "size_x": 66,
  "size_y": 66,
  "size_z": 34,
  "snr": 6.391987707862094,
  "spacing_tr": 2.0,
  "spacing_x": 2.9696969985961914,
  "spacing_y": 2.9696969985961914,
  "spacing_z": 2.999999523162842,
  "summary_bg_k": 76.2062410047088,
  "summary_bg_mad": 13.76603206858023,
  "summary_bg_mean": 37.78231430053711,
  "summary_bg_median": 21.448596954345703,
  "summary_bg_n": 72771.0,
  "summary_bg_p05": 8.014018058776855,
  "summary_bg_p95": 110.87382888793945,
  "summary_bg_stdv": 60.4556770324707,
  "summary_fg_k": 2.4590147994213236,
  "summary_fg_mad": 126.19438807530891,
  "summary_fg_mean": 850.640380859375,
  "summary_fg_median": 841.6261596679688,
  "summary_fg_n": 40411.0,
  "summary_fg_p05": 666.6378479003906,
  "summary_fg_p95": 1065.607421875,
  "summary_fg_stdv": 131.66729736328125,
  "tsnr": 36.06108385941479
}