{
  "aor": 0.002056235294117647,
  "aqi": 0.00838040788235294,
  "bids_meta": {
    "AccelFactPE": 2,
    "AcquisitionNumber": 1,
    "AcquisitionTime": "09:49:3.067500",
    "BandwidthPerPixelPhaseEncode": 49.18,
    "BodyPartExamined": "BRAIN",
    "ConversionSoftware": "dcm2niix",
    "ConversionSoftwareVersion": "v1.0.20170724 (OpenJPEG build) GCC6.1.0",
    "DeviceSerialNumber": "45031",
    "EchoTime": 0.034,
    "EchoTrainLength": 29,
    "EffectiveEchoSpacing": 0.000344635,
    "FlipAngle": 71,
    "ImageType": [
      "ORIGINAL",
      "PRIMARY",
      "M",
      "ND",
      "NORM",
      "MOSAIC"
    ],
    "InstitutionAddress": "Washington_and_Faculty_Rd._-_Building_25_25_Princeton_NJ_US_085",
    "InstitutionName": "Princeton_University_-_Neuroscience_Institute",
    "MagneticFieldStrength": 3,
    "Manufacturer": "Siemens",
    "ManufacturersModelName": "Skyra",
    "PhaseEncodingDirection": "j-",
    "PhaseEncodingLines": 59,
    "ProcedureStepDescription": "NormanLab_Jarrod",
    "ProtocolName": "epi_3x3x3_2s_phase1",
    "RepetitionTime": 2,
    "ScanningSequence": "EP",
    "SequenceName": "_epfid2d1_59",
    "SequenceVariant": "SK_OSP",
    "SeriesDescription": "epi_3x3x3_2s_phase1",
    "SliceTiming": [
      0.9875,
      0,
      1.0475,
      0.0575,
      1.105,
      0.115,
      1.1625,
      0.1725,
      1.2225,
      0.2325,
      1.28,
      0.29,
      1.3375,
      0.3475,
      1.395,
      0.4075,
      1.455,
      0.465,
      1.5125,
      0.5225,
      1.57,
      0.58,
      1.63,
      0.64,
      1.6875,
      0.6975,
      1.745,
      0.755,
      1.805,
      0.815,
      1.8625,
      0.8725,
      1.92,
      0.93
    ],
    "SoftwareVersions": "syngo_MR_D11",
    "TaskName": "Phase 1",
    "TotalReadoutTime": 0.0196442,
    "TrueEchoSpacing": 0.00068927,
    "dataset": "ds001232",
    "modality": "bold",
    "run_id": 4,
    "subject_id": "01",
    "task_id": "phase1"
  },
  "dummy_trs": 0,
  "dvars_nstd": 26.38027060230769,
  "dvars_std": 1.1358038285798813,
  "dvars_vstd": 1.0364784765680473,
  "efc": 0.5968620946416867,
  "fber": 1564.5980224609375,
  "fd_mean": 0.10227901344194897,
  "fd_num": 6,
  "fd_perc": 3.5294117647058822,
  "fwhm_avg": 1.723268037058644,
  "fwhm_x": 1.5794709029969303,
  "fwhm_y": 1.9070329406256292,
  "fwhm_z": 1.683300267553372,
  "gcor": 0.0596268,
  "gsr_x": -0.008311886340379715,
  "gsr_y": 0.04525904729962349,
  "provenance": {
    "md5sum": "ef890001608d9621d417ef32ca4bf79f",
    "settings": {
      "fd_thres": 0.2,
      "testing": false
    },
    "software": "mriqc",
    "version": "22.0.6",
    "webapi_port": null,
    "webapi_url": "https://mriqc.nimh.nih.gov/api/v1"
  },
  "size_t": 170,
  "size_x": 66,
  "size_y": 66,
  "size_z": 34,
  "snr": 6.348836244711319,
  "spacing_tr": 2.0,
  "spacing_x": 2.9696969985961914,
  "spacing_y": 2.9696969985961914,
  "spacing_z": 2.999999523162842,
  "summary_bg_k": 84.38632339079584,
  "summary_bg_mad": 12.73293753182438,
  "summary_bg_mean": 36.53440856933594,
  "summary_bg_median": 20.723529815673828,
  "summary_bg_n": 72555.0,
  "summary_bg_p05": 8.05294132232666,
  "summary_bg_p95": 106.67000503540044,
  "summary_bg_stdv": 60.96909713745117,
  "summary_fg_k": 2.546040756434609,
  "summary_fg_mad": 126.20429682426682,
  "summary_fg_mean": 855.9259643554688,
  "summary_fg_median": 846.3353271484375,
  "summary_fg_n": 40524.0,
  "summary_fg_p05": 669.1103088378907,
  "summary_fg_p95": 1071.0923583984375,
  "summary_fg_stdv": 133.30393981933594,
  "tsnr": 57.19413333653938
}