{
  "bids_meta": {
    "AcquisitionNumber": 1,
    "AcquisitionTime": "15:40:15.090000",
    "BodyPartExamined": "BRAIN",
    "ConversionSoftware": "dcm2niix",
    "ConversionSoftwareVersion": "v1.0.20170724 (OpenJPEG build) GCC6.1.0",
    "DeviceSerialNumber": "45031",
    "EchoTime": 0.00308,
    "FlipAngle": 9,
    "ImageType": [
      "ORIGINAL",
      "PRIMARY",
      "M",
      "ND",
      "NORM"
    ],
    "InstitutionAddress": "Washington_and_Faculty_Rd._-_Building_25_25_Princeton_NJ_US_085",
    "InstitutionName": "Princeton_University_-_Neuroscience_Institute",
    "InversionTime": 0.9,
    "MagneticFieldStrength": 3,
    "Manufacturer": "Siemens",
    "ManufacturersModelName": "Skyra",
    "PhaseEncodingDirection": "i-",
    "PhaseEncodingLines": 224,
    "ProcedureStepDescription": "NormanLab_Jarrod",
    "ProtocolName": "long_mprage",
    "RepetitionTime": 2.3,
    "ScanningSequence": "GR_IR",
    "SequenceName": "_tfl3d1_16ns",
    "SequenceVariant": "SK_SP_MP",
    "SeriesDescription": "long_mprage",
    "SoftwareVersions": "syngo_MR_D11",
    "dataset": "ds001232",
    "modality": "T1w",
    "subject_id": "14"
  },
  "cjv": 0.36279382128835597,
  "cnr": 3.6711512896597793,
  "efc": 0.6296826226512076,
  "fber": 5812.727459916123,
  "fwhm_avg": 3.8435244489471447,
  "fwhm_x": 3.808100619568707,
  "fwhm_y": 4.13295709090909,
  "fwhm_z": 3.5895156363636365,
  "icvs_csf": 0.21565017974279388,
  "icvs_gm": 0.43444358890770274,
  "icvs_wm": 0.3499062313495034,
  "inu_med": 0.5946530699729919,
  "inu_range": 0.2595039248466492,
  "provenance": {
    "md5sum": "e5730fdf8f89cf38b1ff1d20a958854f",
    "settings": {
      "testing": false
    },
    "software": "mriqc",
    "version": "22.0.6",
    "warnings": {
      "large_rot_frame": true,
      "small_air_mask": false
    },
    "webapi_port": null,
    "webapi_url": "https://mriqc.nimh.nih.gov/api/v1"
  },
  "qi_1": 0.0002268787832037099,
  "qi_2": 0.0029901052602485283,
  "rpve_csf": 15.184177811550152,
  "rpve_gm": 7.68389363198657,
  "rpve_wm": 10.683805072831271,
  "size_x": 176,
  "size_y": 224,
  "size_z": 256,
  "snr_csf": 1.957622288319454,
  "snr_gm": 10.236764279351673,
  "snr_total": 10.488538495381084,
  "snr_wm": 19.271228918472126,
  "snrd_csf": 13.104140950048073,
  "snrd_gm": 36.24949646566439,
  "snrd_total": 34.0742954675485,
  "snrd_wm": 52.86924898693305,
  "spacing_x": 0.9000024795532227,
  "spacing_y": 0.859375,
  "spacing_z": 0.859375,
  "summary_bg_k": 588.3525070792552,
  "summary_bg_mad": 0.0,
  "summary_bg_mean": 6.187674458712689,
  "summary_bg_median": 0.0,
  "summary_bg_n": 2096267.0,
  "summary_bg_p05": 0.0,
  "summary_bg_p95": 28.035769760608673,
  "summary_bg_stdv": 12.392062152997214,
  "summary_csf_k": 1.5418684015174495,
  "summary_csf_mad": 111.28602773711842,
  "summary_csf_mean": 258.4954732763267,
  "summary_csf_median": 247.86796934902668,
  "summary_csf_n": 68465.0,
  "summary_csf_p05": 64.11628626286983,
  "summary_csf_p95": 491.420087441802,
  "summary_csf_stdv": 126.61592618821292,
  "summary_gm_k": 0.33347491445717337,
  "summary_gm_mad": 64.24285409847452,
  "summary_gm_mean": 685.8427788928192,
  "summary_gm_median": 685.6679207831621,
  "summary_gm_n": 65031.0,
  "summary_gm_p05": 574.9577043578029,
  "summary_gm_p95": 794.7726405411959,
  "summary_gm_stdv": 66.98040808574407,
  "summary_wm_k": 0.47049961918688155,
  "summary_wm_mad": 49.80740799825953,
  "summary_wm_mean": 1000.6430448023767,
  "summary_wm_median": 1000.0345262885094,
  "summary_wm_n": 298992.0,
  "summary_wm_p05": 916.9284944981337,
  "summary_wm_p95": 1086.178917363286,
  "summary_wm_stdv": 51.89253151288457,
  "tpm_overlap_csf": 0.13901380669959532,
  "tpm_overlap_gm": 0.4596764743018421,
  "tpm_overlap_wm": 0.48652346291792137,
  "wm2max": 0.5045249692044302
}