{
  "aor": 0.0004104672897196262,
  "aqi": 0.007146008084112149,
  "bids_meta": {
    "AccelFactPE": 2,
    "AcquisitionNumber": 1,
    "AcquisitionTime": "09:21:47.005000",
    "BandwidthPerPixelPhaseEncode": 49.18,
    "BodyPartExamined": "BRAIN",
    "ConversionSoftware": "dcm2niix",
    "ConversionSoftwareVersion": "v1.0.20170724 (OpenJPEG build) GCC6.1.0",
    "DeviceSerialNumber": "45031",
    "EchoTime": 0.034,
    "EchoTrainLength": 29,
    "EffectiveEchoSpacing": 0.000344635,
    "FlipAngle": 71,
    "ImageType": [
      "ORIGINAL",
      "PRIMARY",
      "M",
      "ND",
      "NORM",
      "MOSAIC"
    ],
    "InstitutionAddress": "Washington_and_Faculty_Rd._-_Building_25_25_Princeton_NJ_US_085",
    "InstitutionName": "Princeton_University_-_Neuroscience_Institute",
    "MagneticFieldStrength": 3,
    "Manufacturer": "Siemens",
    "ManufacturersModelName": "Skyra",
    "PhaseEncodingDirection": "j-",
    "PhaseEncodingLines": 59,
    "ProcedureStepDescription": "NormanLab_Jarrod",
    "ProtocolName": "epi_3x3x3_2s_phase2_(214_TRs)",
    "RepetitionTime": 2,
    "ScanningSequence": "EP",
    "SequenceName": "_epfid2d1_59",
    "SequenceVariant": "SK_OSP",
    "SeriesDescription": "epi_3x3x3_2s_phase2_(214_TRs)",
    "SliceTiming": [
      0.99,
      0,
      1.05,
      0.06,
      1.1075,
      0.1175,
      1.165,
      0.175,
      1.225,
      0.235,
      1.2825,
      0.2925,
      1.34,
      0.35,
      1.3975,
      0.4075,
      1.4575,
      0.4675,
      1.515,
      0.525,
      1.5725,
      0.5825,
      1.6325,
      0.6425,
      1.69,
      0.7,
      1.7475,
      0.7575,
      1.805,
      0.8175,
      1.865,
      0.875,
      1.9225,
      0.9325
    ],
    "SoftwareVersions": "syngo_MR_D11",
    "TaskName": "Phase 2",
    "TotalReadoutTime": 0.0196442,
    "TrueEchoSpacing": 0.00068927,
    "dataset": "ds001232",
    "modality": "bold",
    "run_id": 4,
    "subject_id": "04",
    "task_id": "phase2"
  },
  "dummy_trs": 0,
  "dvars_nstd": 26.425459964460078,
  "dvars_std": 1.138425290516432,
  "dvars_vstd": 1.0074204331924888,
  "efc": 0.5595621401455525,
  "fber": 1723.3983154296875,
  "fd_mean": 0.09023177537413,
  "fd_num": 17,
  "fd_perc": 7.94392523364486,
  "fwhm_avg": 1.7607515189525895,
  "fwhm_x": 1.6049213109125284,
  "fwhm_y": 1.9667663073912804,
  "fwhm_z": 1.7105669385539595,
  "gcor": 0.048757,
  "gsr_x": 0.011999668553471565,
  "gsr_y": 0.028792668133974075,
  "provenance": {
    "md5sum": "4f56d41fa7ddef2b7524b629b7978d28",
    "settings": {
      "fd_thres": 0.2,
      "testing": false
    },
    "software": "mriqc",
    "version": "22.0.6",
    "webapi_port": null,
    "webapi_url": "https://mriqc.nimh.nih.gov/api/v1"
  },
  "size_t": 214,
  "size_x": 66,
  "size_y": 66,
  "size_z": 34,
  "snr": 5.743422146170819,
  "spacing_tr": 2.0,
  "spacing_x": 2.9696969985961914,
  "spacing_y": 2.9696969985961914,
  "spacing_z": 2.999999523162842,
  "summary_bg_k": 20.008252773003978,
  "summary_bg_mad": 7.9256870488844235,
  "summary_bg_mean": 38.40142822265625,
  "summary_bg_median": 15.85981273651123,
  "summary_bg_n": 81945.0,
  "summary_bg_p05": 8.607476234436035,
  "summary_bg_p95": 192.64111328125006,
  "summary_bg_stdv": 72.50564575195312,
  "summary_fg_k": 2.644222852895994,
  "summary_fg_mad": 109.3246298608981,
  "summary_fg_mean": 676.7833251953125,
  "summary_fg_median": 667.3551025390625,
  "summary_fg_n": 33371.0,
  "summary_fg_p05": 522.3294067382812,
  "summary_fg_p95": 866.9953002929688,
  "summary_fg_stdv": 116.19293975830078,
  "tsnr": 60.179209991474636
}