{
  "aor": 0.00046373831775700934,
  "aqi": 0.006904695093457943,
  "bids_meta": {
    "AccelFactPE": 2,
    "AcquisitionNumber": 1,
    "AcquisitionTime": "09:06:31.805000",
    "BandwidthPerPixelPhaseEncode": 49.18,
    "BodyPartExamined": "BRAIN",
    "ConversionSoftware": "dcm2niix",
    "ConversionSoftwareVersion": "v1.0.20170724 (OpenJPEG build) GCC6.1.0",
    "DeviceSerialNumber": "45031",
    "EchoTime": 0.034,
    "EchoTrainLength": 29,
    "EffectiveEchoSpacing": 0.000344635,
    "FlipAngle": 71,
    "ImageType": [
      "ORIGINAL",
      "PRIMARY",
      "M",
      "ND",
      "NORM",
      "MOSAIC"
    ],
    "InstitutionAddress": "Washington_and_Faculty_Rd._-_Building_25_25_Princeton_NJ_US_085",
    "InstitutionName": "Princeton_University_-_Neuroscience_Institute",
    "MagneticFieldStrength": 3,
    "Manufacturer": "Siemens",
    "ManufacturersModelName": "Skyra",
    "PhaseEncodingDirection": "j-",
    "PhaseEncodingLines": 59,
    "ProcedureStepDescription": "NormanLab_Jarrod",
    "ProtocolName": "epi_3x3x3_2s_phase2_(214_TRs)",
    "RepetitionTime": 2,
    "ScanningSequence": "EP",
    "SequenceName": "_epfid2d1_59",
    "SequenceVariant": "SK_OSP",
    "SeriesDescription": "epi_3x3x3_2s_phase2_(214_TRs)",
    "SliceTiming": [
      0.99,
      0,
      1.05,
      0.06,
      1.1075,
      0.1175,
      1.165,
      0.175,
      1.2225,
      0.235,
      1.2825,
      0.2925,
      1.34,
      0.35,
      1.3975,
      0.4075,
      1.4575,
      0.4675,
      1.515,
      0.525,
      1.5725,
      0.5825,
      1.6325,
      0.6425,
      1.69,
      0.7,
      1.7475,
      0.7575,
      1.805,
      0.815,
      1.865,
      0.875,
      1.9225,
      0.9325
    ],
    "SoftwareVersions": "syngo_MR_D11",
    "TaskName": "Phase 2",
    "TotalReadoutTime": 0.0196442,
    "TrueEchoSpacing": 0.00068927,
    "dataset": "ds001232",
    "modality": "bold",
    "run_id": 2,
    "subject_id": "04",
    "task_id": "phase2"
  },
  "dummy_trs": 0,
  "dvars_nstd": 26.747053182018785,
  "dvars_std": 1.1451648881690133,
  "dvars_vstd": 1.004257737230047,
  "efc": 0.5578450395335088,
  "fber": 1781.2254638671875,
  "fd_mean": 0.07912082076569125,
  "fd_num": 8,
  "fd_perc": 3.7383177570093458,
  "fwhm_avg": 1.7722586967532192,
  "fwhm_x": 1.619670290360837,
  "fwhm_y": 1.9680088583995967,
  "fwhm_z": 1.7290969414992239,
  "gcor": 0.0524524,
  "gsr_x": 0.01283876970410347,
  "gsr_y": 0.030117563903331757,
  "provenance": {
    "md5sum": "73707d4dfc4dd2eae1a76e8f1928fb66",
    "settings": {
      "fd_thres": 0.2,
      "testing": false
    },
    "software": "mriqc",
    "version": "22.0.6",
    "webapi_port": null,
    "webapi_url": "https://mriqc.nimh.nih.gov/api/v1"
  },
  "size_t": 214,
  "size_x": 66,
  "size_y": 66,
  "size_z": 34,
  "snr": 5.738315809121473,
  "spacing_tr": 2.0,
  "spacing_x": 2.9696969985961914,
  "spacing_y": 2.9696969985961914,
  "spacing_z": 2.999999523162842,
  "summary_bg_k": 21.210991946060847,
  "summary_bg_mad": 7.71091689470929,
  "summary_bg_mean": 38.009342193603516,
  "summary_bg_median": 15.644859313964844,
  "summary_bg_n": 82071.0,
  "summary_bg_p05": 8.616822242736816,
  "summary_bg_p95": 190.18690490722656,
  "summary_bg_stdv": 72.57960510253906,
  "summary_fg_k": 2.6554318463051185,
  "summary_fg_mad": 109.92042167038545,
  "summary_fg_mean": 678.627197265625,
  "summary_fg_median": 668.5654296875,
  "summary_fg_n": 33272.0,
  "summary_fg_p05": 523.6074829101562,
  "summary_fg_p95": 871.2558013916014,
  "summary_fg_stdv": 116.50724792480469,
  "tsnr": 60.97482078243047
}