{
  "aor": 0.0007765420560747663,
  "aqi": 0.0062727420093457945,
  "bids_meta": {
    "AccelFactPE": 2,
    "AcquisitionNumber": 1,
    "AcquisitionTime": "09:37:7.712500",
    "BandwidthPerPixelPhaseEncode": 49.18,
    "BodyPartExamined": "BRAIN",
    "ConversionSoftware": "dcm2niix",
    "ConversionSoftwareVersion": "v1.0.20170724 (OpenJPEG build) GCC6.1.0",
    "DeviceSerialNumber": "45031",
    "EchoTime": 0.034,
    "EchoTrainLength": 29,
    "EffectiveEchoSpacing": 0.000344635,
    "FlipAngle": 71,
    "ImageType": [
      "ORIGINAL",
      "PRIMARY",
      "M",
      "ND",
      "NORM",
      "MOSAIC"
    ],
    "InstitutionAddress": "Washington_and_Faculty_Rd._-_Building_25_25_Princeton_NJ_US_085",
    "InstitutionName": "Princeton_University_-_Neuroscience_Institute",
    "MagneticFieldStrength": 3,
    "Manufacturer": "Siemens",
    "ManufacturersModelName": "Skyra",
    "PhaseEncodingDirection": "j-",
    "PhaseEncodingLines": 59,
    "ProcedureStepDescription": "NormanLab_Jarrod",
    "ProtocolName": "epi_3x3x3_2s_phase2_(214_TRs)",
    "RepetitionTime": 2,
    "ScanningSequence": "EP",
    "SequenceName": "_epfid2d1_59",
    "SequenceVariant": "SK_OSP",
    "SeriesDescription": "epi_3x3x3_2s_phase2_(214_TRs)",
    "SliceTiming": [
      0.99,
      0,
      1.0475,
      0.0575,
      1.105,
      0.115,
      1.1625,
      0.175,
      1.2225,
      0.2325,
      1.28,
      0.29,
      1.3375,
      0.3475,
      1.3975,
      0.4075,
      1.455,
      0.465,
      1.5125,
      0.5225,
      1.57,
      0.5825,
      1.63,
      0.64,
      1.6875,
      0.6975,
      1.745,
      0.755,
      1.805,
      0.815,
      1.8625,
      0.8725,
      1.92,
      0.93
    ],
    "SoftwareVersions": "syngo_MR_D11",
    "TaskName": "Phase 2",
    "TotalReadoutTime": 0.0196442,
    "TrueEchoSpacing": 0.00068927,
    "dataset": "ds001232",
    "modality": "bold",
    "run_id": 6,
    "subject_id": "04",
    "task_id": "phase2"
  },
  "dummy_trs": 0,
  "dvars_nstd": 25.618101335070413,
  "dvars_std": 1.1500043572769953,
  "dvars_vstd": 1.0195046984976528,
  "efc": 0.5604661689736032,
  "fber": 1712.45751953125,
  "fd_mean": 0.08825139737960119,
  "fd_num": 21,
  "fd_perc": 9.813084112149532,
  "fwhm_avg": 1.7536543418158008,
  "fwhm_x": 1.6039279435752563,
  "fwhm_y": 1.9524281442655043,
  "fwhm_z": 1.7046069376066426,
  "gcor": 0.0449192,
  "gsr_x": 0.012041321955621243,
  "gsr_y": 0.028227653354406357,
  "provenance": {
    "md5sum": "951180863f16ee3708a2fb3d41bc3802",
    "settings": {
      "fd_thres": 0.2,
      "testing": false
    },
    "software": "mriqc",
    "version": "22.0.6",
    "webapi_port": null,
    "webapi_url": "https://mriqc.nimh.nih.gov/api/v1"
  },
  "size_t": 214,
  "size_x": 66,
  "size_y": 66,
  "size_z": 34,
  "snr": 5.742268545097517,
  "spacing_tr": 2.0,
  "spacing_x": 2.9696969985961914,
  "spacing_y": 2.9696969985961914,
  "spacing_z": 2.999999523162842,
  "summary_bg_k": 20.675185528168136,
  "summary_bg_mad": 7.918757428644311,
  "summary_bg_mean": 38.59894561767578,
  "summary_bg_median": 15.85981273651123,
  "summary_bg_n": 81910.0,
  "summary_bg_p05": 8.644859313964844,
  "summary_bg_p95": 193.68013458251954,
  "summary_bg_stdv": 73.16898345947266,
  "summary_fg_k": 2.689403439708964,
  "summary_fg_mad": 108.32696815075256,
  "summary_fg_mean": 673.46728515625,
  "summary_fg_median": 664.2850341796875,
  "summary_fg_n": 33401.0,
  "summary_fg_p05": 519.4439086914062,
  "summary_fg_p95": 861.2803344726562,
  "summary_fg_stdv": 115.68164825439453,
  "tsnr": 61.89645693730563
}