{
  "aor": 0.002623176470588235,
  "aqi": 0.006916961941176471,
  "bids_meta": {
    "AccelFactPE": 2,
    "AcquisitionNumber": 1,
    "AcquisitionTime": "08:33:11.332500",
    "BandwidthPerPixelPhaseEncode": 49.18,
    "BodyPartExamined": "BRAIN",
    "ConversionSoftware": "dcm2niix",
    "ConversionSoftwareVersion": "v1.0.20170724 (OpenJPEG build) GCC6.1.0",
    "DeviceSerialNumber": "45031",
    "EchoTime": 0.034,
    "EchoTrainLength": 29,
    "EffectiveEchoSpacing": 0.000344635,
    "FlipAngle": 71,
    "ImageType": [
      "ORIGINAL",
      "PRIMARY",
      "M",
      "ND",
      "NORM",
      "MOSAIC"
    ],
    "InstitutionAddress": "Washington_and_Faculty_Rd._-_Building_25_25_Princeton_NJ_US_085",
    "InstitutionName": "Princeton_University_-_Neuroscience_Institute",
    "MagneticFieldStrength": 3,
    "Manufacturer": "Siemens",
    "ManufacturersModelName": "Skyra",
    "PhaseEncodingDirection": "j-",
    "PhaseEncodingLines": 59,
    "ProcedureStepDescription": "NormanLab_Jarrod",
    "ProtocolName": "epi_3x3x3_2s_phase1",
    "RepetitionTime": 2,
    "ScanningSequence": "EP",
    "SequenceName": "_epfid2d1_59",
    "SequenceVariant": "SK_OSP",
    "SeriesDescription": "epi_3x3x3_2s_phase1",
    "SliceTiming": [
      0.99,
      0,
      1.0475,
      0.0575,
      1.1075,
      0.1175,
      1.165,
      0.175,
      1.2225,
      0.2325,
      1.28,
      0.2925,
      1.34,
      0.35,
      1.3975,
      0.4075,
      1.455,
      0.465,
      1.515,
      0.525,
      1.5725,
      0.5825,
      1.63,
      0.64,
      1.6875,
      0.7,
      1.7475,
      0.7575,
      1.805,
      0.815,
      1.8625,
      0.8725,
      1.9225,
      0.9325
    ],
    "SoftwareVersions": "syngo_MR_D11",
    "TaskName": "Phase 1",
    "TotalReadoutTime": 0.0196442,
    "TrueEchoSpacing": 0.00068927,
    "dataset": "ds001232",
    "modality": "bold",
    "run_id": 1,
    "subject_id": "04",
    "task_id": "phase1"
  },
  "dummy_trs": 0,
  "dvars_nstd": 25.785947088579864,
  "dvars_std": 1.1568980160946747,
  "dvars_vstd": 1.0397782692899409,
  "efc": 0.5551930049466345,
  "fber": 1800.0521240234375,
  "fd_mean": 0.101131777273572,
  "fd_num": 14,
  "fd_perc": 8.235294117647058,
  "fwhm_avg": 1.8061421105684001,
  "fwhm_x": 1.6477842696790863,
  "fwhm_y": 2.015818449771079,
  "fwhm_z": 1.754823612255035,
  "gcor": 0.0273789,
  "gsr_x": 0.013126367703080177,
  "gsr_y": 0.030196193605661392,
  "provenance": {
    "md5sum": "e63656ecd2de362ecb1e5bc12f2b1405",
    "settings": {
      "fd_thres": 0.2,
      "testing": false
    },
    "software": "mriqc",
    "version": "22.0.6",
    "webapi_port": null,
    "webapi_url": "https://mriqc.nimh.nih.gov/api/v1"
  },
  "size_t": 170,
  "size_x": 66,
  "size_y": 66,
  "size_z": 34,
  "snr": 5.625533333651706,
  "spacing_tr": 2.0,
  "spacing_x": 2.9696969985961914,
  "spacing_y": 2.9696969985961914,
  "spacing_z": 2.999999523162842,
  "summary_bg_k": 22.171619415236325,
  "summary_bg_mad": 7.822907815080302,
  "summary_bg_mean": 37.31016540527344,
  "summary_bg_median": 15.71176528930664,
  "summary_bg_n": 82184.0,
  "summary_bg_p05": 8.564705848693848,
  "summary_bg_p95": 184.80353775024332,
  "summary_bg_stdv": 71.13748931884766,
  "summary_fg_k": 2.6276590538701967,
  "summary_fg_mad": 112.57311592907578,
  "summary_fg_mean": 685.9678344726562,
  "summary_fg_median": 675.4676513671875,
  "summary_fg_n": 33082.0,
  "summary_fg_p05": 527.0717926025391,
  "summary_fg_p95": 884.5688537597655,
  "summary_fg_stdv": 120.06993865966797,
  "tsnr": 60.1600233647041
}