{
  "aor": 0.000555,
  "aqi": 0.0071038989999999995,
  "bids_meta": {
    "AccelFactPE": 2,
    "AcquisitionNumber": 1,
    "AcquisitionTime": "08:39:14.862500",
    "BandwidthPerPixelPhaseEncode": 49.18,
    "BodyPartExamined": "BRAIN",
    "ConversionSoftware": "dcm2niix",
    "ConversionSoftwareVersion": "v1.0.20170724 (OpenJPEG build) GCC6.1.0",
    "DeviceSerialNumber": "45031",
    "EchoTime": 0.034,
    "EchoTrainLength": 29,
    "EffectiveEchoSpacing": 0.000344635,
    "FlipAngle": 71,
    "ImageType": [
      "ORIGINAL",
      "PRIMARY",
      "M",
      "ND",
      "NORM",
      "MOSAIC"
    ],
    "InstitutionAddress": "Washington_and_Faculty_Rd._-_Building_25_25_Princeton_NJ_US_085",
    "InstitutionName": "Princeton_University_-_Neuroscience_Institute",
    "MagneticFieldStrength": 3,
    "Manufacturer": "Siemens",
    "ManufacturersModelName": "Skyra",
    "PhaseEncodingDirection": "j-",
    "PhaseEncodingLines": 59,
    "ProcedureStepDescription": "NormanLab_Jarrod",
    "ProtocolName": "epi_3x3x3_2s_phase1",
    "RepetitionTime": 2,
    "ScanningSequence": "EP",
    "SequenceName": "_epfid2d1_59",
    "SequenceVariant": "SK_OSP",
    "SeriesDescription": "epi_3x3x3_2s_phase1",
    "SliceTiming": [
      0.99,
      0,
      1.0475,
      0.0575,
      1.105,
      0.115,
      1.1625,
      0.175,
      1.2225,
      0.2325,
      1.28,
      0.29,
      1.3375,
      0.3475,
      1.3975,
      0.4075,
      1.455,
      0.465,
      1.5125,
      0.5225,
      1.57,
      0.5825,
      1.63,
      0.64,
      1.6875,
      0.6975,
      1.745,
      0.755,
      1.805,
      0.815,
      1.8625,
      0.8725,
      1.92,
      0.93
    ],
    "SoftwareVersions": "syngo_MR_D11",
    "TaskName": "Phase 1",
    "TotalReadoutTime": 0.0196442,
    "TrueEchoSpacing": 0.00068927,
    "dataset": "ds001232",
    "modality": "bold",
    "run_id": 2,
    "subject_id": "04",
    "task_id": "phase1"
  },
  "dummy_trs": 0,
  "dvars_nstd": 25.848852338402367,
  "dvars_std": 1.1237993079881663,
  "dvars_vstd": 1.0046146682840238,
  "efc": 0.5556578076972585,
  "fber": 1829.7022705078125,
  "fd_mean": 0.09375534183551126,
  "fd_num": 12,
  "fd_perc": 7.0588235294117645,
  "fwhm_avg": 1.797747563715399,
  "fwhm_x": 1.6371165146808575,
  "fwhm_y": 2.009295898814144,
  "fwhm_z": 1.7468302776511953,
  "gcor": 0.0481367,
  "gsr_x": 0.01340746320784092,
  "gsr_y": 0.029388444498181343,
  "provenance": {
    "md5sum": "3668cbf3e8009ee76242d0019c5c2151",
    "settings": {
      "fd_thres": 0.2,
      "testing": false
    },
    "software": "mriqc",
    "version": "22.0.6",
    "webapi_port": null,
    "webapi_url": "https://mriqc.nimh.nih.gov/api/v1"
  },
  "size_t": 170,
  "size_x": 66,
  "size_y": 66,
  "size_z": 34,
  "snr": 5.683256213679933,
  "spacing_tr": 2.0,
  "spacing_x": 2.9696969985961914,
  "spacing_y": 2.9696969985961914,
  "spacing_z": 2.999999523162842,
  "summary_bg_k": 21.261522540412788,
  "summary_bg_mad": 7.7008101969993685,
  "summary_bg_mean": 37.45176315307617,
  "summary_bg_median": 15.635293960571289,
  "summary_bg_n": 82186.0,
  "summary_bg_p05": 8.535294532775879,
  "summary_bg_p95": 187.5235366821289,
  "summary_bg_stdv": 71.06947326660156,
  "summary_fg_k": 2.596021092571533,
  "summary_fg_mad": 113.12253117380581,
  "summary_fg_mean": 687.3025512695312,
  "summary_fg_median": 677.185302734375,
  "summary_fg_n": 33108.0,
  "summary_fg_p05": 528.3514831542968,
  "summary_fg_p95": 884.378234863281,
  "summary_fg_stdv": 119.15265655517578,
  "tsnr": 59.62240331992507
}