{
  "aor": 0.000367803738317757,
  "aqi": 0.007383933504672898,
  "bids_meta": {
    "AccelFactPE": 2,
    "AcquisitionNumber": 1,
    "AcquisitionTime": "09:29:23.867500",
    "BandwidthPerPixelPhaseEncode": 49.18,
    "BodyPartExamined": "BRAIN",
    "ConversionSoftware": "dcm2niix",
    "ConversionSoftwareVersion": "v1.0.20170724 (OpenJPEG build) GCC6.1.0",
    "DeviceSerialNumber": "45031",
    "EchoTime": 0.034,
    "EchoTrainLength": 29,
    "EffectiveEchoSpacing": 0.000344635,
    "FlipAngle": 71,
    "ImageType": [
      "ORIGINAL",
      "PRIMARY",
      "M",
      "ND",
      "NORM",
      "MOSAIC"
    ],
    "InstitutionAddress": "Washington_and_Faculty_Rd._-_Building_25_25_Princeton_NJ_US_085",
    "InstitutionName": "Princeton_University_-_Neuroscience_Institute",
    "MagneticFieldStrength": 3,
    "Manufacturer": "Siemens",
    "ManufacturersModelName": "Skyra",
    "PhaseEncodingDirection": "j-",
    "PhaseEncodingLines": 59,
    "ProcedureStepDescription": "NormanLab_Jarrod",
    "ProtocolName": "epi_3x3x3_2s_phase2_(214_TRs)",
    "RepetitionTime": 2,
    "ScanningSequence": "EP",
    "SequenceName": "_epfid2d1_59",
    "SequenceVariant": "SK_OSP",
    "SeriesDescription": "epi_3x3x3_2s_phase2_(214_TRs)",
    "SliceTiming": [
      0.99,
      0,
      1.0475,
      0.0575,
      1.1075,
      0.1175,
      1.165,
      0.175,
      1.2225,
      0.2325,
      1.2825,
      0.2925,
      1.34,
      0.35,
      1.3975,
      0.4075,
      1.455,
      0.465,
      1.515,
      0.525,
      1.5725,
      0.5825,
      1.63,
      0.64,
      1.69,
      0.7,
      1.7475,
      0.7575,
      1.805,
      0.815,
      1.8625,
      0.8725,
      1.9225,
      0.9325
    ],
    "SoftwareVersions": "syngo_MR_D11",
    "TaskName": "Phase 2",
    "TotalReadoutTime": 0.0196442,
    "TrueEchoSpacing": 0.00068927,
    "dataset": "ds001232",
    "modality": "bold",
    "run_id": 5,
    "subject_id": "04",
    "task_id": "phase2"
  },
  "dummy_trs": 0,
  "dvars_nstd": 25.976720962018778,
  "dvars_std": 1.1209186874647887,
  "dvars_vstd": 0.9955850408450708,
  "efc": 0.5599450975419453,
  "fber": 1715.7200927734375,
  "fd_mean": 0.09131621785236346,
  "fd_num": 13,
  "fd_perc": 6.074766355140187,
  "fwhm_avg": 1.757741371306964,
  "fwhm_x": 1.6036955966387416,
  "fwhm_y": 1.963988246193825,
  "fwhm_z": 1.7055402710883254,
  "gcor": 0.0489285,
  "gsr_x": 0.012108908966183662,
  "gsr_y": 0.027652190998196602,
  "provenance": {
    "md5sum": "0ef4ab16507234dbf760f788eaed2cf0",
    "settings": {
      "fd_thres": 0.2,
      "testing": false
    },
    "software": "mriqc",
    "version": "22.0.6",
    "webapi_port": null,
    "webapi_url": "https://mriqc.nimh.nih.gov/api/v1"
  },
  "size_t": 214,
  "size_x": 66,
  "size_y": 66,
  "size_z": 34,
  "snr": 5.758927810969246,
  "spacing_tr": 2.0,
  "spacing_x": 2.9696969985961914,
  "spacing_y": 2.9696969985961914,
  "spacing_z": 2.999999523162842,
  "summary_bg_k": 19.49523870021868,
  "summary_bg_mad": 7.884119224881351,
  "summary_bg_mean": 38.32038497924805,
  "summary_bg_median": 15.873831748962402,
  "summary_bg_n": 81958.0,
  "summary_bg_p05": 8.612149238586426,
  "summary_bg_p95": 191.97802658081048,
  "summary_bg_stdv": 71.89493560791016,
  "summary_fg_k": 2.679147302157827,
  "summary_fg_mad": 108.47935475573081,
  "summary_fg_mean": 675.20556640625,
  "summary_fg_median": 665.9859619140625,
  "summary_fg_n": 33377.0,
  "summary_fg_p05": 521.0653930664063,
  "summary_fg_p95": 864.1420410156247,
  "summary_fg_stdv": 115.6423568725586,
  "tsnr": 59.06828609085642
}