{
  "aor": 0.0012214485981308413,
  "aqi": 0.0075480896728971954,
  "bids_meta": {
    "AccelFactPE": 2,
    "AcquisitionNumber": 1,
    "AcquisitionTime": "12:38:2.840000",
    "BandwidthPerPixelPhaseEncode": 49.18,
    "BodyPartExamined": "BRAIN",
    "ConversionSoftware": "dcm2niix",
    "ConversionSoftwareVersion": "v1.0.20170724 (OpenJPEG build) GCC6.1.0",
    "DeviceSerialNumber": "45031",
    "EchoTime": 0.034,
    "EchoTrainLength": 29,
    "EffectiveEchoSpacing": 0.000344635,
    "FlipAngle": 71,
    "ImageType": [
      "ORIGINAL",
      "PRIMARY",
      "M",
      "ND",
      "NORM",
      "MOSAIC"
    ],
    "InstitutionAddress": "Washington_and_Faculty_Rd._-_Building_25_25_Princeton_NJ_US_085",
    "InstitutionName": "Princeton_University_-_Neuroscience_Institute",
    "MagneticFieldStrength": 3,
    "Manufacturer": "Siemens",
    "ManufacturersModelName": "Skyra",
    "PhaseEncodingDirection": "j-",
    "PhaseEncodingLines": 59,
    "ProcedureStepDescription": "NormanLab_Jarrod",
    "ProtocolName": "epi_3x3x3_2s_phase2_(214_TRs)",
    "RepetitionTime": 2,
    "ScanningSequence": "EP",
    "SequenceName": "_epfid2d1_59",
    "SequenceVariant": "SK_OSP",
    "SeriesDescription": "epi_3x3x3_2s_phase2_(214_TRs)",
    "SliceTiming": [
      0.99,
      0,
      1.0475,
      0.0575,
      1.105,
      0.1175,
      1.165,
      0.175,
      1.2225,
      0.2325,
      1.28,
      0.29,
      1.34,
      0.35,
      1.3975,
      0.4075,
      1.455,
      0.465,
      1.5125,
      0.525,
      1.5725,
      0.5825,
      1.63,
      0.64,
      1.6875,
      0.6975,
      1.7475,
      0.7575,
      1.805,
      0.815,
      1.8625,
      0.8725,
      1.92,
      0.9325
    ],
    "SoftwareVersions": "syngo_MR_D11",
    "TaskName": "Phase 2",
    "TotalReadoutTime": 0.0196442,
    "TrueEchoSpacing": 0.00068927,
    "dataset": "ds001232",
    "modality": "bold",
    "run_id": 5,
    "subject_id": "13",
    "task_id": "phase2"
  },
  "dummy_trs": 0,
  "dvars_nstd": 24.795206275774646,
  "dvars_std": 1.0979289566666672,
  "dvars_vstd": 1.0200769393427231,
  "efc": 0.6200420204213994,
  "fber": 1078.6734619140625,
  "fd_mean": 0.10111793787774713,
  "fd_num": 15,
  "fd_perc": 7.009345794392523,
  "fwhm_avg": 1.7806499314701805,
  "fwhm_x": 1.6011835558468608,
  "fwhm_y": 2.0294056945368153,
  "fwhm_z": 1.7113605440268655,
  "gcor": 0.0134597,
  "gsr_x": 0.0002676496806088835,
  "gsr_y": 0.05549955368041992,
  "provenance": {
    "md5sum": "a3f7808545e3b809346c1c9c3657981a",
    "settings": {
      "fd_thres": 0.2,
      "testing": false
    },
    "software": "mriqc",
    "version": "22.0.6",
    "webapi_port": null,
    "webapi_url": "https://mriqc.nimh.nih.gov/api/v1"
  },
  "size_t": 214,
  "size_x": 66,
  "size_y": 66,
  "size_z": 34,
  "snr": 5.774809585416006,
  "spacing_tr": 2.0,
  "spacing_x": 2.9696969985961914,
  "spacing_y": 2.9696969985961914,
  "spacing_z": 2.9999990463256836,
  "summary_bg_k": 21.880268789660064,
  "summary_bg_mad": 15.123929401156957,
  "summary_bg_mean": 51.32023239135742,
  "summary_bg_median": 22.663551330566406,
  "summary_bg_n": 72205.0,
  "summary_bg_p05": 9.635513305664062,
  "summary_bg_p95": 208.26540832519532,
  "summary_bg_stdv": 77.35041809082031,
  "summary_fg_k": 2.6809347249314417,
  "summary_fg_mad": 119.87251574930559,
  "summary_fg_mean": 784.0441284179688,
  "summary_fg_median": 770.852783203125,
  "summary_fg_n": 41916.0,
  "summary_fg_p05": 605.7371368408203,
  "summary_fg_p95": 1011.8188781738281,
  "summary_fg_stdv": 133.4838104248047,
  "tsnr": 57.263301575090736
}