{
  "aor": 0.001889065420560748,
  "aqi": 0.007488227943925234,
  "bids_meta": {
    "AccelFactPE": 2,
    "AcquisitionNumber": 1,
    "AcquisitionTime": "12:22:56.157500",
    "BandwidthPerPixelPhaseEncode": 49.18,
    "BodyPartExamined": "BRAIN",
    "ConversionSoftware": "dcm2niix",
    "ConversionSoftwareVersion": "v1.0.20170724 (OpenJPEG build) GCC6.1.0",
    "DeviceSerialNumber": "45031",
    "EchoTime": 0.034,
    "EchoTrainLength": 29,
    "EffectiveEchoSpacing": 0.000344635,
    "FlipAngle": 71,
    "ImageType": [
      "ORIGINAL",
      "PRIMARY",
      "M",
      "ND",
      "NORM",
      "MOSAIC"
    ],
    "InstitutionAddress": "Washington_and_Faculty_Rd._-_Building_25_25_Princeton_NJ_US_085",
    "InstitutionName": "Princeton_University_-_Neuroscience_Institute",
    "MagneticFieldStrength": 3,
    "Manufacturer": "Siemens",
    "ManufacturersModelName": "Skyra",
    "PhaseEncodingDirection": "j-",
    "PhaseEncodingLines": 59,
    "ProcedureStepDescription": "NormanLab_Jarrod",
    "ProtocolName": "epi_3x3x3_2s_phase2_(214_TRs)",
    "RepetitionTime": 2,
    "ScanningSequence": "EP",
    "SequenceName": "_epfid2d1_59",
    "SequenceVariant": "SK_OSP",
    "SeriesDescription": "epi_3x3x3_2s_phase2_(214_TRs)",
    "SliceTiming": [
      0.99,
      0,
      1.0475,
      0.06,
      1.1075,
      0.1175,
      1.165,
      0.175,
      1.2225,
      0.2325,
      1.2825,
      0.2925,
      1.34,
      0.35,
      1.3975,
      0.4075,
      1.455,
      0.4675,
      1.515,
      0.525,
      1.5725,
      0.5825,
      1.63,
      0.64,
      1.69,
      0.7,
      1.7475,
      0.7575,
      1.805,
      0.815,
      1.8625,
      0.875,
      1.9225,
      0.9325
    ],
    "SoftwareVersions": "syngo_MR_D11",
    "TaskName": "Phase 2",
    "TotalReadoutTime": 0.0196442,
    "TrueEchoSpacing": 0.00068927,
    "dataset": "ds001232",
    "modality": "bold",
    "run_id": 3,
    "subject_id": "13",
    "task_id": "phase2"
  },
  "dummy_trs": 0,
  "dvars_nstd": 25.234009362394378,
  "dvars_std": 1.1044986706572772,
  "dvars_vstd": 1.0257669153521127,
  "efc": 0.6217491035031075,
  "fber": 1015.7327880859375,
  "fd_mean": 0.10017517048190917,
  "fd_num": 9,
  "fd_perc": 4.205607476635514,
  "fwhm_avg": 1.7982183576827333,
  "fwhm_x": 1.6107905965696976,
  "fwhm_y": 2.051010592285754,
  "fwhm_z": 1.7328538841927477,
  "gcor": 0.0273815,
  "gsr_x": -0.00045055014197714627,
  "gsr_y": 0.055064477026462555,
  "provenance": {
    "md5sum": "ae8b097a6aa1c5ed49a8d867bf979cef",
    "settings": {
      "fd_thres": 0.2,
      "testing": false
    },
    "software": "mriqc",
    "version": "22.0.6",
    "webapi_port": null,
    "webapi_url": "https://mriqc.nimh.nih.gov/api/v1"
  },
  "size_t": 214,
  "size_x": 66,
  "size_y": 66,
  "size_z": 34,
  "snr": 5.740994297798981,
  "spacing_tr": 2.0,
  "spacing_x": 2.9696969985961914,
  "spacing_y": 2.9696969985961914,
  "spacing_z": 2.9999990463256836,
  "summary_bg_k": 20.964785060171327,
  "summary_bg_mad": 15.70242048971838,
  "summary_bg_mean": 51.82366180419922,
  "summary_bg_median": 23.226634979248047,
  "summary_bg_n": 72070.0,
  "summary_bg_p05": 9.757009506225586,
  "summary_bg_p95": 209.6380813598633,
  "summary_bg_stdv": 77.48136901855469,
  "summary_fg_k": 2.6108670357422534,
  "summary_fg_mad": 119.77216138771364,
  "summary_fg_mean": 781.5419921875,
  "summary_fg_median": 768.1915893554688,
  "summary_fg_n": 42073.0,
  "summary_fg_p05": 602.4896850585938,
  "summary_fg_p95": 1009.9578979492188,
  "summary_fg_stdv": 133.8065185546875,
  "tsnr": 56.41242548311129
}