{
  "bids_meta": {
    "AcquisitionNumber": 1,
    "AcquisitionTime": "09:56:45.090000",
    "BodyPartExamined": "BRAIN",
    "ConversionSoftware": "dcm2niix",
    "ConversionSoftwareVersion": "v1.0.20170724 (OpenJPEG build) GCC6.1.0",
    "DeviceSerialNumber": "45031",
    "EchoTime": 0.00308,
    "FlipAngle": 9,
    "ImageType": [
      "ORIGINAL",
      "PRIMARY",
      "M",
      "ND",
      "NORM"
    ],
    "InstitutionAddress": "Washington_and_Faculty_Rd._-_Building_25_25_Princeton_NJ_US_085",
    "InstitutionName": "Princeton_University_-_Neuroscience_Institute",
    "InversionTime": 0.9,
    "MagneticFieldStrength": 3,
    "Manufacturer": "Siemens",
    "ManufacturersModelName": "Skyra",
    "PhaseEncodingDirection": "i-",
    "PhaseEncodingLines": 224,
    "ProcedureStepDescription": "NormanLab_Jarrod",
    "ProtocolName": "long_mprage",
    "RepetitionTime": 2.3,
    "ScanningSequence": "GR_IR",
    "SequenceName": "_tfl3d1_16ns",
    "SequenceVariant": "SK_SP_MP",
    "SeriesDescription": "long_mprage",
    "SoftwareVersions": "syngo_MR_D11",
    "dataset": "ds001232",
    "modality": "T1w",
    "subject_id": "17"
  },
  "cjv": 0.4081471566597569,
  "cnr": 3.306780357145882,
  "efc": 0.6746585218626138,
  "fber": 3131.4115157215806,
  "fwhm_avg": 3.7865711355171,
  "fwhm_x": 3.8450894065513004,
  "fwhm_y": 3.9089454545454543,
  "fwhm_z": 3.6056785454545452,
  "icvs_csf": 0.19154706038636413,
  "icvs_gm": 0.45709855627490703,
  "icvs_wm": 0.3513543833387288,
  "inu_med": 0.6337302625179291,
  "inu_range": 0.3267999485135079,
  "provenance": {
    "md5sum": "aefa7220e4438dd41fbb17706fc64a15",
    "settings": {
      "testing": false
    },
    "software": "mriqc",
    "version": "22.0.6",
    "warnings": {
      "large_rot_frame": true,
      "small_air_mask": false
    },
    "webapi_port": null,
    "webapi_url": "https://mriqc.nimh.nih.gov/api/v1"
  },
  "qi_1": 0.0,
  "qi_2": 0.004292150391638679,
  "rpve_csf": 14.77207244258502,
  "rpve_gm": 6.566472406304505,
  "rpve_wm": 9.258597524715677,
  "size_x": 176,
  "size_y": 224,
  "size_z": 256,
  "snr_csf": 1.9322879906700547,
  "snr_gm": 11.761255892024234,
  "snr_total": 10.537820452581528,
  "snr_wm": 17.919917475050294,
  "snrd_csf": 15.34122675128989,
  "snrd_gm": 46.17220270528966,
  "snrd_total": 41.78279302563106,
  "snrd_wm": 63.83494962031361,
  "spacing_x": 0.9000024795532227,
  "spacing_y": 0.859375,
  "spacing_z": 0.859375,
  "summary_bg_k": 67.4381169162183,
  "summary_bg_mad": 0.0,
  "summary_bg_mean": 5.60751015753699,
  "summary_bg_median": 0.0,
  "summary_bg_n": 1595633.0,
  "summary_bg_p05": 0.0,
  "summary_bg_p95": 27.026059925556183,
  "summary_bg_stdv": 10.263341069050632,
  "summary_csf_k": 4.280453429722746,
  "summary_csf_mad": 116.9693346654586,
  "summary_csf_mean": 256.8672234870716,
  "summary_csf_median": 240.33505475521088,
  "summary_csf_n": 67230.0,
  "summary_csf_p05": 91.49484658241272,
  "summary_csf_p95": 473.94044160842896,
  "summary_csf_stdv": 124.37756095349035,
  "summary_gm_k": 0.23226691377362574,
  "summary_gm_mad": 59.70530920990968,
  "summary_gm_mean": 722.2286654416116,
  "summary_gm_median": 723.3319111466408,
  "summary_gm_n": 66862.0,
  "summary_gm_p05": 619.0936508774757,
  "summary_gm_p95": 821.876800778508,
  "summary_gm_stdv": 61.50078772424123,
  "summary_wm_k": 0.4401684924279894,
  "summary_wm_mad": 53.23060012225725,
  "summary_wm_mean": 1001.4230996055458,
  "summary_wm_median": 1000.0358094573021,
  "summary_wm_n": 323633.0,
  "summary_wm_p05": 912.5143306255341,
  "summary_wm_p95": 1095.2892471551895,
  "summary_wm_stdv": 55.805740502613574,
  "tpm_overlap_csf": 0.15959881565259224,
  "tpm_overlap_gm": 0.4691638300220765,
  "tpm_overlap_wm": 0.49524471646902407,
  "wm2max": 0.5289322504658526
}