{
  "aor": 0.0019452803738317754,
  "aqi": 0.008488367476635512,
  "bids_meta": {
    "AccelFactPE": 2,
    "AcquisitionNumber": 1,
    "AcquisitionTime": "11:02:58.722500",
    "BandwidthPerPixelPhaseEncode": 49.18,
    "BodyPartExamined": "BRAIN",
    "ConversionSoftware": "dcm2niix",
    "ConversionSoftwareVersion": "v1.0.20170724 (OpenJPEG build) GCC6.1.0",
    "DeviceSerialNumber": "45031",
    "EchoTime": 0.034,
    "EchoTrainLength": 29,
    "EffectiveEchoSpacing": 0.000344635,
    "FlipAngle": 71,
    "ImageType": [
      "ORIGINAL",
      "PRIMARY",
      "M",
      "ND",
      "NORM",
      "MOSAIC"
    ],
    "InstitutionAddress": "Washington_and_Faculty_Rd._-_Building_25_25_Princeton_NJ_US_085",
    "InstitutionName": "Princeton_University_-_Neuroscience_Institute",
    "MagneticFieldStrength": 3,
    "Manufacturer": "Siemens",
    "ManufacturersModelName": "Skyra",
    "PhaseEncodingDirection": "j-",
    "PhaseEncodingLines": 59,
    "ProcedureStepDescription": "NormanLab_Jarrod",
    "ProtocolName": "epi_3x3x3_2s_phase2_(214_TRs)",
    "RepetitionTime": 2,
    "ScanningSequence": "EP",
    "SequenceName": "_epfid2d1_59",
    "SequenceVariant": "SK_OSP",
    "SeriesDescription": "epi_3x3x3_2s_phase2_(214_TRs)",
    "SliceTiming": [
      0.99,
      0,
      1.0475,
      0.0575,
      1.105,
      0.115,
      1.1625,
      0.175,
      1.2225,
      0.2325,
      1.28,
      0.29,
      1.3375,
      0.3475,
      1.3975,
      0.4075,
      1.455,
      0.465,
      1.5125,
      0.5225,
      1.57,
      0.5825,
      1.63,
      0.64,
      1.6875,
      0.6975,
      1.745,
      0.755,
      1.805,
      0.815,
      1.8625,
      0.8725,
      1.92,
      0.93
    ],
    "SoftwareVersions": "syngo_MR_D11",
    "TaskName": "Phase 2",
    "TotalReadoutTime": 0.0196442,
    "TrueEchoSpacing": 0.00068927,
    "dataset": "ds001232",
    "modality": "bold",
    "run_id": 3,
    "subject_id": "18",
    "task_id": "phase2"
  },
  "dummy_trs": 0,
  "dvars_nstd": 28.876749262910796,
  "dvars_std": 1.188629211032864,
  "dvars_vstd": 1.0250165407511733,
  "efc": 0.6200897102599651,
  "fber": 1319.5269775390625,
  "fd_mean": 0.13751675235367106,
  "fd_num": 32,
  "fd_perc": 14.953271028037383,
  "fwhm_avg": 1.7414227888353555,
  "fwhm_x": 1.6051974333588206,
  "fwhm_y": 1.9764642664805796,
  "fwhm_z": 1.6426066666666665,
  "gcor": 0.0441414,
  "gsr_x": 0.006860322784632444,
  "gsr_y": 0.040588296949863434,
  "provenance": {
    "md5sum": "d95284fd1051b3b2ea5ae694df21033e",
    "settings": {
      "fd_thres": 0.2,
      "testing": false
    },
    "software": "mriqc",
    "version": "22.0.6",
    "webapi_port": null,
    "webapi_url": "https://mriqc.nimh.nih.gov/api/v1"
  },
  "size_t": 214,
  "size_x": 66,
  "size_y": 66,
  "size_z": 34,
  "snr": 5.452950984314855,
  "spacing_tr": 2.0,
  "spacing_x": 2.9696969985961914,
  "spacing_y": 2.9696969985961914,
  "spacing_z": 3.0,
  "summary_bg_k": 19.231062471958865,
  "summary_bg_mad": 11.424349233374093,
  "summary_bg_mean": 48.407188415527344,
  "summary_bg_median": 19.542055130004883,
  "summary_bg_n": 72023.0,
  "summary_bg_p05": 9.724298477172852,
  "summary_bg_p95": 206.99157714843727,
  "summary_bg_stdv": 72.46326446533203,
  "summary_fg_k": 4.111797194095366,
  "summary_fg_mad": 112.27598919662564,
  "summary_fg_mean": 743.7752685546875,
  "summary_fg_median": 731.369140625,
  "summary_fg_n": 42287.0,
  "summary_fg_p05": 570.98173828125,
  "summary_fg_p95": 960.2953063964843,
  "summary_fg_stdv": 134.12196350097656,
  "tsnr": 56.20945079252124
}