{
  "aor": 0.0006774117647058823,
  "aqi": 0.006752244000000001,
  "bids_meta": {
    "AccelFactPE": 2,
    "AcquisitionNumber": 1,
    "AcquisitionTime": "10:21:44.265000",
    "BandwidthPerPixelPhaseEncode": 49.18,
    "BodyPartExamined": "BRAIN",
    "ConversionSoftware": "dcm2niix",
    "ConversionSoftwareVersion": "v1.0.20170724 (OpenJPEG build) GCC6.1.0",
    "DeviceSerialNumber": "45031",
    "EchoTime": 0.034,
    "EchoTrainLength": 29,
    "EffectiveEchoSpacing": 0.000344635,
    "FlipAngle": 71,
    "ImageType": [
      "ORIGINAL",
      "PRIMARY",
      "M",
      "ND",
      "NORM",
      "MOSAIC"
    ],
    "InstitutionAddress": "Washington_and_Faculty_Rd._-_Building_25_25_Princeton_NJ_US_085",
    "InstitutionName": "Princeton_University_-_Neuroscience_Institute",
    "MagneticFieldStrength": 3,
    "Manufacturer": "Siemens",
    "ManufacturersModelName": "Skyra",
    "PhaseEncodingDirection": "j-",
    "PhaseEncodingLines": 59,
    "ProcedureStepDescription": "NormanLab_Jarrod",
    "ProtocolName": "epi_3x3x3_2s_phase1",
    "RepetitionTime": 2,
    "ScanningSequence": "EP",
    "SequenceName": "_epfid2d1_59",
    "SequenceVariant": "SK_OSP",
    "SeriesDescription": "epi_3x3x3_2s_phase1",
    "SliceTiming": [
      0.99,
      0,
      1.0475,
      0.0575,
      1.105,
      0.1175,
      1.165,
      0.175,
      1.2225,
      0.2325,
      1.28,
      0.29,
      1.34,
      0.35,
      1.3975,
      0.4075,
      1.455,
      0.465,
      1.515,
      0.525,
      1.5725,
      0.5825,
      1.63,
      0.64,
      1.6875,
      0.6975,
      1.7475,
      0.7575,
      1.805,
      0.815,
      1.8625,
      0.8725,
      1.9225,
      0.9325
    ],
    "SoftwareVersions": "syngo_MR_D11",
    "TaskName": "Phase 1",
    "TotalReadoutTime": 0.0196442,
    "TrueEchoSpacing": 0.00068927,
    "dataset": "ds001232",
    "modality": "bold",
    "run_id": 1,
    "subject_id": "18",
    "task_id": "phase1"
  },
  "dummy_trs": 0,
  "dvars_nstd": 25.53733235390533,
  "dvars_std": 1.1459260007100591,
  "dvars_vstd": 1.0114278006508874,
  "efc": 0.6218161889855144,
  "fber": 1218.3624267578125,
  "fd_mean": 0.08370632010684217,
  "fd_num": 8,
  "fd_perc": 4.705882352941177,
  "fwhm_avg": 1.7362507480220657,
  "fwhm_x": 1.6055678415184813,
  "fwhm_y": 1.9751577358810488,
  "fwhm_z": 1.6280266666666667,
  "gcor": 0.0205157,
  "gsr_x": 0.004934086464345455,
  "gsr_y": 0.03739677369594574,
  "provenance": {
    "md5sum": "955e4039ef3312abaf8de8511f75f971",
    "settings": {
      "fd_thres": 0.2,
      "testing": false
    },
    "software": "mriqc",
    "version": "22.0.6",
    "webapi_port": null,
    "webapi_url": "https://mriqc.nimh.nih.gov/api/v1"
  },
  "size_t": 170,
  "size_x": 66,
  "size_y": 66,
  "size_z": 34,
  "snr": 5.448737734298217,
  "spacing_tr": 2.0,
  "spacing_x": 2.9696969985961914,
  "spacing_y": 2.9696969985961914,
  "spacing_z": 3.0,
  "summary_bg_k": 18.69229028164512,
  "summary_bg_mad": 11.948028312503114,
  "summary_bg_mean": 48.32921600341797,
  "summary_bg_median": 20.276470184326172,
  "summary_bg_n": 71708.0,
  "summary_bg_p05": 10.023530006408691,
  "summary_bg_p95": 207.25588607788052,
  "summary_bg_stdv": 72.4053955078125,
  "summary_fg_k": 4.148214232986639,
  "summary_fg_mad": 112.76500179359856,
  "summary_fg_mean": 739.13037109375,
  "summary_fg_median": 726.9882202148438,
  "summary_fg_n": 42369.0,
  "summary_fg_p05": 565.6423706054687,
  "summary_fg_p95": 950.2447387695312,
  "summary_fg_stdv": 133.42166137695312,
  "tsnr": 61.25736850127578
}