{
  "aor": 0.006394906542056075,
  "aqi": 0.010361372710280375,
  "bids_meta": {
    "AccelFactPE": 2,
    "AcquisitionNumber": 1,
    "AcquisitionTime": "11:10:37.272500",
    "BandwidthPerPixelPhaseEncode": 49.18,
    "BodyPartExamined": "BRAIN",
    "ConversionSoftware": "dcm2niix",
    "ConversionSoftwareVersion": "v1.0.20170724 (OpenJPEG build) GCC6.1.0",
    "DeviceSerialNumber": "45031",
    "EchoTime": 0.034,
    "EchoTrainLength": 29,
    "EffectiveEchoSpacing": 0.000344635,
    "FlipAngle": 71,
    "ImageType": [
      "ORIGINAL",
      "PRIMARY",
      "M",
      "ND",
      "NORM",
      "MOSAIC"
    ],
    "InstitutionAddress": "Washington_and_Faculty_Rd._-_Building_25_25_Princeton_NJ_US_085",
    "InstitutionName": "Princeton_University_-_Neuroscience_Institute",
    "MagneticFieldStrength": 3,
    "Manufacturer": "Siemens",
    "ManufacturersModelName": "Skyra",
    "PhaseEncodingDirection": "j-",
    "PhaseEncodingLines": 59,
    "ProcedureStepDescription": "NormanLab_Jarrod",
    "ProtocolName": "epi_3x3x3_2s_phase2_(214_TRs)",
    "RepetitionTime": 2,
    "ScanningSequence": "EP",
    "SequenceName": "_epfid2d1_59",
    "SequenceVariant": "SK_OSP",
    "SeriesDescription": "epi_3x3x3_2s_phase2_(214_TRs)",
    "SliceTiming": [
      0.99,
      0,
      1.0475,
      0.0575,
      1.105,
      0.115,
      1.1625,
      0.1725,
      1.2225,
      0.2325,
      1.28,
      0.29,
      1.3375,
      0.3475,
      1.3975,
      0.4075,
      1.455,
      0.465,
      1.5125,
      0.5225,
      1.57,
      0.58,
      1.63,
      0.64,
      1.6875,
      0.6975,
      1.745,
      0.755,
      1.805,
      0.815,
      1.8625,
      0.8725,
      1.92,
      0.93
    ],
    "SoftwareVersions": "syngo_MR_D11",
    "TaskName": "Phase 2",
    "TotalReadoutTime": 0.0196442,
    "TrueEchoSpacing": 0.00068927,
    "dataset": "ds001232",
    "modality": "bold",
    "run_id": 4,
    "subject_id": "18",
    "task_id": "phase2"
  },
  "dummy_trs": 0,
  "dvars_nstd": 30.431406880751176,
  "dvars_std": 1.2471341324413145,
  "dvars_vstd": 1.0895110517840378,
  "efc": 0.6201831184018708,
  "fber": 1296.16650390625,
  "fd_mean": 0.21373697449788068,
  "fd_num": 76,
  "fd_perc": 35.51401869158879,
  "fwhm_avg": 1.7423805892963415,
  "fwhm_x": 1.6035777394970314,
  "fwhm_y": 1.97578069505866,
  "fwhm_z": 1.6477833333333332,
  "gcor": 0.0555437,
  "gsr_x": 0.006852045655250549,
  "gsr_y": 0.04087503254413605,
  "provenance": {
    "md5sum": "46afffed2d16b50ff437db246327bca6",
    "settings": {
      "fd_thres": 0.2,
      "testing": false
    },
    "software": "mriqc",
    "version": "22.0.6",
    "webapi_port": null,
    "webapi_url": "https://mriqc.nimh.nih.gov/api/v1"
  },
  "size_t": 214,
  "size_x": 66,
  "size_y": 66,
  "size_z": 34,
  "snr": 5.495210605364681,
  "spacing_tr": 2.0,
  "spacing_x": 2.9696969985961914,
  "spacing_y": 2.9696969985961914,
  "spacing_z": 3.0,
  "summary_bg_k": 18.614419059144783,
  "summary_bg_mad": 11.826176716442541,
  "summary_bg_mean": 48.98121643066406,
  "summary_bg_median": 19.794391632080078,
  "summary_bg_n": 72117.0,
  "summary_bg_p05": 9.710280418395996,
  "summary_bg_p95": 208.26728515624984,
  "summary_bg_stdv": 73.26542663574219,
  "summary_fg_k": 4.059023969513952,
  "summary_fg_mad": 112.60501395654302,
  "summary_fg_mean": 746.930908203125,
  "summary_fg_median": 734.4439086914062,
  "summary_fg_n": 42164.0,
  "summary_fg_p05": 574.8619079589844,
  "summary_fg_p95": 961.760952758789,
  "summary_fg_stdv": 133.65005493164062,
  "tsnr": 51.48614278505556
}