{
  "aor": 0.001233470588235294,
  "aqi": 0.006404184823529411,
  "bids_meta": {
    "AccelFactPE": 2,
    "AcquisitionNumber": 1,
    "AcquisitionTime": "10:33:57.967500",
    "BandwidthPerPixelPhaseEncode": 49.18,
    "BodyPartExamined": "BRAIN",
    "ConversionSoftware": "dcm2niix",
    "ConversionSoftwareVersion": "v1.0.20170724 (OpenJPEG build) GCC6.1.0",
    "DeviceSerialNumber": "45031",
    "EchoTime": 0.034,
    "EchoTrainLength": 29,
    "EffectiveEchoSpacing": 0.000344635,
    "FlipAngle": 71,
    "ImageType": [
      "ORIGINAL",
      "PRIMARY",
      "M",
      "ND",
      "NORM",
      "MOSAIC"
    ],
    "InstitutionAddress": "Washington_and_Faculty_Rd._-_Building_25_25_Princeton_NJ_US_085",
    "InstitutionName": "Princeton_University_-_Neuroscience_Institute",
    "MagneticFieldStrength": 3,
    "Manufacturer": "Siemens",
    "ManufacturersModelName": "Skyra",
    "PhaseEncodingDirection": "j-",
    "PhaseEncodingLines": 59,
    "ProcedureStepDescription": "NormanLab_Jarrod",
    "ProtocolName": "epi_3x3x3_2s_phase1",
    "RepetitionTime": 2,
    "ScanningSequence": "EP",
    "SequenceName": "_epfid2d1_59",
    "SequenceVariant": "SK_OSP",
    "SeriesDescription": "epi_3x3x3_2s_phase1",
    "SliceTiming": [
      0.99,
      0,
      1.0475,
      0.0575,
      1.105,
      0.115,
      1.1625,
      0.1725,
      1.2225,
      0.2325,
      1.28,
      0.29,
      1.3375,
      0.3475,
      1.3975,
      0.4075,
      1.455,
      0.465,
      1.5125,
      0.5225,
      1.57,
      0.58,
      1.63,
      0.64,
      1.6875,
      0.6975,
      1.745,
      0.755,
      1.805,
      0.815,
      1.8625,
      0.8725,
      1.92,
      0.93
    ],
    "SoftwareVersions": "syngo_MR_D11",
    "TaskName": "Phase 1",
    "TotalReadoutTime": 0.0196442,
    "TrueEchoSpacing": 0.00068927,
    "dataset": "ds001232",
    "modality": "bold",
    "run_id": 3,
    "subject_id": "18",
    "task_id": "phase1"
  },
  "dummy_trs": 0,
  "dvars_nstd": 27.524221014319505,
  "dvars_std": 1.2283714223668647,
  "dvars_vstd": 1.0282667520118345,
  "efc": 0.622847248623778,
  "fber": 1224.4422607421875,
  "fd_mean": 0.0984561465459741,
  "fd_num": 12,
  "fd_perc": 7.0588235294117645,
  "fwhm_avg": 1.7231521540127437,
  "fwhm_x": 1.5871349845550013,
  "fwhm_y": 1.9643081441498957,
  "fwhm_z": 1.6180133333333335,
  "gcor": 0.0316155,
  "gsr_x": 0.004278807435184717,
  "gsr_y": 0.03829837217926979,
  "provenance": {
    "md5sum": "bae020e948e15ed4aa5f4962efc5dde9",
    "settings": {
      "fd_thres": 0.2,
      "testing": false
    },
    "software": "mriqc",
    "version": "22.0.6",
    "webapi_port": null,
    "webapi_url": "https://mriqc.nimh.nih.gov/api/v1"
  },
  "size_t": 170,
  "size_x": 66,
  "size_y": 66,
  "size_z": 34,
  "snr": 5.487086206830698,
  "spacing_tr": 2.0,
  "spacing_x": 2.9696969985961914,
  "spacing_y": 2.9696969985961914,
  "spacing_z": 3.0,
  "summary_bg_k": 19.910634445431345,
  "summary_bg_mad": 11.94803114034243,
  "summary_bg_mean": 49.426368713378906,
  "summary_bg_median": 20.31764793395996,
  "summary_bg_n": 71779.0,
  "summary_bg_p05": 10.058235359191896,
  "summary_bg_p95": 211.10823364257791,
  "summary_bg_stdv": 74.33733367919922,
  "summary_fg_k": 4.126301776331457,
  "summary_fg_mad": 112.05853966470005,
  "summary_fg_mean": 741.1580200195312,
  "summary_fg_median": 729.4176635742188,
  "summary_fg_n": 42323.0,
  "summary_fg_p05": 568.5011779785157,
  "summary_fg_p95": 951.8923583984378,
  "summary_fg_stdv": 132.93194580078125,
  "tsnr": 63.32727454602718
}