{
  "aor": 0.002053,
  "aqi": 0.007314118470588236,
  "bids_meta": {
    "AccelFactPE": 2,
    "AcquisitionNumber": 1,
    "AcquisitionTime": "10:40:10.860000",
    "BandwidthPerPixelPhaseEncode": 49.18,
    "BodyPartExamined": "BRAIN",
    "ConversionSoftware": "dcm2niix",
    "ConversionSoftwareVersion": "v1.0.20170724 (OpenJPEG build) GCC6.1.0",
    "DeviceSerialNumber": "45031",
    "EchoTime": 0.034,
    "EchoTrainLength": 29,
    "EffectiveEchoSpacing": 0.000344635,
    "FlipAngle": 71,
    "ImageType": [
      "ORIGINAL",
      "PRIMARY",
      "M",
      "ND",
      "NORM",
      "MOSAIC"
    ],
    "InstitutionAddress": "Washington_and_Faculty_Rd._-_Building_25_25_Princeton_NJ_US_085",
    "InstitutionName": "Princeton_University_-_Neuroscience_Institute",
    "MagneticFieldStrength": 3,
    "Manufacturer": "Siemens",
    "ManufacturersModelName": "Skyra",
    "PhaseEncodingDirection": "j-",
    "PhaseEncodingLines": 59,
    "ProcedureStepDescription": "NormanLab_Jarrod",
    "ProtocolName": "epi_3x3x3_2s_phase1",
    "RepetitionTime": 2,
    "ScanningSequence": "EP",
    "SequenceName": "_epfid2d1_59",
    "SequenceVariant": "SK_OSP",
    "SeriesDescription": "epi_3x3x3_2s_phase1",
    "SliceTiming": [
      0.99,
      0,
      1.05,
      0.06,
      1.1075,
      0.1175,
      1.165,
      0.175,
      1.2225,
      0.235,
      1.2825,
      0.2925,
      1.34,
      0.35,
      1.3975,
      0.4075,
      1.4575,
      0.4675,
      1.515,
      0.525,
      1.5725,
      0.5825,
      1.63,
      0.6425,
      1.69,
      0.7,
      1.7475,
      0.7575,
      1.805,
      0.815,
      1.865,
      0.875,
      1.9225,
      0.9325
    ],
    "SoftwareVersions": "syngo_MR_D11",
    "TaskName": "Phase 1",
    "TotalReadoutTime": 0.0196442,
    "TrueEchoSpacing": 0.00068927,
    "dataset": "ds001232",
    "modality": "bold",
    "run_id": 4,
    "subject_id": "18",
    "task_id": "phase1"
  },
  "dummy_trs": 0,
  "dvars_nstd": 26.63056283301774,
  "dvars_std": 1.1914215581065093,
  "dvars_vstd": 1.032479942307692,
  "efc": 0.6233657623881161,
  "fber": 1204.902587890625,
  "fd_mean": 0.11370287896509566,
  "fd_num": 13,
  "fd_perc": 7.647058823529412,
  "fwhm_avg": 1.722004251538871,
  "fwhm_x": 1.584963045800627,
  "fwhm_y": 1.9601730421493193,
  "fwhm_z": 1.6208766666666667,
  "gcor": 0.0269553,
  "gsr_x": 0.004764532204717398,
  "gsr_y": 0.0378912128508091,
  "provenance": {
    "md5sum": "0ff243dbcb165f0e5bd632f3392795d0",
    "settings": {
      "fd_thres": 0.2,
      "testing": false
    },
    "software": "mriqc",
    "version": "22.0.6",
    "webapi_port": null,
    "webapi_url": "https://mriqc.nimh.nih.gov/api/v1"
  },
  "size_t": 170,
  "size_x": 66,
  "size_y": 66,
  "size_z": 34,
  "snr": 5.493391428580487,
  "spacing_tr": 2.0,
  "spacing_x": 2.9696969985961914,
  "spacing_y": 2.9696969985961914,
  "spacing_z": 3.0,
  "summary_bg_k": 18.779317442613852,
  "summary_bg_mad": 12.209665661556642,
  "summary_bg_mean": 49.909141540527344,
  "summary_bg_median": 20.488235473632812,
  "summary_bg_n": 71791.0,
  "summary_bg_p05": 10.032353401184082,
  "summary_bg_p95": 214.38824462890625,
  "summary_bg_stdv": 74.8727035522461,
  "summary_fg_k": 4.066901228249667,
  "summary_fg_mad": 112.20685418106545,
  "summary_fg_mean": 741.6395263671875,
  "summary_fg_median": 729.935302734375,
  "summary_fg_n": 42299.0,
  "summary_fg_p05": 568.8623901367188,
  "summary_fg_p95": 951.979443359375,
  "summary_fg_stdv": 132.87359619140625,
  "tsnr": 59.6607243855251
}