{
  "aor": 0.0035605917159763317,
  "aqi": 0.009131848934911244,
  "bids_meta": {
    "AccelFactPE": 2,
    "AcquisitionNumber": 1,
    "AcquisitionTime": "16:16:58.282500",
    "BandwidthPerPixelPhaseEncode": 49.18,
    "BodyPartExamined": "BRAIN",
    "ConversionSoftware": "dcm2niix",
    "ConversionSoftwareVersion": "v1.0.20170724 (OpenJPEG build) GCC6.1.0",
    "DeviceSerialNumber": "45031",
    "EchoTime": 0.034,
    "EchoTrainLength": 29,
    "EffectiveEchoSpacing": 0.000344635,
    "FlipAngle": 71,
    "ImageType": [
      "ORIGINAL",
      "PRIMARY",
      "M",
      "ND",
      "NORM",
      "MOSAIC"
    ],
    "InstitutionAddress": "Washington_and_Faculty_Rd._-_Building_25_25_Princeton_NJ_US_085",
    "InstitutionName": "Princeton_University_-_Neuroscience_Institute",
    "MagneticFieldStrength": 3,
    "Manufacturer": "Siemens",
    "ManufacturersModelName": "Skyra",
    "PhaseEncodingDirection": "j-",
    "PhaseEncodingLines": 59,
    "ProcedureStepDescription": "NormanLab_Jarrod",
    "ProtocolName": "epi_3x3x3_2s_phase1",
    "RepetitionTime": 2,
    "ScanningSequence": "EP",
    "SequenceName": "_epfid2d1_59",
    "SequenceVariant": "SK_OSP",
    "SeriesDescription": "epi_3x3x3_2s_phase1",
    "SliceTiming": [
      0.99,
      0,
      1.0475,
      0.0575,
      1.1075,
      0.1175,
      1.165,
      0.175,
      1.2225,
      0.2325,
      1.2825,
      0.2925,
      1.34,
      0.35,
      1.3975,
      0.4075,
      1.455,
      0.4675,
      1.515,
      0.525,
      1.5725,
      0.5825,
      1.63,
      0.64,
      1.69,
      0.7,
      1.7475,
      0.7575,
      1.805,
      0.815,
      1.8625,
      0.875,
      1.9225,
      0.9325
    ],
    "SoftwareVersions": "syngo_MR_D11",
    "TaskName": "Phase 1",
    "TotalReadoutTime": 0.0196442,
    "TrueEchoSpacing": 0.00068927,
    "dataset": "ds001232",
    "modality": "bold",
    "run_id": 3,
    "subject_id": "15",
    "task_id": "phase1"
  },
  "dummy_trs": 1,
  "dvars_nstd": 25.267085541249994,
  "dvars_std": 1.1177132101785716,
  "dvars_vstd": 1.0361494439285717,
  "efc": 0.5184164131257989,
  "fber": 1847.552490234375,
  "fd_mean": 0.17252581683143248,
  "fd_num": 23,
  "fd_perc": 13.609467455621301,
  "fwhm_avg": 1.6966969620928254,
  "fwhm_x": 1.547272331881695,
  "fwhm_y": 1.905356001866438,
  "fwhm_z": 1.6374625525303432,
  "gcor": 0.0169689,
  "gsr_x": -0.004030162002891302,
  "gsr_y": 0.02676195092499256,
  "provenance": {
    "md5sum": "4bdaa5e78d0270416836c9f8029aead7",
    "settings": {
      "fd_thres": 0.2,
      "testing": false
    },
    "software": "mriqc",
    "version": "22.0.6",
    "webapi_port": null,
    "webapi_url": "https://mriqc.nimh.nih.gov/api/v1"
  },
  "size_t": 169,
  "size_x": 66,
  "size_y": 66,
  "size_z": 34,
  "snr": 6.423111178128371,
  "spacing_tr": 2.0,
  "spacing_x": 2.9696969985961914,
  "spacing_y": 2.9696969985961914,
  "spacing_z": 3.0000014305114746,
  "summary_bg_k": 82.56489980063229,
  "summary_bg_mad": 7.05332689876313,
  "summary_bg_mean": 28.614948272705078,
  "summary_bg_median": 15.177515029907227,
  "summary_bg_n": 88451.0,
  "summary_bg_p05": 8.230769157409668,
  "summary_bg_p95": 91.6508903503418,
  "summary_bg_stdv": 50.12856674194336,
  "summary_fg_k": 3.1577098572422955,
  "summary_fg_mad": 88.6666528553923,
  "summary_fg_mean": 668.8109741210938,
  "summary_fg_median": 658.2307739257812,
  "summary_fg_n": 28647.0,
  "summary_fg_p05": 536.4437866210938,
  "summary_fg_p95": 836.1224914550781,
  "summary_fg_stdv": 102.4767074584961,
  "tsnr": 57.91344004694838
}