{
  "aor": 0.002603235294117647,
  "aqi": 0.007431404470588236,
  "bids_meta": {
    "AccelFactPE": 2,
    "AcquisitionNumber": 1,
    "AcquisitionTime": "16:23:18.205000",
    "BandwidthPerPixelPhaseEncode": 49.18,
    "BodyPartExamined": "BRAIN",
    "ConversionSoftware": "dcm2niix",
    "ConversionSoftwareVersion": "v1.0.20170724 (OpenJPEG build) GCC6.1.0",
    "DeviceSerialNumber": "45031",
    "EchoTime": 0.034,
    "EchoTrainLength": 29,
    "EffectiveEchoSpacing": 0.000344635,
    "FlipAngle": 71,
    "ImageType": [
      "ORIGINAL",
      "PRIMARY",
      "M",
      "ND",
      "NORM",
      "MOSAIC"
    ],
    "InstitutionAddress": "Washington_and_Faculty_Rd._-_Building_25_25_Princeton_NJ_US_085",
    "InstitutionName": "Princeton_University_-_Neuroscience_Institute",
    "MagneticFieldStrength": 3,
    "Manufacturer": "Siemens",
    "ManufacturersModelName": "Skyra",
    "PhaseEncodingDirection": "j-",
    "PhaseEncodingLines": 59,
    "ProcedureStepDescription": "NormanLab_Jarrod",
    "ProtocolName": "epi_3x3x3_2s_phase1",
    "RepetitionTime": 2,
    "ScanningSequence": "EP",
    "SequenceName": "_epfid2d1_59",
    "SequenceVariant": "SK_OSP",
    "SeriesDescription": "epi_3x3x3_2s_phase1",
    "SliceTiming": [
      0.99,
      0,
      1.0475,
      0.0575,
      1.1075,
      0.1175,
      1.165,
      0.175,
      1.2225,
      0.2325,
      1.28,
      0.2925,
      1.34,
      0.35,
      1.3975,
      0.4075,
      1.455,
      0.465,
      1.515,
      0.525,
      1.5725,
      0.5825,
      1.63,
      0.64,
      1.6875,
      0.7,
      1.7475,
      0.7575,
      1.805,
      0.815,
      1.8625,
      0.8725,
      1.9225,
      0.9325
    ],
    "SoftwareVersions": "syngo_MR_D11",
    "TaskName": "Phase 1",
    "TotalReadoutTime": 0.0196442,
    "TrueEchoSpacing": 0.00068927,
    "dataset": "ds001232",
    "modality": "bold",
    "run_id": 4,
    "subject_id": "15",
    "task_id": "phase1"
  },
  "dummy_trs": 0,
  "dvars_nstd": 24.933238983017745,
  "dvars_std": 1.1260470505325448,
  "dvars_vstd": 1.0406655689349116,
  "efc": 0.5198477476995993,
  "fber": 1803.5343017578125,
  "fd_mean": 0.15217927759396235,
  "fd_num": 20,
  "fd_perc": 11.764705882352942,
  "fwhm_avg": 1.6916784373465106,
  "fwhm_x": 1.5419047809135207,
  "fwhm_y": 1.9039013080030431,
  "fwhm_z": 1.6292292231229673,
  "gcor": 0.0133877,
  "gsr_x": -0.004740710835903883,
  "gsr_y": 0.026271741837263107,
  "provenance": {
    "md5sum": "8a4d11efa1a6fc3843bfab9f10113a91",
    "settings": {
      "fd_thres": 0.2,
      "testing": false
    },
    "software": "mriqc",
    "version": "22.0.6",
    "webapi_port": null,
    "webapi_url": "https://mriqc.nimh.nih.gov/api/v1"
  },
  "size_t": 170,
  "size_x": 66,
  "size_y": 66,
  "size_z": 34,
  "snr": 6.435207649878943,
  "spacing_tr": 2.0,
  "spacing_x": 2.9696969985961914,
  "spacing_y": 2.9696969985961914,
  "spacing_z": 3.0000014305114746,
  "summary_bg_k": 79.91569654740519,
  "summary_bg_mad": 7.2734713615554165,
  "summary_bg_mean": 28.83701515197754,
  "summary_bg_median": 15.34705924987793,
  "summary_bg_n": 88395.0,
  "summary_bg_p05": 8.282353401184082,
  "summary_bg_p95": 92.93647155761725,
  "summary_bg_stdv": 49.84629440307617,
  "summary_fg_k": 3.176787539113554,
  "summary_fg_mad": 89.04336629750892,
  "summary_fg_mean": 667.1522216796875,
  "summary_fg_median": 656.8529663085938,
  "summary_fg_n": 28755.0,
  "summary_fg_p05": 535.36884765625,
  "summary_fg_p95": 832.4659118652344,
  "summary_fg_stdv": 102.06998443603516,
  "tsnr": 62.77921166620217
}