{
  "aor": 0.00468126168224299,
  "aqi": 0.01668083411214953,
  "bids_meta": {
    "AccelFactPE": 2,
    "AcquisitionNumber": 1,
    "AcquisitionTime": "16:30:0.827500",
    "BandwidthPerPixelPhaseEncode": 49.18,
    "BodyPartExamined": "BRAIN",
    "ConversionSoftware": "dcm2niix",
    "ConversionSoftwareVersion": "v1.0.20170724 (OpenJPEG build) GCC6.1.0",
    "DeviceSerialNumber": "45031",
    "EchoTime": 0.034,
    "EchoTrainLength": 29,
    "EffectiveEchoSpacing": 0.000344635,
    "FlipAngle": 71,
    "ImageType": [
      "ORIGINAL",
      "PRIMARY",
      "M",
      "ND",
      "NORM",
      "MOSAIC"
    ],
    "InstitutionAddress": "Washington_and_Faculty_Rd._-_Building_25_25_Princeton_NJ_US_085",
    "InstitutionName": "Princeton_University_-_Neuroscience_Institute",
    "MagneticFieldStrength": 3,
    "Manufacturer": "Siemens",
    "ManufacturersModelName": "Skyra",
    "PhaseEncodingDirection": "j-",
    "PhaseEncodingLines": 59,
    "ProcedureStepDescription": "NormanLab_Jarrod",
    "ProtocolName": "epi_3x3x3_2s_phase2_(214_TRs)",
    "RepetitionTime": 2,
    "ScanningSequence": "EP",
    "SequenceName": "_epfid2d1_59",
    "SequenceVariant": "SK_OSP",
    "SeriesDescription": "epi_3x3x3_2s_phase2_(214_TRs)",
    "SliceTiming": [
      0.99,
      0,
      1.0475,
      0.0575,
      1.105,
      0.115,
      1.1625,
      0.1725,
      1.2225,
      0.2325,
      1.28,
      0.29,
      1.3375,
      0.3475,
      1.3975,
      0.4075,
      1.455,
      0.465,
      1.5125,
      0.5225,
      1.57,
      0.58,
      1.63,
      0.64,
      1.6875,
      0.6975,
      1.745,
      0.755,
      1.805,
      0.815,
      1.8625,
      0.8725,
      1.92,
      0.93
    ],
    "SoftwareVersions": "syngo_MR_D11",
    "TaskName": "Phase 2",
    "TotalReadoutTime": 0.0196442,
    "TrueEchoSpacing": 0.00068927,
    "dataset": "ds001232",
    "modality": "bold",
    "run_id": 1,
    "subject_id": "15",
    "task_id": "phase2"
  },
  "dummy_trs": 0,
  "dvars_nstd": 27.81872049943664,
  "dvars_std": 1.093731515211268,
  "dvars_vstd": 1.0093003076995308,
  "efc": 0.5277067133868086,
  "fber": 1353.75634765625,
  "fd_mean": 0.2827104802761878,
  "fd_num": 73,
  "fd_perc": 34.11214953271028,
  "fwhm_avg": 1.6938473357174744,
  "fwhm_x": 1.5387192707404385,
  "fwhm_y": 1.901810185574413,
  "fwhm_z": 1.6410125508375721,
  "gcor": 0.0440861,
  "gsr_x": -0.009448561817407608,
  "gsr_y": 0.03356791287660599,
  "provenance": {
    "md5sum": "4685bc221a1329d1dd2339f1ceae5bf9",
    "settings": {
      "fd_thres": 0.2,
      "testing": false
    },
    "software": "mriqc",
    "version": "22.0.6",
    "webapi_port": null,
    "webapi_url": "https://mriqc.nimh.nih.gov/api/v1"
  },
  "size_t": 214,
  "size_x": 66,
  "size_y": 66,
  "size_z": 34,
  "snr": 6.475677140124599,
  "spacing_tr": 2.0,
  "spacing_x": 2.9696969985961914,
  "spacing_y": 2.9696969985961914,
  "spacing_z": 3.0000014305114746,
  "summary_bg_k": 80.9259063041533,
  "summary_bg_mad": 9.747761479654722,
  "summary_bg_mean": 30.847761154174805,
  "summary_bg_median": 17.280372619628906,
  "summary_bg_n": 88435.0,
  "summary_bg_p05": 8.462616920471191,
  "summary_bg_p95": 96.32382888793947,
  "summary_bg_stdv": 49.8232307434082,
  "summary_fg_k": 3.0655637811338217,
  "summary_fg_mad": 88.1628902485551,
  "summary_fg_mean": 655.2056884765625,
  "summary_fg_median": 646.7803344726562,
  "summary_fg_n": 28974.0,
  "summary_fg_p05": 524.143212890625,
  "summary_fg_p95": 815.3142181396483,
  "summary_fg_stdv": 99.8766860961914,
  "tsnr": 41.36416811961681
}