{
  "aor": 0.00771056074766355,
  "aqi": 0.011893984672897196,
  "bids_meta": {
    "AccelFactPE": 2,
    "AcquisitionNumber": 1,
    "AcquisitionTime": "17:03:25.755000",
    "BandwidthPerPixelPhaseEncode": 49.18,
    "BodyPartExamined": "BRAIN",
    "ConversionSoftware": "dcm2niix",
    "ConversionSoftwareVersion": "v1.0.20170724 (OpenJPEG build) GCC6.1.0",
    "DeviceSerialNumber": "45031",
    "EchoTime": 0.034,
    "EchoTrainLength": 29,
    "EffectiveEchoSpacing": 0.000344635,
    "FlipAngle": 71,
    "ImageType": [
      "ORIGINAL",
      "PRIMARY",
      "M",
      "ND",
      "NORM",
      "MOSAIC"
    ],
    "InstitutionAddress": "Washington_and_Faculty_Rd._-_Building_25_25_Princeton_NJ_US_085",
    "InstitutionName": "Princeton_University_-_Neuroscience_Institute",
    "MagneticFieldStrength": 3,
    "Manufacturer": "Siemens",
    "ManufacturersModelName": "Skyra",
    "PhaseEncodingDirection": "j-",
    "PhaseEncodingLines": 59,
    "ProcedureStepDescription": "NormanLab_Jarrod",
    "ProtocolName": "epi_3x3x3_2s_phase2_(214_TRs)",
    "RepetitionTime": 2,
    "ScanningSequence": "EP",
    "SequenceName": "_epfid2d1_59",
    "SequenceVariant": "SK_OSP",
    "SeriesDescription": "epi_3x3x3_2s_phase2_(214_TRs)",
    "SliceTiming": [
      0.99,
      0,
      1.0475,
      0.0575,
      1.105,
      0.115,
      1.1625,
      0.175,
      1.2225,
      0.2325,
      1.28,
      0.29,
      1.3375,
      0.3475,
      1.3975,
      0.4075,
      1.455,
      0.465,
      1.5125,
      0.5225,
      1.57,
      0.5825,
      1.63,
      0.64,
      1.6875,
      0.6975,
      1.745,
      0.755,
      1.805,
      0.815,
      1.8625,
      0.8725,
      1.92,
      0.93
    ],
    "SoftwareVersions": "syngo_MR_D11",
    "TaskName": "Phase 2",
    "TotalReadoutTime": 0.0196442,
    "TrueEchoSpacing": 0.00068927,
    "dataset": "ds001232",
    "modality": "bold",
    "run_id": 4,
    "subject_id": "15",
    "task_id": "phase2"
  },
  "dummy_trs": 0,
  "dvars_nstd": 27.989226103896726,
  "dvars_std": 1.1492794020187789,
  "dvars_vstd": 1.0740003145070423,
  "efc": 0.5185462680270106,
  "fber": 1802.83984375,
  "fd_mean": 0.22561439947521358,
  "fd_num": 58,
  "fd_perc": 27.102803738317757,
  "fwhm_avg": 1.6853817986159534,
  "fwhm_x": 1.542157331931471,
  "fwhm_y": 1.8837544714644054,
  "fwhm_z": 1.6302335924519844,
  "gcor": 0.0237345,
  "gsr_x": -0.004002663306891918,
  "gsr_y": 0.028637295588850975,
  "provenance": {
    "md5sum": "ba4ea645f096344d55948fee03ec1caa",
    "settings": {
      "fd_thres": 0.2,
      "testing": false
    },
    "software": "mriqc",
    "version": "22.0.6",
    "webapi_port": null,
    "webapi_url": "https://mriqc.nimh.nih.gov/api/v1"
  },
  "size_t": 214,
  "size_x": 66,
  "size_y": 66,
  "size_z": 34,
  "snr": 6.340590170013078,
  "spacing_tr": 2.0,
  "spacing_x": 2.9696969985961914,
  "spacing_y": 2.9696969985961914,
  "spacing_z": 2.999999523162842,
  "summary_bg_k": 85.89147507094943,
  "summary_bg_mad": 7.496148154453813,
  "summary_bg_mean": 29.186555862426758,
  "summary_bg_median": 15.532710075378418,
  "summary_bg_n": 88511.0,
  "summary_bg_p05": 8.514018058776855,
  "summary_bg_p95": 91.9158821105957,
  "summary_bg_stdv": 50.64019012451172,
  "summary_fg_k": 3.0526776549990737,
  "summary_fg_mad": 91.20084933544904,
  "summary_fg_mean": 674.6837768554688,
  "summary_fg_median": 663.102783203125,
  "summary_fg_n": 28603.0,
  "summary_fg_p05": 539.0798767089843,
  "summary_fg_p95": 845.3452941894532,
  "summary_fg_stdv": 104.57878112792969,
  "tsnr": 50.7498469070415
}