{
  "aor": 0.00518,
  "aqi": 0.010912043925233645,
  "bids_meta": {
    "AccelFactPE": 2,
    "AcquisitionNumber": 1,
    "AcquisitionTime": "16:55:56.160000",
    "BandwidthPerPixelPhaseEncode": 49.18,
    "BodyPartExamined": "BRAIN",
    "ConversionSoftware": "dcm2niix",
    "ConversionSoftwareVersion": "v1.0.20170724 (OpenJPEG build) GCC6.1.0",
    "DeviceSerialNumber": "45031",
    "EchoTime": 0.034,
    "EchoTrainLength": 29,
    "EffectiveEchoSpacing": 0.000344635,
    "FlipAngle": 71,
    "ImageType": [
      "ORIGINAL",
      "PRIMARY",
      "M",
      "ND",
      "NORM",
      "MOSAIC"
    ],
    "InstitutionAddress": "Washington_and_Faculty_Rd._-_Building_25_25_Princeton_NJ_US_085",
    "InstitutionName": "Princeton_University_-_Neuroscience_Institute",
    "MagneticFieldStrength": 3,
    "Manufacturer": "Siemens",
    "ManufacturersModelName": "Skyra",
    "PhaseEncodingDirection": "j-",
    "PhaseEncodingLines": 59,
    "ProcedureStepDescription": "NormanLab_Jarrod",
    "ProtocolName": "epi_3x3x3_2s_phase2_(214_TRs)",
    "RepetitionTime": 2,
    "ScanningSequence": "EP",
    "SequenceName": "_epfid2d1_59",
    "SequenceVariant": "SK_OSP",
    "SeriesDescription": "epi_3x3x3_2s_phase2_(214_TRs)",
    "SliceTiming": [
      0.99,
      0,
      1.0475,
      0.0575,
      1.105,
      0.115,
      1.165,
      0.175,
      1.2225,
      0.2325,
      1.28,
      0.29,
      1.3375,
      0.35,
      1.3975,
      0.4075,
      1.455,
      0.465,
      1.5125,
      0.5225,
      1.5725,
      0.5825,
      1.63,
      0.64,
      1.6875,
      0.6975,
      1.745,
      0.7575,
      1.805,
      0.815,
      1.8625,
      0.8725,
      1.92,
      0.93
    ],
    "SoftwareVersions": "syngo_MR_D11",
    "TaskName": "Phase 2",
    "TotalReadoutTime": 0.0196442,
    "TrueEchoSpacing": 0.00068927,
    "dataset": "ds001232",
    "modality": "bold",
    "run_id": 3,
    "subject_id": "15",
    "task_id": "phase2"
  },
  "dummy_trs": 0,
  "dvars_nstd": 26.96126183004695,
  "dvars_std": 1.1278173536619718,
  "dvars_vstd": 1.0448847802347419,
  "efc": 0.5177396969807886,
  "fber": 1811.2762451171875,
  "fd_mean": 0.1706356826711355,
  "fd_num": 36,
  "fd_perc": 16.822429906542055,
  "fwhm_avg": 1.6900799282931065,
  "fwhm_x": 1.5372982503461035,
  "fwhm_y": 1.8943279407492664,
  "fwhm_z": 1.6386135937839499,
  "gcor": 0.0282703,
  "gsr_x": -0.0030447652097791433,
  "gsr_y": 0.027005303651094437,
  "provenance": {
    "md5sum": "b47f0cc3fd5c6878424cef92a711d87b",
    "settings": {
      "fd_thres": 0.2,
      "testing": false
    },
    "software": "mriqc",
    "version": "22.0.6",
    "webapi_port": null,
    "webapi_url": "https://mriqc.nimh.nih.gov/api/v1"
  },
  "size_t": 214,
  "size_x": 66,
  "size_y": 66,
  "size_z": 34,
  "snr": 6.337476076531169,
  "spacing_tr": 2.0,
  "spacing_x": 2.9696969985961914,
  "spacing_y": 2.9696969985961914,
  "spacing_z": 2.999999523162842,
  "summary_bg_k": 82.78906701907133,
  "summary_bg_mad": 7.371443268524937,
  "summary_bg_mean": 28.854917526245117,
  "summary_bg_median": 15.532710075378418,
  "summary_bg_n": 88582.0,
  "summary_bg_p05": 8.5420560836792,
  "summary_bg_p95": 90.399994277954,
  "summary_bg_stdv": 49.663917541503906,
  "summary_fg_k": 3.180233896267202,
  "summary_fg_mad": 91.42255193770359,
  "summary_fg_mean": 676.0117797851562,
  "summary_fg_median": 664.607421875,
  "summary_fg_n": 28490.0,
  "summary_fg_p05": 540.9021026611329,
  "summary_fg_p95": 846.9525634765624,
  "summary_fg_stdv": 104.8675765991211,
  "tsnr": 53.26125286286697
}