{
  "aor": 0.0006264485981308412,
  "aqi": 0.006988197242990655,
  "bids_meta": {
    "AccelFactPE": 2,
    "AcquisitionNumber": 1,
    "AcquisitionTime": "11:09:9.717500",
    "BandwidthPerPixelPhaseEncode": 49.18,
    "BodyPartExamined": "BRAIN",
    "ConversionSoftware": "dcm2niix",
    "ConversionSoftwareVersion": "v1.0.20170724 (OpenJPEG build) GCC6.1.0",
    "DeviceSerialNumber": "45031",
    "EchoTime": 0.034,
    "EchoTrainLength": 29,
    "EffectiveEchoSpacing": 0.000344635,
    "FlipAngle": 71,
    "ImageType": [
      "ORIGINAL",
      "PRIMARY",
      "M",
      "ND",
      "NORM",
      "MOSAIC"
    ],
    "InstitutionAddress": "Washington_and_Faculty_Rd._-_Building_25_25_Princeton_NJ_US_085",
    "InstitutionName": "Princeton_University_-_Neuroscience_Institute",
    "MagneticFieldStrength": 3,
    "Manufacturer": "Siemens",
    "ManufacturersModelName": "Skyra",
    "PhaseEncodingDirection": "j-",
    "PhaseEncodingLines": 59,
    "ProcedureStepDescription": "NormanLab_Jarrod",
    "ProtocolName": "epi_3x3x3_2s_phase2_(214_TRs)",
    "RepetitionTime": 2,
    "ScanningSequence": "EP",
    "SequenceName": "_epfid2d1_59",
    "SequenceVariant": "SK_OSP",
    "SeriesDescription": "epi_3x3x3_2s_phase2_(214_TRs)",
    "SliceTiming": [
      0.99,
      0,
      1.0475,
      0.0575,
      1.105,
      0.115,
      1.1625,
      0.175,
      1.2225,
      0.2325,
      1.28,
      0.29,
      1.3375,
      0.3475,
      1.3975,
      0.4075,
      1.455,
      0.465,
      1.5125,
      0.5225,
      1.5725,
      0.5825,
      1.63,
      0.64,
      1.6875,
      0.6975,
      1.745,
      0.755,
      1.805,
      0.815,
      1.8625,
      0.8725,
      1.92,
      0.93
    ],
    "SoftwareVersions": "syngo_MR_D11",
    "TaskName": "Phase 2",
    "TotalReadoutTime": 0.0196442,
    "TrueEchoSpacing": 0.00068927,
    "dataset": "ds001232",
    "modality": "bold",
    "run_id": 2,
    "subject_id": "21",
    "task_id": "phase2"
  },
  "dummy_trs": 0,
  "dvars_nstd": 26.56969842347417,
  "dvars_std": 1.1644965884037557,
  "dvars_vstd": 1.014137902253521,
  "efc": 0.6057853696423161,
  "fber": 1528.487548828125,
  "fd_mean": 0.15227930026639894,
  "fd_num": 38,
  "fd_perc": 17.757009345794394,
  "fwhm_avg": 1.7264154444758697,
  "fwhm_x": 1.5608865154226799,
  "fwhm_y": 1.9278970220552463,
  "fwhm_z": 1.690462795949683,
  "gcor": 0.0308893,
  "gsr_x": 0.0013032805873081088,
  "gsr_y": 0.0378832146525383,
  "provenance": {
    "md5sum": "8daa28fe2db4a3597b501679ad75fd17",
    "settings": {
      "fd_thres": 0.2,
      "testing": false
    },
    "software": "mriqc",
    "version": "22.0.6",
    "webapi_port": null,
    "webapi_url": "https://mriqc.nimh.nih.gov/api/v1"
  },
  "size_t": 214,
  "size_x": 66,
  "size_y": 66,
  "size_z": 34,
  "snr": 5.673217789640854,
  "spacing_tr": 2.0,
  "spacing_x": 2.9696969985961914,
  "spacing_y": 2.9696969985961914,
  "spacing_z": 3.0000009536743164,
  "summary_bg_k": 36.25644500484164,
  "summary_bg_mad": 10.807753010050167,
  "summary_bg_mean": 40.37399673461914,
  "summary_bg_median": 19.177570343017578,
  "summary_bg_n": 72152.0,
  "summary_bg_p05": 9.35046672821045,
  "summary_bg_p95": 150.70700683593705,
  "summary_bg_stdv": 70.8370590209961,
  "summary_fg_k": 3.138562674876413,
  "summary_fg_mad": 115.92693335603892,
  "summary_fg_mean": 784.8761596679688,
  "summary_fg_median": 767.1495361328125,
  "summary_fg_n": 41957.0,
  "summary_fg_p05": 609.9635131835937,
  "summary_fg_p95": 1014.093420410156,
  "summary_fg_stdv": 135.2213897705078,
  "tsnr": 62.657780908513814
}