{
  "aor": 0.0009229411764705885,
  "aqi": 0.0072325663529411765,
  "bids_meta": {
    "AccelFactPE": 2,
    "AcquisitionNumber": 1,
    "AcquisitionTime": "10:54:15.037500",
    "BandwidthPerPixelPhaseEncode": 49.18,
    "BodyPartExamined": "BRAIN",
    "ConversionSoftware": "dcm2niix",
    "ConversionSoftwareVersion": "v1.0.20170724 (OpenJPEG build) GCC6.1.0",
    "DeviceSerialNumber": "45031",
    "EchoTime": 0.034,
    "EchoTrainLength": 29,
    "EffectiveEchoSpacing": 0.000344635,
    "FlipAngle": 71,
    "ImageType": [
      "ORIGINAL",
      "PRIMARY",
      "M",
      "ND",
      "NORM",
      "MOSAIC"
    ],
    "InstitutionAddress": "Washington_and_Faculty_Rd._-_Building_25_25_Princeton_NJ_US_085",
    "InstitutionName": "Princeton_University_-_Neuroscience_Institute",
    "MagneticFieldStrength": 3,
    "Manufacturer": "Siemens",
    "ManufacturersModelName": "Skyra",
    "PhaseEncodingDirection": "j-",
    "PhaseEncodingLines": 59,
    "ProcedureStepDescription": "NormanLab_Jarrod",
    "ProtocolName": "epi_3x3x3_2s_phase1",
    "RepetitionTime": 2,
    "ScanningSequence": "EP",
    "SequenceName": "_epfid2d1_59",
    "SequenceVariant": "SK_OSP",
    "SeriesDescription": "epi_3x3x3_2s_phase1",
    "SliceTiming": [
      0.99,
      0,
      1.0475,
      0.06,
      1.1075,
      0.1175,
      1.165,
      0.175,
      1.2225,
      0.2325,
      1.2825,
      0.2925,
      1.34,
      0.35,
      1.3975,
      0.4075,
      1.455,
      0.4675,
      1.515,
      0.525,
      1.5725,
      0.5825,
      1.63,
      0.64,
      1.69,
      0.7,
      1.7475,
      0.7575,
      1.805,
      0.815,
      1.8625,
      0.875,
      1.9225,
      0.9325
    ],
    "SoftwareVersions": "syngo_MR_D11",
    "TaskName": "Phase 1",
    "TotalReadoutTime": 0.0196442,
    "TrueEchoSpacing": 0.00068927,
    "dataset": "ds001232",
    "modality": "bold",
    "run_id": 4,
    "subject_id": "21",
    "task_id": "phase1"
  },
  "dummy_trs": 0,
  "dvars_nstd": 26.851214121420107,
  "dvars_std": 1.166946970769231,
  "dvars_vstd": 1.0177881837869824,
  "efc": 0.6058116923018149,
  "fber": 1532.041259765625,
  "fd_mean": 0.1509051190942863,
  "fd_num": 31,
  "fd_perc": 18.235294117647058,
  "fwhm_avg": 1.7277030977002148,
  "fwhm_x": 1.5624624337746909,
  "fwhm_y": 1.9318940628326762,
  "fwhm_z": 1.688752796493277,
  "gcor": 0.0324289,
  "gsr_x": 0.00020126903837081045,
  "gsr_y": 0.03795263171195984,
  "provenance": {
    "md5sum": "f403f13f8a0646e1147683b716caead7",
    "settings": {
      "fd_thres": 0.2,
      "testing": false
    },
    "software": "mriqc",
    "version": "22.0.6",
    "webapi_port": null,
    "webapi_url": "https://mriqc.nimh.nih.gov/api/v1"
  },
  "size_t": 170,
  "size_x": 66,
  "size_y": 66,
  "size_z": 34,
  "snr": 5.677136530302507,
  "spacing_tr": 2.0,
  "spacing_x": 2.9696969985961914,
  "spacing_y": 2.9696969985961914,
  "spacing_z": 3.0000009536743164,
  "summary_bg_k": 37.11421686425706,
  "summary_bg_mad": 10.831717534320656,
  "summary_bg_mean": 40.032470703125,
  "summary_bg_median": 19.1235294342041,
  "summary_bg_n": 72124.0,
  "summary_bg_p05": 9.247941207885743,
  "summary_bg_p95": 150.45029602050766,
  "summary_bg_stdv": 70.2052993774414,
  "summary_fg_k": 3.183914951793205,
  "summary_fg_mad": 115.82612654015664,
  "summary_fg_mean": 783.350341796875,
  "summary_fg_median": 765.6000366210938,
  "summary_fg_n": 41969.0,
  "summary_fg_p05": 609.8164794921875,
  "summary_fg_p95": 1011.1058959960936,
  "summary_fg_stdv": 134.85511779785156,
  "tsnr": 61.716950330883265
}