{
  "aor": 0.0007053529411764707,
  "aqi": 0.005999536294117647,
  "bids_meta": {
    "AccelFactPE": 2,
    "AcquisitionNumber": 1,
    "AcquisitionTime": "10:35:44.202500",
    "BandwidthPerPixelPhaseEncode": 49.18,
    "BodyPartExamined": "BRAIN",
    "ConversionSoftware": "dcm2niix",
    "ConversionSoftwareVersion": "v1.0.20170724 (OpenJPEG build) GCC6.1.0",
    "DeviceSerialNumber": "45031",
    "EchoTime": 0.034,
    "EchoTrainLength": 29,
    "EffectiveEchoSpacing": 0.000344635,
    "FlipAngle": 71,
    "ImageType": [
      "ORIGINAL",
      "PRIMARY",
      "M",
      "ND",
      "NORM",
      "MOSAIC"
    ],
    "InstitutionAddress": "Washington_and_Faculty_Rd._-_Building_25_25_Princeton_NJ_US_085",
    "InstitutionName": "Princeton_University_-_Neuroscience_Institute",
    "MagneticFieldStrength": 3,
    "Manufacturer": "Siemens",
    "ManufacturersModelName": "Skyra",
    "PhaseEncodingDirection": "j-",
    "PhaseEncodingLines": 59,
    "ProcedureStepDescription": "NormanLab_Jarrod",
    "ProtocolName": "epi_3x3x3_2s_phase1",
    "RepetitionTime": 2,
    "ScanningSequence": "EP",
    "SequenceName": "_epfid2d1_59",
    "SequenceVariant": "SK_OSP",
    "SeriesDescription": "epi_3x3x3_2s_phase1",
    "SliceTiming": [
      0.99,
      0,
      1.0475,
      0.06,
      1.1075,
      0.1175,
      1.165,
      0.175,
      1.2225,
      0.2325,
      1.2825,
      0.2925,
      1.34,
      0.35,
      1.3975,
      0.4075,
      1.455,
      0.4675,
      1.515,
      0.525,
      1.5725,
      0.5825,
      1.63,
      0.64,
      1.69,
      0.7,
      1.7475,
      0.7575,
      1.805,
      0.815,
      1.8625,
      0.875,
      1.9225,
      0.9325
    ],
    "SoftwareVersions": "syngo_MR_D11",
    "TaskName": "Phase 1",
    "TotalReadoutTime": 0.0196442,
    "TrueEchoSpacing": 0.00068927,
    "dataset": "ds001232",
    "modality": "bold",
    "run_id": 1,
    "subject_id": "21",
    "task_id": "phase1"
  },
  "dummy_trs": 0,
  "dvars_nstd": 25.578772810473385,
  "dvars_std": 1.1483049526627218,
  "dvars_vstd": 1.0134812220710054,
  "efc": 0.6047272946429879,
  "fber": 1540.1746826171875,
  "fd_mean": 0.08890189652238983,
  "fd_num": 1,
  "fd_perc": 0.5882352941176471,
  "fwhm_avg": 1.7282117944912914,
  "fwhm_x": 1.5663281480227864,
  "fwhm_y": 1.9358911036101059,
  "fwhm_z": 1.6824161318409818,
  "gcor": 0.0367793,
  "gsr_x": 0.0006847023614682257,
  "gsr_y": 0.036899179220199585,
  "provenance": {
    "md5sum": "b9dbc14cb9bc921294b16686aab49718",
    "settings": {
      "fd_thres": 0.2,
      "testing": false
    },
    "software": "mriqc",
    "version": "22.0.6",
    "webapi_port": null,
    "webapi_url": "https://mriqc.nimh.nih.gov/api/v1"
  },
  "size_t": 170,
  "size_x": 66,
  "size_y": 66,
  "size_z": 34,
  "snr": 5.591363670023857,
  "spacing_tr": 2.0,
  "spacing_x": 2.9696969985961914,
  "spacing_y": 2.9696969985961914,
  "spacing_z": 3.0000009536743164,
  "summary_bg_k": 33.52392276461008,
  "summary_bg_mad": 10.526477730877295,
  "summary_bg_mean": 38.595924377441406,
  "summary_bg_median": 19.04117774963379,
  "summary_bg_n": 72135.0,
  "summary_bg_p05": 9.29411792755127,
  "summary_bg_p95": 141.56000671386727,
  "summary_bg_stdv": 64.94987487792969,
  "summary_fg_k": 3.387263947573948,
  "summary_fg_mad": 116.16628167561578,
  "summary_fg_mean": 781.3169555664062,
  "summary_fg_median": 764.1117553710938,
  "summary_fg_n": 41917.0,
  "summary_fg_p05": 605.4376708984375,
  "summary_fg_p95": 1009.237646484375,
  "summary_fg_stdv": 136.65765380859375,
  "tsnr": 65.3033104003407
}