{
  "aor": 0.0006553529411764705,
  "aqi": 0.007374439647058822,
  "bids_meta": {
    "AccelFactPE": 2,
    "AcquisitionNumber": 1,
    "AcquisitionTime": "10:48:6.725000",
    "BandwidthPerPixelPhaseEncode": 49.18,
    "BodyPartExamined": "BRAIN",
    "ConversionSoftware": "dcm2niix",
    "ConversionSoftwareVersion": "v1.0.20170724 (OpenJPEG build) GCC6.1.0",
    "DeviceSerialNumber": "45031",
    "EchoTime": 0.034,
    "EchoTrainLength": 29,
    "EffectiveEchoSpacing": 0.000344635,
    "FlipAngle": 71,
    "ImageType": [
      "ORIGINAL",
      "PRIMARY",
      "M",
      "ND",
      "NORM",
      "MOSAIC"
    ],
    "InstitutionAddress": "Washington_and_Faculty_Rd._-_Building_25_25_Princeton_NJ_US_085",
    "InstitutionName": "Princeton_University_-_Neuroscience_Institute",
    "MagneticFieldStrength": 3,
    "Manufacturer": "Siemens",
    "ManufacturersModelName": "Skyra",
    "PhaseEncodingDirection": "j-",
    "PhaseEncodingLines": 59,
    "ProcedureStepDescription": "NormanLab_Jarrod",
    "ProtocolName": "epi_3x3x3_2s_phase1",
    "RepetitionTime": 2,
    "ScanningSequence": "EP",
    "SequenceName": "_epfid2d1_59",
    "SequenceVariant": "SK_OSP",
    "SeriesDescription": "epi_3x3x3_2s_phase1",
    "SliceTiming": [
      0.99,
      0,
      1.0475,
      0.0575,
      1.1075,
      0.1175,
      1.165,
      0.175,
      1.2225,
      0.2325,
      1.2825,
      0.2925,
      1.34,
      0.35,
      1.3975,
      0.4075,
      1.455,
      0.4675,
      1.515,
      0.525,
      1.5725,
      0.5825,
      1.63,
      0.64,
      1.69,
      0.7,
      1.7475,
      0.7575,
      1.805,
      0.815,
      1.8625,
      0.875,
      1.9225,
      0.9325
    ],
    "SoftwareVersions": "syngo_MR_D11",
    "TaskName": "Phase 1",
    "TotalReadoutTime": 0.0196442,
    "TrueEchoSpacing": 0.00068927,
    "dataset": "ds001232",
    "modality": "bold",
    "run_id": 3,
    "subject_id": "21",
    "task_id": "phase1"
  },
  "dummy_trs": 0,
  "dvars_nstd": 26.0410325656213,
  "dvars_std": 1.158195703076923,
  "dvars_vstd": 1.0093129366863898,
  "efc": 0.6056949454456168,
  "fber": 1540.17578125,
  "fd_mean": 0.13456018736807954,
  "fd_num": 15,
  "fd_perc": 8.823529411764707,
  "fwhm_avg": 1.721842532110158,
  "fwhm_x": 1.5644020255925508,
  "fwhm_y": 1.9245061037208977,
  "fwhm_z": 1.6766194670170254,
  "gcor": 0.0226966,
  "gsr_x": 0.0005247740191407502,
  "gsr_y": 0.037248943001031876,
  "provenance": {
    "md5sum": "6022cd9c82f69074618328f4044dc632",
    "settings": {
      "fd_thres": 0.2,
      "testing": false
    },
    "software": "mriqc",
    "version": "22.0.6",
    "webapi_port": null,
    "webapi_url": "https://mriqc.nimh.nih.gov/api/v1"
  },
  "size_t": 170,
  "size_x": 66,
  "size_y": 66,
  "size_z": 34,
  "snr": 5.656471475747337,
  "spacing_tr": 2.0,
  "spacing_x": 2.9696969985961914,
  "spacing_y": 2.9696969985961914,
  "spacing_z": 3.0000009536743164,
  "summary_bg_k": 38.552826467990485,
  "summary_bg_mad": 10.70962133015938,
  "summary_bg_mean": 39.640682220458984,
  "summary_bg_median": 19.100000381469727,
  "summary_bg_n": 72016.0,
  "summary_bg_p05": 9.329411506652832,
  "summary_bg_p95": 147.01177215576172,
  "summary_bg_stdv": 69.25443267822266,
  "summary_fg_k": 3.2252585700122927,
  "summary_fg_mad": 115.97444105652204,
  "summary_fg_mean": 783.8169555664062,
  "summary_fg_median": 766.5706176757812,
  "summary_fg_n": 42037.0,
  "summary_fg_p05": 609.435302734375,
  "summary_fg_p95": 1011.2211791992187,
  "summary_fg_stdv": 135.51937866210938,
  "tsnr": 61.555997563293204
}