{
  "aor": 0.0027098130841121493,
  "aqi": 0.008910409626168224,
  "bids_meta": {
    "AccelFactPE": 2,
    "AcquisitionNumber": 1,
    "AcquisitionTime": "16:13:20.465000",
    "BandwidthPerPixelPhaseEncode": 49.18,
    "BodyPartExamined": "BRAIN",
    "ConversionSoftware": "dcm2niix",
    "ConversionSoftwareVersion": "v1.0.20170724 (OpenJPEG build) GCC6.1.0",
    "DeviceSerialNumber": "45031",
    "EchoTime": 0.034,
    "EchoTrainLength": 29,
    "EffectiveEchoSpacing": 0.000344635,
    "FlipAngle": 71,
    "ImageType": [
      "ORIGINAL",
      "PRIMARY",
      "M",
      "ND",
      "NORM",
      "MOSAIC"
    ],
    "InstitutionAddress": "Washington_and_Faculty_Rd._-_Building_25_25_Princeton_NJ_US_085",
    "InstitutionName": "Princeton_University_-_Neuroscience_Institute",
    "MagneticFieldStrength": 3,
    "Manufacturer": "Siemens",
    "ManufacturersModelName": "Skyra",
    "PhaseEncodingDirection": "j-",
    "PhaseEncodingLines": 59,
    "ProcedureStepDescription": "NormanLab_Jarrod",
    "ProtocolName": "epi_3x3x3_2s_phase2_(214_TRs)",
    "RepetitionTime": 2,
    "ScanningSequence": "EP",
    "SequenceName": "_epfid2d1_59",
    "SequenceVariant": "SK_OSP",
    "SeriesDescription": "epi_3x3x3_2s_phase2_(214_TRs)",
    "SliceTiming": [
      0.99,
      0,
      1.0475,
      0.0575,
      1.105,
      0.115,
      1.1625,
      0.175,
      1.2225,
      0.2325,
      1.28,
      0.29,
      1.3375,
      0.3475,
      1.3975,
      0.4075,
      1.455,
      0.465,
      1.5125,
      0.5225,
      1.57,
      0.5825,
      1.63,
      0.64,
      1.6875,
      0.6975,
      1.745,
      0.755,
      1.805,
      0.815,
      1.8625,
      0.8725,
      1.92,
      0.93
    ],
    "SoftwareVersions": "syngo_MR_D11",
    "TaskName": "Phase 2",
    "TotalReadoutTime": 0.0196442,
    "TrueEchoSpacing": 0.00068927,
    "dataset": "ds001232",
    "modality": "bold",
    "run_id": 2,
    "subject_id": "08",
    "task_id": "phase2"
  },
  "dummy_trs": 0,
  "dvars_nstd": 28.44674019075117,
  "dvars_std": 1.217814016150235,
  "dvars_vstd": 1.0445108184037561,
  "efc": 0.6042959547064637,
  "fber": 1286.6285400390625,
  "fd_mean": 0.14605180067892495,
  "fd_num": 32,
  "fd_perc": 14.953271028037383,
  "fwhm_avg": 1.736381005752463,
  "fwhm_x": 1.5692174576508908,
  "fwhm_y": 1.9138922262731646,
  "fwhm_z": 1.7260333333333333,
  "gcor": 0.0378549,
  "gsr_x": -0.0019356260308995843,
  "gsr_y": 0.03772752732038498,
  "provenance": {
    "md5sum": "a27c44b4088776caa99eb3e7bd3f6644",
    "settings": {
      "fd_thres": 0.2,
      "testing": false
    },
    "software": "mriqc",
    "version": "22.0.6",
    "webapi_port": null,
    "webapi_url": "https://mriqc.nimh.nih.gov/api/v1"
  },
  "size_t": 214,
  "size_x": 66,
  "size_y": 66,
  "size_z": 34,
  "snr": 6.060985697810248,
  "spacing_tr": 2.0,
  "spacing_x": 2.9696967601776123,
  "spacing_y": 2.9696969985961914,
  "spacing_z": 3.0,
  "summary_bg_k": 32.26163691385702,
  "summary_bg_mad": 11.992448012454831,
  "summary_bg_mean": 45.48793029785156,
  "summary_bg_median": 20.341121673583984,
  "summary_bg_n": 75026.0,
  "summary_bg_p05": 9.714953422546387,
  "summary_bg_p95": 174.9649429321289,
  "summary_bg_stdv": 71.94266510009766,
  "summary_fg_k": 3.0500218457158716,
  "summary_fg_mad": 112.19282809806568,
  "summary_fg_mean": 756.9152221679688,
  "summary_fg_median": 746.906494140625,
  "summary_fg_n": 39523.0,
  "summary_fg_p05": 590.3224182128906,
  "summary_fg_p95": 955.3462219238282,
  "summary_fg_stdv": 123.23029327392578,
  "tsnr": 57.08416849002242
}