{
  "aor": 0.0037851869158878506,
  "aqi": 0.008620219345794393,
  "bids_meta": {
    "AccelFactPE": 2,
    "AcquisitionNumber": 1,
    "AcquisitionTime": "16:20:54.035000",
    "BandwidthPerPixelPhaseEncode": 49.18,
    "BodyPartExamined": "BRAIN",
    "ConversionSoftware": "dcm2niix",
    "ConversionSoftwareVersion": "v1.0.20170724 (OpenJPEG build) GCC6.1.0",
    "DeviceSerialNumber": "45031",
    "EchoTime": 0.034,
    "EchoTrainLength": 29,
    "EffectiveEchoSpacing": 0.000344635,
    "FlipAngle": 71,
    "ImageType": [
      "ORIGINAL",
      "PRIMARY",
      "M",
      "ND",
      "NORM",
      "MOSAIC"
    ],
    "InstitutionAddress": "Washington_and_Faculty_Rd._-_Building_25_25_Princeton_NJ_US_085",
    "InstitutionName": "Princeton_University_-_Neuroscience_Institute",
    "MagneticFieldStrength": 3,
    "Manufacturer": "Siemens",
    "ManufacturersModelName": "Skyra",
    "PhaseEncodingDirection": "j-",
    "PhaseEncodingLines": 59,
    "ProcedureStepDescription": "NormanLab_Jarrod",
    "ProtocolName": "epi_3x3x3_2s_phase2_(214_TRs)",
    "RepetitionTime": 2,
    "ScanningSequence": "EP",
    "SequenceName": "_epfid2d1_59",
    "SequenceVariant": "SK_OSP",
    "SeriesDescription": "epi_3x3x3_2s_phase2_(214_TRs)",
    "SliceTiming": [
      0.99,
      0,
      1.0475,
      0.0575,
      1.1075,
      0.1175,
      1.165,
      0.175,
      1.2225,
      0.2325,
      1.28,
      0.2925,
      1.34,
      0.35,
      1.3975,
      0.4075,
      1.455,
      0.465,
      1.515,
      0.525,
      1.5725,
      0.5825,
      1.63,
      0.64,
      1.69,
      0.7,
      1.7475,
      0.7575,
      1.805,
      0.815,
      1.8625,
      0.8725,
      1.9225,
      0.9325
    ],
    "SoftwareVersions": "syngo_MR_D11",
    "TaskName": "Phase 2",
    "TotalReadoutTime": 0.0196442,
    "TrueEchoSpacing": 0.00068927,
    "dataset": "ds001232",
    "modality": "bold",
    "run_id": 3,
    "subject_id": "08",
    "task_id": "phase2"
  },
  "dummy_trs": 0,
  "dvars_nstd": 28.436150349154914,
  "dvars_std": 1.214480740985915,
  "dvars_vstd": 1.050273774272301,
  "efc": 0.6042333984266021,
  "fber": 1303.2247314453125,
  "fd_mean": 0.1422646554294321,
  "fd_num": 32,
  "fd_perc": 14.953271028037383,
  "fwhm_avg": 1.7383333641162422,
  "fwhm_x": 1.5735983763273222,
  "fwhm_y": 1.9187917160214043,
  "fwhm_z": 1.7226100000000002,
  "gcor": 0.0341392,
  "gsr_x": -0.0011341836070641875,
  "gsr_y": 0.03744904324412346,
  "provenance": {
    "md5sum": "bafd18b1f4cc7a9b590d64cfe224da39",
    "settings": {
      "fd_thres": 0.2,
      "testing": false
    },
    "software": "mriqc",
    "version": "22.0.6",
    "webapi_port": null,
    "webapi_url": "https://mriqc.nimh.nih.gov/api/v1"
  },
  "size_t": 214,
  "size_x": 66,
  "size_y": 66,
  "size_z": 34,
  "snr": 6.073584417717744,
  "spacing_tr": 2.0,
  "spacing_x": 2.9696967601776123,
  "spacing_y": 2.9696969985961914,
  "spacing_z": 3.0,
  "summary_bg_k": 31.074788410579586,
  "summary_bg_mad": 11.881602367006181,
  "summary_bg_mean": 45.41666030883789,
  "summary_bg_median": 20.2009334564209,
  "summary_bg_n": 75038.0,
  "summary_bg_p05": 9.691588401794434,
  "summary_bg_p95": 174.9890129089347,
  "summary_bg_stdv": 71.91803741455078,
  "summary_fg_k": 3.028990496221823,
  "summary_fg_mad": 112.40756290424937,
  "summary_fg_mean": 756.7142333984375,
  "summary_fg_median": 746.570068359375,
  "summary_fg_n": 39549.0,
  "summary_fg_p05": 590.1326904296875,
  "summary_fg_p95": 955.1924926757812,
  "summary_fg_stdv": 122.91928100585938,
  "tsnr": 56.707675801590085
}