{
  "aor": 0.000943470588235294,
  "aqi": 0.007324867352941175,
  "bids_meta": {
    "AccelFactPE": 2,
    "AcquisitionNumber": 1,
    "AcquisitionTime": "15:58:48.395000",
    "BandwidthPerPixelPhaseEncode": 49.18,
    "BodyPartExamined": "BRAIN",
    "ConversionSoftware": "dcm2niix",
    "ConversionSoftwareVersion": "v1.0.20170724 (OpenJPEG build) GCC6.1.0",
    "DeviceSerialNumber": "45031",
    "EchoTime": 0.034,
    "EchoTrainLength": 29,
    "EffectiveEchoSpacing": 0.000344635,
    "FlipAngle": 71,
    "ImageType": [
      "ORIGINAL",
      "PRIMARY",
      "M",
      "ND",
      "NORM",
      "MOSAIC"
    ],
    "InstitutionAddress": "Washington_and_Faculty_Rd._-_Building_25_25_Princeton_NJ_US_085",
    "InstitutionName": "Princeton_University_-_Neuroscience_Institute",
    "MagneticFieldStrength": 3,
    "Manufacturer": "Siemens",
    "ManufacturersModelName": "Skyra",
    "PhaseEncodingDirection": "j-",
    "PhaseEncodingLines": 59,
    "ProcedureStepDescription": "NormanLab_Jarrod",
    "ProtocolName": "epi_3x3x3_2s_phase1",
    "RepetitionTime": 2,
    "ScanningSequence": "EP",
    "SequenceName": "_epfid2d1_59",
    "SequenceVariant": "SK_OSP",
    "SeriesDescription": "epi_3x3x3_2s_phase1",
    "SliceTiming": [
      0.99,
      0,
      1.0475,
      0.0575,
      1.105,
      0.115,
      1.1625,
      0.175,
      1.2225,
      0.2325,
      1.28,
      0.29,
      1.3375,
      0.3475,
      1.3975,
      0.4075,
      1.455,
      0.465,
      1.5125,
      0.5225,
      1.57,
      0.5825,
      1.63,
      0.64,
      1.6875,
      0.6975,
      1.745,
      0.755,
      1.805,
      0.815,
      1.8625,
      0.8725,
      1.92,
      0.93
    ],
    "SoftwareVersions": "syngo_MR_D11",
    "TaskName": "Phase 1",
    "TotalReadoutTime": 0.0196442,
    "TrueEchoSpacing": 0.00068927,
    "dataset": "ds001232",
    "modality": "bold",
    "run_id": 4,
    "subject_id": "08",
    "task_id": "phase1"
  },
  "dummy_trs": 0,
  "dvars_nstd": 27.16358460201184,
  "dvars_std": 1.1810929020710064,
  "dvars_vstd": 1.0208259510650883,
  "efc": 0.603633891863806,
  "fber": 1288.7196044921875,
  "fd_mean": 0.10749966459432078,
  "fd_num": 5,
  "fd_perc": 2.9411764705882355,
  "fwhm_avg": 1.735314452422463,
  "fwhm_x": 1.5682914371773946,
  "fwhm_y": 1.920131920089995,
  "fwhm_z": 1.7175200000000002,
  "gcor": 0.017654,
  "gsr_x": -0.001459243125282228,
  "gsr_y": 0.036260154098272324,
  "provenance": {
    "md5sum": "5efd7c7a9d6287d650503050af688550",
    "settings": {
      "fd_thres": 0.2,
      "testing": false
    },
    "software": "mriqc",
    "version": "22.0.6",
    "webapi_port": null,
    "webapi_url": "https://mriqc.nimh.nih.gov/api/v1"
  },
  "size_t": 170,
  "size_x": 66,
  "size_y": 66,
  "size_z": 34,
  "snr": 6.048635712609159,
  "spacing_tr": 2.0,
  "spacing_x": 2.9696967601776123,
  "spacing_y": 2.9696969985961914,
  "spacing_z": 3.0,
  "summary_bg_k": 32.28528201421446,
  "summary_bg_mad": 11.943669198199856,
  "summary_bg_mean": 45.41465377807617,
  "summary_bg_median": 20.379411697387695,
  "summary_bg_n": 75030.0,
  "summary_bg_p05": 9.682353019714355,
  "summary_bg_p95": 176.24118041992188,
  "summary_bg_stdv": 72.34375762939453,
  "summary_fg_k": 2.984195322341164,
  "summary_fg_mad": 114.11675423134494,
  "summary_fg_mean": 757.132080078125,
  "summary_fg_median": 747.4500122070312,
  "summary_fg_n": 39594.0,
  "summary_fg_p05": 589.1738342285156,
  "summary_fg_p95": 956.37265625,
  "summary_fg_stdv": 123.57176208496094,
  "tsnr": 61.088185558561236
}