{
  "aor": 0.0008799532710280375,
  "aqi": 0.006975776214953271,
  "bids_meta": {
    "AccelFactPE": 2,
    "AcquisitionNumber": 1,
    "AcquisitionTime": "17:00:42.180000",
    "BandwidthPerPixelPhaseEncode": 49.18,
    "BodyPartExamined": "BRAIN",
    "ConversionSoftware": "dcm2niix",
    "ConversionSoftwareVersion": "v1.0.20170724 (OpenJPEG build) GCC6.1.0",
    "DeviceSerialNumber": "45031",
    "EchoTime": 0.034,
    "EchoTrainLength": 29,
    "EffectiveEchoSpacing": 0.000344635,
    "FlipAngle": 71,
    "ImageType": [
      "ORIGINAL",
      "PRIMARY",
      "M",
      "ND",
      "NORM",
      "MOSAIC"
    ],
    "InstitutionAddress": "Washington_and_Faculty_Rd._-_Building_25_25_Princeton_NJ_US_085",
    "InstitutionName": "Princeton_University_-_Neuroscience_Institute",
    "MagneticFieldStrength": 3,
    "Manufacturer": "Siemens",
    "ManufacturersModelName": "Skyra",
    "PhaseEncodingDirection": "j-",
    "PhaseEncodingLines": 59,
    "ProcedureStepDescription": "NormanLab_Jarrod",
    "ProtocolName": "epi_3x3x3_2s_phase2_(214_TRs)",
    "RepetitionTime": 2,
    "ScanningSequence": "EP",
    "SequenceName": "_epfid2d1_59",
    "SequenceVariant": "SK_OSP",
    "SeriesDescription": "epi_3x3x3_2s_phase2_(214_TRs)",
    "SliceTiming": [
      0.99,
      0,
      1.0475,
      0.0575,
      1.1075,
      0.1175,
      1.165,
      0.175,
      1.2225,
      0.2325,
      1.28,
      0.2925,
      1.34,
      0.35,
      1.3975,
      0.4075,
      1.455,
      0.465,
      1.515,
      0.525,
      1.5725,
      0.5825,
      1.63,
      0.64,
      1.6875,
      0.7,
      1.7475,
      0.7575,
      1.805,
      0.815,
      1.8625,
      0.8725,
      1.9225,
      0.9325
    ],
    "SoftwareVersions": "syngo_MR_D11",
    "TaskName": "Phase 2",
    "TotalReadoutTime": 0.0196442,
    "TrueEchoSpacing": 0.00068927,
    "dataset": "ds001232",
    "modality": "bold",
    "run_id": 2,
    "subject_id": "02",
    "task_id": "phase2"
  },
  "dummy_trs": 0,
  "dvars_nstd": 23.6563073546479,
  "dvars_std": 1.0988766040375584,
  "dvars_vstd": 1.0166558401408448,
  "efc": 0.5626942169174975,
  "fber": 1776.6917724609375,
  "fd_mean": 0.10699264140892278,
  "fd_num": 13,
  "fd_perc": 6.074766355140187,
  "fwhm_avg": 1.699046554595019,
  "fwhm_x": 1.5545121277296094,
  "fwhm_y": 1.8715310021956015,
  "fwhm_z": 1.6710965338598462,
  "gcor": 0.0301605,
  "gsr_x": 0.0010897018946707249,
  "gsr_y": 0.018087785691022873,
  "provenance": {
    "md5sum": "23984ecf45986a74195d9073929dae84",
    "settings": {
      "fd_thres": 0.2,
      "testing": false
    },
    "software": "mriqc",
    "version": "22.0.6",
    "webapi_port": null,
    "webapi_url": "https://mriqc.nimh.nih.gov/api/v1"
  },
  "size_t": 214,
  "size_x": 66,
  "size_y": 66,
  "size_z": 34,
  "snr": 6.452269738566854,
  "spacing_tr": 2.0,
  "spacing_x": 2.9696969985961914,
  "spacing_y": 2.9696969985961914,
  "spacing_z": 3.000000238418579,
  "summary_bg_k": 35.043223835771045,
  "summary_bg_mad": 8.06424834745421,
  "summary_bg_mean": 30.26348304748535,
  "summary_bg_median": 17.046728134155273,
  "summary_bg_n": 79448.0,
  "summary_bg_p05": 8.771027565002441,
  "summary_bg_p95": 87.15537223815905,
  "summary_bg_stdv": 49.10065841674805,
  "summary_fg_k": 2.7822491986754034,
  "summary_fg_mad": 102.49008157853837,
  "summary_fg_mean": 737.443115234375,
  "summary_fg_median": 727.2242431640625,
  "summary_fg_n": 35502.0,
  "summary_fg_p05": 585.5644683837891,
  "summary_fg_p95": 925.9158843994135,
  "summary_fg_stdv": 112.70669555664062,
  "tsnr": 62.704548448789865
}