{
  "aor": 0.0011255882352941178,
  "aqi": 0.004305906352941177,
  "bids_meta": {
    "AccelFactPE": 2,
    "AcquisitionNumber": 1,
    "AcquisitionTime": "14:20:40.912500",
    "BandwidthPerPixelPhaseEncode": 49.18,
    "BodyPartExamined": "BRAIN",
    "ConversionSoftware": "dcm2niix",
    "ConversionSoftwareVersion": "v1.0.20170724 (OpenJPEG build) GCC6.1.0",
    "DeviceSerialNumber": "45031",
    "EchoTime": 0.034,
    "EchoTrainLength": 29,
    "EffectiveEchoSpacing": 0.000344635,
    "FlipAngle": 71,
    "ImageType": [
      "ORIGINAL",
      "PRIMARY",
      "M",
      "ND",
      "NORM",
      "MOSAIC"
    ],
    "InstitutionAddress": "Washington_and_Faculty_Rd._-_Building_25_25_Princeton_NJ_US_085",
    "InstitutionName": "Princeton_University_-_Neuroscience_Institute",
    "MagneticFieldStrength": 3,
    "Manufacturer": "Siemens",
    "ManufacturersModelName": "Skyra",
    "PhaseEncodingDirection": "j-",
    "PhaseEncodingLines": 59,
    "ProcedureStepDescription": "NormanLab_Jarrod",
    "ProtocolName": "epi_3x3x3_2s_phase1",
    "RepetitionTime": 2,
    "ScanningSequence": "EP",
    "SequenceName": "_epfid2d1_59",
    "SequenceVariant": "SK_OSP",
    "SeriesDescription": "epi_3x3x3_2s_phase1",
    "SliceTiming": [
      0.99,
      0,
      1.0475,
      0.0575,
      1.105,
      0.1175,
      1.165,
      0.175,
      1.2225,
      0.2325,
      1.28,
      0.29,
      1.34,
      0.35,
      1.3975,
      0.4075,
      1.455,
      0.465,
      1.5125,
      0.525,
      1.5725,
      0.5825,
      1.63,
      0.64,
      1.6875,
      0.6975,
      1.7475,
      0.7575,
      1.805,
      0.815,
      1.8625,
      0.8725,
      1.9225,
      0.9325
    ],
    "SoftwareVersions": "syngo_MR_D11",
    "TaskName": "Phase 1",
    "TotalReadoutTime": 0.0196442,
    "TrueEchoSpacing": 0.00068927,
    "dataset": "ds001232",
    "modality": "bold",
    "run_id": 2,
    "subject_id": "14",
    "task_id": "phase1"
  },
  "dummy_trs": 0,
  "dvars_nstd": 22.421792995917166,
  "dvars_std": 1.1029366372781064,
  "dvars_vstd": 1.0244782713017748,
  "efc": 0.5524191081689225,
  "fber": 1671.4984130859375,
  "fd_mean": 0.05619736290442534,
  "fd_num": 1,
  "fd_perc": 0.5882352941176471,
  "fwhm_avg": 1.8778484715494512,
  "fwhm_x": 1.6934185549492882,
  "fwhm_y": 2.1651232442365056,
  "fwhm_z": 1.77500361546256,
  "gcor": 0.0525391,
  "gsr_x": -0.00547136552631855,
  "gsr_y": 0.033957771956920624,
  "provenance": {
    "md5sum": "2ab6ed92aa4d417fc74e19b498de0270",
    "settings": {
      "fd_thres": 0.2,
      "testing": false
    },
    "software": "mriqc",
    "version": "22.0.6",
    "webapi_port": null,
    "webapi_url": "https://mriqc.nimh.nih.gov/api/v1"
  },
  "size_t": 170,
  "size_x": 66,
  "size_y": 66,
  "size_z": 34,
  "snr": 5.3254553478313795,
  "spacing_tr": 2.0,
  "spacing_x": 2.9696969985961914,
  "spacing_y": 2.9696969985961914,
  "spacing_z": 2.999999523162842,
  "summary_bg_k": 23.228022830549804,
  "summary_bg_mad": 10.753229440227843,
  "summary_bg_mean": 38.43198776245117,
  "summary_bg_median": 18.78823471069336,
  "summary_bg_n": 82065.0,
  "summary_bg_p05": 8.935294151306152,
  "summary_bg_p95": 130.56941833496103,
  "summary_bg_stdv": 65.6500473022461,
  "summary_fg_k": 3.082113864573113,
  "summary_fg_mad": 134.08826758758414,
  "summary_fg_mean": 807.9887084960938,
  "summary_fg_median": 791.6617431640625,
  "summary_fg_n": 33112.0,
  "summary_fg_p05": 615.8941040039062,
  "summary_fg_p95": 1044.1858764648437,
  "summary_fg_stdv": 148.65391540527344,
  "tsnr": 66.93134899821598
}