{
  "aor": 0.0005688235294117647,
  "aqi": 0.004280041588235294,
  "bids_meta": {
    "AccelFactPE": 2,
    "AcquisitionNumber": 1,
    "AcquisitionTime": "14:35:55.642500",
    "BandwidthPerPixelPhaseEncode": 49.18,
    "BodyPartExamined": "BRAIN",
    "ConversionSoftware": "dcm2niix",
    "ConversionSoftwareVersion": "v1.0.20170724 (OpenJPEG build) GCC6.1.0",
    "DeviceSerialNumber": "45031",
    "EchoTime": 0.034,
    "EchoTrainLength": 29,
    "EffectiveEchoSpacing": 0.000344635,
    "FlipAngle": 71,
    "ImageType": [
      "ORIGINAL",
      "PRIMARY",
      "M",
      "ND",
      "NORM",
      "MOSAIC"
    ],
    "InstitutionAddress": "Washington_and_Faculty_Rd._-_Building_25_25_Princeton_NJ_US_085",
    "InstitutionName": "Princeton_University_-_Neuroscience_Institute",
    "MagneticFieldStrength": 3,
    "Manufacturer": "Siemens",
    "ManufacturersModelName": "Skyra",
    "PhaseEncodingDirection": "j-",
    "PhaseEncodingLines": 59,
    "ProcedureStepDescription": "NormanLab_Jarrod",
    "ProtocolName": "epi_3x3x3_2s_phase1",
    "RepetitionTime": 2,
    "ScanningSequence": "EP",
    "SequenceName": "_epfid2d1_59",
    "SequenceVariant": "SK_OSP",
    "SeriesDescription": "epi_3x3x3_2s_phase1",
    "SliceTiming": [
      0.99,
      0,
      1.0475,
      0.0575,
      1.1075,
      0.1175,
      1.165,
      0.175,
      1.2225,
      0.2325,
      1.28,
      0.2925,
      1.34,
      0.35,
      1.3975,
      0.4075,
      1.455,
      0.465,
      1.515,
      0.525,
      1.5725,
      0.5825,
      1.63,
      0.64,
      1.6875,
      0.7,
      1.7475,
      0.7575,
      1.805,
      0.815,
      1.8625,
      0.8725,
      1.9225,
      0.9325
    ],
    "SoftwareVersions": "syngo_MR_D11",
    "TaskName": "Phase 1",
    "TotalReadoutTime": 0.0196442,
    "TrueEchoSpacing": 0.00068927,
    "dataset": "ds001232",
    "modality": "bold",
    "run_id": 3,
    "subject_id": "14",
    "task_id": "phase1"
  },
  "dummy_trs": 0,
  "dvars_nstd": 21.093626992840246,
  "dvars_std": 1.0652515114792902,
  "dvars_vstd": 1.013432158994083,
  "efc": 0.5544188310197956,
  "fber": 1558.5855712890625,
  "fd_mean": 0.04388821413491034,
  "fd_num": 1,
  "fd_perc": 0.5882352941176471,
  "fwhm_avg": 1.8683729241039355,
  "fwhm_x": 1.6804407999735385,
  "fwhm_y": 2.1434813056716013,
  "fwhm_z": 1.7811966666666665,
  "gcor": 0.0180068,
  "gsr_x": -0.006876782048493624,
  "gsr_y": 0.03143014386296272,
  "provenance": {
    "md5sum": "dcf54e28f15c2c7895b590e5773cad81",
    "settings": {
      "fd_thres": 0.2,
      "testing": false
    },
    "software": "mriqc",
    "version": "22.0.6",
    "webapi_port": null,
    "webapi_url": "https://mriqc.nimh.nih.gov/api/v1"
  },
  "size_t": 170,
  "size_x": 66,
  "size_y": 66,
  "size_z": 34,
  "snr": 5.319927089497518,
  "spacing_tr": 2.0,
  "spacing_x": 2.9696969985961914,
  "spacing_y": 2.9696969985961914,
  "spacing_z": 3.0,
  "summary_bg_k": 23.944892238915447,
  "summary_bg_mad": 10.979978321739079,
  "summary_bg_mean": 38.48905944824219,
  "summary_bg_median": 19.358823776245117,
  "summary_bg_n": 82161.0,
  "summary_bg_p05": 9.141176223754883,
  "summary_bg_p95": 131.21176147460938,
  "summary_bg_stdv": 63.65258026123047,
  "summary_fg_k": 3.107172263619143,
  "summary_fg_mad": 132.95894167895685,
  "summary_fg_mean": 800.4871215820312,
  "summary_fg_median": 784.188232421875,
  "summary_fg_n": 33304.0,
  "summary_fg_p05": 610.1750061035157,
  "summary_fg_p95": 1038.6738037109374,
  "summary_fg_stdv": 147.4036102294922,
  "tsnr": 68.16915316553786
}