{
  "aor": 0.00045570093457943925,
  "aqi": 0.004077238925233645,
  "bids_meta": {
    "AccelFactPE": 2,
    "AcquisitionNumber": 1,
    "AcquisitionTime": "14:57:20.082500",
    "BandwidthPerPixelPhaseEncode": 49.18,
    "BodyPartExamined": "BRAIN",
    "ConversionSoftware": "dcm2niix",
    "ConversionSoftwareVersion": "v1.0.20170724 (OpenJPEG build) GCC6.1.0",
    "DeviceSerialNumber": "45031",
    "EchoTime": 0.034,
    "EchoTrainLength": 29,
    "EffectiveEchoSpacing": 0.000344635,
    "FlipAngle": 71,
    "ImageType": [
      "ORIGINAL",
      "PRIMARY",
      "M",
      "ND",
      "NORM",
      "MOSAIC"
    ],
    "InstitutionAddress": "Washington_and_Faculty_Rd._-_Building_25_25_Princeton_NJ_US_085",
    "InstitutionName": "Princeton_University_-_Neuroscience_Institute",
    "MagneticFieldStrength": 3,
    "Manufacturer": "Siemens",
    "ManufacturersModelName": "Skyra",
    "PhaseEncodingDirection": "j-",
    "PhaseEncodingLines": 59,
    "ProcedureStepDescription": "NormanLab_Jarrod",
    "ProtocolName": "epi_3x3x3_2s_phase2_(214_TRs)",
    "RepetitionTime": 2,
    "ScanningSequence": "EP",
    "SequenceName": "_epfid2d1_59",
    "SequenceVariant": "SK_OSP",
    "SeriesDescription": "epi_3x3x3_2s_phase2_(214_TRs)",
    "SliceTiming": [
      0.99,
      0,
      1.05,
      0.06,
      1.1075,
      0.1175,
      1.165,
      0.175,
      1.2225,
      0.2325,
      1.2825,
      0.2925,
      1.34,
      0.35,
      1.3975,
      0.4075,
      1.4575,
      0.4675,
      1.515,
      0.525,
      1.5725,
      0.5825,
      1.63,
      0.64,
      1.69,
      0.7,
      1.7475,
      0.7575,
      1.805,
      0.815,
      1.865,
      0.875,
      1.9225,
      0.9325
    ],
    "SoftwareVersions": "syngo_MR_D11",
    "TaskName": "Phase 2",
    "TotalReadoutTime": 0.0196442,
    "TrueEchoSpacing": 0.00068927,
    "dataset": "ds001232",
    "modality": "bold",
    "run_id": 2,
    "subject_id": "14",
    "task_id": "phase2"
  },
  "dummy_trs": 0,
  "dvars_nstd": 21.450205655258227,
  "dvars_std": 1.0693564941784033,
  "dvars_vstd": 1.0114330238967129,
  "efc": 0.5537421681595213,
  "fber": 1621.69091796875,
  "fd_mean": 0.047582006543991175,
  "fd_num": 1,
  "fd_perc": 0.4672897196261682,
  "fwhm_avg": 1.8557978108286586,
  "fwhm_x": 1.6620214123976822,
  "fwhm_y": 2.130022020088293,
  "fwhm_z": 1.7753500000000002,
  "gcor": 0.026673,
  "gsr_x": -0.005381371360272169,
  "gsr_y": 0.030770374462008476,
  "provenance": {
    "md5sum": "02ea4616041832b24d9dc12110ee7d8d",
    "settings": {
      "fd_thres": 0.2,
      "testing": false
    },
    "software": "mriqc",
    "version": "22.0.6",
    "webapi_port": null,
    "webapi_url": "https://mriqc.nimh.nih.gov/api/v1"
  },
  "size_t": 214,
  "size_x": 66,
  "size_y": 66,
  "size_z": 34,
  "snr": 5.350029409679461,
  "spacing_tr": 2.0,
  "spacing_x": 2.9696969985961914,
  "spacing_y": 2.9696969985961914,
  "spacing_z": 3.0,
  "summary_bg_k": 24.476108926297364,
  "summary_bg_mad": 10.669193125400039,
  "summary_bg_mean": 38.48828887939453,
  "summary_bg_median": 18.976634979248047,
  "summary_bg_n": 82055.0,
  "summary_bg_p05": 9.06869125366211,
  "summary_bg_p95": 130.9541992187502,
  "summary_bg_stdv": 64.9994125366211,
  "summary_fg_k": 3.0987490428041786,
  "summary_fg_mad": 132.69982110689318,
  "summary_fg_mean": 801.9785766601562,
  "summary_fg_median": 784.6331787109375,
  "summary_fg_n": 33232.0,
  "summary_fg_p05": 610.4628356933594,
  "summary_fg_p95": 1038.6527709960938,
  "summary_fg_stdv": 146.6573944091797,
  "tsnr": 68.40225890278816
}