{
  "aor": 0.00034869158878504675,
  "aqi": 0.004592338364485981,
  "bids_meta": {
    "AccelFactPE": 2,
    "AcquisitionNumber": 1,
    "AcquisitionTime": "15:21:42.210000",
    "BandwidthPerPixelPhaseEncode": 49.18,
    "BodyPartExamined": "BRAIN",
    "ConversionSoftware": "dcm2niix",
    "ConversionSoftwareVersion": "v1.0.20170724 (OpenJPEG build) GCC6.1.0",
    "DeviceSerialNumber": "45031",
    "EchoTime": 0.034,
    "EchoTrainLength": 29,
    "EffectiveEchoSpacing": 0.000344635,
    "FlipAngle": 71,
    "ImageType": [
      "ORIGINAL",
      "PRIMARY",
      "M",
      "ND",
      "NORM",
      "MOSAIC"
    ],
    "InstitutionAddress": "Washington_and_Faculty_Rd._-_Building_25_25_Princeton_NJ_US_085",
    "InstitutionName": "Princeton_University_-_Neuroscience_Institute",
    "MagneticFieldStrength": 3,
    "Manufacturer": "Siemens",
    "ManufacturersModelName": "Skyra",
    "PhaseEncodingDirection": "j-",
    "PhaseEncodingLines": 59,
    "ProcedureStepDescription": "NormanLab_Jarrod",
    "ProtocolName": "epi_3x3x3_2s_phase2_(214_TRs)",
    "RepetitionTime": 2,
    "ScanningSequence": "EP",
    "SequenceName": "_epfid2d1_59",
    "SequenceVariant": "SK_OSP",
    "SeriesDescription": "epi_3x3x3_2s_phase2_(214_TRs)",
    "SliceTiming": [
      0.99,
      0,
      1.05,
      0.06,
      1.1075,
      0.1175,
      1.165,
      0.175,
      1.225,
      0.235,
      1.2825,
      0.2925,
      1.34,
      0.35,
      1.3975,
      0.41,
      1.4575,
      0.4675,
      1.515,
      0.525,
      1.5725,
      0.5825,
      1.6325,
      0.6425,
      1.69,
      0.7,
      1.7475,
      0.7575,
      1.805,
      0.8175,
      1.865,
      0.875,
      1.9225,
      0.9325
    ],
    "SoftwareVersions": "syngo_MR_D11",
    "TaskName": "Phase 2",
    "TotalReadoutTime": 0.0196442,
    "TrueEchoSpacing": 0.00068927,
    "dataset": "ds001232",
    "modality": "bold",
    "run_id": 5,
    "subject_id": "14",
    "task_id": "phase2"
  },
  "dummy_trs": 0,
  "dvars_nstd": 21.312231887699532,
  "dvars_std": 1.045550347652582,
  "dvars_vstd": 0.9946657184976526,
  "efc": 0.5521038223870307,
  "fber": 1664.29296875,
  "fd_mean": 0.04312127715205242,
  "fd_num": 1,
  "fd_perc": 0.4672897196261682,
  "fwhm_avg": 1.8703716089017544,
  "fwhm_x": 1.677198044903054,
  "fwhm_y": 2.1496334484688755,
  "fwhm_z": 1.7842833333333334,
  "gcor": 0.0397296,
  "gsr_x": -0.0025893172714859247,
  "gsr_y": 0.03061961568892002,
  "provenance": {
    "md5sum": "ee5e2d7efebf4861cd6bddfbc2b077ee",
    "settings": {
      "fd_thres": 0.2,
      "testing": false
    },
    "software": "mriqc",
    "version": "22.0.6",
    "webapi_port": null,
    "webapi_url": "https://mriqc.nimh.nih.gov/api/v1"
  },
  "size_t": 214,
  "size_x": 66,
  "size_y": 66,
  "size_z": 34,
  "snr": 5.31981692421472,
  "spacing_tr": 2.0,
  "spacing_x": 2.9696969985961914,
  "spacing_y": 2.9696969985961914,
  "spacing_z": 3.0,
  "summary_bg_k": 25.25687987546054,
  "summary_bg_mad": 10.54448965339082,
  "summary_bg_mean": 38.38331985473633,
  "summary_bg_median": 18.7009334564209,
  "summary_bg_n": 82139.0,
  "summary_bg_p05": 9.028037071228027,
  "summary_bg_p95": 128.33317413330064,
  "summary_bg_stdv": 66.2242202758789,
  "summary_fg_k": 3.2357126886447922,
  "summary_fg_mad": 131.51167614052488,
  "summary_fg_mean": 801.7213134765625,
  "summary_fg_median": 783.9345703125,
  "summary_fg_n": 33036.0,
  "summary_fg_p05": 611.7266082763672,
  "summary_fg_p95": 1039.5011291503906,
  "summary_fg_stdv": 147.3589630126953,
  "tsnr": 65.25800631847233
}