{
  "aor": 0.00045901408450704225,
  "aqi": 0.004442966901408451,
  "bids_meta": {
    "AccelFactPE": 2,
    "AcquisitionNumber": 1,
    "AcquisitionTime": "15:13:34.522500",
    "BandwidthPerPixelPhaseEncode": 49.18,
    "BodyPartExamined": "BRAIN",
    "ConversionSoftware": "dcm2niix",
    "ConversionSoftwareVersion": "v1.0.20170724 (OpenJPEG build) GCC6.1.0",
    "DeviceSerialNumber": "45031",
    "EchoTime": 0.034,
    "EchoTrainLength": 29,
    "EffectiveEchoSpacing": 0.000344635,
    "FlipAngle": 71,
    "ImageType": [
      "ORIGINAL",
      "PRIMARY",
      "M",
      "ND",
      "NORM",
      "MOSAIC"
    ],
    "InstitutionAddress": "Washington_and_Faculty_Rd._-_Building_25_25_Princeton_NJ_US_085",
    "InstitutionName": "Princeton_University_-_Neuroscience_Institute",
    "MagneticFieldStrength": 3,
    "Manufacturer": "Siemens",
    "ManufacturersModelName": "Skyra",
    "PhaseEncodingDirection": "j-",
    "PhaseEncodingLines": 59,
    "ProcedureStepDescription": "NormanLab_Jarrod",
    "ProtocolName": "epi_3x3x3_2s_phase2_(214_TRs)",
    "RepetitionTime": 2,
    "ScanningSequence": "EP",
    "SequenceName": "_epfid2d1_59",
    "SequenceVariant": "SK_OSP",
    "SeriesDescription": "epi_3x3x3_2s_phase2_(214_TRs)",
    "SliceTiming": [
      0.99,
      0,
      1.0475,
      0.0575,
      1.105,
      0.115,
      1.165,
      0.175,
      1.2225,
      0.2325,
      1.28,
      0.29,
      1.3375,
      0.35,
      1.3975,
      0.4075,
      1.455,
      0.465,
      1.5125,
      0.5225,
      1.5725,
      0.5825,
      1.63,
      0.64,
      1.6875,
      0.6975,
      1.745,
      0.7575,
      1.805,
      0.815,
      1.8625,
      0.8725,
      1.92,
      0.93
    ],
    "SoftwareVersions": "syngo_MR_D11",
    "TaskName": "Phase 2",
    "TotalReadoutTime": 0.0196442,
    "TrueEchoSpacing": 0.00068927,
    "dataset": "ds001232",
    "modality": "bold",
    "run_id": 4,
    "subject_id": "14",
    "task_id": "phase2"
  },
  "dummy_trs": 1,
  "dvars_nstd": 21.36197344768868,
  "dvars_std": 1.056550808066038,
  "dvars_vstd": 1.0052227841037737,
  "efc": 0.5525297272805005,
  "fber": 1653.7109375,
  "fd_mean": 0.04863644541740358,
  "fd_num": 2,
  "fd_perc": 0.9389671361502347,
  "fwhm_avg": 1.8663934343032438,
  "fwhm_x": 1.6772283510252082,
  "fwhm_y": 2.1481652852178565,
  "fwhm_z": 1.7737866666666668,
  "gcor": 0.0541239,
  "gsr_x": -0.003741762600839138,
  "gsr_y": 0.03069525584578514,
  "provenance": {
    "md5sum": "367294322513d2818ded8aae1f4a6d01",
    "settings": {
      "fd_thres": 0.2,
      "testing": false
    },
    "software": "mriqc",
    "version": "22.0.6",
    "webapi_port": null,
    "webapi_url": "https://mriqc.nimh.nih.gov/api/v1"
  },
  "size_t": 213,
  "size_x": 66,
  "size_y": 66,
  "size_z": 34,
  "snr": 5.321090448794612,
  "spacing_tr": 2.0,
  "spacing_x": 2.9696969985961914,
  "spacing_y": 2.9696969985961914,
  "spacing_z": 3.0,
  "summary_bg_k": 25.05466139709968,
  "summary_bg_mad": 10.5452673092023,
  "summary_bg_mean": 38.137813568115234,
  "summary_bg_median": 18.793428421020508,
  "summary_bg_n": 82045.0,
  "summary_bg_p05": 9.0,
  "summary_bg_p95": 127.1014083862305,
  "summary_bg_stdv": 65.0308837890625,
  "summary_fg_k": 3.206632113730133,
  "summary_fg_mad": 131.83676454811652,
  "summary_fg_mean": 803.8471069335938,
  "summary_fg_median": 786.3427124023438,
  "summary_fg_n": 33138.0,
  "summary_fg_p05": 613.6706817626953,
  "summary_fg_p95": 1042.8720642089843,
  "summary_fg_stdv": 147.77626037597656,
  "tsnr": 65.3469121013768
}