{
  "aor": 0.00036004672897196264,
  "aqi": 0.004109889439252336,
  "bids_meta": {
    "AccelFactPE": 2,
    "AcquisitionNumber": 1,
    "AcquisitionTime": "14:49:14.020000",
    "BandwidthPerPixelPhaseEncode": 49.18,
    "BodyPartExamined": "BRAIN",
    "ConversionSoftware": "dcm2niix",
    "ConversionSoftwareVersion": "v1.0.20170724 (OpenJPEG build) GCC6.1.0",
    "DeviceSerialNumber": "45031",
    "EchoTime": 0.034,
    "EchoTrainLength": 29,
    "EffectiveEchoSpacing": 0.000344635,
    "FlipAngle": 71,
    "ImageType": [
      "ORIGINAL",
      "PRIMARY",
      "M",
      "ND",
      "NORM",
      "MOSAIC"
    ],
    "InstitutionAddress": "Washington_and_Faculty_Rd._-_Building_25_25_Princeton_NJ_US_085",
    "InstitutionName": "Princeton_University_-_Neuroscience_Institute",
    "MagneticFieldStrength": 3,
    "Manufacturer": "Siemens",
    "ManufacturersModelName": "Skyra",
    "PhaseEncodingDirection": "j-",
    "PhaseEncodingLines": 59,
    "ProcedureStepDescription": "NormanLab_Jarrod",
    "ProtocolName": "epi_3x3x3_2s_phase2_(214_TRs)",
    "RepetitionTime": 2,
    "ScanningSequence": "EP",
    "SequenceName": "_epfid2d1_59",
    "SequenceVariant": "SK_OSP",
    "SeriesDescription": "epi_3x3x3_2s_phase2_(214_TRs)",
    "SliceTiming": [
      0.99,
      0,
      1.0475,
      0.0575,
      1.105,
      0.115,
      1.1625,
      0.175,
      1.2225,
      0.2325,
      1.28,
      0.29,
      1.3375,
      0.3475,
      1.3975,
      0.4075,
      1.455,
      0.465,
      1.5125,
      0.5225,
      1.57,
      0.5825,
      1.63,
      0.64,
      1.6875,
      0.6975,
      1.745,
      0.755,
      1.805,
      0.815,
      1.8625,
      0.8725,
      1.92,
      0.93
    ],
    "SoftwareVersions": "syngo_MR_D11",
    "TaskName": "Phase 2",
    "TotalReadoutTime": 0.0196442,
    "TrueEchoSpacing": 0.00068927,
    "dataset": "ds001232",
    "modality": "bold",
    "run_id": 1,
    "subject_id": "14",
    "task_id": "phase2"
  },
  "dummy_trs": 0,
  "dvars_nstd": 21.994816891971837,
  "dvars_std": 1.0806862821126753,
  "dvars_vstd": 1.00775276,
  "efc": 0.5547321452664618,
  "fber": 1555.586669921875,
  "fd_mean": 0.04898826915190698,
  "fd_num": 2,
  "fd_perc": 0.9345794392523364,
  "fwhm_avg": 1.8539173799911417,
  "fwhm_x": 1.661294065465985,
  "fwhm_y": 2.1302914078407733,
  "fwhm_z": 1.7701666666666667,
  "gcor": 0.0322802,
  "gsr_x": -0.006099571008235216,
  "gsr_y": 0.03131946921348572,
  "provenance": {
    "md5sum": "0543214011568d0278c66408f42ff40e",
    "settings": {
      "fd_thres": 0.2,
      "testing": false
    },
    "software": "mriqc",
    "version": "22.0.6",
    "webapi_port": null,
    "webapi_url": "https://mriqc.nimh.nih.gov/api/v1"
  },
  "size_t": 214,
  "size_x": 66,
  "size_y": 66,
  "size_z": 34,
  "snr": 5.363388251996129,
  "spacing_tr": 2.0,
  "spacing_x": 2.9696969985961914,
  "spacing_y": 2.9696969985961914,
  "spacing_z": 3.0,
  "summary_bg_k": 23.976146655437336,
  "summary_bg_mad": 11.16108304887543,
  "summary_bg_mean": 39.077579498291016,
  "summary_bg_median": 19.364484786987305,
  "summary_bg_n": 82215.0,
  "summary_bg_p05": 9.079439163208008,
  "summary_bg_p95": 134.16634368896501,
  "summary_bg_stdv": 65.67025756835938,
  "summary_fg_k": 3.0165314139616157,
  "summary_fg_mad": 132.53006025716684,
  "summary_fg_mean": 799.2197265625,
  "summary_fg_median": 783.34814453125,
  "summary_fg_n": 33276.0,
  "summary_fg_p05": 608.5280151367188,
  "summary_fg_p95": 1034.2300720214844,
  "summary_fg_stdv": 146.05252075195312,
  "tsnr": 68.11590491933748
}