{
  "aor": 0.0019219999999999999,
  "aqi": 0.007443180058823529,
  "bids_meta": {
    "AccelFactPE": 2,
    "AcquisitionNumber": 1,
    "AcquisitionTime": "11:44:38.055000",
    "BandwidthPerPixelPhaseEncode": 49.18,
    "BodyPartExamined": "BRAIN",
    "ConversionSoftware": "dcm2niix",
    "ConversionSoftwareVersion": "v1.0.20170724 (OpenJPEG build) GCC6.1.0",
    "DeviceSerialNumber": "45031",
    "EchoTime": 0.034,
    "EchoTrainLength": 29,
    "EffectiveEchoSpacing": 0.000344635,
    "FlipAngle": 71,
    "ImageType": [
      "ORIGINAL",
      "PRIMARY",
      "M",
      "ND",
      "NORM",
      "MOSAIC"
    ],
    "InstitutionAddress": "Washington_and_Faculty_Rd._-_Building_25_25_Princeton_NJ_US_085",
    "InstitutionName": "Princeton_University_-_Neuroscience_Institute",
    "MagneticFieldStrength": 3,
    "Manufacturer": "Siemens",
    "ManufacturersModelName": "Skyra",
    "PhaseEncodingDirection": "j-",
    "PhaseEncodingLines": 59,
    "ProcedureStepDescription": "NormanLab_Jarrod",
    "ProtocolName": "epi_3x3x3_2s_phase1",
    "RepetitionTime": 2,
    "ScanningSequence": "EP",
    "SequenceName": "_epfid2d1_59",
    "SequenceVariant": "SK_OSP",
    "SeriesDescription": "epi_3x3x3_2s_phase1",
    "SliceTiming": [
      0.99,
      0,
      1.0475,
      0.0575,
      1.1075,
      0.1175,
      1.165,
      0.175,
      1.2225,
      0.2325,
      1.2825,
      0.2925,
      1.34,
      0.35,
      1.3975,
      0.4075,
      1.455,
      0.465,
      1.515,
      0.525,
      1.5725,
      0.5825,
      1.63,
      0.64,
      1.69,
      0.7,
      1.7475,
      0.7575,
      1.805,
      0.815,
      1.8625,
      0.8725,
      1.9225,
      0.9325
    ],
    "SoftwareVersions": "syngo_MR_D11",
    "TaskName": "Phase 1",
    "TotalReadoutTime": 0.0196442,
    "TrueEchoSpacing": 0.00068927,
    "dataset": "ds001232",
    "modality": "bold",
    "run_id": 1,
    "subject_id": "06",
    "task_id": "phase1"
  },
  "dummy_trs": 0,
  "dvars_nstd": 28.323188803964495,
  "dvars_std": 1.2090623595857997,
  "dvars_vstd": 1.040642880118343,
  "efc": 0.6153022898848005,
  "fber": 1099.976806640625,
  "fd_mean": 0.12060616164318971,
  "fd_num": 18,
  "fd_perc": 10.588235294117647,
  "fwhm_avg": 2.0450816480551453,
  "fwhm_x": 1.8551219207226313,
  "fwhm_y": 2.345565895541776,
  "fwhm_z": 1.9345571279010283,
  "gcor": 0.04684,
  "gsr_x": -0.001807676162570715,
  "gsr_y": 0.04061764478683472,
  "provenance": {
    "md5sum": "5cca0326f56c3c4331722814b4ae9712",
    "settings": {
      "fd_thres": 0.2,
      "testing": false
    },
    "software": "mriqc",
    "version": "22.0.6",
    "webapi_port": null,
    "webapi_url": "https://mriqc.nimh.nih.gov/api/v1"
  },
  "size_t": 170,
  "size_x": 66,
  "size_y": 66,
  "size_z": 34,
  "snr": 4.9910614633254236,
  "spacing_tr": 2.0,
  "spacing_x": 2.9696969985961914,
  "spacing_y": 2.9696969985961914,
  "spacing_z": 2.9999992847442627,
  "summary_bg_k": 16.721361330917514,
  "summary_bg_mad": 13.683545409696755,
  "summary_bg_mean": 51.97147750854492,
  "summary_bg_median": 22.405881881713867,
  "summary_bg_n": 73106.0,
  "summary_bg_p05": 10.705883026123047,
  "summary_bg_p95": 221.5999984741211,
  "summary_bg_stdv": 79.0526123046875,
  "summary_fg_k": 4.121115328124386,
  "summary_fg_mad": 111.42193647822624,
  "summary_fg_mean": 794.0762329101562,
  "summary_fg_median": 771.7764892578125,
  "summary_fg_n": 40755.0,
  "summary_fg_p05": 612.2782531738281,
  "summary_fg_p95": 1070.4176757812497,
  "summary_fg_stdv": 154.6298370361328,
  "tsnr": 58.0029261065647
}