{
  "aor": 0.005370841121495327,
  "aqi": 0.012175141028037382,
  "bids_meta": {
    "AccelFactPE": 2,
    "AcquisitionNumber": 1,
    "AcquisitionTime": "12:10:38.845000",
    "BandwidthPerPixelPhaseEncode": 49.18,
    "BodyPartExamined": "BRAIN",
    "ConversionSoftware": "dcm2niix",
    "ConversionSoftwareVersion": "v1.0.20170724 (OpenJPEG build) GCC6.1.0",
    "DeviceSerialNumber": "45031",
    "EchoTime": 0.034,
    "EchoTrainLength": 29,
    "EffectiveEchoSpacing": 0.000344635,
    "FlipAngle": 71,
    "ImageType": [
      "ORIGINAL",
      "PRIMARY",
      "M",
      "ND",
      "NORM",
      "MOSAIC"
    ],
    "InstitutionAddress": "Washington_and_Faculty_Rd._-_Building_25_25_Princeton_NJ_US_085",
    "InstitutionName": "Princeton_University_-_Neuroscience_Institute",
    "MagneticFieldStrength": 3,
    "Manufacturer": "Siemens",
    "ManufacturersModelName": "Skyra",
    "PhaseEncodingDirection": "j-",
    "PhaseEncodingLines": 59,
    "ProcedureStepDescription": "NormanLab_Jarrod",
    "ProtocolName": "epi_3x3x3_2s_phase2_(214_TRs)",
    "RepetitionTime": 2,
    "ScanningSequence": "EP",
    "SequenceName": "_epfid2d1_59",
    "SequenceVariant": "SK_OSP",
    "SeriesDescription": "epi_3x3x3_2s_phase2_(214_TRs)",
    "SliceTiming": [
      0.99,
      0,
      1.05,
      0.06,
      1.1075,
      0.1175,
      1.165,
      0.175,
      1.2225,
      0.235,
      1.2825,
      0.2925,
      1.34,
      0.35,
      1.3975,
      0.4075,
      1.4575,
      0.4675,
      1.515,
      0.525,
      1.5725,
      0.5825,
      1.63,
      0.6425,
      1.69,
      0.7,
      1.7475,
      0.7575,
      1.805,
      0.815,
      1.865,
      0.875,
      1.9225,
      0.9325
    ],
    "SoftwareVersions": "syngo_MR_D11",
    "TaskName": "Phase 2",
    "TotalReadoutTime": 0.0196442,
    "TrueEchoSpacing": 0.00068927,
    "dataset": "ds001232",
    "modality": "bold",
    "run_id": 1,
    "subject_id": "06",
    "task_id": "phase2"
  },
  "dummy_trs": 0,
  "dvars_nstd": 32.174693093990605,
  "dvars_std": 1.2241119013615027,
  "dvars_vstd": 1.0585394012676055,
  "efc": 0.6172778747503438,
  "fber": 1028.3955078125,
  "fd_mean": 0.24921896535094246,
  "fd_num": 62,
  "fd_perc": 28.97196261682243,
  "fwhm_avg": 2.018326408759496,
  "fwhm_x": 1.8260280434547342,
  "fwhm_y": 2.312054059133198,
  "fwhm_z": 1.916897123690555,
  "gcor": 0.0421776,
  "gsr_x": -0.0018599048489704728,
  "gsr_y": 0.04119298607110977,
  "provenance": {
    "md5sum": "8dad178d060d598570623aa75fd92d01",
    "settings": {
      "fd_thres": 0.2,
      "testing": false
    },
    "software": "mriqc",
    "version": "22.0.6",
    "webapi_port": null,
    "webapi_url": "https://mriqc.nimh.nih.gov/api/v1"
  },
  "size_t": 214,
  "size_x": 66,
  "size_y": 66,
  "size_z": 34,
  "snr": 5.086010208492053,
  "spacing_tr": 2.0,
  "spacing_x": 2.9696969985961914,
  "spacing_y": 2.9696969985961914,
  "spacing_z": 2.9999992847442627,
  "summary_bg_k": 14.817697679540085,
  "summary_bg_mad": 14.541971381595992,
  "summary_bg_mean": 53.54706573486328,
  "summary_bg_median": 23.2009334564209,
  "summary_bg_n": 73167.0,
  "summary_bg_p05": 10.864485740661621,
  "summary_bg_p95": 227.70419616699218,
  "summary_bg_stdv": 79.4637451171875,
  "summary_fg_k": 4.094775661288784,
  "summary_fg_mad": 111.1086118821828,
  "summary_fg_mean": 795.7462768554688,
  "summary_fg_median": 773.3223876953125,
  "summary_fg_n": 40710.0,
  "summary_fg_p05": 615.8223876953125,
  "summary_fg_p95": 1063.6240173339836,
  "summary_fg_stdv": 152.04705810546875,
  "tsnr": 47.5609901912394
}