{
  "aor": 0.010478971962616821,
  "aqi": 0.022270000841121497,
  "bids_meta": {
    "AccelFactPE": 2,
    "AcquisitionNumber": 1,
    "AcquisitionTime": "12:40:56.620000",
    "BandwidthPerPixelPhaseEncode": 49.18,
    "BodyPartExamined": "BRAIN",
    "ConversionSoftware": "dcm2niix",
    "ConversionSoftwareVersion": "v1.0.20170724 (OpenJPEG build) GCC6.1.0",
    "DeviceSerialNumber": "45031",
    "EchoTime": 0.034,
    "EchoTrainLength": 29,
    "EffectiveEchoSpacing": 0.000344635,
    "FlipAngle": 71,
    "ImageType": [
      "ORIGINAL",
      "PRIMARY",
      "M",
      "ND",
      "NORM",
      "MOSAIC"
    ],
    "InstitutionAddress": "Washington_and_Faculty_Rd._-_Building_25_25_Princeton_NJ_US_085",
    "InstitutionName": "Princeton_University_-_Neuroscience_Institute",
    "MagneticFieldStrength": 3,
    "Manufacturer": "Siemens",
    "ManufacturersModelName": "Skyra",
    "PhaseEncodingDirection": "j-",
    "PhaseEncodingLines": 59,
    "ProcedureStepDescription": "NormanLab_Jarrod",
    "ProtocolName": "epi_3x3x3_2s_phase2_(214_TRs)",
    "RepetitionTime": 2,
    "ScanningSequence": "EP",
    "SequenceName": "_epfid2d1_59",
    "SequenceVariant": "SK_OSP",
    "SeriesDescription": "epi_3x3x3_2s_phase2_(214_TRs)",
    "SliceTiming": [
      0.9875,
      0,
      1.0475,
      0.0575,
      1.105,
      0.115,
      1.1625,
      0.1725,
      1.2225,
      0.2325,
      1.28,
      0.29,
      1.3375,
      0.3475,
      1.395,
      0.4075,
      1.455,
      0.465,
      1.5125,
      0.5225,
      1.57,
      0.58,
      1.63,
      0.64,
      1.6875,
      0.6975,
      1.745,
      0.755,
      1.8025,
      0.815,
      1.8625,
      0.8725,
      1.92,
      0.93
    ],
    "SoftwareVersions": "syngo_MR_D11",
    "TaskName": "Phase 2",
    "TotalReadoutTime": 0.0196442,
    "TrueEchoSpacing": 0.00068927,
    "dataset": "ds001232",
    "modality": "bold",
    "run_id": 5,
    "subject_id": "06",
    "task_id": "phase2"
  },
  "dummy_trs": 0,
  "dvars_nstd": 41.77572740192488,
  "dvars_std": 1.2439586967605631,
  "dvars_vstd": 1.0951712969483567,
  "efc": 0.6188478029220318,
  "fber": 953.3046264648438,
  "fd_mean": 0.5643646983503394,
  "fd_num": 126,
  "fd_perc": 58.87850467289719,
  "fwhm_avg": 2.0574485199999475,
  "fwhm_x": 1.8594994717004398,
  "fwhm_y": 2.362368956602749,
  "fwhm_z": 1.950477131696653,
  "gcor": 0.0556492,
  "gsr_x": -0.0028006513603031635,
  "gsr_y": 0.046556632965803146,
  "provenance": {
    "md5sum": "48104dfdb1ef437f7a7c7ced4cf1546e",
    "settings": {
      "fd_thres": 0.2,
      "testing": false
    },
    "software": "mriqc",
    "version": "22.0.6",
    "webapi_port": null,
    "webapi_url": "https://mriqc.nimh.nih.gov/api/v1"
  },
  "size_t": 214,
  "size_x": 66,
  "size_y": 66,
  "size_z": 34,
  "snr": 5.093461870011572,
  "spacing_tr": 2.0,
  "spacing_x": 2.9696969985961914,
  "spacing_y": 2.9696969985961914,
  "spacing_z": 2.9999992847442627,
  "summary_bg_k": 15.821469115321747,
  "summary_bg_mad": 16.20470413659411,
  "summary_bg_mean": 54.91373062133789,
  "summary_bg_median": 24.331775665283203,
  "summary_bg_n": 73046.0,
  "summary_bg_p05": 10.700934410095215,
  "summary_bg_p95": 227.7640151977539,
  "summary_bg_stdv": 80.82754516601562,
  "summary_fg_k": 4.408844811169914,
  "summary_fg_mad": 110.51621347987282,
  "summary_fg_mean": 806.6927490234375,
  "summary_fg_median": 784.4859619140625,
  "summary_fg_n": 40877.0,
  "summary_fg_p05": 625.6663452148438,
  "summary_fg_p95": 1073.0158447265624,
  "summary_fg_stdv": 154.01634216308594,
  "tsnr": 35.236853704671375
}