{
  "aor": 0.006418598130841122,
  "aqi": 0.018565691542056072,
  "bids_meta": {
    "AccelFactPE": 2,
    "AcquisitionNumber": 1,
    "AcquisitionTime": "10:28:25.742500",
    "BandwidthPerPixelPhaseEncode": 49.18,
    "BodyPartExamined": "BRAIN",
    "ConversionSoftware": "dcm2niix",
    "ConversionSoftwareVersion": "v1.0.20170724 (OpenJPEG build) GCC6.1.0",
    "DeviceSerialNumber": "45031",
    "EchoTime": 0.034,
    "EchoTrainLength": 29,
    "EffectiveEchoSpacing": 0.000344635,
    "FlipAngle": 71,
    "ImageType": [
      "ORIGINAL",
      "PRIMARY",
      "M",
      "ND",
      "NORM",
      "MOSAIC"
    ],
    "InstitutionAddress": "Washington_and_Faculty_Rd._-_Building_25_25_Princeton_NJ_US_085",
    "InstitutionName": "Princeton_University_-_Neuroscience_Institute",
    "MagneticFieldStrength": 3,
    "Manufacturer": "Siemens",
    "ManufacturersModelName": "Skyra",
    "PhaseEncodingDirection": "j-",
    "PhaseEncodingLines": 59,
    "ProcedureStepDescription": "NormanLab_Jarrod",
    "ProtocolName": "epi_3x3x3_2s_phase2_(214_TRs)",
    "RepetitionTime": 2,
    "ScanningSequence": "EP",
    "SequenceName": "_epfid2d1_59",
    "SequenceVariant": "SK_OSP",
    "SeriesDescription": "epi_3x3x3_2s_phase2_(214_TRs)",
    "SliceTiming": [
      0.99,
      0,
      1.0475,
      0.0575,
      1.1075,
      0.1175,
      1.165,
      0.175,
      1.2225,
      0.2325,
      1.28,
      0.2925,
      1.34,
      0.35,
      1.3975,
      0.4075,
      1.455,
      0.465,
      1.515,
      0.525,
      1.5725,
      0.5825,
      1.63,
      0.64,
      1.6875,
      0.7,
      1.7475,
      0.7575,
      1.805,
      0.815,
      1.8625,
      0.8725,
      1.9225,
      0.9325
    ],
    "SoftwareVersions": "syngo_MR_D11",
    "TaskName": "Phase 2",
    "TotalReadoutTime": 0.0196442,
    "TrueEchoSpacing": 0.00068927,
    "dataset": "ds001232",
    "modality": "bold",
    "run_id": 5,
    "subject_id": "01",
    "task_id": "phase2"
  },
  "dummy_trs": 0,
  "dvars_nstd": 33.04669296009389,
  "dvars_std": 1.145320484600939,
  "dvars_vstd": 1.0576690488732399,
  "efc": 0.601799777971885,
  "fber": 1352.77490234375,
  "fd_mean": 0.4030538105780423,
  "fd_num": 111,
  "fd_perc": 51.86915887850467,
  "fwhm_avg": 1.7393766314646204,
  "fwhm_x": 1.5971191681313108,
  "fwhm_y": 1.9295571240799074,
  "fwhm_z": 1.6914536021826432,
  "gcor": 0.0377178,
  "gsr_x": -0.009078687988221645,
  "gsr_y": 0.05176842585206032,
  "provenance": {
    "md5sum": "693f598d824e36b00c0845b9e4fb8cfc",
    "settings": {
      "fd_thres": 0.2,
      "testing": false
    },
    "software": "mriqc",
    "version": "22.0.6",
    "webapi_port": null,
    "webapi_url": "https://mriqc.nimh.nih.gov/api/v1"
  },
  "size_t": 214,
  "size_x": 66,
  "size_y": 66,
  "size_z": 34,
  "snr": 6.367042721036494,
  "spacing_tr": 2.0,
  "spacing_x": 2.9696969985961914,
  "spacing_y": 2.9696969985961914,
  "spacing_z": 2.999999523162842,
  "summary_bg_k": 78.29933025929014,
  "summary_bg_mad": 14.576612413198268,
  "summary_bg_mean": 39.21873092651367,
  "summary_bg_median": 22.158878326416016,
  "summary_bg_n": 72336.0,
  "summary_bg_p05": 8.168224334716797,
  "summary_bg_p95": 115.17289352416992,
  "summary_bg_stdv": 61.580238342285156,
  "summary_fg_k": 2.475144692461778,
  "summary_fg_mad": 125.09972016531977,
  "summary_fg_mean": 853.95166015625,
  "summary_fg_median": 844.7616577148438,
  "summary_fg_n": 40774.0,
  "summary_fg_p05": 666.6644561767578,
  "summary_fg_p95": 1070.4331787109375,
  "summary_fg_stdv": 132.6756134033203,
  "tsnr": 39.31267293111887
}