{
  "aor": 0.002393764705882353,
  "aqi": 0.008635540647058824,
  "bids_meta": {
    "AccelFactPE": 2,
    "AcquisitionNumber": 1,
    "AcquisitionTime": "09:30:15.982500",
    "BandwidthPerPixelPhaseEncode": 49.18,
    "BodyPartExamined": "BRAIN",
    "ConversionSoftware": "dcm2niix",
    "ConversionSoftwareVersion": "v1.0.20170724 (OpenJPEG build) GCC6.1.0",
    "DeviceSerialNumber": "45031",
    "EchoTime": 0.034,
    "EchoTrainLength": 29,
    "EffectiveEchoSpacing": 0.000344635,
    "FlipAngle": 71,
    "ImageType": [
      "ORIGINAL",
      "PRIMARY",
      "M",
      "ND",
      "NORM",
      "MOSAIC"
    ],
    "InstitutionAddress": "Washington_and_Faculty_Rd._-_Building_25_25_Princeton_NJ_US_085",
    "InstitutionName": "Princeton_University_-_Neuroscience_Institute",
    "MagneticFieldStrength": 3,
    "Manufacturer": "Siemens",
    "ManufacturersModelName": "Skyra",
    "PhaseEncodingDirection": "j-",
    "PhaseEncodingLines": 59,
    "ProcedureStepDescription": "NormanLab_Jarrod",
    "ProtocolName": "epi_3x3x3_2s_phase1",
    "RepetitionTime": 2,
    "ScanningSequence": "EP",
    "SequenceName": "_epfid2d1_59",
    "SequenceVariant": "SK_OSP",
    "SeriesDescription": "epi_3x3x3_2s_phase1",
    "SliceTiming": [
      0.99,
      0,
      1.0475,
      0.0575,
      1.1075,
      0.1175,
      1.165,
      0.175,
      1.2225,
      0.2325,
      1.2825,
      0.2925,
      1.34,
      0.35,
      1.3975,
      0.4075,
      1.455,
      0.4675,
      1.515,
      0.525,
      1.5725,
      0.5825,
      1.63,
      0.64,
      1.69,
      0.7,
      1.7475,
      0.7575,
      1.805,
      0.815,
      1.8625,
      0.875,
      1.9225,
      0.9325
    ],
    "SoftwareVersions": "syngo_MR_D11",
    "TaskName": "Phase 1",
    "TotalReadoutTime": 0.0196442,
    "TrueEchoSpacing": 0.00068927,
    "dataset": "ds001232",
    "modality": "bold",
    "run_id": 1,
    "subject_id": "01",
    "task_id": "phase1"
  },
  "dummy_trs": 0,
  "dvars_nstd": 27.430681409526624,
  "dvars_std": 1.1500395600591715,
  "dvars_vstd": 1.0452112371005922,
  "efc": 0.600410325200445,
  "fber": 1452.5989990234375,
  "fd_mean": 0.12197848987655212,
  "fd_num": 21,
  "fd_perc": 12.352941176470589,
  "fwhm_avg": 1.7192575950866662,
  "fwhm_x": 1.5637858011087515,
  "fwhm_y": 1.9077367161289847,
  "fwhm_z": 1.686250268022262,
  "gcor": 0.0519116,
  "gsr_x": -0.010139080695807934,
  "gsr_y": 0.04391957074403763,
  "provenance": {
    "md5sum": "35f303fe11b150c06f6316792580be50",
    "settings": {
      "fd_thres": 0.2,
      "testing": false
    },
    "software": "mriqc",
    "version": "22.0.6",
    "webapi_port": null,
    "webapi_url": "https://mriqc.nimh.nih.gov/api/v1"
  },
  "size_t": 170,
  "size_x": 66,
  "size_y": 66,
  "size_z": 34,
  "snr": 6.317621899686387,
  "spacing_tr": 2.0,
  "spacing_x": 2.9696969985961914,
  "spacing_y": 2.9696969985961914,
  "spacing_z": 2.999999523162842,
  "summary_bg_k": 81.02031311827785,
  "summary_bg_mad": 13.203881649497482,
  "summary_bg_mean": 37.504146575927734,
  "summary_bg_median": 21.458824157714844,
  "summary_bg_n": 72191.0,
  "summary_bg_p05": 8.264705657958984,
  "summary_bg_p95": 110.88823699951172,
  "summary_bg_stdv": 60.94919204711914,
  "summary_fg_k": 2.6907202580956406,
  "summary_fg_mad": 127.17675683044178,
  "summary_fg_mean": 855.3392944335938,
  "summary_fg_median": 845.6558837890625,
  "summary_fg_n": 40884.0,
  "summary_fg_p05": 669.406771850586,
  "summary_fg_p95": 1072.0888244628907,
  "summary_fg_stdv": 133.85504150390625,
  "tsnr": 55.4014815017581
}