{
  "aor": 0.0029157345971563987,
  "aqi": 0.01084491895734597,
  "bids_meta": {
    "AccelFactPE": 2,
    "AcquisitionNumber": 1,
    "AcquisitionTime": "10:05:39.152500",
    "BandwidthPerPixelPhaseEncode": 49.18,
    "BodyPartExamined": "BRAIN",
    "ConversionSoftware": "dcm2niix",
    "ConversionSoftwareVersion": "v1.0.20170724 (OpenJPEG build) GCC6.1.0",
    "DeviceSerialNumber": "45031",
    "EchoTime": 0.034,
    "EchoTrainLength": 29,
    "EffectiveEchoSpacing": 0.000344635,
    "FlipAngle": 71,
    "ImageType": [
      "ORIGINAL",
      "PRIMARY",
      "M",
      "ND",
      "NORM",
      "MOSAIC"
    ],
    "InstitutionAddress": "Washington_and_Faculty_Rd._-_Building_25_25_Princeton_NJ_US_085",
    "InstitutionName": "Princeton_University_-_Neuroscience_Institute",
    "MagneticFieldStrength": 3,
    "Manufacturer": "Siemens",
    "ManufacturersModelName": "Skyra",
    "PhaseEncodingDirection": "j-",
    "PhaseEncodingLines": 59,
    "ProcedureStepDescription": "NormanLab_Jarrod",
    "ProtocolName": "epi_3x3x3_2s_phase2_(214_TRs)",
    "RepetitionTime": 2,
    "ScanningSequence": "EP",
    "SequenceName": "_epfid2d1_59",
    "SequenceVariant": "SK_OSP",
    "SeriesDescription": "epi_3x3x3_2s_phase2_(214_TRs)",
    "SliceTiming": [
      0.99,
      0,
      1.0475,
      0.0575,
      1.1075,
      0.1175,
      1.165,
      0.175,
      1.2225,
      0.2325,
      1.28,
      0.2925,
      1.34,
      0.35,
      1.3975,
      0.4075,
      1.455,
      0.465,
      1.515,
      0.525,
      1.5725,
      0.5825,
      1.63,
      0.64,
      1.6875,
      0.7,
      1.7475,
      0.7575,
      1.805,
      0.815,
      1.8625,
      0.8725,
      1.9225,
      0.9325
    ],
    "SoftwareVersions": "syngo_MR_D11",
    "TaskName": "Phase 2",
    "TotalReadoutTime": 0.0196442,
    "TrueEchoSpacing": 0.00068927,
    "dataset": "ds001232",
    "modality": "bold",
    "run_id": 2,
    "subject_id": "01",
    "task_id": "phase2"
  },
  "dummy_trs": 3,
  "dvars_nstd": 28.097658111571437,
  "dvars_std": 1.1205180682380955,
  "dvars_vstd": 1.0363765283333328,
  "efc": 0.5972010388462858,
  "fber": 1528.849853515625,
  "fd_mean": 0.23566082127898924,
  "fd_num": 78,
  "fd_perc": 36.96682464454976,
  "fwhm_avg": 1.7241154180410119,
  "fwhm_x": 1.5817236580770486,
  "fwhm_y": 1.9066423283845324,
  "fwhm_z": 1.683980267661455,
  "gcor": 0.0453338,
  "gsr_x": -0.0077172694727778435,
  "gsr_y": 0.04623228684067726,
  "provenance": {
    "md5sum": "51c1f91370cd0231759a81a44dec1785",
    "settings": {
      "fd_thres": 0.2,
      "testing": false
    },
    "software": "mriqc",
    "version": "22.0.6",
    "webapi_port": null,
    "webapi_url": "https://mriqc.nimh.nih.gov/api/v1"
  },
  "size_t": 211,
  "size_x": 66,
  "size_y": 66,
  "size_z": 34,
  "snr": 6.413982886155152,
  "spacing_tr": 2.0,
  "spacing_x": 2.9696969985961914,
  "spacing_y": 2.9696969985961914,
  "spacing_z": 2.999999523162842,
  "summary_bg_k": 83.85704701479867,
  "summary_bg_mad": 13.07641255063871,
  "summary_bg_mean": 37.02801513671875,
  "summary_bg_median": 21.0284366607666,
  "summary_bg_n": 72627.0,
  "summary_bg_p05": 8.034597396850586,
  "summary_bg_p95": 109.55592880249012,
  "summary_bg_stdv": 60.35773849487305,
  "summary_fg_k": 2.5559869548817797,
  "summary_fg_mad": 125.61361774826003,
  "summary_fg_mean": 857.31396484375,
  "summary_fg_median": 847.6682739257812,
  "summary_fg_n": 40507.0,
  "summary_fg_p05": 672.446923828125,
  "summary_fg_p95": 1071.2204345703124,
  "summary_fg_stdv": 132.1577911376953,
  "tsnr": 51.16460108431056
}