{
  "aor": 0.0040001775147929,
  "aqi": 0.009272086568047337,
  "bids_meta": {
    "AccelFactPE": 2,
    "AcquisitionNumber": 1,
    "AcquisitionTime": "09:42:35.725000",
    "BandwidthPerPixelPhaseEncode": 49.18,
    "BodyPartExamined": "BRAIN",
    "ConversionSoftware": "dcm2niix",
    "ConversionSoftwareVersion": "v1.0.20170724 (OpenJPEG build) GCC6.1.0",
    "DeviceSerialNumber": "45031",
    "EchoTime": 0.034,
    "EchoTrainLength": 29,
    "EffectiveEchoSpacing": 0.000344635,
    "FlipAngle": 71,
    "ImageType": [
      "ORIGINAL",
      "PRIMARY",
      "M",
      "ND",
      "NORM",
      "MOSAIC"
    ],
    "InstitutionAddress": "Washington_and_Faculty_Rd._-_Building_25_25_Princeton_NJ_US_085",
    "InstitutionName": "Princeton_University_-_Neuroscience_Institute",
    "MagneticFieldStrength": 3,
    "Manufacturer": "Siemens",
    "ManufacturersModelName": "Skyra",
    "PhaseEncodingDirection": "j-",
    "PhaseEncodingLines": 59,
    "ProcedureStepDescription": "NormanLab_Jarrod",
    "ProtocolName": "epi_3x3x3_2s_phase1",
    "RepetitionTime": 2,
    "ScanningSequence": "EP",
    "SequenceName": "_epfid2d1_59",
    "SequenceVariant": "SK_OSP",
    "SeriesDescription": "epi_3x3x3_2s_phase1",
    "SliceTiming": [
      0.99,
      0,
      1.0475,
      0.0575,
      1.105,
      0.115,
      1.165,
      0.175,
      1.2225,
      0.2325,
      1.28,
      0.29,
      1.34,
      0.35,
      1.3975,
      0.4075,
      1.455,
      0.465,
      1.5125,
      0.5225,
      1.5725,
      0.5825,
      1.63,
      0.64,
      1.6875,
      0.6975,
      1.7475,
      0.7575,
      1.805,
      0.815,
      1.8625,
      0.8725,
      1.92,
      0.9325
    ],
    "SoftwareVersions": "syngo_MR_D11",
    "TaskName": "Phase 1",
    "TotalReadoutTime": 0.0196442,
    "TrueEchoSpacing": 0.00068927,
    "dataset": "ds001232",
    "modality": "bold",
    "run_id": 3,
    "subject_id": "01",
    "task_id": "phase1"
  },
  "dummy_trs": 1,
  "dvars_nstd": 27.171172880297625,
  "dvars_std": 1.150942836369048,
  "dvars_vstd": 1.0492397663690478,
  "efc": 0.5976396787916185,
  "fber": 1547.614990234375,
  "fd_mean": 0.14161684067092892,
  "fd_num": 18,
  "fd_perc": 10.650887573964496,
  "fwhm_avg": 1.7219553724582923,
  "fwhm_x": 1.5796392703422304,
  "fwhm_y": 1.9067332467509945,
  "fwhm_z": 1.6794936002816518,
  "gcor": 0.0569973,
  "gsr_x": -0.009450620040297508,
  "gsr_y": 0.04532739892601967,
  "provenance": {
    "md5sum": "81c2c0e2c75910c2f32ab41abeabd8b6",
    "settings": {
      "fd_thres": 0.2,
      "testing": false
    },
    "software": "mriqc",
    "version": "22.0.6",
    "webapi_port": null,
    "webapi_url": "https://mriqc.nimh.nih.gov/api/v1"
  },
  "size_t": 169,
  "size_x": 66,
  "size_y": 66,
  "size_z": 34,
  "snr": 6.336847608763093,
  "spacing_tr": 2.0,
  "spacing_x": 2.9696969985961914,
  "spacing_y": 2.9696969985961914,
  "spacing_z": 2.999999523162842,
  "summary_bg_k": 86.51202253353594,
  "summary_bg_mad": 12.860915641759757,
  "summary_bg_mean": 36.49571228027344,
  "summary_bg_median": 20.857988357543945,
  "summary_bg_n": 72444.0,
  "summary_bg_p05": 8.094675064086914,
  "summary_bg_p95": 105.3701179504393,
  "summary_bg_stdv": 59.92924118041992,
  "summary_fg_k": 2.4628040654287924,
  "summary_fg_mad": 126.88085172457548,
  "summary_fg_mean": 855.6966552734375,
  "summary_fg_median": 846.0651245117188,
  "summary_fg_n": 40693.0,
  "summary_fg_p05": 668.8106689453125,
  "summary_fg_p95": 1072.0663085937501,
  "summary_fg_stdv": 133.5135040283203,
  "tsnr": 54.3437703512609
}