{
  "aor": 0.0009716746411483256,
  "aqi": 0.007728260287081339,
  "bids_meta": {
    "AccelFactPE": 2,
    "AcquisitionNumber": 1,
    "AcquisitionTime": "16:49:44.677500",
    "BandwidthPerPixelPhaseEncode": 49.18,
    "BodyPartExamined": "BRAIN",
    "ConversionSoftware": "dcm2niix",
    "ConversionSoftwareVersion": "v1.0.20170724 (OpenJPEG build) GCC6.1.0",
    "DeviceSerialNumber": "45031",
    "EchoTime": 0.034,
    "EchoTrainLength": 29,
    "EffectiveEchoSpacing": 0.000344635,
    "FlipAngle": 71,
    "ImageType": [
      "ORIGINAL",
      "PRIMARY",
      "M",
      "ND",
      "NORM",
      "MOSAIC"
    ],
    "InstitutionAddress": "Washington_and_Faculty_Rd._-_Building_25_25_Princeton_NJ_US_085",
    "InstitutionName": "Princeton_University_-_Neuroscience_Institute",
    "MagneticFieldStrength": 3,
    "Manufacturer": "Siemens",
    "ManufacturersModelName": "Skyra",
    "PhaseEncodingDirection": "j-",
    "PhaseEncodingLines": 59,
    "ProcedureStepDescription": "NormanLab_Jarrod",
    "ProtocolName": "epi_3x3x3_2s_phase2_(214_TRs)",
    "RepetitionTime": 2,
    "ScanningSequence": "EP",
    "SequenceName": "_epfid2d1_59",
    "SequenceVariant": "SK_OSP",
    "SeriesDescription": "epi_3x3x3_2s_phase2_(214_TRs)",
    "SliceTiming": [
      0.99,
      0,
      1.0475,
      0.0575,
      1.105,
      0.115,
      1.1625,
      0.175,
      1.2225,
      0.2325,
      1.28,
      0.29,
      1.3375,
      0.3475,
      1.3975,
      0.4075,
      1.455,
      0.465,
      1.5125,
      0.5225,
      1.57,
      0.5825,
      1.63,
      0.64,
      1.6875,
      0.6975,
      1.745,
      0.755,
      1.805,
      0.815,
      1.8625,
      0.8725,
      1.92,
      0.93
    ],
    "SoftwareVersions": "syngo_MR_D11",
    "TaskName": "Phase 2",
    "TotalReadoutTime": 0.0196442,
    "TrueEchoSpacing": 0.00068927,
    "dataset": "ds001232",
    "modality": "bold",
    "run_id": 6,
    "subject_id": "08",
    "task_id": "phase2"
  },
  "dummy_trs": 5,
  "dvars_nstd": 27.041191403701887,
  "dvars_std": 1.1661550163942302,
  "dvars_vstd": 1.0170070183173079,
  "efc": 0.604604579896377,
  "fber": 1285.0640869140625,
  "fd_mean": 0.11245934909878583,
  "fd_num": 20,
  "fd_perc": 9.569377990430622,
  "fwhm_avg": 1.7670718793876983,
  "fwhm_x": 1.6014328680870318,
  "fwhm_y": 1.9565161034093965,
  "fwhm_z": 1.7432666666666667,
  "gcor": 0.013644,
  "gsr_x": -0.0012028123019263148,
  "gsr_y": 0.038343895226716995,
  "provenance": {
    "md5sum": "4331cd30750c5dc1e5ede2cce8c8223c",
    "settings": {
      "fd_thres": 0.2,
      "testing": false
    },
    "software": "mriqc",
    "version": "22.0.6",
    "webapi_port": null,
    "webapi_url": "https://mriqc.nimh.nih.gov/api/v1"
  },
  "size_t": 209,
  "size_x": 66,
  "size_y": 66,
  "size_z": 34,
  "snr": 5.944842957375858,
  "spacing_tr": 2.0,
  "spacing_x": 2.9696967601776123,
  "spacing_y": 2.9696969985961914,
  "spacing_z": 3.0,
  "summary_bg_k": 32.15609459943558,
  "summary_bg_mad": 12.15166243545786,
  "summary_bg_mean": 46.62705993652344,
  "summary_bg_median": 20.607654571533203,
  "summary_bg_n": 74964.0,
  "summary_bg_p05": 9.77990436553955,
  "summary_bg_p95": 179.14138565063465,
  "summary_bg_stdv": 75.08905792236328,
  "summary_fg_k": 3.0770250719456618,
  "summary_fg_mad": 115.62170769179212,
  "summary_fg_mean": 765.8342895507812,
  "summary_fg_median": 754.8229370117188,
  "summary_fg_n": 39601.0,
  "summary_fg_p05": 595.1483154296875,
  "summary_fg_p95": 971.8755493164062,
  "summary_fg_stdv": 126.96944427490234,
  "tsnr": 59.89971321821213
}