{
  "aor": 0.001644,
  "aqi": 0.006091251529411765,
  "bids_meta": {
    "AccelFactPE": 2,
    "AcquisitionNumber": 1,
    "AcquisitionTime": "15:40:23.202500",
    "BandwidthPerPixelPhaseEncode": 49.18,
    "BodyPartExamined": "BRAIN",
    "ConversionSoftware": "dcm2niix",
    "ConversionSoftwareVersion": "v1.0.20170724 (OpenJPEG build) GCC6.1.0",
    "DeviceSerialNumber": "45031",
    "EchoTime": 0.034,
    "EchoTrainLength": 29,
    "EffectiveEchoSpacing": 0.000344635,
    "FlipAngle": 71,
    "ImageType": [
      "ORIGINAL",
      "PRIMARY",
      "M",
      "ND",
      "NORM",
      "MOSAIC"
    ],
    "InstitutionAddress": "Washington_and_Faculty_Rd._-_Building_25_25_Princeton_NJ_US_085",
    "InstitutionName": "Princeton_University_-_Neuroscience_Institute",
    "MagneticFieldStrength": 3,
    "Manufacturer": "Siemens",
    "ManufacturersModelName": "Skyra",
    "PhaseEncodingDirection": "j-",
    "PhaseEncodingLines": 59,
    "ProcedureStepDescription": "NormanLab_Jarrod",
    "ProtocolName": "epi_3x3x3_2s_phase1",
    "RepetitionTime": 2,
    "ScanningSequence": "EP",
    "SequenceName": "_epfid2d1_59",
    "SequenceVariant": "SK_OSP",
    "SeriesDescription": "epi_3x3x3_2s_phase1",
    "SliceTiming": [
      0.99,
      0,
      1.0475,
      0.0575,
      1.105,
      0.115,
      1.165,
      0.175,
      1.2225,
      0.2325,
      1.28,
      0.29,
      1.3375,
      0.3475,
      1.3975,
      0.4075,
      1.455,
      0.465,
      1.5125,
      0.5225,
      1.5725,
      0.5825,
      1.63,
      0.64,
      1.6875,
      0.6975,
      1.745,
      0.7575,
      1.805,
      0.815,
      1.8625,
      0.8725,
      1.92,
      0.93
    ],
    "SoftwareVersions": "syngo_MR_D11",
    "TaskName": "Phase 1",
    "TotalReadoutTime": 0.0196442,
    "TrueEchoSpacing": 0.00068927,
    "dataset": "ds001232",
    "modality": "bold",
    "run_id": 1,
    "subject_id": "08",
    "task_id": "phase1"
  },
  "dummy_trs": 0,
  "dvars_nstd": 25.449507245147927,
  "dvars_std": 1.1538323600591713,
  "dvars_vstd": 1.0355750593491129,
  "efc": 0.60120485389637,
  "fber": 1321.0047607421875,
  "fd_mean": 0.08158119683558174,
  "fd_num": 0,
  "fd_perc": 0.0,
  "fwhm_avg": 1.7503437837658027,
  "fwhm_x": 1.582319805514069,
  "fwhm_y": 1.9362648791166726,
  "fwhm_z": 1.7324466666666665,
  "gcor": 0.0387326,
  "gsr_x": -0.0019534400198608637,
  "gsr_y": 0.035355161875486374,
  "provenance": {
    "md5sum": "c7cf34363b76bc7f187b659be5543f4e",
    "settings": {
      "fd_thres": 0.2,
      "testing": false
    },
    "software": "mriqc",
    "version": "22.0.6",
    "webapi_port": null,
    "webapi_url": "https://mriqc.nimh.nih.gov/api/v1"
  },
  "size_t": 170,
  "size_x": 66,
  "size_y": 66,
  "size_z": 34,
  "snr": 5.956100619329306,
  "spacing_tr": 2.0,
  "spacing_x": 2.9696967601776123,
  "spacing_y": 2.9696969985961914,
  "spacing_z": 3.0,
  "summary_bg_k": 34.53021116052758,
  "summary_bg_mad": 11.40731715718303,
  "summary_bg_mean": 43.248779296875,
  "summary_bg_median": 20.05882453918457,
  "summary_bg_n": 75068.0,
  "summary_bg_p05": 9.752941131591797,
  "summary_bg_p95": 164.3011817932126,
  "summary_bg_stdv": 66.98397064208984,
  "summary_fg_k": 3.048163835824991,
  "summary_fg_mad": 114.52667781837073,
  "summary_fg_mean": 756.3319091796875,
  "summary_fg_median": 745.6470947265625,
  "summary_fg_n": 39525.0,
  "summary_fg_p05": 587.1717651367187,
  "summary_fg_p95": 958.3612182617187,
  "summary_fg_stdv": 125.18889617919922,
  "tsnr": 63.13387352367863
}