{
  "aor": 0.0011733644859813087,
  "aqi": 0.008568846168224299,
  "bids_meta": {
    "AccelFactPE": 2,
    "AcquisitionNumber": 1,
    "AcquisitionTime": "16:28:28.812500",
    "BandwidthPerPixelPhaseEncode": 49.18,
    "BodyPartExamined": "BRAIN",
    "ConversionSoftware": "dcm2niix",
    "ConversionSoftwareVersion": "v1.0.20170724 (OpenJPEG build) GCC6.1.0",
    "DeviceSerialNumber": "45031",
    "EchoTime": 0.034,
    "EchoTrainLength": 29,
    "EffectiveEchoSpacing": 0.000344635,
    "FlipAngle": 71,
    "ImageType": [
      "ORIGINAL",
      "PRIMARY",
      "M",
      "ND",
      "NORM",
      "MOSAIC"
    ],
    "InstitutionAddress": "Washington_and_Faculty_Rd._-_Building_25_25_Princeton_NJ_US_085",
    "InstitutionName": "Princeton_University_-_Neuroscience_Institute",
    "MagneticFieldStrength": 3,
    "Manufacturer": "Siemens",
    "ManufacturersModelName": "Skyra",
    "PhaseEncodingDirection": "j-",
    "PhaseEncodingLines": 59,
    "ProcedureStepDescription": "NormanLab_Jarrod",
    "ProtocolName": "epi_3x3x3_2s_phase2_(214_TRs)",
    "RepetitionTime": 2,
    "ScanningSequence": "EP",
    "SequenceName": "_epfid2d1_59",
    "SequenceVariant": "SK_OSP",
    "SeriesDescription": "epi_3x3x3_2s_phase2_(214_TRs)",
    "SliceTiming": [
      0.9875,
      0,
      1.0475,
      0.0575,
      1.105,
      0.115,
      1.1625,
      0.1725,
      1.2225,
      0.2325,
      1.28,
      0.29,
      1.3375,
      0.3475,
      1.395,
      0.4075,
      1.455,
      0.465,
      1.5125,
      0.5225,
      1.57,
      0.58,
      1.63,
      0.64,
      1.6875,
      0.6975,
      1.745,
      0.755,
      1.805,
      0.815,
      1.8625,
      0.8725,
      1.92,
      0.93
    ],
    "SoftwareVersions": "syngo_MR_D11",
    "TaskName": "Phase 2",
    "TotalReadoutTime": 0.0196442,
    "TrueEchoSpacing": 0.00068927,
    "dataset": "ds001232",
    "modality": "bold",
    "run_id": 4,
    "subject_id": "08",
    "task_id": "phase2"
  },
  "dummy_trs": 0,
  "dvars_nstd": 27.216675816713625,
  "dvars_std": 1.1789421092488261,
  "dvars_vstd": 1.0236852253521125,
  "efc": 0.6052238018114292,
  "fber": 1278.0767822265625,
  "fd_mean": 0.12086750597918035,
  "fd_num": 25,
  "fd_perc": 11.682242990654206,
  "fwhm_avg": 1.7379095090456234,
  "fwhm_x": 1.565880416599128,
  "fwhm_y": 1.9230547772044086,
  "fwhm_z": 1.7247933333333334,
  "gcor": 0.0391431,
  "gsr_x": -0.0008417151402682066,
  "gsr_y": 0.036941349506378174,
  "provenance": {
    "md5sum": "44a0edd617a68c5f7081bfa7957d165d",
    "settings": {
      "fd_thres": 0.2,
      "testing": false
    },
    "software": "mriqc",
    "version": "22.0.6",
    "webapi_port": null,
    "webapi_url": "https://mriqc.nimh.nih.gov/api/v1"
  },
  "size_t": 214,
  "size_x": 66,
  "size_y": 66,
  "size_z": 34,
  "snr": 6.0818467304682216,
  "spacing_tr": 2.0,
  "spacing_x": 2.9696967601776123,
  "spacing_y": 2.9696969985961914,
  "spacing_z": 3.0,
  "summary_bg_k": 30.03360010691224,
  "summary_bg_mad": 12.068659695899495,
  "summary_bg_mean": 46.27471160888672,
  "summary_bg_median": 20.40654182434082,
  "summary_bg_n": 75001.0,
  "summary_bg_p05": 9.827102661132812,
  "summary_bg_p95": 178.0841064453125,
  "summary_bg_stdv": 73.78720092773438,
  "summary_fg_k": 3.0730405313474805,
  "summary_fg_mad": 112.8093875594785,
  "summary_fg_mean": 756.7314453125,
  "summary_fg_median": 746.9345703125,
  "summary_fg_n": 39566.0,
  "summary_fg_p05": 591.1869201660156,
  "summary_fg_p95": 954.4065246582031,
  "summary_fg_stdv": 122.81222534179688,
  "tsnr": 57.19706411473453
}