{
  "aor": 0.0007567058823529412,
  "aqi": 0.0053696877647058825,
  "bids_meta": {
    "AccelFactPE": 2,
    "AcquisitionNumber": 1,
    "AcquisitionTime": "10:15:53.360000",
    "BandwidthPerPixelPhaseEncode": 49.18,
    "BodyPartExamined": "BRAIN",
    "ConversionSoftware": "dcm2niix",
    "ConversionSoftwareVersion": "v1.0.20170724 (OpenJPEG build) GCC6.1.0",
    "DeviceSerialNumber": "45031",
    "EchoTime": 0.034,
    "EchoTrainLength": 29,
    "EffectiveEchoSpacing": 0.000344635,
    "FlipAngle": 71,
    "ImageType": [
      "ORIGINAL",
      "PRIMARY",
      "M",
      "ND",
      "NORM",
      "MOSAIC"
    ],
    "InstitutionAddress": "Washington_and_Faculty_Rd._-_Building_25_25_Princeton_NJ_US_085",
    "InstitutionName": "Princeton_University_-_Neuroscience_Institute",
    "MagneticFieldStrength": 3,
    "Manufacturer": "Siemens",
    "ManufacturersModelName": "Skyra",
    "PhaseEncodingDirection": "j-",
    "PhaseEncodingLines": 59,
    "ProcedureStepDescription": "NormanLab_Jarrod",
    "ProtocolName": "epi_3x3x3_2s_phase1",
    "RepetitionTime": 2,
    "ScanningSequence": "EP",
    "SequenceName": "_epfid2d1_59",
    "SequenceVariant": "SK_OSP",
    "SeriesDescription": "epi_3x3x3_2s_phase1",
    "SliceTiming": [
      0.99,
      0,
      1.0475,
      0.0575,
      1.105,
      0.115,
      1.1625,
      0.1725,
      1.2225,
      0.2325,
      1.28,
      0.29,
      1.3375,
      0.3475,
      1.3975,
      0.4075,
      1.455,
      0.465,
      1.5125,
      0.5225,
      1.57,
      0.58,
      1.63,
      0.64,
      1.6875,
      0.6975,
      1.745,
      0.755,
      1.805,
      0.815,
      1.8625,
      0.8725,
      1.92,
      0.93
    ],
    "SoftwareVersions": "syngo_MR_D11",
    "TaskName": "Phase 1",
    "TotalReadoutTime": 0.0196442,
    "TrueEchoSpacing": 0.00068927,
    "dataset": "ds001232",
    "modality": "bold",
    "run_id": 1,
    "subject_id": "10",
    "task_id": "phase1"
  },
  "dummy_trs": 0,
  "dvars_nstd": 28.05277463230771,
  "dvars_std": 1.198952055621301,
  "dvars_vstd": 1.0126716515976335,
  "efc": 0.5785629973790442,
  "fber": 1348.43115234375,
  "fd_mean": 0.08162378639102388,
  "fd_num": 5,
  "fd_perc": 2.9411764705882355,
  "fwhm_avg": 1.9165528546567938,
  "fwhm_x": 1.8163637578344953,
  "fwhm_y": 2.0203475313596577,
  "fwhm_z": 1.9129472747762282,
  "gcor": 0.027077,
  "gsr_x": 0.016763582825660706,
  "gsr_y": 0.010417737998068333,
  "provenance": {
    "md5sum": "e6969d31b9dbf66faa518f78042b4bea",
    "settings": {
      "fd_thres": 0.2,
      "testing": false
    },
    "software": "mriqc",
    "version": "22.0.6",
    "webapi_port": null,
    "webapi_url": "https://mriqc.nimh.nih.gov/api/v1"
  },
  "size_t": 170,
  "size_x": 66,
  "size_y": 66,
  "size_z": 34,
  "snr": 4.884741451715524,
  "spacing_tr": 2.0,
  "spacing_x": 2.9696969985961914,
  "spacing_y": 2.9696969985961914,
  "spacing_z": 2.9999990463256836,
  "summary_bg_k": 29.890615011987528,
  "summary_bg_mad": 9.898548941500625,
  "summary_bg_mean": 37.77988052368164,
  "summary_bg_median": 19.535293579101562,
  "summary_bg_n": 78105.0,
  "summary_bg_p05": 9.652941703796387,
  "summary_bg_p95": 127.14235839843757,
  "summary_bg_stdv": 62.7370491027832,
  "summary_fg_k": 2.296562308653896,
  "summary_fg_mad": 127.96601809446801,
  "summary_fg_mean": 742.6318969726562,
  "summary_fg_median": 720.7058715820312,
  "summary_fg_n": 37889.0,
  "summary_fg_p05": 560.1388427734375,
  "summary_fg_p95": 1011.6117797851562,
  "summary_fg_stdv": 147.5403289794922,
  "tsnr": 60.49997727945447
}