{
  "aor": 0.0009862616822429906,
  "aqi": 0.0054391254672897195,
  "bids_meta": {
    "AccelFactPE": 2,
    "AcquisitionNumber": 1,
    "AcquisitionTime": "11:04:2.745000",
    "BandwidthPerPixelPhaseEncode": 49.18,
    "BodyPartExamined": "BRAIN",
    "ConversionSoftware": "dcm2niix",
    "ConversionSoftwareVersion": "v1.0.20170724 (OpenJPEG build) GCC6.1.0",
    "DeviceSerialNumber": "45031",
    "EchoTime": 0.034,
    "EchoTrainLength": 29,
    "EffectiveEchoSpacing": 0.000344635,
    "FlipAngle": 71,
    "ImageType": [
      "ORIGINAL",
      "PRIMARY",
      "M",
      "ND",
      "NORM",
      "MOSAIC"
    ],
    "InstitutionAddress": "Washington_and_Faculty_Rd._-_Building_25_25_Princeton_NJ_US_085",
    "InstitutionName": "Princeton_University_-_Neuroscience_Institute",
    "MagneticFieldStrength": 3,
    "Manufacturer": "Siemens",
    "ManufacturersModelName": "Skyra",
    "PhaseEncodingDirection": "j-",
    "PhaseEncodingLines": 59,
    "ProcedureStepDescription": "NormanLab_Jarrod",
    "ProtocolName": "epi_3x3x3_2s_phase2_(214_TRs)",
    "RepetitionTime": 2,
    "ScanningSequence": "EP",
    "SequenceName": "_epfid2d1_59",
    "SequenceVariant": "SK_OSP",
    "SeriesDescription": "epi_3x3x3_2s_phase2_(214_TRs)",
    "SliceTiming": [
      0.99,
      0,
      1.0475,
      0.0575,
      1.1075,
      0.1175,
      1.165,
      0.175,
      1.2225,
      0.2325,
      1.28,
      0.2925,
      1.34,
      0.35,
      1.3975,
      0.4075,
      1.455,
      0.465,
      1.515,
      0.525,
      1.5725,
      0.5825,
      1.63,
      0.64,
      1.6875,
      0.7,
      1.7475,
      0.7575,
      1.805,
      0.815,
      1.8625,
      0.8725,
      1.9225,
      0.9325
    ],
    "SoftwareVersions": "syngo_MR_D11",
    "TaskName": "Phase 2",
    "TotalReadoutTime": 0.0196442,
    "TrueEchoSpacing": 0.00068927,
    "dataset": "ds001232",
    "modality": "bold",
    "run_id": 4,
    "subject_id": "10",
    "task_id": "phase2"
  },
  "dummy_trs": 0,
  "dvars_nstd": 27.100104461784028,
  "dvars_std": 1.17585162230047,
  "dvars_vstd": 1.0206919798122067,
  "efc": 0.5809017710039882,
  "fber": 1329.6175537109375,
  "fd_mean": 0.12619464123688112,
  "fd_num": 23,
  "fd_perc": 10.74766355140187,
  "fwhm_avg": 1.88784210482293,
  "fwhm_x": 1.776942227605876,
  "fwhm_y": 1.9902468173668646,
  "fwhm_z": 1.8963372694960496,
  "gcor": 0.0394968,
  "gsr_x": 0.018391195684671402,
  "gsr_y": 0.009549404494464397,
  "provenance": {
    "md5sum": "257899e6a1d1b1098552821902b32ff0",
    "settings": {
      "fd_thres": 0.2,
      "testing": false
    },
    "software": "mriqc",
    "version": "22.0.6",
    "webapi_port": null,
    "webapi_url": "https://mriqc.nimh.nih.gov/api/v1"
  },
  "size_t": 214,
  "size_x": 66,
  "size_y": 66,
  "size_z": 34,
  "snr": 4.990145737731268,
  "spacing_tr": 2.0,
  "spacing_x": 2.9696969985961914,
  "spacing_y": 2.9696969985961914,
  "spacing_z": 2.9999990463256836,
  "summary_bg_k": 27.406519563025945,
  "summary_bg_mad": 9.796258923897906,
  "summary_bg_mean": 38.47187423706055,
  "summary_bg_median": 19.322429656982422,
  "summary_bg_n": 78066.0,
  "summary_bg_p05": 9.664719581604004,
  "summary_bg_p95": 132.73714447021484,
  "summary_bg_stdv": 63.63418960571289,
  "summary_fg_k": 2.2328988429352963,
  "summary_fg_mad": 123.82149154974964,
  "summary_fg_mean": 729.0086669921875,
  "summary_fg_median": 707.929931640625,
  "summary_fg_n": 37852.0,
  "summary_fg_p05": 551.7896728515625,
  "summary_fg_p95": 989.0602325439453,
  "summary_fg_stdv": 141.86370849609375,
  "tsnr": 61.00734667677898
}