{
  "bids_meta": {
    "AcquisitionNumber": 1,
    "AcquisitionTime": "11:21:33.205000",
    "BodyPartExamined": "BRAIN",
    "ConversionSoftware": "dcm2niix",
    "ConversionSoftwareVersion": "v1.0.20170724 (OpenJPEG build) GCC6.1.0",
    "DeviceSerialNumber": "45031",
    "EchoTime": 0.00308,
    "FlipAngle": 9,
    "ImageType": [
      "ORIGINAL",
      "PRIMARY",
      "M",
      "ND",
      "NORM"
    ],
    "InstitutionAddress": "Washington_and_Faculty_Rd._-_Building_25_25_Princeton_NJ_US_085",
    "InstitutionName": "Princeton_University_-_Neuroscience_Institute",
    "InversionTime": 0.9,
    "MagneticFieldStrength": 3,
    "Manufacturer": "Siemens",
    "ManufacturersModelName": "Skyra",
    "PhaseEncodingDirection": "i-",
    "PhaseEncodingLines": 224,
    "ProcedureStepDescription": "NormanLab_Jarrod",
    "ProtocolName": "long_mprage",
    "RepetitionTime": 2.3,
    "ScanningSequence": "GR_IR",
    "SequenceName": "_tfl3d1_16ns",
    "SequenceVariant": "SK_SP_MP",
    "SeriesDescription": "long_mprage",
    "SoftwareVersions": "syngo_MR_D11",
    "dataset": "ds001232",
    "modality": "T1w",
    "subject_id": "05"
  },
  "cjv": 0.46973027352237734,
  "cnr": 2.8716833064689284,
  "efc": 0.6777942835916848,
  "fber": 1330.7329266599313,
  "fwhm_avg": 3.4498822827421365,
  "fwhm_x": 3.5217079391355,
  "fwhm_y": 3.5549090909090912,
  "fwhm_z": 3.273029818181818,
  "icvs_csf": 0.2156001473486376,
  "icvs_gm": 0.445092364495492,
  "icvs_wm": 0.33930748815587036,
  "inu_med": 0.7377819120883942,
  "inu_range": 0.3658269435167313,
  "provenance": {
    "md5sum": "85f30b2cd7a9150a512eee5bb491eb1d",
    "settings": {
      "testing": false
    },
    "software": "mriqc",
    "version": "22.0.6",
    "warnings": {
      "large_rot_frame": true,
      "small_air_mask": false
    },
    "webapi_port": null,
    "webapi_url": "https://mriqc.nimh.nih.gov/api/v1"
  },
  "qi_1": 0.0,
  "qi_2": 0.003054360422532158,
  "rpve_csf": 15.587382796480268,
  "rpve_gm": 7.6254986843222134,
  "rpve_wm": 10.756847490601483,
  "size_x": 176,
  "size_y": 224,
  "size_z": 256,
  "snr_csf": 2.190270695240732,
  "snr_gm": 11.008561819471977,
  "snr_total": 9.46912184127014,
  "snr_wm": 15.20853300909771,
  "snrd_csf": 10.866531295601753,
  "snrd_gm": 26.541201319780384,
  "snrd_total": 24.631952345180732,
  "snrd_wm": 36.488124420160055,
  "spacing_x": 0.900000810623169,
  "spacing_y": 0.859375,
  "spacing_z": 0.859375,
  "summary_bg_k": 142.08921910783062,
  "summary_bg_mad": 0.0,
  "summary_bg_mean": 11.057571684107446,
  "summary_bg_median": 0.0,
  "summary_bg_n": 1567981.0,
  "summary_bg_p05": 0.0,
  "summary_bg_p95": 45.124138340353966,
  "summary_bg_stdv": 17.9564790754408,
  "summary_csf_k": 1.3433246655525304,
  "summary_csf_mad": 123.79511519336195,
  "summary_csf_mean": 311.17217294878617,
  "summary_csf_median": 297.8381934389472,
  "summary_csf_n": 62296.0,
  "summary_csf_p05": 109.9782869592309,
  "summary_csf_p95": 558.3994117164984,
  "summary_csf_stdv": 135.98127554204095,
  "summary_gm_k": 0.11234195520576984,
  "summary_gm_mad": 64.8017392137101,
  "summary_gm_mean": 726.4512680494084,
  "summary_gm_median": 727.4615273028612,
  "summary_gm_n": 44502.0,
  "summary_gm_p05": 614.7479434641078,
  "summary_gm_p95": 833.1917259246111,
  "summary_gm_stdv": 66.08068936057927,
  "summary_wm_k": 0.5586855900894032,
  "summary_wm_mad": 63.262173055285025,
  "summary_wm_mean": 1003.1482479584527,
  "summary_wm_median": 1000.0943966060877,
  "summary_wm_n": 236220.0,
  "summary_wm_p05": 901.2555412873626,
  "summary_wm_p95": 1115.9728062562644,
  "summary_wm_stdv": 65.7586289969511,
  "tpm_overlap_csf": 0.15041470233631515,
  "tpm_overlap_gm": 0.45623934903773855,
  "tpm_overlap_wm": 0.46771573210518136,
  "wm2max": 0.3933265289526846
}