{
  "aor": 0.0030171028037383175,
  "aqi": 0.007760202523364485,
  "bids_meta": {
    "AccelFactPE": 2,
    "AcquisitionNumber": 1,
    "AcquisitionTime": "10:22:36.007500",
    "BandwidthPerPixelPhaseEncode": 49.18,
    "BodyPartExamined": "BRAIN",
    "ConversionSoftware": "dcm2niix",
    "ConversionSoftwareVersion": "v1.0.20170724 (OpenJPEG build) GCC6.1.0",
    "DeviceSerialNumber": "45031",
    "EchoTime": 0.034,
    "EchoTrainLength": 29,
    "EffectiveEchoSpacing": 0.000344635,
    "FlipAngle": 71,
    "ImageType": [
      "ORIGINAL",
      "PRIMARY",
      "M",
      "ND",
      "NORM",
      "MOSAIC"
    ],
    "InstitutionAddress": "Washington_and_Faculty_Rd._-_Building_25_25_Princeton_NJ_US_085",
    "InstitutionName": "Princeton_University_-_Neuroscience_Institute",
    "MagneticFieldStrength": 3,
    "Manufacturer": "Siemens",
    "ManufacturersModelName": "Skyra",
    "PhaseEncodingDirection": "j-",
    "PhaseEncodingLines": 59,
    "ProcedureStepDescription": "NormanLab_Jarrod",
    "ProtocolName": "epi_3x3x3_2s_phase2_(214_TRs)",
    "RepetitionTime": 2,
    "ScanningSequence": "EP",
    "SequenceName": "_epfid2d1_59",
    "SequenceVariant": "SK_OSP",
    "SeriesDescription": "epi_3x3x3_2s_phase2_(214_TRs)",
    "SliceTiming": [
      0.99,
      0,
      1.0475,
      0.0575,
      1.105,
      0.115,
      1.1625,
      0.175,
      1.2225,
      0.2325,
      1.28,
      0.29,
      1.3375,
      0.3475,
      1.3975,
      0.4075,
      1.455,
      0.465,
      1.5125,
      0.5225,
      1.57,
      0.5825,
      1.63,
      0.64,
      1.6875,
      0.6975,
      1.745,
      0.755,
      1.805,
      0.815,
      1.8625,
      0.8725,
      1.92,
      0.93
    ],
    "SoftwareVersions": "syngo_MR_D11",
    "TaskName": "Phase 2",
    "TotalReadoutTime": 0.0196442,
    "TrueEchoSpacing": 0.00068927,
    "dataset": "ds001232",
    "modality": "bold",
    "run_id": 1,
    "subject_id": "12",
    "task_id": "phase2"
  },
  "dummy_trs": 0,
  "dvars_nstd": 25.21561882323944,
  "dvars_std": 1.1421105778873237,
  "dvars_vstd": 1.0468278759154932,
  "efc": 0.5533905954725309,
  "fber": 1740.3382568359375,
  "fd_mean": 0.13300503111878476,
  "fd_num": 23,
  "fd_perc": 10.74766355140187,
  "fwhm_avg": 1.7632065805418204,
  "fwhm_x": 1.6487237594658621,
  "fwhm_y": 1.946205443431985,
  "fwhm_z": 1.6946905387276137,
  "gcor": 0.031106,
  "gsr_x": 0.004405751824378967,
  "gsr_y": 0.02575989067554474,
  "provenance": {
    "md5sum": "049e2473243610922fe5a3a552069097",
    "settings": {
      "fd_thres": 0.2,
      "testing": false
    },
    "software": "mriqc",
    "version": "22.0.6",
    "webapi_port": null,
    "webapi_url": "https://mriqc.nimh.nih.gov/api/v1"
  },
  "size_t": 214,
  "size_x": 66,
  "size_y": 66,
  "size_z": 34,
  "snr": 6.308061972113272,
  "spacing_tr": 2.0,
  "spacing_x": 2.9696969985961914,
  "spacing_y": 2.9696967601776123,
  "spacing_z": 2.9999990463256836,
  "summary_bg_k": 51.42500305121761,
  "summary_bg_mad": 8.147385409380012,
  "summary_bg_mean": 31.77277946472168,
  "summary_bg_median": 17.350467681884766,
  "summary_bg_n": 81803.0,
  "summary_bg_p05": 9.0420560836792,
  "summary_bg_p95": 86.34719314575176,
  "summary_bg_stdv": 56.009544372558594,
  "summary_fg_k": 4.854547311863472,
  "summary_fg_mad": 98.81126623484167,
  "summary_fg_mean": 745.8480834960938,
  "summary_fg_median": 733.8223876953125,
  "summary_fg_n": 33908.0,
  "summary_fg_p05": 595.7429809570312,
  "summary_fg_p95": 930.7593414306638,
  "summary_fg_stdv": 116.32916259765625,
  "tsnr": 60.96143674780615
}