{
  "aor": 0.0010171028037383176,
  "aqi": 0.007129393411214954,
  "bids_meta": {
    "AccelFactPE": 2,
    "AcquisitionNumber": 1,
    "AcquisitionTime": "10:52:59.695000",
    "BandwidthPerPixelPhaseEncode": 49.18,
    "BodyPartExamined": "BRAIN",
    "ConversionSoftware": "dcm2niix",
    "ConversionSoftwareVersion": "v1.0.20170724 (OpenJPEG build) GCC6.1.0",
    "DeviceSerialNumber": "45031",
    "EchoTime": 0.034,
    "EchoTrainLength": 29,
    "EffectiveEchoSpacing": 0.000344635,
    "FlipAngle": 71,
    "ImageType": [
      "ORIGINAL",
      "PRIMARY",
      "M",
      "ND",
      "NORM",
      "MOSAIC"
    ],
    "InstitutionAddress": "Washington_and_Faculty_Rd._-_Building_25_25_Princeton_NJ_US_085",
    "InstitutionName": "Princeton_University_-_Neuroscience_Institute",
    "MagneticFieldStrength": 3,
    "Manufacturer": "Siemens",
    "ManufacturersModelName": "Skyra",
    "PhaseEncodingDirection": "j-",
    "PhaseEncodingLines": 59,
    "ProcedureStepDescription": "NormanLab_Jarrod",
    "ProtocolName": "epi_3x3x3_2s_phase2_(214_TRs)",
    "RepetitionTime": 2,
    "ScanningSequence": "EP",
    "SequenceName": "_epfid2d1_59",
    "SequenceVariant": "SK_OSP",
    "SeriesDescription": "epi_3x3x3_2s_phase2_(214_TRs)",
    "SliceTiming": [
      0.99,
      0,
      1.0475,
      0.06,
      1.1075,
      0.1175,
      1.165,
      0.175,
      1.2225,
      0.2325,
      1.2825,
      0.2925,
      1.34,
      0.35,
      1.3975,
      0.4075,
      1.455,
      0.4675,
      1.515,
      0.525,
      1.5725,
      0.5825,
      1.63,
      0.64,
      1.69,
      0.7,
      1.7475,
      0.7575,
      1.805,
      0.815,
      1.8625,
      0.875,
      1.9225,
      0.9325
    ],
    "SoftwareVersions": "syngo_MR_D11",
    "TaskName": "Phase 2",
    "TotalReadoutTime": 0.0196442,
    "TrueEchoSpacing": 0.00068927,
    "dataset": "ds001232",
    "modality": "bold",
    "run_id": 5,
    "subject_id": "12",
    "task_id": "phase2"
  },
  "dummy_trs": 0,
  "dvars_nstd": 24.036848596948353,
  "dvars_std": 1.1025634921596248,
  "dvars_vstd": 1.0258769880751168,
  "efc": 0.5492199991993064,
  "fber": 1787.3614501953125,
  "fd_mean": 0.1329743440881714,
  "fd_num": 24,
  "fd_perc": 11.214953271028037,
  "fwhm_avg": 1.7657294607907243,
  "fwhm_x": 1.6365945759104266,
  "fwhm_y": 1.9667799346794843,
  "fwhm_z": 1.693813871782262,
  "gcor": 0.0296084,
  "gsr_x": 0.005952410399913788,
  "gsr_y": 0.026985878124833107,
  "provenance": {
    "md5sum": "6a1955ca19f020a69771360f3193ac89",
    "settings": {
      "fd_thres": 0.2,
      "testing": false
    },
    "software": "mriqc",
    "version": "22.0.6",
    "webapi_port": null,
    "webapi_url": "https://mriqc.nimh.nih.gov/api/v1"
  },
  "size_t": 214,
  "size_x": 66,
  "size_y": 66,
  "size_z": 34,
  "snr": 6.2854155812096995,
  "spacing_tr": 2.0,
  "spacing_x": 2.9696969985961914,
  "spacing_y": 2.9696967601776123,
  "spacing_z": 2.9999990463256836,
  "summary_bg_k": 55.196740412793844,
  "summary_bg_mad": 8.015750903211025,
  "summary_bg_mean": 30.909517288208008,
  "summary_bg_median": 17.056074142456055,
  "summary_bg_n": 82395.0,
  "summary_bg_p05": 8.919158935546875,
  "summary_bg_p95": 80.5948554992676,
  "summary_bg_stdv": 55.055419921875,
  "summary_fg_k": 4.957156899804807,
  "summary_fg_mad": 98.52726067681067,
  "summary_fg_mean": 743.9369506835938,
  "summary_fg_median": 731.5537109375,
  "summary_fg_n": 33462.0,
  "summary_fg_p05": 594.3516326904297,
  "summary_fg_p95": 929.4614166259765,
  "summary_fg_stdv": 116.38733673095703,
  "tsnr": 63.33344406913966
}