{
  "aor": 0.0005441764705882352,
  "aqi": 0.005991145882352941,
  "bids_meta": {
    "AccelFactPE": 2,
    "AcquisitionNumber": 1,
    "AcquisitionTime": "10:22:0.785000",
    "BandwidthPerPixelPhaseEncode": 49.18,
    "BodyPartExamined": "BRAIN",
    "ConversionSoftware": "dcm2niix",
    "ConversionSoftwareVersion": "v1.0.20170724 (OpenJPEG build) GCC6.1.0",
    "DeviceSerialNumber": "45031",
    "EchoTime": 0.034,
    "EchoTrainLength": 29,
    "EffectiveEchoSpacing": 0.000344635,
    "FlipAngle": 71,
    "ImageType": [
      "ORIGINAL",
      "PRIMARY",
      "M",
      "ND",
      "NORM",
      "MOSAIC"
    ],
    "InstitutionAddress": "Washington_and_Faculty_Rd._-_Building_25_25_Princeton_NJ_US_085",
    "InstitutionName": "Princeton_University_-_Neuroscience_Institute",
    "MagneticFieldStrength": 3,
    "Manufacturer": "Siemens",
    "ManufacturersModelName": "Skyra",
    "PhaseEncodingDirection": "j-",
    "PhaseEncodingLines": 59,
    "ProcedureStepDescription": "NormanLab_Jarrod",
    "ProtocolName": "epi_3x3x3_2s_phase1",
    "RepetitionTime": 2,
    "ScanningSequence": "EP",
    "SequenceName": "_epfid2d1_59",
    "SequenceVariant": "SK_OSP",
    "SeriesDescription": "epi_3x3x3_2s_phase1",
    "SliceTiming": [
      0.99,
      0,
      1.05,
      0.06,
      1.1075,
      0.1175,
      1.165,
      0.175,
      1.2225,
      0.235,
      1.2825,
      0.2925,
      1.34,
      0.35,
      1.3975,
      0.4075,
      1.4575,
      0.4675,
      1.515,
      0.525,
      1.5725,
      0.5825,
      1.63,
      0.6425,
      1.69,
      0.7,
      1.7475,
      0.7575,
      1.805,
      0.815,
      1.865,
      0.875,
      1.9225,
      0.9325
    ],
    "SoftwareVersions": "syngo_MR_D11",
    "TaskName": "Phase 1",
    "TotalReadoutTime": 0.0196442,
    "TrueEchoSpacing": 0.00068927,
    "dataset": "ds001232",
    "modality": "bold",
    "run_id": 2,
    "subject_id": "10",
    "task_id": "phase1"
  },
  "dummy_trs": 0,
  "dvars_nstd": 27.507299265443798,
  "dvars_std": 1.178747593550297,
  "dvars_vstd": 1.0042569782840243,
  "efc": 0.5789881030014766,
  "fber": 1362.19287109375,
  "fd_mean": 0.082055030126832,
  "fd_num": 9,
  "fd_perc": 5.294117647058823,
  "fwhm_avg": 1.9057536363223695,
  "fwhm_x": 1.8008335539039928,
  "fwhm_y": 2.0103700824771598,
  "fwhm_z": 1.9060572725859555,
  "gcor": 0.0762574,
  "gsr_x": 0.017389556393027306,
  "gsr_y": 0.00995186809450388,
  "provenance": {
    "md5sum": "5e9d206c68ba3ee77a38e96a4a5e49ed",
    "settings": {
      "fd_thres": 0.2,
      "testing": false
    },
    "software": "mriqc",
    "version": "22.0.6",
    "webapi_port": null,
    "webapi_url": "https://mriqc.nimh.nih.gov/api/v1"
  },
  "size_t": 170,
  "size_x": 66,
  "size_y": 66,
  "size_z": 34,
  "snr": 4.926878831355869,
  "spacing_tr": 2.0,
  "spacing_x": 2.9696969985961914,
  "spacing_y": 2.9696969985961914,
  "spacing_z": 2.9999990463256836,
  "summary_bg_k": 29.13476754420875,
  "summary_bg_mad": 9.715406756138197,
  "summary_bg_mean": 38.07996368408203,
  "summary_bg_median": 19.417648315429688,
  "summary_bg_n": 78099.0,
  "summary_bg_p05": 9.652941703796387,
  "summary_bg_p95": 129.8152908325187,
  "summary_bg_stdv": 63.317867279052734,
  "summary_fg_k": 2.226882741479284,
  "summary_fg_mad": 127.25086884319545,
  "summary_fg_mean": 740.6310424804688,
  "summary_fg_median": 718.8588256835938,
  "summary_fg_n": 37866.0,
  "summary_fg_p05": 559.182373046875,
  "summary_fg_p95": 1007.0294342041016,
  "summary_fg_stdv": 145.90359497070312,
  "tsnr": 57.294635673752055
}