{
  "aor": 0.0007731924882629107,
  "aqi": 0.005813198122065728,
  "bids_meta": {
    "AccelFactPE": 2,
    "AcquisitionNumber": 1,
    "AcquisitionTime": "10:48:56.810000",
    "BandwidthPerPixelPhaseEncode": 49.18,
    "BodyPartExamined": "BRAIN",
    "ConversionSoftware": "dcm2niix",
    "ConversionSoftwareVersion": "v1.0.20170724 (OpenJPEG build) GCC6.1.0",
    "DeviceSerialNumber": "45031",
    "EchoTime": 0.034,
    "EchoTrainLength": 29,
    "EffectiveEchoSpacing": 0.000344635,
    "FlipAngle": 71,
    "ImageType": [
      "ORIGINAL",
      "PRIMARY",
      "M",
      "ND",
      "NORM",
      "MOSAIC"
    ],
    "InstitutionAddress": "Washington_and_Faculty_Rd._-_Building_25_25_Princeton_NJ_US_085",
    "InstitutionName": "Princeton_University_-_Neuroscience_Institute",
    "MagneticFieldStrength": 3,
    "Manufacturer": "Siemens",
    "ManufacturersModelName": "Skyra",
    "PhaseEncodingDirection": "j-",
    "PhaseEncodingLines": 59,
    "ProcedureStepDescription": "NormanLab_Jarrod",
    "ProtocolName": "epi_3x3x3_2s_phase2_(214_TRs)",
    "RepetitionTime": 2,
    "ScanningSequence": "EP",
    "SequenceName": "_epfid2d1_59",
    "SequenceVariant": "SK_OSP",
    "SeriesDescription": "epi_3x3x3_2s_phase2_(214_TRs)",
    "SliceTiming": [
      0.99,
      0,
      1.0475,
      0.0575,
      1.1075,
      0.1175,
      1.165,
      0.175,
      1.2225,
      0.2325,
      1.28,
      0.2925,
      1.34,
      0.35,
      1.3975,
      0.4075,
      1.455,
      0.465,
      1.515,
      0.525,
      1.5725,
      0.5825,
      1.63,
      0.64,
      1.6875,
      0.7,
      1.7475,
      0.7575,
      1.805,
      0.815,
      1.8625,
      0.8725,
      1.9225,
      0.9325
    ],
    "SoftwareVersions": "syngo_MR_D11",
    "TaskName": "Phase 2",
    "TotalReadoutTime": 0.0196442,
    "TrueEchoSpacing": 0.00068927,
    "dataset": "ds001232",
    "modality": "bold",
    "run_id": 2,
    "subject_id": "10",
    "task_id": "phase2"
  },
  "dummy_trs": 1,
  "dvars_nstd": 27.633721198584894,
  "dvars_std": 1.1744260345754713,
  "dvars_vstd": 0.9971617453773578,
  "efc": 0.5803490484392487,
  "fber": 1324.00830078125,
  "fd_mean": 0.09686812103113553,
  "fd_num": 15,
  "fd_perc": 7.042253521126761,
  "fwhm_avg": 1.8952685450461886,
  "fwhm_x": 1.7843470234521843,
  "fwhm_y": 2.0015846743993886,
  "fwhm_z": 1.8998739372869928,
  "gcor": 0.0616255,
  "gsr_x": 0.017442015931010246,
  "gsr_y": 0.010891043581068516,
  "provenance": {
    "md5sum": "c164764cb68015b1840ece001d1d53b7",
    "settings": {
      "fd_thres": 0.2,
      "testing": false
    },
    "software": "mriqc",
    "version": "22.0.6",
    "webapi_port": null,
    "webapi_url": "https://mriqc.nimh.nih.gov/api/v1"
  },
  "size_t": 213,
  "size_x": 66,
  "size_y": 66,
  "size_z": 34,
  "snr": 4.9755667475927225,
  "spacing_tr": 2.0,
  "spacing_x": 2.9696969985961914,
  "spacing_y": 2.9696969985961914,
  "spacing_z": 2.9999990463256836,
  "summary_bg_k": 28.58183444159115,
  "summary_bg_mad": 9.97450329156767,
  "summary_bg_mean": 38.372154235839844,
  "summary_bg_median": 19.502347946166992,
  "summary_bg_n": 78145.0,
  "summary_bg_p05": 9.713615417480469,
  "summary_bg_p95": 132.18027954101572,
  "summary_bg_stdv": 63.30287551879883,
  "summary_fg_k": 2.219682445521496,
  "summary_fg_mad": 125.01891182906942,
  "summary_fg_mean": 733.3680419921875,
  "summary_fg_median": 712.713623046875,
  "summary_fg_n": 37947.0,
  "summary_fg_p05": 554.67138671875,
  "summary_fg_p95": 995.1328796386717,
  "summary_fg_stdv": 143.24081420898438,
  "tsnr": 59.133295672247186
}