{
  "aor": 0.0006202336448598131,
  "aqi": 0.005160248411214953,
  "bids_meta": {
    "AccelFactPE": 2,
    "AcquisitionNumber": 1,
    "AcquisitionTime": "10:41:21.132500",
    "BandwidthPerPixelPhaseEncode": 49.18,
    "BodyPartExamined": "BRAIN",
    "ConversionSoftware": "dcm2niix",
    "ConversionSoftwareVersion": "v1.0.20170724 (OpenJPEG build) GCC6.1.0",
    "DeviceSerialNumber": "45031",
    "EchoTime": 0.034,
    "EchoTrainLength": 29,
    "EffectiveEchoSpacing": 0.000344635,
    "FlipAngle": 71,
    "ImageType": [
      "ORIGINAL",
      "PRIMARY",
      "M",
      "ND",
      "NORM",
      "MOSAIC"
    ],
    "InstitutionAddress": "Washington_and_Faculty_Rd._-_Building_25_25_Princeton_NJ_US_085",
    "InstitutionName": "Princeton_University_-_Neuroscience_Institute",
    "MagneticFieldStrength": 3,
    "Manufacturer": "Siemens",
    "ManufacturersModelName": "Skyra",
    "PhaseEncodingDirection": "j-",
    "PhaseEncodingLines": 59,
    "ProcedureStepDescription": "NormanLab_Jarrod",
    "ProtocolName": "epi_3x3x3_2s_phase2_(214_TRs)",
    "RepetitionTime": 2,
    "ScanningSequence": "EP",
    "SequenceName": "_epfid2d1_59",
    "SequenceVariant": "SK_OSP",
    "SeriesDescription": "epi_3x3x3_2s_phase2_(214_TRs)",
    "SliceTiming": [
      0.99,
      0,
      1.0475,
      0.0575,
      1.105,
      0.115,
      1.165,
      0.175,
      1.2225,
      0.2325,
      1.28,
      0.29,
      1.3375,
      0.35,
      1.3975,
      0.4075,
      1.455,
      0.465,
      1.5125,
      0.5225,
      1.5725,
      0.5825,
      1.63,
      0.64,
      1.6875,
      0.6975,
      1.745,
      0.7575,
      1.805,
      0.815,
      1.8625,
      0.8725,
      1.92,
      0.93
    ],
    "SoftwareVersions": "syngo_MR_D11",
    "TaskName": "Phase 2",
    "TotalReadoutTime": 0.0196442,
    "TrueEchoSpacing": 0.00068927,
    "dataset": "ds001232",
    "modality": "bold",
    "run_id": 1,
    "subject_id": "10",
    "task_id": "phase2"
  },
  "dummy_trs": 0,
  "dvars_nstd": 29.000024750892024,
  "dvars_std": 1.246762727417841,
  "dvars_vstd": 1.0143594829577463,
  "efc": 0.5801607401828341,
  "fber": 1319.965576171875,
  "fd_mean": 0.07625448436317737,
  "fd_num": 5,
  "fd_perc": 2.336448598130841,
  "fwhm_avg": 1.9017726727387554,
  "fwhm_x": 1.7934018192824361,
  "fwhm_y": 2.0049755927337376,
  "fwhm_z": 1.9069406062000929,
  "gcor": 0.0325784,
  "gsr_x": 0.017929742112755775,
  "gsr_y": 0.01059398241341114,
  "provenance": {
    "md5sum": "bba4586d8424dc0ee6ecd451674610e0",
    "settings": {
      "fd_thres": 0.2,
      "testing": false
    },
    "software": "mriqc",
    "version": "22.0.6",
    "webapi_port": null,
    "webapi_url": "https://mriqc.nimh.nih.gov/api/v1"
  },
  "size_t": 214,
  "size_x": 66,
  "size_y": 66,
  "size_z": 34,
  "snr": 4.95226331211377,
  "spacing_tr": 2.0,
  "spacing_x": 2.9696969985961914,
  "spacing_y": 2.9696969985961914,
  "spacing_z": 2.9999990463256836,
  "summary_bg_k": 28.434071404379782,
  "summary_bg_mad": 10.038739075515545,
  "summary_bg_mean": 38.51679992675781,
  "summary_bg_median": 19.570093154907227,
  "summary_bg_n": 78119.0,
  "summary_bg_p05": 9.612149238586426,
  "summary_bg_p95": 131.78691864013655,
  "summary_bg_stdv": 63.924896240234375,
  "summary_fg_k": 2.1786738744393404,
  "summary_fg_mad": 126.32256837575528,
  "summary_fg_mean": 734.4035034179688,
  "summary_fg_median": 713.2476806640625,
  "summary_fg_n": 37948.0,
  "summary_fg_p05": 554.8850158691406,
  "summary_fg_p95": 996.041329956055,
  "summary_fg_stdv": 144.02268981933594,
  "tsnr": 62.48181310389191
}