{
  "aor": 0.0008746728971962618,
  "aqi": 0.006034272476635513,
  "bids_meta": {
    "AccelFactPE": 2,
    "AcquisitionNumber": 1,
    "AcquisitionTime": "11:19:38.120000",
    "BandwidthPerPixelPhaseEncode": 49.18,
    "BodyPartExamined": "BRAIN",
    "ConversionSoftware": "dcm2niix",
    "ConversionSoftwareVersion": "v1.0.20170724 (OpenJPEG build) GCC6.1.0",
    "DeviceSerialNumber": "45031",
    "EchoTime": 0.034,
    "EchoTrainLength": 29,
    "EffectiveEchoSpacing": 0.000344635,
    "FlipAngle": 71,
    "ImageType": [
      "ORIGINAL",
      "PRIMARY",
      "M",
      "ND",
      "NORM",
      "MOSAIC"
    ],
    "InstitutionAddress": "Washington_and_Faculty_Rd._-_Building_25_25_Princeton_NJ_US_085",
    "InstitutionName": "Princeton_University_-_Neuroscience_Institute",
    "MagneticFieldStrength": 3,
    "Manufacturer": "Siemens",
    "ManufacturersModelName": "Skyra",
    "PhaseEncodingDirection": "j-",
    "PhaseEncodingLines": 59,
    "ProcedureStepDescription": "NormanLab_Jarrod",
    "ProtocolName": "epi_3x3x3_2s_phase2_(214_TRs)",
    "RepetitionTime": 2,
    "ScanningSequence": "EP",
    "SequenceName": "_epfid2d1_59",
    "SequenceVariant": "SK_OSP",
    "SeriesDescription": "epi_3x3x3_2s_phase2_(214_TRs)",
    "SliceTiming": [
      0.99,
      0,
      1.0475,
      0.0575,
      1.105,
      0.115,
      1.165,
      0.175,
      1.2225,
      0.2325,
      1.28,
      0.29,
      1.3375,
      0.35,
      1.3975,
      0.4075,
      1.455,
      0.465,
      1.5125,
      0.5225,
      1.5725,
      0.5825,
      1.63,
      0.64,
      1.6875,
      0.6975,
      1.745,
      0.7575,
      1.805,
      0.815,
      1.8625,
      0.8725,
      1.92,
      0.93
    ],
    "SoftwareVersions": "syngo_MR_D11",
    "TaskName": "Phase 2",
    "TotalReadoutTime": 0.0196442,
    "TrueEchoSpacing": 0.00068927,
    "dataset": "ds001232",
    "modality": "bold",
    "run_id": 6,
    "subject_id": "10",
    "task_id": "phase2"
  },
  "dummy_trs": 0,
  "dvars_nstd": 27.598154990751173,
  "dvars_std": 1.1702016141314555,
  "dvars_vstd": 1.0143511969953052,
  "efc": 0.581640457296766,
  "fber": 1300.1334228515625,
  "fd_mean": 0.12049263042938631,
  "fd_num": 27,
  "fd_perc": 12.616822429906541,
  "fwhm_avg": 1.8884490773265672,
  "fwhm_x": 1.7804139622659685,
  "fwhm_y": 1.9911560010314864,
  "fwhm_z": 1.8937772686822474,
  "gcor": 0.0332738,
  "gsr_x": 0.018007615581154823,
  "gsr_y": 0.010079601779580116,
  "provenance": {
    "md5sum": "1c889b2b1a6d3fe99e36ea9093036d88",
    "settings": {
      "fd_thres": 0.2,
      "testing": false
    },
    "software": "mriqc",
    "version": "22.0.6",
    "webapi_port": null,
    "webapi_url": "https://mriqc.nimh.nih.gov/api/v1"
  },
  "size_t": 214,
  "size_x": 66,
  "size_y": 66,
  "size_z": 34,
  "snr": 4.993550077524661,
  "spacing_tr": 2.0,
  "spacing_x": 2.9696969985961914,
  "spacing_y": 2.9696969985961914,
  "spacing_z": 2.9999990463256836,
  "summary_bg_k": 27.62970279201878,
  "summary_bg_mad": 9.865540987102456,
  "summary_bg_mean": 38.588809967041016,
  "summary_bg_median": 19.49532699584961,
  "summary_bg_n": 77999.0,
  "summary_bg_p05": 9.714953422546387,
  "summary_bg_p95": 132.76401062011698,
  "summary_bg_stdv": 63.32455062866211,
  "summary_fg_k": 2.3349085876283215,
  "summary_fg_mad": 123.06982923724861,
  "summary_fg_mean": 726.5314331054688,
  "summary_fg_median": 706.037353515625,
  "summary_fg_n": 37989.0,
  "summary_fg_p05": 550.0719482421875,
  "summary_fg_p95": 984.8728759765625,
  "summary_fg_stdv": 141.38800048828125,
  "tsnr": 59.2486893676687
}