{
  "aor": 0.0009175882352941176,
  "aqi": 0.005091940764705883,
  "bids_meta": {
    "AccelFactPE": 2,
    "AcquisitionNumber": 1,
    "AcquisitionTime": "10:28:5.697500",
    "BandwidthPerPixelPhaseEncode": 49.18,
    "BodyPartExamined": "BRAIN",
    "ConversionSoftware": "dcm2niix",
    "ConversionSoftwareVersion": "v1.0.20170724 (OpenJPEG build) GCC6.1.0",
    "DeviceSerialNumber": "45031",
    "EchoTime": 0.034,
    "EchoTrainLength": 29,
    "EffectiveEchoSpacing": 0.000344635,
    "FlipAngle": 71,
    "ImageType": [
      "ORIGINAL",
      "PRIMARY",
      "M",
      "ND",
      "NORM",
      "MOSAIC"
    ],
    "InstitutionAddress": "Washington_and_Faculty_Rd._-_Building_25_25_Princeton_NJ_US_085",
    "InstitutionName": "Princeton_University_-_Neuroscience_Institute",
    "MagneticFieldStrength": 3,
    "Manufacturer": "Siemens",
    "ManufacturersModelName": "Skyra",
    "PhaseEncodingDirection": "j-",
    "PhaseEncodingLines": 59,
    "ProcedureStepDescription": "NormanLab_Jarrod",
    "ProtocolName": "epi_3x3x3_2s_phase1",
    "RepetitionTime": 2,
    "ScanningSequence": "EP",
    "SequenceName": "_epfid2d1_59",
    "SequenceVariant": "SK_OSP",
    "SeriesDescription": "epi_3x3x3_2s_phase1",
    "SliceTiming": [
      0.99,
      0,
      1.0475,
      0.0575,
      1.105,
      0.115,
      1.165,
      0.175,
      1.2225,
      0.2325,
      1.28,
      0.29,
      1.3375,
      0.35,
      1.3975,
      0.4075,
      1.455,
      0.465,
      1.5125,
      0.5225,
      1.5725,
      0.5825,
      1.63,
      0.64,
      1.6875,
      0.6975,
      1.745,
      0.7575,
      1.805,
      0.815,
      1.8625,
      0.8725,
      1.92,
      0.93
    ],
    "SoftwareVersions": "syngo_MR_D11",
    "TaskName": "Phase 1",
    "TotalReadoutTime": 0.0196442,
    "TrueEchoSpacing": 0.00068927,
    "dataset": "ds001232",
    "modality": "bold",
    "run_id": 3,
    "subject_id": "10",
    "task_id": "phase1"
  },
  "dummy_trs": 0,
  "dvars_nstd": 29.312650274319527,
  "dvars_std": 1.2543584728994086,
  "dvars_vstd": 1.0186398623076929,
  "efc": 0.5797620637893722,
  "fber": 1349.7723388671875,
  "fd_mean": 0.07120472235278864,
  "fd_num": 5,
  "fd_perc": 2.9411764705882355,
  "fwhm_avg": 1.9001261193561332,
  "fwhm_x": 1.7891185540179957,
  "fwhm_y": 2.005332531505774,
  "fwhm_z": 1.9059272725446297,
  "gcor": 0.0554732,
  "gsr_x": 0.01820887252688408,
  "gsr_y": 0.010384837165474892,
  "provenance": {
    "md5sum": "dfb4ffa7a74cc8145e46dfde2c39dd2c",
    "settings": {
      "fd_thres": 0.2,
      "testing": false
    },
    "software": "mriqc",
    "version": "22.0.6",
    "webapi_port": null,
    "webapi_url": "https://mriqc.nimh.nih.gov/api/v1"
  },
  "size_t": 170,
  "size_x": 66,
  "size_y": 66,
  "size_z": 34,
  "snr": 4.951021262620286,
  "spacing_tr": 2.0,
  "spacing_x": 2.9696969985961914,
  "spacing_y": 2.9696969985961914,
  "spacing_z": 2.9999990463256836,
  "summary_bg_k": 28.52017608433524,
  "summary_bg_mad": 9.785173793785178,
  "summary_bg_mean": 38.49937057495117,
  "summary_bg_median": 19.399999618530273,
  "summary_bg_n": 78133.0,
  "summary_bg_p05": 9.699999809265137,
  "summary_bg_p95": 131.88118591308552,
  "summary_bg_stdv": 64.61196899414062,
  "summary_fg_k": 2.2244854522045987,
  "summary_fg_mad": 126.24795866328226,
  "summary_fg_mean": 737.4465942382812,
  "summary_fg_median": 715.7735595703125,
  "summary_fg_n": 37908.0,
  "summary_fg_p05": 557.4864837646485,
  "summary_fg_p95": 1001.2459136962892,
  "summary_fg_stdv": 144.56898498535156,
  "tsnr": 61.89602367114276
}