{
  "aor": 0.0008493457943925234,
  "aqi": 0.006157237943925233,
  "bids_meta": {
    "AccelFactPE": 2,
    "AcquisitionNumber": 1,
    "AcquisitionTime": "11:11:38.150000",
    "BandwidthPerPixelPhaseEncode": 49.18,
    "BodyPartExamined": "BRAIN",
    "ConversionSoftware": "dcm2niix",
    "ConversionSoftwareVersion": "v1.0.20170724 (OpenJPEG build) GCC6.1.0",
    "DeviceSerialNumber": "45031",
    "EchoTime": 0.034,
    "EchoTrainLength": 29,
    "EffectiveEchoSpacing": 0.000344635,
    "FlipAngle": 71,
    "ImageType": [
      "ORIGINAL",
      "PRIMARY",
      "M",
      "ND",
      "NORM",
      "MOSAIC"
    ],
    "InstitutionAddress": "Washington_and_Faculty_Rd._-_Building_25_25_Princeton_NJ_US_085",
    "InstitutionName": "Princeton_University_-_Neuroscience_Institute",
    "MagneticFieldStrength": 3,
    "Manufacturer": "Siemens",
    "ManufacturersModelName": "Skyra",
    "PhaseEncodingDirection": "j-",
    "PhaseEncodingLines": 59,
    "ProcedureStepDescription": "NormanLab_Jarrod",
    "ProtocolName": "epi_3x3x3_2s_phase2_(214_TRs)",
    "RepetitionTime": 2,
    "ScanningSequence": "EP",
    "SequenceName": "_epfid2d1_59",
    "SequenceVariant": "SK_OSP",
    "SeriesDescription": "epi_3x3x3_2s_phase2_(214_TRs)",
    "SliceTiming": [
      0.99,
      0,
      1.0475,
      0.0575,
      1.1075,
      0.1175,
      1.165,
      0.175,
      1.2225,
      0.2325,
      1.28,
      0.2925,
      1.34,
      0.35,
      1.3975,
      0.4075,
      1.455,
      0.465,
      1.515,
      0.525,
      1.5725,
      0.5825,
      1.63,
      0.64,
      1.6875,
      0.7,
      1.7475,
      0.7575,
      1.805,
      0.815,
      1.8625,
      0.8725,
      1.9225,
      0.9325
    ],
    "SoftwareVersions": "syngo_MR_D11",
    "TaskName": "Phase 2",
    "TotalReadoutTime": 0.0196442,
    "TrueEchoSpacing": 0.00068927,
    "dataset": "ds001232",
    "modality": "bold",
    "run_id": 5,
    "subject_id": "10",
    "task_id": "phase2"
  },
  "dummy_trs": 0,
  "dvars_nstd": 26.427471545586844,
  "dvars_std": 1.1481950568544605,
  "dvars_vstd": 1.0155334390140849,
  "efc": 0.5816510076744598,
  "fber": 1299.7432861328125,
  "fd_mean": 0.12181551581179927,
  "fd_num": 27,
  "fd_perc": 12.616822429906541,
  "fwhm_avg": 1.8898018213957342,
  "fwhm_x": 1.7796765132935533,
  "fwhm_y": 1.9930383479519442,
  "fwhm_z": 1.8966906029417048,
  "gcor": 0.017922,
  "gsr_x": 0.018328700214624405,
  "gsr_y": 0.009868260473012924,
  "provenance": {
    "md5sum": "3bccd7cf71f660aa054066d1ff5fc89d",
    "settings": {
      "fd_thres": 0.2,
      "testing": false
    },
    "software": "mriqc",
    "version": "22.0.6",
    "webapi_port": null,
    "webapi_url": "https://mriqc.nimh.nih.gov/api/v1"
  },
  "size_t": 214,
  "size_x": 66,
  "size_y": 66,
  "size_z": 34,
  "snr": 5.00454140503223,
  "spacing_tr": 2.0,
  "spacing_x": 2.9696969985961914,
  "spacing_y": 2.9696969985961914,
  "spacing_z": 2.9999990463256836,
  "summary_bg_k": 27.69476724092181,
  "summary_bg_mad": 9.90710881110553,
  "summary_bg_mean": 38.520957946777344,
  "summary_bg_median": 19.481307983398438,
  "summary_bg_n": 78008.0,
  "summary_bg_p05": 9.719625473022461,
  "summary_bg_p95": 131.93271255493153,
  "summary_bg_stdv": 63.40569305419922,
  "summary_fg_k": 2.2732933147056604,
  "summary_fg_mad": 123.13217743845408,
  "summary_fg_mean": 725.9200439453125,
  "summary_fg_median": 705.799072265625,
  "summary_fg_n": 37982.0,
  "summary_fg_p05": 549.374072265625,
  "summary_fg_p95": 983.7057922363276,
  "summary_fg_stdv": 141.0298614501953,
  "tsnr": 58.8518751533702
}