{
  "aor": 0.0005749411764705882,
  "aqi": 0.005206670294117648,
  "bids_meta": {
    "AccelFactPE": 2,
    "AcquisitionNumber": 1,
    "AcquisitionTime": "10:34:22.737500",
    "BandwidthPerPixelPhaseEncode": 49.18,
    "BodyPartExamined": "BRAIN",
    "ConversionSoftware": "dcm2niix",
    "ConversionSoftwareVersion": "v1.0.20170724 (OpenJPEG build) GCC6.1.0",
    "DeviceSerialNumber": "45031",
    "EchoTime": 0.034,
    "EchoTrainLength": 29,
    "EffectiveEchoSpacing": 0.000344635,
    "FlipAngle": 71,
    "ImageType": [
      "ORIGINAL",
      "PRIMARY",
      "M",
      "ND",
      "NORM",
      "MOSAIC"
    ],
    "InstitutionAddress": "Washington_and_Faculty_Rd._-_Building_25_25_Princeton_NJ_US_085",
    "InstitutionName": "Princeton_University_-_Neuroscience_Institute",
    "MagneticFieldStrength": 3,
    "Manufacturer": "Siemens",
    "ManufacturersModelName": "Skyra",
    "PhaseEncodingDirection": "j-",
    "PhaseEncodingLines": 59,
    "ProcedureStepDescription": "NormanLab_Jarrod",
    "ProtocolName": "epi_3x3x3_2s_phase1",
    "RepetitionTime": 2,
    "ScanningSequence": "EP",
    "SequenceName": "_epfid2d1_59",
    "SequenceVariant": "SK_OSP",
    "SeriesDescription": "epi_3x3x3_2s_phase1",
    "SliceTiming": [
      0.99,
      0,
      1.0475,
      0.0575,
      1.105,
      0.115,
      1.1625,
      0.175,
      1.2225,
      0.2325,
      1.28,
      0.29,
      1.3375,
      0.3475,
      1.3975,
      0.4075,
      1.455,
      0.465,
      1.5125,
      0.5225,
      1.57,
      0.5825,
      1.63,
      0.64,
      1.6875,
      0.6975,
      1.745,
      0.755,
      1.805,
      0.815,
      1.8625,
      0.8725,
      1.92,
      0.93
    ],
    "SoftwareVersions": "syngo_MR_D11",
    "TaskName": "Phase 1",
    "TotalReadoutTime": 0.0196442,
    "TrueEchoSpacing": 0.00068927,
    "dataset": "ds001232",
    "modality": "bold",
    "run_id": 4,
    "subject_id": "10",
    "task_id": "phase1"
  },
  "dummy_trs": 0,
  "dvars_nstd": 28.051238900946757,
  "dvars_std": 1.2194480807692314,
  "dvars_vstd": 1.009545854556213,
  "efc": 0.5798711376436112,
  "fber": 1323.4373779296875,
  "fd_mean": 0.06794883944209143,
  "fd_num": 5,
  "fd_perc": 2.9411764705882355,
  "fwhm_avg": 1.90520814915899,
  "fwhm_x": 1.7970183498594872,
  "fwhm_y": 2.0092554906512716,
  "fwhm_z": 1.9093506069662116,
  "gcor": 0.0561225,
  "gsr_x": 0.01727404072880745,
  "gsr_y": 0.0115127544850111,
  "provenance": {
    "md5sum": "c251dfed588f51093a9dc20faaa17e23",
    "settings": {
      "fd_thres": 0.2,
      "testing": false
    },
    "software": "mriqc",
    "version": "22.0.6",
    "webapi_port": null,
    "webapi_url": "https://mriqc.nimh.nih.gov/api/v1"
  },
  "size_t": 170,
  "size_x": 66,
  "size_y": 66,
  "size_z": 34,
  "snr": 4.9502316325365525,
  "spacing_tr": 2.0,
  "spacing_x": 2.9696969985961914,
  "spacing_y": 2.9696969985961914,
  "spacing_z": 2.9999990463256836,
  "summary_bg_k": 29.304807676335543,
  "summary_bg_mad": 10.081695368622025,
  "summary_bg_mean": 38.32897186279297,
  "summary_bg_median": 19.57647132873535,
  "summary_bg_n": 78131.0,
  "summary_bg_p05": 9.647059440612793,
  "summary_bg_p95": 130.75294494628906,
  "summary_bg_stdv": 63.237823486328125,
  "summary_fg_k": 2.156731432078935,
  "summary_fg_mad": 126.25664578565632,
  "summary_fg_mean": 735.831298828125,
  "summary_fg_median": 714.6411743164062,
  "summary_fg_n": 37943.0,
  "summary_fg_p05": 556.0805969238281,
  "summary_fg_p95": 999.189422607422,
  "summary_fg_stdv": 144.36329650878906,
  "tsnr": 61.61163171508815
}