{
  "bids_meta": {
    "AcquisitionNumber": 1,
    "AcquisitionTime": "17:29:25.125000",
    "BodyPartExamined": "BRAIN",
    "ConversionSoftware": "dcm2niix",
    "ConversionSoftwareVersion": "v1.0.20170724 (OpenJPEG build) GCC6.1.0",
    "DeviceSerialNumber": "45031",
    "EchoTime": 0.00308,
    "FlipAngle": 9,
    "ImageType": [
      "ORIGINAL",
      "PRIMARY",
      "M",
      "ND",
      "NORM"
    ],
    "InstitutionAddress": "Washington_and_Faculty_Rd._-_Building_25_25_Princeton_NJ_US_085",
    "InstitutionName": "Princeton_University_-_Neuroscience_Institute",
    "InversionTime": 0.9,
    "MagneticFieldStrength": 3,
    "Manufacturer": "Siemens",
    "ManufacturersModelName": "Skyra",
    "PhaseEncodingDirection": "i-",
    "PhaseEncodingLines": 224,
    "ProcedureStepDescription": "NormanLab_Jarrod",
    "ProtocolName": "long_mprage",
    "RepetitionTime": 2.3,
    "ScanningSequence": "GR_IR",
    "SequenceName": "_tfl3d1_16ns",
    "SequenceVariant": "SK_SP_MP",
    "SeriesDescription": "long_mprage",
    "SoftwareVersions": "syngo_MR_D11",
    "dataset": "ds001232",
    "modality": "T1w",
    "subject_id": "15"
  },
  "cjv": 0.4584345820216219,
  "cnr": 2.9532158401406567,
  "efc": 0.6464719039710382,
  "fber": 2704.0,
  "fwhm_avg": 3.835250203442241,
  "fwhm_x": 3.733706973963087,
  "fwhm_y": 4.0252159999999995,
  "fwhm_z": 3.7468276363636366,
  "icvs_csf": 0.19899058864014196,
  "icvs_gm": 0.4364263812044265,
  "icvs_wm": 0.36458303015543153,
  "inu_med": 0.6602647006511688,
  "inu_range": 0.30890638232231127,
  "provenance": {
    "md5sum": "58cd4f389f399112d5e3379cacfa30c8",
    "settings": {
      "testing": false
    },
    "software": "mriqc",
    "version": "22.0.6",
    "warnings": {
      "large_rot_frame": true,
      "small_air_mask": false
    },
    "webapi_port": null,
    "webapi_url": "https://mriqc.nimh.nih.gov/api/v1"
  },
  "qi_1": 4.809731012483679e-05,
  "qi_2": 0.0027811823456995307,
  "rpve_csf": 19.825234779199643,
  "rpve_gm": 9.302398326700782,
  "rpve_wm": 12.117731715071338,
  "size_x": 176,
  "size_y": 224,
  "size_z": 256,
  "snr_csf": 1.39710888145259,
  "snr_gm": 11.342417861535592,
  "snr_total": 9.77551845196844,
  "snr_wm": 16.58702861291714,
  "snrd_csf": 9.169417463389246,
  "snrd_gm": 25.792319666091817,
  "snrd_total": 23.37945265767915,
  "snrd_wm": 35.176620843556385,
  "spacing_x": 0.9000063538551331,
  "spacing_y": 0.859375,
  "spacing_z": 0.859375,
  "summary_bg_k": 1177.9093517182268,
  "summary_bg_mad": 0.0,
  "summary_bg_mean": 10.191911668538468,
  "summary_bg_median": 0.0,
  "summary_bg_n": 2053514.0,
  "summary_bg_p05": 0.0,
  "summary_bg_p95": 40.53511729091406,
  "summary_bg_stdv": 18.625860505689012,
  "summary_csf_k": 33.123467717196654,
  "summary_csf_mad": 105.71598488647685,
  "summary_csf_mean": 287.8389215984481,
  "summary_csf_median": 260.691194370389,
  "summary_csf_n": 48869.0,
  "summary_csf_p05": 102.5373473033309,
  "summary_csf_p95": 510.7246406301856,
  "summary_csf_stdv": 186.5914178719392,
  "summary_gm_k": 0.08679116631942208,
  "summary_gm_mad": 64.0642835240751,
  "summary_gm_mean": 732.5765982997525,
  "summary_gm_median": 733.2887444794178,
  "summary_gm_n": 39340.0,
  "summary_gm_p05": 624.9253101859242,
  "summary_gm_p95": 837.9041296988726,
  "summary_gm_stdv": 64.6493043621183,
  "summary_wm_k": 0.33252304708417135,
  "summary_wm_mad": 58.246268095676115,
  "summary_wm_mean": 1003.1099582665072,
  "summary_wm_median": 1000.0891919508576,
  "summary_wm_n": 228108.0,
  "summary_wm_p05": 909.78818808496,
  "summary_wm_p95": 1107.4247555583715,
  "summary_wm_stdv": 60.29331854108983,
  "tpm_overlap_csf": 0.15047677895826617,
  "tpm_overlap_gm": 0.4619887779439015,
  "tpm_overlap_wm": 0.4890786679528003,
  "wm2max": 0.43757438588960645
}