{
  "bids_meta": {
    "AcquisitionNumber": 1,
    "AcquisitionTime": "11:50:35.205000",
    "BodyPartExamined": "BRAIN",
    "ConversionSoftware": "dcm2niix",
    "ConversionSoftwareVersion": "v1.0.20170724 (OpenJPEG build) GCC6.1.0",
    "DeviceSerialNumber": "45031",
    "EchoTime": 0.00308,
    "FlipAngle": 9,
    "ImageType": [
      "ORIGINAL",
      "PRIMARY",
      "M",
      "ND",
      "NORM"
    ],
    "InstitutionAddress": "Washington_and_Faculty_Rd._-_Building_25_25_Princeton_NJ_US_085",
    "InstitutionName": "Princeton_University_-_Neuroscience_Institute",
    "InversionTime": 0.9,
    "MagneticFieldStrength": 3,
    "Manufacturer": "Siemens",
    "ManufacturersModelName": "Skyra",
    "PhaseEncodingDirection": "i-",
    "PhaseEncodingLines": 224,
    "ProcedureStepDescription": "NormanLab_Jarrod",
    "ProtocolName": "long_mprage",
    "RepetitionTime": 2.3,
    "ScanningSequence": "GR_IR",
    "SequenceName": "_tfl3d1_16ns",
    "SequenceVariant": "SK_SP_MP",
    "SeriesDescription": "long_mprage",
    "SoftwareVersions": "syngo_MR_D11",
    "dataset": "ds001232",
    "modality": "T1w",
    "subject_id": "21"
  },
  "cjv": 0.38842520611333875,
  "cnr": 3.4530403466936606,
  "efc": 0.6944485574399215,
  "fber": 4832.703252595155,
  "fwhm_avg": 4.044160018183004,
  "fwhm_x": 4.05379496363992,
  "fwhm_y": 4.263866181818182,
  "fwhm_z": 3.8148189090909095,
  "icvs_csf": 0.21177245112530452,
  "icvs_gm": 0.41918750239537633,
  "icvs_wm": 0.36904004647931915,
  "inu_med": 0.566763699054718,
  "inu_range": 0.27194507569074633,
  "provenance": {
    "md5sum": "5ce7a526150df8f09627b650c55ce495",
    "settings": {
      "testing": false
    },
    "software": "mriqc",
    "version": "22.0.6",
    "warnings": {
      "large_rot_frame": true,
      "small_air_mask": false
    },
    "webapi_port": null,
    "webapi_url": "https://mriqc.nimh.nih.gov/api/v1"
  },
  "qi_1": 0.0,
  "qi_2": 0.004186082610765303,
  "rpve_csf": 13.25398317506851,
  "rpve_gm": 6.801414055557702,
  "rpve_wm": 8.680730689226245,
  "size_x": 176,
  "size_y": 224,
  "size_z": 256,
  "snr_csf": 1.9326609051161916,
  "snr_gm": 11.955703498278917,
  "snr_total": 11.277275934588445,
  "snr_wm": 19.943463400370227,
  "snrd_csf": 16.09320424753974,
  "snrd_gm": 50.112241323771585,
  "snrd_total": 45.07413493097287,
  "snrd_wm": 69.01695922160728,
  "spacing_x": 0.8999937176704407,
  "spacing_y": 0.859375,
  "spacing_z": 0.859375,
  "summary_bg_k": 7.078284308460647,
  "summary_bg_mad": 0.0,
  "summary_bg_mean": 5.640808445421743,
  "summary_bg_median": 0.0,
  "summary_bg_n": 1353330.0,
  "summary_bg_p05": 0.0,
  "summary_bg_p95": 25.10274827480316,
  "summary_bg_stdv": 9.492397439957715,
  "summary_csf_k": 1.1710621721197167,
  "summary_csf_mad": 114.2806863740243,
  "summary_csf_mean": 251.00228019265853,
  "summary_csf_median": 233.17753493785858,
  "summary_csf_n": 93551.0,
  "summary_csf_p05": 85.945685505867,
  "summary_csf_p95": 476.22693717479706,
  "summary_csf_stdv": 120.65038831092704,
  "summary_gm_k": 0.3866265640560491,
  "summary_gm_mad": 57.94681954145508,
  "summary_gm_mean": 725.7741622066206,
  "summary_gm_median": 726.0859131813049,
  "summary_gm_n": 64735.0,
  "summary_gm_p05": 625.8763867616653,
  "summary_gm_p95": 824.8045861721039,
  "summary_gm_stdv": 60.73087251820507,
  "summary_wm_k": 0.3510298172154216,
  "summary_wm_mad": 48.44832025579389,
  "summary_wm_mean": 1000.6919665135547,
  "summary_wm_median": 1000.0000107288361,
  "summary_wm_n": 392759.0,
  "summary_wm_p05": 919.6148055791855,
  "summary_wm_p95": 1083.6892694234848,
  "summary_wm_stdv": 50.1416788853307,
  "tpm_overlap_csf": 0.16946720157435285,
  "tpm_overlap_gm": 0.46173917784169494,
  "tpm_overlap_wm": 0.5059665768053865,
  "wm2max": 0.4842253136401772
}