{
  "bids_meta": {
    "AcquisitionNumber": 1,
    "AcquisitionTime": "12:55:36.095000",
    "BodyPartExamined": "BRAIN",
    "ConversionSoftware": "dcm2niix",
    "ConversionSoftwareVersion": "v1.0.20170724 (OpenJPEG build) GCC6.1.0",
    "DeviceSerialNumber": "45031",
    "EchoTime": 0.00308,
    "FlipAngle": 9,
    "ImageType": [
      "ORIGINAL",
      "PRIMARY",
      "M",
      "ND",
      "NORM"
    ],
    "InstitutionAddress": "Washington_and_Faculty_Rd._-_Building_25_25_Princeton_NJ_US_085",
    "InstitutionName": "Princeton_University_-_Neuroscience_Institute",
    "InversionTime": 0.9,
    "MagneticFieldStrength": 3,
    "Manufacturer": "Siemens",
    "ManufacturersModelName": "Skyra",
    "PhaseEncodingDirection": "i-",
    "PhaseEncodingLines": 224,
    "ProcedureStepDescription": "NormanLab_Jarrod",
    "ProtocolName": "long_mprage",
    "RepetitionTime": 2.3,
    "ScanningSequence": "GR_IR",
    "SequenceName": "_tfl3d1_16ns",
    "SequenceVariant": "SK_SP_MP",
    "SeriesDescription": "long_mprage",
    "SoftwareVersions": "syngo_MR_D11",
    "dataset": "ds001232",
    "modality": "T1w",
    "subject_id": "13"
  },
  "cjv": 0.3586735707336972,
  "cnr": 3.6987622985395348,
  "efc": 0.6989659485764683,
  "fber": 4359.62428296809,
  "fwhm_avg": 3.7195518751460948,
  "fwhm_x": 3.7442672618019204,
  "fwhm_y": 3.9129599999999995,
  "fwhm_z": 3.501428363636364,
  "icvs_csf": 0.1528083232795436,
  "icvs_gm": 0.46628190260626884,
  "icvs_wm": 0.3809097741141876,
  "inu_med": 0.5478689670562744,
  "inu_range": 0.2636387348175049,
  "provenance": {
    "md5sum": "64c55d9d75a2b37a2baee7cd78fef015",
    "settings": {
      "testing": false
    },
    "software": "mriqc",
    "version": "22.0.6",
    "warnings": {
      "large_rot_frame": true,
      "small_air_mask": false
    },
    "webapi_port": null,
    "webapi_url": "https://mriqc.nimh.nih.gov/api/v1"
  },
  "qi_1": 4.163400379940023e-06,
  "qi_2": 0.0021347757656383533,
  "rpve_csf": 16.26780602630395,
  "rpve_gm": 6.143134162986351,
  "rpve_wm": 8.352866413983268,
  "size_x": 176,
  "size_y": 224,
  "size_z": 256,
  "snr_csf": 1.1322500002114042,
  "snr_gm": 11.30124961280048,
  "snr_total": 10.76374913742121,
  "snr_wm": 19.85774779925175,
  "snrd_csf": 15.018039736771186,
  "snrd_gm": 36.63203650036359,
  "snrd_total": 34.638273820619595,
  "snrd_wm": 52.26474522472401,
  "spacing_x": 0.8999998569488525,
  "spacing_y": 0.859375,
  "spacing_z": 0.859375,
  "summary_bg_k": 288.5039644642145,
  "summary_bg_mad": 0.0,
  "summary_bg_mean": 6.0740390788498155,
  "summary_bg_median": 0.0,
  "summary_bg_n": 1480680.0,
  "summary_bg_p05": 0.0,
  "summary_bg_p95": 27.541376665234566,
  "summary_bg_stdv": 12.534958468254995,
  "summary_csf_k": 15.084928814131484,
  "summary_csf_mad": 110.76876868722492,
  "summary_csf_mean": 334.5510327398935,
  "summary_csf_median": 287.3455121330917,
  "summary_csf_n": 35411.0,
  "summary_csf_p05": 105.05495617724955,
  "summary_csf_p95": 612.0258407704532,
  "summary_csf_stdv": 253.7791607499281,
  "summary_gm_k": 0.33302237347921126,
  "summary_gm_mad": 59.22039493638699,
  "summary_gm_mean": 700.7420575960584,
  "summary_gm_median": 700.8938232399523,
  "summary_gm_n": 100039.0,
  "summary_gm_p05": 598.0840879864991,
  "summary_gm_p95": 802.1212123185396,
  "summary_gm_stdv": 62.0188336814029,
  "summary_wm_k": 0.4378328405855534,
  "summary_wm_mad": 48.06109139377017,
  "summary_wm_mean": 1000.7402016743381,
  "summary_wm_median": 1000.0000164024532,
  "summary_wm_n": 412865.0,
  "summary_wm_p05": 919.6424903869629,
  "summary_wm_p95": 1084.4630892500281,
  "summary_wm_stdv": 50.358117922605686,
  "tpm_overlap_csf": 0.1599679390423227,
  "tpm_overlap_gm": 0.46880652439799864,
  "tpm_overlap_wm": 0.5099011191355687,
  "wm2max": 0.4841000372655377
}