{
  "aor": 0.000856822429906542,
  "aqi": 0.00748616855140187,
  "bids_meta": {
    "AccelFactPE": 2,
    "AcquisitionNumber": 1,
    "AcquisitionTime": "11:25:41.542500",
    "BandwidthPerPixelPhaseEncode": 49.18,
    "BodyPartExamined": "BRAIN",
    "ConversionSoftware": "dcm2niix",
    "ConversionSoftwareVersion": "v1.0.20170724 (OpenJPEG build) GCC6.1.0",
    "DeviceSerialNumber": "45031",
    "EchoTime": 0.034,
    "EchoTrainLength": 29,
    "EffectiveEchoSpacing": 0.000344635,
    "FlipAngle": 71,
    "ImageType": [
      "ORIGINAL",
      "PRIMARY",
      "M",
      "ND",
      "NORM",
      "MOSAIC"
    ],
    "InstitutionAddress": "Washington_and_Faculty_Rd._-_Building_25_25_Princeton_NJ_US_085",
    "InstitutionName": "Princeton_University_-_Neuroscience_Institute",
    "MagneticFieldStrength": 3,
    "Manufacturer": "Siemens",
    "ManufacturersModelName": "Skyra",
    "PhaseEncodingDirection": "j-",
    "PhaseEncodingLines": 59,
    "ProcedureStepDescription": "NormanLab_Jarrod",
    "ProtocolName": "epi_3x3x3_2s_phase2_(214_TRs)",
    "RepetitionTime": 2,
    "ScanningSequence": "EP",
    "SequenceName": "_epfid2d1_59",
    "SequenceVariant": "SK_OSP",
    "SeriesDescription": "epi_3x3x3_2s_phase2_(214_TRs)",
    "SliceTiming": [
      0.99,
      0,
      1.0475,
      0.06,
      1.1075,
      0.1175,
      1.165,
      0.175,
      1.2225,
      0.2325,
      1.2825,
      0.2925,
      1.34,
      0.35,
      1.3975,
      0.4075,
      1.455,
      0.4675,
      1.515,
      0.525,
      1.5725,
      0.5825,
      1.63,
      0.64,
      1.69,
      0.7,
      1.7475,
      0.7575,
      1.805,
      0.815,
      1.8625,
      0.875,
      1.9225,
      0.9325
    ],
    "SoftwareVersions": "syngo_MR_D11",
    "TaskName": "Phase 2",
    "TotalReadoutTime": 0.0196442,
    "TrueEchoSpacing": 0.00068927,
    "dataset": "ds001232",
    "modality": "bold",
    "run_id": 4,
    "subject_id": "21",
    "task_id": "phase2"
  },
  "dummy_trs": 0,
  "dvars_nstd": 25.553546887511747,
  "dvars_std": 1.1507891266197179,
  "dvars_vstd": 1.0158739389671367,
  "efc": 0.6062022161306952,
  "fber": 1532.3265380859375,
  "fd_mean": 0.14687195920604737,
  "fd_num": 29,
  "fd_perc": 13.551401869158878,
  "fwhm_avg": 1.7323755914016763,
  "fwhm_x": 1.5626341684668972,
  "fwhm_y": 1.9400531443859301,
  "fwhm_z": 1.6944394613522016,
  "gcor": 0.0406292,
  "gsr_x": 0.0016234522918239236,
  "gsr_y": 0.037127718329429626,
  "provenance": {
    "md5sum": "d05aded8516b6defa1ac99d5095ec39c",
    "settings": {
      "fd_thres": 0.2,
      "testing": false
    },
    "software": "mriqc",
    "version": "22.0.6",
    "webapi_port": null,
    "webapi_url": "https://mriqc.nimh.nih.gov/api/v1"
  },
  "size_t": 214,
  "size_x": 66,
  "size_y": 66,
  "size_z": 34,
  "snr": 5.691399464710935,
  "spacing_tr": 2.0,
  "spacing_x": 2.9696969985961914,
  "spacing_y": 2.9696969985961914,
  "spacing_z": 3.0000009536743164,
  "summary_bg_k": 32.90872430821124,
  "summary_bg_mad": 10.897819692216082,
  "summary_bg_mean": 40.44475173950195,
  "summary_bg_median": 19.163551330566406,
  "summary_bg_n": 72156.0,
  "summary_bg_p05": 9.321261405944824,
  "summary_bg_p95": 151.94158172607422,
  "summary_bg_stdv": 69.85321044921875,
  "summary_fg_k": 3.0531618776656817,
  "summary_fg_mad": 115.87508209436876,
  "summary_fg_mean": 786.8140258789062,
  "summary_fg_median": 768.9859619140625,
  "summary_fg_n": 41948.0,
  "summary_fg_p05": 612.0988250732422,
  "summary_fg_p95": 1017.8111907958985,
  "summary_fg_stdv": 135.11207580566406,
  "tsnr": 61.83433090872131
}