{
  "aor": 0.0006341764705882352,
  "aqi": 0.006654811823529413,
  "bids_meta": {
    "AccelFactPE": 2,
    "AcquisitionNumber": 1,
    "AcquisitionTime": "16:38:2.062500",
    "BandwidthPerPixelPhaseEncode": 49.18,
    "BodyPartExamined": "BRAIN",
    "ConversionSoftware": "dcm2niix",
    "ConversionSoftwareVersion": "v1.0.20170724 (OpenJPEG build) GCC6.1.0",
    "DeviceSerialNumber": "45031",
    "EchoTime": 0.034,
    "EchoTrainLength": 29,
    "EffectiveEchoSpacing": 0.000344635,
    "FlipAngle": 71,
    "ImageType": [
      "ORIGINAL",
      "PRIMARY",
      "M",
      "ND",
      "NORM",
      "MOSAIC"
    ],
    "InstitutionAddress": "Washington_and_Faculty_Rd._-_Building_25_25_Princeton_NJ_US_085",
    "InstitutionName": "Princeton_University_-_Neuroscience_Institute",
    "MagneticFieldStrength": 3,
    "Manufacturer": "Siemens",
    "ManufacturersModelName": "Skyra",
    "PhaseEncodingDirection": "j-",
    "PhaseEncodingLines": 59,
    "ProcedureStepDescription": "NormanLab_Jarrod",
    "ProtocolName": "epi_3x3x3_2s_phase1",
    "RepetitionTime": 2,
    "ScanningSequence": "EP",
    "SequenceName": "_epfid2d1_59",
    "SequenceVariant": "SK_OSP",
    "SeriesDescription": "epi_3x3x3_2s_phase1",
    "SliceTiming": [
      0.99,
      0,
      1.0475,
      0.0575,
      1.105,
      0.115,
      1.1625,
      0.175,
      1.2225,
      0.2325,
      1.28,
      0.29,
      1.3375,
      0.3475,
      1.3975,
      0.4075,
      1.455,
      0.465,
      1.5125,
      0.5225,
      1.57,
      0.5825,
      1.63,
      0.64,
      1.6875,
      0.6975,
      1.745,
      0.755,
      1.805,
      0.815,
      1.8625,
      0.8725,
      1.92,
      0.93
    ],
    "SoftwareVersions": "syngo_MR_D11",
    "TaskName": "Phase 1",
    "TotalReadoutTime": 0.0196442,
    "TrueEchoSpacing": 0.00068927,
    "dataset": "ds001232",
    "modality": "bold",
    "run_id": 4,
    "subject_id": "11",
    "task_id": "phase1"
  },
  "dummy_trs": 0,
  "dvars_nstd": 28.382256728284005,
  "dvars_std": 1.2040982839644971,
  "dvars_vstd": 1.0176562003550296,
  "efc": 0.5988598459573342,
  "fber": 1100.3543701171875,
  "fd_mean": 0.12905915225496964,
  "fd_num": 13,
  "fd_perc": 7.647058823529412,
  "fwhm_avg": 1.747922153110242,
  "fwhm_x": 1.6155890659107572,
  "fwhm_y": 1.948710593281273,
  "fwhm_z": 1.679466800138696,
  "gcor": 0.0372495,
  "gsr_x": 0.0115666463971138,
  "gsr_y": 0.022294094786047935,
  "provenance": {
    "md5sum": "b38047f33f62f25725c537a3e244f08c",
    "settings": {
      "fd_thres": 0.2,
      "testing": false
    },
    "software": "mriqc",
    "version": "22.0.6",
    "webapi_port": null,
    "webapi_url": "https://mriqc.nimh.nih.gov/api/v1"
  },
  "size_t": 170,
  "size_x": 66,
  "size_y": 66,
  "size_z": 34,
  "snr": 5.700513954134617,
  "spacing_tr": 2.0,
  "spacing_x": 2.9696969985961914,
  "spacing_y": 2.9696969985961914,
  "spacing_z": 2.999999761581421,
  "summary_bg_k": 15.211162438330824,
  "summary_bg_mad": 13.378305606253395,
  "summary_bg_mean": 46.93841552734375,
  "summary_bg_median": 21.682353973388672,
  "summary_bg_n": 76583.0,
  "summary_bg_p05": 10.264705657958984,
  "summary_bg_p95": 192.74765014648406,
  "summary_bg_stdv": 66.51433563232422,
  "summary_fg_k": 3.5593990384536465,
  "summary_fg_mad": 109.28526633764065,
  "summary_fg_mean": 747.7158203125,
  "summary_fg_median": 734.62353515625,
  "summary_fg_n": 38113.0,
  "summary_fg_p05": 579.3588500976563,
  "summary_fg_p95": 956.3682739257813,
  "summary_fg_stdv": 128.86801147460938,
  "tsnr": 60.1006669504568
}