{
  "aor": 0.0008092990654205608,
  "aqi": 0.007036331214953272,
  "bids_meta": {
    "AccelFactPE": 2,
    "AcquisitionNumber": 1,
    "AcquisitionTime": "17:00:9.695000",
    "BandwidthPerPixelPhaseEncode": 49.18,
    "BodyPartExamined": "BRAIN",
    "ConversionSoftware": "dcm2niix",
    "ConversionSoftwareVersion": "v1.0.20170724 (OpenJPEG build) GCC6.1.0",
    "DeviceSerialNumber": "45031",
    "EchoTime": 0.034,
    "EchoTrainLength": 29,
    "EffectiveEchoSpacing": 0.000344635,
    "FlipAngle": 71,
    "ImageType": [
      "ORIGINAL",
      "PRIMARY",
      "M",
      "ND",
      "NORM",
      "MOSAIC"
    ],
    "InstitutionAddress": "Washington_and_Faculty_Rd._-_Building_25_25_Princeton_NJ_US_085",
    "InstitutionName": "Princeton_University_-_Neuroscience_Institute",
    "MagneticFieldStrength": 3,
    "Manufacturer": "Siemens",
    "ManufacturersModelName": "Skyra",
    "PhaseEncodingDirection": "j-",
    "PhaseEncodingLines": 59,
    "ProcedureStepDescription": "NormanLab_Jarrod",
    "ProtocolName": "epi_3x3x3_2s_phase2_(214_TRs)",
    "RepetitionTime": 2,
    "ScanningSequence": "EP",
    "SequenceName": "_epfid2d1_59",
    "SequenceVariant": "SK_OSP",
    "SeriesDescription": "epi_3x3x3_2s_phase2_(214_TRs)",
    "SliceTiming": [
      0.99,
      0,
      1.0475,
      0.06,
      1.1075,
      0.1175,
      1.165,
      0.175,
      1.2225,
      0.2325,
      1.2825,
      0.2925,
      1.34,
      0.35,
      1.3975,
      0.4075,
      1.455,
      0.4675,
      1.515,
      0.525,
      1.5725,
      0.5825,
      1.63,
      0.64,
      1.69,
      0.7,
      1.7475,
      0.7575,
      1.805,
      0.815,
      1.8625,
      0.875,
      1.9225,
      0.9325
    ],
    "SoftwareVersions": "syngo_MR_D11",
    "TaskName": "Phase 2",
    "TotalReadoutTime": 0.0196442,
    "TrueEchoSpacing": 0.00068927,
    "dataset": "ds001232",
    "modality": "bold",
    "run_id": 3,
    "subject_id": "11",
    "task_id": "phase2"
  },
  "dummy_trs": 0,
  "dvars_nstd": 27.210145028169023,
  "dvars_std": 1.18298563,
  "dvars_vstd": 1.0191762530046946,
  "efc": 0.5987581786813752,
  "fber": 1122.704833984375,
  "fd_mean": 0.11960971116157085,
  "fd_num": 17,
  "fd_perc": 7.94392523364486,
  "fwhm_avg": 1.733360905573684,
  "fwhm_x": 1.5983482497520034,
  "fwhm_y": 1.9395110015340629,
  "fwhm_z": 1.6622234654349857,
  "gcor": 0.010495,
  "gsr_x": 0.01046521682292223,
  "gsr_y": 0.022156616672873497,
  "provenance": {
    "md5sum": "311de05fc934caab9a6915061d4b0dd7",
    "settings": {
      "fd_thres": 0.2,
      "testing": false
    },
    "software": "mriqc",
    "version": "22.0.6",
    "webapi_port": null,
    "webapi_url": "https://mriqc.nimh.nih.gov/api/v1"
  },
  "size_t": 214,
  "size_x": 66,
  "size_y": 66,
  "size_z": 34,
  "snr": 5.732013645256741,
  "spacing_tr": 2.0,
  "spacing_x": 2.9696969985961914,
  "spacing_y": 2.9696969985961914,
  "spacing_z": 2.999999761581421,
  "summary_bg_k": 15.865679884798759,
  "summary_bg_mad": 13.218715080621541,
  "summary_bg_mean": 46.46284103393555,
  "summary_bg_median": 21.387849807739258,
  "summary_bg_n": 76465.0,
  "summary_bg_p05": 10.200934410095215,
  "summary_bg_p95": 187.8495300292969,
  "summary_bg_stdv": 65.12792205810547,
  "summary_fg_k": 3.700577273265906,
  "summary_fg_mad": 108.65264474892162,
  "summary_fg_mean": 747.872802734375,
  "summary_fg_median": 734.6495361328125,
  "summary_fg_n": 38137.0,
  "summary_fg_p05": 580.2373657226562,
  "summary_fg_p95": 956.398095703125,
  "summary_fg_stdv": 128.16436767578125,
  "tsnr": 60.45093012414873
}