{
  "aor": 0.0006194117647058824,
  "aqi": 0.006565095529411765,
  "bids_meta": {
    "AccelFactPE": 2,
    "AcquisitionNumber": 1,
    "AcquisitionTime": "16:25:20.010000",
    "BandwidthPerPixelPhaseEncode": 49.18,
    "BodyPartExamined": "BRAIN",
    "ConversionSoftware": "dcm2niix",
    "ConversionSoftwareVersion": "v1.0.20170724 (OpenJPEG build) GCC6.1.0",
    "DeviceSerialNumber": "45031",
    "EchoTime": 0.034,
    "EchoTrainLength": 29,
    "EffectiveEchoSpacing": 0.000344635,
    "FlipAngle": 71,
    "ImageType": [
      "ORIGINAL",
      "PRIMARY",
      "M",
      "ND",
      "NORM",
      "MOSAIC"
    ],
    "InstitutionAddress": "Washington_and_Faculty_Rd._-_Building_25_25_Princeton_NJ_US_085",
    "InstitutionName": "Princeton_University_-_Neuroscience_Institute",
    "MagneticFieldStrength": 3,
    "Manufacturer": "Siemens",
    "ManufacturersModelName": "Skyra",
    "PhaseEncodingDirection": "j-",
    "PhaseEncodingLines": 59,
    "ProcedureStepDescription": "NormanLab_Jarrod",
    "ProtocolName": "epi_3x3x3_2s_phase1",
    "RepetitionTime": 2,
    "ScanningSequence": "EP",
    "SequenceName": "_epfid2d1_59",
    "SequenceVariant": "SK_OSP",
    "SeriesDescription": "epi_3x3x3_2s_phase1",
    "SliceTiming": [
      0.99,
      0,
      1.0475,
      0.06,
      1.1075,
      0.1175,
      1.165,
      0.175,
      1.2225,
      0.2325,
      1.2825,
      0.2925,
      1.34,
      0.35,
      1.3975,
      0.4075,
      1.455,
      0.4675,
      1.515,
      0.525,
      1.5725,
      0.5825,
      1.63,
      0.64,
      1.69,
      0.7,
      1.7475,
      0.7575,
      1.805,
      0.815,
      1.8625,
      0.875,
      1.9225,
      0.9325
    ],
    "SoftwareVersions": "syngo_MR_D11",
    "TaskName": "Phase 1",
    "TotalReadoutTime": 0.0196442,
    "TrueEchoSpacing": 0.00068927,
    "dataset": "ds001232",
    "modality": "bold",
    "run_id": 2,
    "subject_id": "11",
    "task_id": "phase1"
  },
  "dummy_trs": 0,
  "dvars_nstd": 28.34443592301775,
  "dvars_std": 1.1883082326627217,
  "dvars_vstd": 1.0153310840236685,
  "efc": 0.5992015609681964,
  "fber": 1112.665283203125,
  "fd_mean": 0.12077537219361517,
  "fd_num": 14,
  "fd_perc": 8.235294117647058,
  "fwhm_avg": 1.750316177943331,
  "fwhm_x": 1.6189362087353278,
  "fwhm_y": 1.9554688585216282,
  "fwhm_z": 1.676543466573037,
  "gcor": 0.0658533,
  "gsr_x": 0.01574215479195118,
  "gsr_y": 0.01895718090236187,
  "provenance": {
    "md5sum": "4c00a8cb1d3068187276dff3834c9d83",
    "settings": {
      "fd_thres": 0.2,
      "testing": false
    },
    "software": "mriqc",
    "version": "22.0.6",
    "webapi_port": null,
    "webapi_url": "https://mriqc.nimh.nih.gov/api/v1"
  },
  "size_t": 170,
  "size_x": 66,
  "size_y": 66,
  "size_z": 34,
  "snr": 5.620563241323784,
  "spacing_tr": 2.0,
  "spacing_x": 2.9696969985961914,
  "spacing_y": 2.9696969985961914,
  "spacing_z": 2.999999761581421,
  "summary_bg_k": 14.19567062333201,
  "summary_bg_mad": 13.221323762389142,
  "summary_bg_mean": 48.29637908935547,
  "summary_bg_median": 21.611764907836914,
  "summary_bg_n": 76648.0,
  "summary_bg_p05": 10.29411792755127,
  "summary_bg_p95": 206.60000610351426,
  "summary_bg_stdv": 71.90608215332031,
  "summary_fg_k": 3.6217063302602632,
  "summary_fg_mad": 111.05562948478686,
  "summary_fg_mean": 748.6820068359375,
  "summary_fg_median": 735.732421875,
  "summary_fg_n": 38132.0,
  "summary_fg_p05": 576.4914764404297,
  "summary_fg_p95": 960.8411712646478,
  "summary_fg_stdv": 130.89840698242188,
  "tsnr": 58.29864983307198
}