{
  "bids_meta": {
    "AcquisitionNumber": 1,
    "AcquisitionTime": "11:36:7.112500",
    "BodyPartExamined": "BRAIN",
    "ConversionSoftware": "dcm2niix",
    "ConversionSoftwareVersion": "v1.0.20170724 (OpenJPEG build) GCC6.1.0",
    "DeviceSerialNumber": "45031",
    "EchoTime": 0.00308,
    "FlipAngle": 9,
    "ImageType": [
      "ORIGINAL",
      "PRIMARY",
      "M",
      "ND",
      "NORM"
    ],
    "InstitutionAddress": "Washington_and_Faculty_Rd._-_Building_25_25_Princeton_NJ_US_085",
    "InstitutionName": "Princeton_University_-_Neuroscience_Institute",
    "InversionTime": 0.9,
    "MagneticFieldStrength": 3,
    "Manufacturer": "Siemens",
    "ManufacturersModelName": "Skyra",
    "PhaseEncodingDirection": "i-",
    "PhaseEncodingLines": 224,
    "ProcedureStepDescription": "NormanLab_Jarrod",
    "ProtocolName": "long_mprage",
    "RepetitionTime": 2.3,
    "ScanningSequence": "GR_IR",
    "SequenceName": "_tfl3d1_16ns",
    "SequenceVariant": "SK_SP_MP",
    "SeriesDescription": "long_mprage",
    "SoftwareVersions": "syngo_MR_D11",
    "dataset": "ds001232",
    "modality": "T1w",
    "subject_id": "18"
  },
  "cjv": 0.46170147714720555,
  "cnr": 2.949706126375557,
  "efc": 0.706662820462833,
  "fber": 8768.98469387755,
  "fwhm_avg": 3.715302209590501,
  "fwhm_x": 3.742258628771504,
  "fwhm_y": 3.870370909090909,
  "fwhm_z": 3.533277090909091,
  "icvs_csf": 0.18303175480985107,
  "icvs_gm": 0.430717218279116,
  "icvs_wm": 0.3862510269110329,
  "inu_med": 0.6539004743099213,
  "inu_range": 0.3302703529596327,
  "provenance": {
    "md5sum": "8b205a26e48d1ff32316e2b529584eff",
    "settings": {
      "testing": false
    },
    "software": "mriqc",
    "version": "22.0.6",
    "warnings": {
      "large_rot_frame": true,
      "small_air_mask": false
    },
    "webapi_port": null,
    "webapi_url": "https://mriqc.nimh.nih.gov/api/v1"
  },
  "qi_1": 0.0,
  "qi_2": 0.00431155096154164,
  "rpve_csf": 14.358919124402066,
  "rpve_gm": 6.4294972710119005,
  "rpve_wm": 8.127989195266311,
  "size_x": 176,
  "size_y": 224,
  "size_z": 256,
  "snr_csf": 1.955713375396629,
  "snr_gm": 9.937167398341737,
  "snr_total": 9.415283498691556,
  "snr_wm": 16.3529697223363,
  "snrd_csf": 14.84145100852041,
  "snrd_gm": 38.06466792744758,
  "snrd_total": 35.29860220096842,
  "snrd_wm": 52.98968766693726,
  "spacing_x": 0.8999992609024048,
  "spacing_y": 0.859375,
  "spacing_z": 0.859375,
  "summary_bg_k": 10.088906073673975,
  "summary_bg_mad": 0.0,
  "summary_bg_mean": 6.933591265113017,
  "summary_bg_median": 0.0,
  "summary_bg_n": 1678576.0,
  "summary_bg_p05": 0.0,
  "summary_bg_p95": 32.98547050729394,
  "summary_bg_stdv": 12.363884690431329,
  "summary_csf_k": 16.815644802120957,
  "summary_csf_mad": 108.60443155223764,
  "summary_csf_mean": 296.9277953020551,
  "summary_csf_median": 280.09127398207784,
  "summary_csf_n": 59557.0,
  "summary_csf_p05": 103.64752930104733,
  "summary_csf_p95": 519.1503675609827,
  "summary_csf_stdv": 143.21573193713715,
  "summary_gm_k": 0.060344839554201,
  "summary_gm_mad": 71.64011975960706,
  "summary_gm_mean": 718.8277864425588,
  "summary_gm_median": 718.3651603460312,
  "summary_gm_n": 54037.0,
  "summary_gm_p05": 599.7718237571419,
  "summary_gm_p95": 839.2738554954528,
  "summary_gm_stdv": 72.29006864273025,
  "summary_wm_k": 0.6084013281410576,
  "summary_wm_mad": 58.406597637346316,
  "summary_wm_mean": 1003.4571743232433,
  "summary_wm_median": 1000.0335626229644,
  "summary_wm_n": 390513.0,
  "summary_wm_p05": 909.7345787622035,
  "summary_wm_p95": 1108.8218590468168,
  "summary_wm_stdv": 61.152946479570296,
  "tpm_overlap_csf": 0.17802730598448677,
  "tpm_overlap_gm": 0.4671919167094656,
  "tpm_overlap_wm": 0.5177972246625384,
  "wm2max": 0.5431185303980172
}