{
  "bids_meta": {
    "AcquisitionNumber": 1,
    "AcquisitionTime": "09:47:3.082500",
    "BodyPartExamined": "BRAIN",
    "ConversionSoftware": "dcm2niix",
    "ConversionSoftwareVersion": "v1.0.20170724 (OpenJPEG build) GCC6.1.0",
    "DeviceSerialNumber": "45031",
    "EchoTime": 0.00308,
    "FlipAngle": 9,
    "ImageType": [
      "ORIGINAL",
      "PRIMARY",
      "M",
      "ND",
      "NORM"
    ],
    "InstitutionAddress": "Washington_and_Faculty_Rd._-_Building_25_25_Princeton_NJ_US_085",
    "InstitutionName": "Princeton_University_-_Neuroscience_Institute",
    "InversionTime": 0.9,
    "MagneticFieldStrength": 3,
    "Manufacturer": "Siemens",
    "ManufacturersModelName": "Skyra",
    "PhaseEncodingDirection": "i-",
    "PhaseEncodingLines": 224,
    "ProcedureStepDescription": "NormanLab_Jarrod",
    "ProtocolName": "long_mprage",
    "RepetitionTime": 2.3,
    "ScanningSequence": "GR_IR",
    "SequenceName": "_tfl3d1_16ns",
    "SequenceVariant": "SK_SP_MP",
    "SeriesDescription": "long_mprage",
    "SoftwareVersions": "syngo_MR_D11",
    "dataset": "ds001232",
    "modality": "T1w",
    "subject_id": "04"
  },
  "cjv": 0.37274359728694734,
  "cnr": 3.5782042226609385,
  "efc": 0.6527731173030151,
  "fber": 2346.7813872452334,
  "fwhm_avg": 3.7091565595109635,
  "fwhm_x": 3.800831133078344,
  "fwhm_y": 3.8448523636363636,
  "fwhm_z": 3.481786181818182,
  "icvs_csf": 0.16045668473899605,
  "icvs_gm": 0.4717823319314611,
  "icvs_wm": 0.3677609833295429,
  "inu_med": 0.5717572569847107,
  "inu_range": 0.27110630869865415,
  "provenance": {
    "md5sum": "7e66f0a934f58f0c1b274f90e26d8e9e",
    "settings": {
      "testing": false
    },
    "software": "mriqc",
    "version": "22.0.6",
    "warnings": {
      "large_rot_frame": true,
      "small_air_mask": false
    },
    "webapi_port": null,
    "webapi_url": "https://mriqc.nimh.nih.gov/api/v1"
  },
  "qi_1": 0.0,
  "qi_2": 0.0034651823470299103,
  "rpve_csf": 19.502462996548296,
  "rpve_gm": 7.523684348557837,
  "rpve_wm": 10.558627506951272,
  "size_x": 176,
  "size_y": 224,
  "size_z": 256,
  "snr_csf": 1.8509020235756999,
  "snr_gm": 10.648027276465797,
  "snr_total": 10.485748625935512,
  "snr_wm": 18.95831657776504,
  "snrd_csf": 12.639840594299654,
  "snrd_gm": 33.56263434473264,
  "snrd_total": 31.48303326577889,
  "snrd_wm": 48.24662485830437,
  "spacing_x": 0.899997889995575,
  "spacing_y": 0.859375,
  "spacing_z": 0.859375,
  "summary_bg_k": 136.23097089800936,
  "summary_bg_mad": 0.0,
  "summary_bg_mean": 7.89728154858729,
  "summary_bg_median": 0.0,
  "summary_bg_n": 1496958.0,
  "summary_bg_p05": 0.0,
  "summary_bg_p95": 32.73053316771984,
  "summary_bg_stdv": 13.579413533915034,
  "summary_csf_k": 1.434000183166238,
  "summary_csf_mad": 125.91372003596696,
  "summary_csf_mean": 267.61608747914056,
  "summary_csf_median": 261.99371983110905,
  "summary_csf_n": 25555.0,
  "summary_csf_p05": 48.03840923942626,
  "summary_csf_p95": 521.0842862065881,
  "summary_csf_stdv": 141.5464407993422,
  "summary_gm_k": 0.2927666775379052,
  "summary_gm_mad": 62.485999208346115,
  "summary_gm_mean": 695.7482001865666,
  "summary_gm_median": 695.6732843033969,
  "summary_gm_n": 87745.0,
  "summary_gm_p05": 587.916597481817,
  "summary_gm_p95": 803.7587710015476,
  "summary_gm_stdv": 65.33316473122203,
  "summary_wm_k": 0.32544458458294967,
  "summary_wm_mad": 50.96375821957307,
  "summary_wm_mean": 1001.2576907084784,
  "summary_wm_median": 1000.0373518653214,
  "summary_wm_n": 314032.0,
  "summary_wm_p05": 917.0527466535568,
  "summary_wm_p95": 1089.784772720188,
  "summary_wm_stdv": 52.74918558871585,
  "tpm_overlap_csf": 0.13940172577545382,
  "tpm_overlap_gm": 0.46951851470036465,
  "tpm_overlap_wm": 0.49496579322979706,
  "wm2max": 0.5050216444653741
}