{
  "aor": 0.0006052803738317757,
  "aqi": 0.006343592523364487,
  "bids_meta": {
    "AccelFactPE": 2,
    "AcquisitionNumber": 1,
    "AcquisitionTime": "17:07:47.225000",
    "BandwidthPerPixelPhaseEncode": 49.18,
    "BodyPartExamined": "BRAIN",
    "ConversionSoftware": "dcm2niix",
    "ConversionSoftwareVersion": "v1.0.20170724 (OpenJPEG build) GCC6.1.0",
    "DeviceSerialNumber": "45031",
    "EchoTime": 0.034,
    "EchoTrainLength": 29,
    "EffectiveEchoSpacing": 0.000344635,
    "FlipAngle": 71,
    "ImageType": [
      "ORIGINAL",
      "PRIMARY",
      "M",
      "ND",
      "NORM",
      "MOSAIC"
    ],
    "InstitutionAddress": "Washington_and_Faculty_Rd._-_Building_25_25_Princeton_NJ_US_085",
    "InstitutionName": "Princeton_University_-_Neuroscience_Institute",
    "MagneticFieldStrength": 3,
    "Manufacturer": "Siemens",
    "ManufacturersModelName": "Skyra",
    "PhaseEncodingDirection": "j-",
    "PhaseEncodingLines": 59,
    "ProcedureStepDescription": "NormanLab_Jarrod",
    "ProtocolName": "epi_3x3x3_2s_phase2_(214_TRs)",
    "RepetitionTime": 2,
    "ScanningSequence": "EP",
    "SequenceName": "_epfid2d1_59",
    "SequenceVariant": "SK_OSP",
    "SeriesDescription": "epi_3x3x3_2s_phase2_(214_TRs)",
    "SliceTiming": [
      0.9875,
      0,
      1.0475,
      0.0575,
      1.105,
      0.115,
      1.1625,
      0.1725,
      1.2225,
      0.2325,
      1.28,
      0.29,
      1.3375,
      0.3475,
      1.395,
      0.4075,
      1.455,
      0.465,
      1.5125,
      0.5225,
      1.57,
      0.58,
      1.63,
      0.64,
      1.6875,
      0.6975,
      1.745,
      0.755,
      1.8025,
      0.815,
      1.8625,
      0.8725,
      1.92,
      0.93
    ],
    "SoftwareVersions": "syngo_MR_D11",
    "TaskName": "Phase 2",
    "TotalReadoutTime": 0.0196442,
    "TrueEchoSpacing": 0.00068927,
    "dataset": "ds001232",
    "modality": "bold",
    "run_id": 4,
    "subject_id": "11",
    "task_id": "phase2"
  },
  "dummy_trs": 0,
  "dvars_nstd": 27.543859607323945,
  "dvars_std": 1.1889279514553992,
  "dvars_vstd": 1.0143214144600938,
  "efc": 0.5986705785756746,
  "fber": 1129.0994873046875,
  "fd_mean": 0.1175051664832316,
  "fd_num": 13,
  "fd_perc": 6.074766355140187,
  "fwhm_avg": 1.7302386151846516,
  "fwhm_x": 1.597125902825123,
  "fwhm_y": 1.9370831444148322,
  "fwhm_z": 1.6565067983139992,
  "gcor": 0.0121719,
  "gsr_x": 0.010703771375119686,
  "gsr_y": 0.022149909287691116,
  "provenance": {
    "md5sum": "652e43aca79c327d0751295a69ef6d1a",
    "settings": {
      "fd_thres": 0.2,
      "testing": false
    },
    "software": "mriqc",
    "version": "22.0.6",
    "webapi_port": null,
    "webapi_url": "https://mriqc.nimh.nih.gov/api/v1"
  },
  "size_t": 214,
  "size_x": 66,
  "size_y": 66,
  "size_z": 34,
  "snr": 5.731662451990366,
  "spacing_tr": 2.0,
  "spacing_x": 2.9696969985961914,
  "spacing_y": 2.9696969985961914,
  "spacing_z": 2.999999761581421,
  "summary_bg_k": 15.92892266870107,
  "summary_bg_mad": 13.239496871743592,
  "summary_bg_mean": 46.49225997924805,
  "summary_bg_median": 21.345792770385742,
  "summary_bg_n": 76512.0,
  "summary_bg_p05": 10.196261405944824,
  "summary_bg_p95": 187.9345703125,
  "summary_bg_stdv": 65.33576965332031,
  "summary_fg_k": 3.681206925782612,
  "summary_fg_mad": 108.30963915143349,
  "summary_fg_mean": 747.5194702148438,
  "summary_fg_median": 734.570068359375,
  "summary_fg_n": 38128.0,
  "summary_fg_p05": 579.3660858154296,
  "summary_fg_p95": 956.0845428466798,
  "summary_fg_stdv": 128.15835571289062,
  "tsnr": 62.62147633731365
}