{
  "aor": 0.0011873529411764703,
  "aqi": 0.006965784294117647,
  "bids_meta": {
    "AccelFactPE": 2,
    "AcquisitionNumber": 1,
    "AcquisitionTime": "16:19:16.777500",
    "BandwidthPerPixelPhaseEncode": 49.18,
    "BodyPartExamined": "BRAIN",
    "ConversionSoftware": "dcm2niix",
    "ConversionSoftwareVersion": "v1.0.20170724 (OpenJPEG build) GCC6.1.0",
    "DeviceSerialNumber": "45031",
    "EchoTime": 0.034,
    "EchoTrainLength": 29,
    "EffectiveEchoSpacing": 0.000344635,
    "FlipAngle": 71,
    "ImageType": [
      "ORIGINAL",
      "PRIMARY",
      "M",
      "ND",
      "NORM",
      "MOSAIC"
    ],
    "InstitutionAddress": "Washington_and_Faculty_Rd._-_Building_25_25_Princeton_NJ_US_085",
    "InstitutionName": "Princeton_University_-_Neuroscience_Institute",
    "MagneticFieldStrength": 3,
    "Manufacturer": "Siemens",
    "ManufacturersModelName": "Skyra",
    "PhaseEncodingDirection": "j-",
    "PhaseEncodingLines": 59,
    "ProcedureStepDescription": "NormanLab_Jarrod",
    "ProtocolName": "epi_3x3x3_2s_phase1",
    "RepetitionTime": 2,
    "ScanningSequence": "EP",
    "SequenceName": "_epfid2d1_59",
    "SequenceVariant": "SK_OSP",
    "SeriesDescription": "epi_3x3x3_2s_phase1",
    "SliceTiming": [
      0.99,
      0,
      1.0475,
      0.0575,
      1.105,
      0.115,
      1.1625,
      0.1725,
      1.2225,
      0.2325,
      1.28,
      0.29,
      1.3375,
      0.3475,
      1.3975,
      0.4075,
      1.455,
      0.465,
      1.5125,
      0.5225,
      1.57,
      0.58,
      1.63,
      0.64,
      1.6875,
      0.6975,
      1.745,
      0.755,
      1.805,
      0.815,
      1.8625,
      0.8725,
      1.92,
      0.93
    ],
    "SoftwareVersions": "syngo_MR_D11",
    "TaskName": "Phase 1",
    "TotalReadoutTime": 0.0196442,
    "TrueEchoSpacing": 0.00068927,
    "dataset": "ds001232",
    "modality": "bold",
    "run_id": 1,
    "subject_id": "11",
    "task_id": "phase1"
  },
  "dummy_trs": 0,
  "dvars_nstd": 28.336913238520705,
  "dvars_std": 1.1571198339053255,
  "dvars_vstd": 1.0160932693491118,
  "efc": 0.5989497373066753,
  "fber": 1106.054931640625,
  "fd_mean": 0.1371423090097793,
  "fd_num": 30,
  "fd_perc": 17.647058823529413,
  "fwhm_avg": 1.7556516656509913,
  "fwhm_x": 1.6224988617618825,
  "fwhm_y": 1.9601360013333535,
  "fwhm_z": 1.6843201338577376,
  "gcor": 0.17743,
  "gsr_x": 0.017232568934559822,
  "gsr_y": 0.01819445937871933,
  "provenance": {
    "md5sum": "a74050606a72a3a2976a5f0346a46ec4",
    "settings": {
      "fd_thres": 0.2,
      "testing": false
    },
    "software": "mriqc",
    "version": "22.0.6",
    "webapi_port": null,
    "webapi_url": "https://mriqc.nimh.nih.gov/api/v1"
  },
  "size_t": 170,
  "size_x": 66,
  "size_y": 66,
  "size_z": 34,
  "snr": 5.60794514672863,
  "spacing_tr": 2.0,
  "spacing_x": 2.9696969985961914,
  "spacing_y": 2.9696969985961914,
  "spacing_z": 2.999999761581421,
  "summary_bg_k": 14.079083357607736,
  "summary_bg_mad": 13.203881649497482,
  "summary_bg_mean": 48.45261001586914,
  "summary_bg_median": 21.682353973388672,
  "summary_bg_n": 76713.0,
  "summary_bg_p05": 10.305882453918457,
  "summary_bg_p95": 207.66117858886716,
  "summary_bg_stdv": 72.53599548339844,
  "summary_fg_k": 3.759034224640443,
  "summary_fg_mad": 110.99454815559429,
  "summary_fg_mean": 747.931396484375,
  "summary_fg_median": 735.552978515625,
  "summary_fg_n": 38101.0,
  "summary_fg_p05": 576.11767578125,
  "summary_fg_p95": 959.9118041992188,
  "summary_fg_stdv": 131.1609344482422,
  "tsnr": 51.90259988978505
}