{
  "aor": 0.0004909345794392524,
  "aqi": 0.0064623481308411215,
  "bids_meta": {
    "AccelFactPE": 2,
    "AcquisitionNumber": 1,
    "AcquisitionTime": "16:52:35.822500",
    "BandwidthPerPixelPhaseEncode": 49.18,
    "BodyPartExamined": "BRAIN",
    "ConversionSoftware": "dcm2niix",
    "ConversionSoftwareVersion": "v1.0.20170724 (OpenJPEG build) GCC6.1.0",
    "DeviceSerialNumber": "45031",
    "EchoTime": 0.034,
    "EchoTrainLength": 29,
    "EffectiveEchoSpacing": 0.000344635,
    "FlipAngle": 71,
    "ImageType": [
      "ORIGINAL",
      "PRIMARY",
      "M",
      "ND",
      "NORM",
      "MOSAIC"
    ],
    "InstitutionAddress": "Washington_and_Faculty_Rd._-_Building_25_25_Princeton_NJ_US_085",
    "InstitutionName": "Princeton_University_-_Neuroscience_Institute",
    "MagneticFieldStrength": 3,
    "Manufacturer": "Siemens",
    "ManufacturersModelName": "Skyra",
    "PhaseEncodingDirection": "j-",
    "PhaseEncodingLines": 59,
    "ProcedureStepDescription": "NormanLab_Jarrod",
    "ProtocolName": "epi_3x3x3_2s_phase2_(214_TRs)",
    "RepetitionTime": 2,
    "ScanningSequence": "EP",
    "SequenceName": "_epfid2d1_59",
    "SequenceVariant": "SK_OSP",
    "SeriesDescription": "epi_3x3x3_2s_phase2_(214_TRs)",
    "SliceTiming": [
      0.99,
      0,
      1.0475,
      0.0575,
      1.1075,
      0.1175,
      1.165,
      0.175,
      1.2225,
      0.2325,
      1.2825,
      0.2925,
      1.34,
      0.35,
      1.3975,
      0.4075,
      1.455,
      0.465,
      1.515,
      0.525,
      1.5725,
      0.5825,
      1.63,
      0.64,
      1.69,
      0.7,
      1.7475,
      0.7575,
      1.805,
      0.815,
      1.8625,
      0.875,
      1.9225,
      0.9325
    ],
    "SoftwareVersions": "syngo_MR_D11",
    "TaskName": "Phase 2",
    "TotalReadoutTime": 0.0196442,
    "TrueEchoSpacing": 0.00068927,
    "dataset": "ds001232",
    "modality": "bold",
    "run_id": 2,
    "subject_id": "11",
    "task_id": "phase2"
  },
  "dummy_trs": 0,
  "dvars_nstd": 27.474344531314554,
  "dvars_std": 1.1878534469953057,
  "dvars_vstd": 1.0136108714084509,
  "efc": 0.5988785488996097,
  "fber": 1119.97265625,
  "fd_mean": 0.11394174331096313,
  "fd_num": 18,
  "fd_perc": 8.411214953271028,
  "fwhm_avg": 1.7365145450909545,
  "fwhm_x": 1.6031197803178145,
  "fwhm_y": 1.941100389273698,
  "fwhm_z": 1.6653234656813514,
  "gcor": 0.0163592,
  "gsr_x": 0.010341153480112553,
  "gsr_y": 0.022671867161989212,
  "provenance": {
    "md5sum": "b0b357b360531eab0df0800563305557",
    "settings": {
      "fd_thres": 0.2,
      "testing": false
    },
    "software": "mriqc",
    "version": "22.0.6",
    "webapi_port": null,
    "webapi_url": "https://mriqc.nimh.nih.gov/api/v1"
  },
  "size_t": 214,
  "size_x": 66,
  "size_y": 66,
  "size_z": 34,
  "snr": 5.723116871281109,
  "spacing_tr": 2.0,
  "spacing_x": 2.9696969985961914,
  "spacing_y": 2.9696969985961914,
  "spacing_z": 2.999999761581421,
  "summary_bg_k": 15.698823151965446,
  "summary_bg_mad": 13.329563553909507,
  "summary_bg_mean": 46.58412170410156,
  "summary_bg_median": 21.467288970947266,
  "summary_bg_n": 76483.0,
  "summary_bg_p05": 10.228971481323242,
  "summary_bg_p95": 187.82475891113214,
  "summary_bg_stdv": 65.46172332763672,
  "summary_fg_k": 3.6478634965255523,
  "summary_fg_mad": 108.72874756055268,
  "summary_fg_mean": 748.1304321289062,
  "summary_fg_median": 734.6775512695312,
  "summary_fg_n": 38167.0,
  "summary_fg_p05": 580.168212890625,
  "summary_fg_p95": 956.9350280761716,
  "summary_fg_stdv": 128.36849975585938,
  "tsnr": 61.619459349662066
}