{
  "aor": 0.0006410280373831777,
  "aqi": 0.00726405308411215,
  "bids_meta": {
    "AccelFactPE": 2,
    "AcquisitionNumber": 1,
    "AcquisitionTime": "17:15:23.777500",
    "BandwidthPerPixelPhaseEncode": 49.18,
    "BodyPartExamined": "BRAIN",
    "ConversionSoftware": "dcm2niix",
    "ConversionSoftwareVersion": "v1.0.20170724 (OpenJPEG build) GCC6.1.0",
    "DeviceSerialNumber": "45031",
    "EchoTime": 0.034,
    "EchoTrainLength": 29,
    "EffectiveEchoSpacing": 0.000344635,
    "FlipAngle": 71,
    "ImageType": [
      "ORIGINAL",
      "PRIMARY",
      "M",
      "ND",
      "NORM",
      "MOSAIC"
    ],
    "InstitutionAddress": "Washington_and_Faculty_Rd._-_Building_25_25_Princeton_NJ_US_085",
    "InstitutionName": "Princeton_University_-_Neuroscience_Institute",
    "MagneticFieldStrength": 3,
    "Manufacturer": "Siemens",
    "ManufacturersModelName": "Skyra",
    "PhaseEncodingDirection": "j-",
    "PhaseEncodingLines": 59,
    "ProcedureStepDescription": "NormanLab_Jarrod",
    "ProtocolName": "epi_3x3x3_2s_phase2_(214_TRs)",
    "RepetitionTime": 2,
    "ScanningSequence": "EP",
    "SequenceName": "_epfid2d1_59",
    "SequenceVariant": "SK_OSP",
    "SeriesDescription": "epi_3x3x3_2s_phase2_(214_TRs)",
    "SliceTiming": [
      0.99,
      0,
      1.0475,
      0.0575,
      1.105,
      0.115,
      1.165,
      0.175,
      1.2225,
      0.2325,
      1.28,
      0.29,
      1.3375,
      0.35,
      1.3975,
      0.4075,
      1.455,
      0.465,
      1.5125,
      0.5225,
      1.5725,
      0.5825,
      1.63,
      0.64,
      1.6875,
      0.6975,
      1.745,
      0.7575,
      1.805,
      0.815,
      1.8625,
      0.8725,
      1.92,
      0.93
    ],
    "SoftwareVersions": "syngo_MR_D11",
    "TaskName": "Phase 2",
    "TotalReadoutTime": 0.0196442,
    "TrueEchoSpacing": 0.00068927,
    "dataset": "ds001232",
    "modality": "bold",
    "run_id": 5,
    "subject_id": "11",
    "task_id": "phase2"
  },
  "dummy_trs": 0,
  "dvars_nstd": 27.652658990704236,
  "dvars_std": 1.182502507511737,
  "dvars_vstd": 1.015130375399061,
  "efc": 0.5987929736138706,
  "fber": 1123.03515625,
  "fd_mean": 0.11623425134663155,
  "fd_num": 14,
  "fd_perc": 6.542056074766355,
  "fwhm_avg": 1.7356567220705543,
  "fwhm_x": 1.5949169232547826,
  "fwhm_y": 1.9433497770069106,
  "fwhm_z": 1.6687034659499695,
  "gcor": 0.0167434,
  "gsr_x": 0.009609243832528591,
  "gsr_y": 0.02290012501180172,
  "provenance": {
    "md5sum": "b707da47efc42664637b97208847b442",
    "settings": {
      "fd_thres": 0.2,
      "testing": false
    },
    "software": "mriqc",
    "version": "22.0.6",
    "webapi_port": null,
    "webapi_url": "https://mriqc.nimh.nih.gov/api/v1"
  },
  "size_t": 214,
  "size_x": 66,
  "size_y": 66,
  "size_z": 34,
  "snr": 5.74941051397963,
  "spacing_tr": 2.0,
  "spacing_x": 2.9696969985961914,
  "spacing_y": 2.9696969985961914,
  "spacing_z": 2.999999761581421,
  "summary_bg_k": 15.73464600525217,
  "summary_bg_mad": 13.301850728627688,
  "summary_bg_mean": 46.20618438720703,
  "summary_bg_median": 21.443923950195312,
  "summary_bg_n": 76448.0,
  "summary_bg_p05": 10.224298477172852,
  "summary_bg_p95": 184.62452545166013,
  "summary_bg_stdv": 64.03437042236328,
  "summary_fg_k": 3.750400836351229,
  "summary_fg_mad": 107.93550469877167,
  "summary_fg_mean": 749.1483764648438,
  "summary_fg_median": 736.4953002929688,
  "summary_fg_n": 38202.0,
  "summary_fg_p05": 580.9305725097656,
  "summary_fg_p95": 955.690362548828,
  "summary_fg_stdv": 128.09759521484375,
  "tsnr": 59.37826435966417
}