{
  "aor": 0.0011988235294117645,
  "aqi": 0.008255496764705883,
  "bids_meta": {
    "AccelFactPE": 2,
    "AcquisitionNumber": 1,
    "AcquisitionTime": "14:16:34.830000",
    "BandwidthPerPixelPhaseEncode": 49.18,
    "BodyPartExamined": "BRAIN",
    "ConversionSoftware": "dcm2niix",
    "ConversionSoftwareVersion": "v1.0.20170724 (OpenJPEG build) GCC6.1.0",
    "DeviceSerialNumber": "45031",
    "EchoTime": 0.034,
    "EchoTrainLength": 29,
    "EffectiveEchoSpacing": 0.000344635,
    "FlipAngle": 71,
    "ImageType": [
      "ORIGINAL",
      "PRIMARY",
      "M",
      "ND",
      "NORM",
      "MOSAIC"
    ],
    "InstitutionAddress": "Washington_and_Faculty_Rd._-_Building_25_25_Princeton_NJ_US_085",
    "InstitutionName": "Princeton_University_-_Neuroscience_Institute",
    "MagneticFieldStrength": 3,
    "Manufacturer": "Siemens",
    "ManufacturersModelName": "Skyra",
    "PhaseEncodingDirection": "j-",
    "PhaseEncodingLines": 59,
    "ProcedureStepDescription": "NormanLab_Jarrod",
    "ProtocolName": "epi_3x3x3_2s_phase1",
    "RepetitionTime": 2,
    "ScanningSequence": "EP",
    "SequenceName": "_epfid2d1_59",
    "SequenceVariant": "SK_OSP",
    "SeriesDescription": "epi_3x3x3_2s_phase1",
    "SliceTiming": [
      0.99,
      0,
      1.0475,
      0.0575,
      1.105,
      0.1175,
      1.165,
      0.175,
      1.2225,
      0.2325,
      1.28,
      0.29,
      1.34,
      0.35,
      1.3975,
      0.4075,
      1.455,
      0.465,
      1.515,
      0.525,
      1.5725,
      0.5825,
      1.63,
      0.64,
      1.6875,
      0.6975,
      1.7475,
      0.7575,
      1.805,
      0.815,
      1.8625,
      0.8725,
      1.9225,
      0.9325
    ],
    "SoftwareVersions": "syngo_MR_D11",
    "TaskName": "Phase 1",
    "TotalReadoutTime": 0.0196442,
    "TrueEchoSpacing": 0.00068927,
    "dataset": "ds001232",
    "modality": "bold",
    "run_id": 4,
    "subject_id": "07",
    "task_id": "phase1"
  },
  "dummy_trs": 0,
  "dvars_nstd": 25.570065300828407,
  "dvars_std": 1.1304735996449704,
  "dvars_vstd": 1.0206457065088754,
  "efc": 0.5939522685028785,
  "fber": 1170.3956298828125,
  "fd_mean": 0.08578997023854372,
  "fd_num": 15,
  "fd_perc": 8.823529411764707,
  "fwhm_avg": 1.7322618162531267,
  "fwhm_x": 1.639961922816433,
  "fwhm_y": 1.8658940634749466,
  "fwhm_z": 1.6909294624680005,
  "gcor": 0.0343158,
  "gsr_x": 0.020654568448662758,
  "gsr_y": 0.006829929072409868,
  "provenance": {
    "md5sum": "31b301596a38096c745d3eb19fb385e9",
    "settings": {
      "fd_thres": 0.2,
      "testing": false
    },
    "software": "mriqc",
    "version": "22.0.6",
    "webapi_port": null,
    "webapi_url": "https://mriqc.nimh.nih.gov/api/v1"
  },
  "size_t": 170,
  "size_x": 66,
  "size_y": 66,
  "size_z": 34,
  "snr": 6.7028556076016095,
  "spacing_tr": 2.0,
  "spacing_x": 2.9696969985961914,
  "spacing_y": 2.9696969985961914,
  "spacing_z": 3.0000009536743164,
  "summary_bg_k": 17.871055840345587,
  "summary_bg_mad": 11.825934936181152,
  "summary_bg_mean": 42.054473876953125,
  "summary_bg_median": 20.917648315429688,
  "summary_bg_n": 76807.0,
  "summary_bg_p05": 9.270588874816895,
  "summary_bg_p95": 164.87941589355444,
  "summary_bg_stdv": 63.484588623046875,
  "summary_fg_k": 3.146113755456917,
  "summary_fg_mad": 96.97090840898365,
  "summary_fg_mean": 729.2056884765625,
  "summary_fg_median": 721.2529296875,
  "summary_fg_n": 38306.0,
  "summary_fg_p05": 583.7014770507812,
  "summary_fg_p95": 905.4705963134766,
  "summary_fg_stdv": 107.60242462158203,
  "tsnr": 58.982450960436836
}