{
  "aor": 0.0016586448598130841,
  "aqi": 0.010375416028037383,
  "bids_meta": {
    "AccelFactPE": 2,
    "AcquisitionNumber": 1,
    "AcquisitionTime": "14:54:34.732500",
    "BandwidthPerPixelPhaseEncode": 49.18,
    "BodyPartExamined": "BRAIN",
    "ConversionSoftware": "dcm2niix",
    "ConversionSoftwareVersion": "v1.0.20170724 (OpenJPEG build) GCC6.1.0",
    "DeviceSerialNumber": "45031",
    "EchoTime": 0.034,
    "EchoTrainLength": 29,
    "EffectiveEchoSpacing": 0.000344635,
    "FlipAngle": 71,
    "ImageType": [
      "ORIGINAL",
      "PRIMARY",
      "M",
      "ND",
      "NORM",
      "MOSAIC"
    ],
    "InstitutionAddress": "Washington_and_Faculty_Rd._-_Building_25_25_Princeton_NJ_US_085",
    "InstitutionName": "Princeton_University_-_Neuroscience_Institute",
    "MagneticFieldStrength": 3,
    "Manufacturer": "Siemens",
    "ManufacturersModelName": "Skyra",
    "PhaseEncodingDirection": "j-",
    "PhaseEncodingLines": 59,
    "ProcedureStepDescription": "NormanLab_Jarrod",
    "ProtocolName": "epi_3x3x3_2s_phase2_(214_TRs)",
    "RepetitionTime": 2,
    "ScanningSequence": "EP",
    "SequenceName": "_epfid2d1_59",
    "SequenceVariant": "SK_OSP",
    "SeriesDescription": "epi_3x3x3_2s_phase2_(214_TRs)",
    "SliceTiming": [
      0.99,
      0,
      1.0475,
      0.06,
      1.1075,
      0.1175,
      1.165,
      0.175,
      1.2225,
      0.2325,
      1.2825,
      0.2925,
      1.34,
      0.35,
      1.3975,
      0.4075,
      1.455,
      0.4675,
      1.515,
      0.525,
      1.5725,
      0.5825,
      1.63,
      0.64,
      1.69,
      0.7,
      1.7475,
      0.7575,
      1.805,
      0.815,
      1.8625,
      0.875,
      1.9225,
      0.9325
    ],
    "SoftwareVersions": "syngo_MR_D11",
    "TaskName": "Phase 2",
    "TotalReadoutTime": 0.0196442,
    "TrueEchoSpacing": 0.00068927,
    "dataset": "ds001232",
    "modality": "bold",
    "run_id": 5,
    "subject_id": "07",
    "task_id": "phase2"
  },
  "dummy_trs": 0,
  "dvars_nstd": 28.375837442582135,
  "dvars_std": 1.1516996258215957,
  "dvars_vstd": 1.0225843996244135,
  "efc": 0.5950982633163222,
  "fber": 1134.666015625,
  "fd_mean": 0.1884007153641616,
  "fd_num": 53,
  "fd_perc": 24.766355140186917,
  "fwhm_avg": 1.7238033014007001,
  "fwhm_x": 1.6181583516000402,
  "fwhm_y": 1.8604187574057796,
  "fwhm_z": 1.6928327951962805,
  "gcor": 0.0356011,
  "gsr_x": 0.020890111103653908,
  "gsr_y": 0.006093318574130535,
  "provenance": {
    "md5sum": "659c088ca5f49de65df15f2af4001e00",
    "settings": {
      "fd_thres": 0.2,
      "testing": false
    },
    "software": "mriqc",
    "version": "22.0.6",
    "webapi_port": null,
    "webapi_url": "https://mriqc.nimh.nih.gov/api/v1"
  },
  "size_t": 214,
  "size_x": 66,
  "size_y": 66,
  "size_z": 34,
  "snr": 6.749957974218243,
  "spacing_tr": 2.0,
  "spacing_x": 2.9696969985961914,
  "spacing_y": 2.9696969985961914,
  "spacing_z": 3.0000009536743164,
  "summary_bg_k": 16.339659388911432,
  "summary_bg_mad": 12.248785990633039,
  "summary_bg_mean": 42.3181037902832,
  "summary_bg_median": 21.172897338867188,
  "summary_bg_n": 76817.0,
  "summary_bg_p05": 9.373831748962402,
  "summary_bg_p95": 164.63550415039055,
  "summary_bg_stdv": 62.41309356689453,
  "summary_fg_k": 3.205042530615806,
  "summary_fg_mad": 96.59075631426063,
  "summary_fg_mean": 726.703857421875,
  "summary_fg_median": 718.6074829101562,
  "summary_fg_n": 38291.0,
  "summary_fg_p05": 582.4555969238281,
  "summary_fg_p95": 901.0630493164062,
  "summary_fg_stdv": 106.45964050292969,
  "tsnr": 55.011106200516224
}