{
  "aor": 0.0009366822429906543,
  "aqi": 0.008012621588785048,
  "bids_meta": {
    "AccelFactPE": 2,
    "AcquisitionNumber": 1,
    "AcquisitionTime": "14:24:13.865000",
    "BandwidthPerPixelPhaseEncode": 49.18,
    "BodyPartExamined": "BRAIN",
    "ConversionSoftware": "dcm2niix",
    "ConversionSoftwareVersion": "v1.0.20170724 (OpenJPEG build) GCC6.1.0",
    "DeviceSerialNumber": "45031",
    "EchoTime": 0.034,
    "EchoTrainLength": 29,
    "EffectiveEchoSpacing": 0.000344635,
    "FlipAngle": 71,
    "ImageType": [
      "ORIGINAL",
      "PRIMARY",
      "M",
      "ND",
      "NORM",
      "MOSAIC"
    ],
    "InstitutionAddress": "Washington_and_Faculty_Rd._-_Building_25_25_Princeton_NJ_US_085",
    "InstitutionName": "Princeton_University_-_Neuroscience_Institute",
    "MagneticFieldStrength": 3,
    "Manufacturer": "Siemens",
    "ManufacturersModelName": "Skyra",
    "PhaseEncodingDirection": "j-",
    "PhaseEncodingLines": 59,
    "ProcedureStepDescription": "NormanLab_Jarrod",
    "ProtocolName": "epi_3x3x3_2s_phase2_(214_TRs)",
    "RepetitionTime": 2,
    "ScanningSequence": "EP",
    "SequenceName": "_epfid2d1_59",
    "SequenceVariant": "SK_OSP",
    "SeriesDescription": "epi_3x3x3_2s_phase2_(214_TRs)",
    "SliceTiming": [
      0.99,
      0,
      1.05,
      0.06,
      1.1075,
      0.1175,
      1.165,
      0.175,
      1.2225,
      0.2325,
      1.2825,
      0.2925,
      1.34,
      0.35,
      1.3975,
      0.4075,
      1.4575,
      0.4675,
      1.515,
      0.525,
      1.5725,
      0.5825,
      1.63,
      0.64,
      1.69,
      0.7,
      1.7475,
      0.7575,
      1.805,
      0.815,
      1.865,
      0.875,
      1.9225,
      0.9325
    ],
    "SoftwareVersions": "syngo_MR_D11",
    "TaskName": "Phase 2",
    "TotalReadoutTime": 0.0196442,
    "TrueEchoSpacing": 0.00068927,
    "dataset": "ds001232",
    "modality": "bold",
    "run_id": 1,
    "subject_id": "07",
    "task_id": "phase2"
  },
  "dummy_trs": 0,
  "dvars_nstd": 26.283616634413153,
  "dvars_std": 1.147060871314554,
  "dvars_vstd": 1.0155287928638494,
  "efc": 0.5942591352965095,
  "fber": 1167.686767578125,
  "fd_mean": 0.08698270989211367,
  "fd_num": 21,
  "fd_perc": 9.813084112149532,
  "fwhm_avg": 1.723965116209308,
  "fwhm_x": 1.6283782494597703,
  "fwhm_y": 1.857997634980361,
  "fwhm_z": 1.6855194641877924,
  "gcor": 0.0259085,
  "gsr_x": 0.02001863345503807,
  "gsr_y": 0.007130914833396673,
  "provenance": {
    "md5sum": "fc36f67f0a1d4f6e419e9546d217e530",
    "settings": {
      "fd_thres": 0.2,
      "testing": false
    },
    "software": "mriqc",
    "version": "22.0.6",
    "webapi_port": null,
    "webapi_url": "https://mriqc.nimh.nih.gov/api/v1"
  },
  "size_t": 214,
  "size_x": 66,
  "size_y": 66,
  "size_z": 34,
  "snr": 6.721034092901383,
  "spacing_tr": 2.0,
  "spacing_x": 2.9696969985961914,
  "spacing_y": 2.9696969985961914,
  "spacing_z": 3.0000009536743164,
  "summary_bg_k": 17.779398496427135,
  "summary_bg_mad": 11.950881602371416,
  "summary_bg_mean": 42.20363998413086,
  "summary_bg_median": 20.971961975097656,
  "summary_bg_n": 76858.0,
  "summary_bg_p05": 9.336448669433594,
  "summary_bg_p95": 164.1490585327147,
  "summary_bg_stdv": 63.341312408447266,
  "summary_fg_k": 3.1888839164160387,
  "summary_fg_mad": 97.09650971997522,
  "summary_fg_mean": 729.1279907226562,
  "summary_fg_median": 721.3644409179688,
  "summary_fg_n": 38257.0,
  "summary_fg_p05": 583.6037353515625,
  "summary_fg_p95": 904.3401611328125,
  "summary_fg_stdv": 107.3279800415039,
  "tsnr": 60.49122985359281
}