{
  "bids_meta": {
    "AcquisitionNumber": 1,
    "AcquisitionTime": "10:46:39.087500",
    "BodyPartExamined": "BRAIN",
    "ConversionSoftware": "dcm2niix",
    "ConversionSoftwareVersion": "v1.0.20170724 (OpenJPEG build) GCC6.1.0",
    "DeviceSerialNumber": "45031",
    "EchoTime": 0.00308,
    "FlipAngle": 9,
    "ImageType": [
      "ORIGINAL",
      "PRIMARY",
      "M",
      "ND",
      "NORM"
    ],
    "InstitutionAddress": "Washington_and_Faculty_Rd._-_Building_25_25_Princeton_NJ_US_085",
    "InstitutionName": "Princeton_University_-_Neuroscience_Institute",
    "InversionTime": 0.9,
    "MagneticFieldStrength": 3,
    "Manufacturer": "Siemens",
    "ManufacturersModelName": "Skyra",
    "PhaseEncodingDirection": "i-",
    "PhaseEncodingLines": 224,
    "ProcedureStepDescription": "NormanLab_Jarrod",
    "ProtocolName": "long_mprage",
    "RepetitionTime": 2.3,
    "ScanningSequence": "GR_IR",
    "SequenceName": "_tfl3d1_16ns",
    "SequenceVariant": "SK_SP_MP",
    "SeriesDescription": "long_mprage",
    "SoftwareVersions": "syngo_MR_D11",
    "dataset": "ds001232",
    "modality": "T1w",
    "subject_id": "01"
  },
  "cjv": 0.4789148618338272,
  "cnr": 2.802879192120856,
  "efc": 0.6562208583044375,
  "fber": 2797.2345679012346,
  "fwhm_avg": 3.903535252045158,
  "fwhm_x": 4.002108301590019,
  "fwhm_y": 3.9951592727272724,
  "fwhm_z": 3.7133381818181816,
  "icvs_csf": 0.17710194046801747,
  "icvs_gm": 0.4259467313764997,
  "icvs_wm": 0.39695132815548284,
  "inu_med": 0.7144863605499268,
  "inu_range": 0.40217724442481995,
  "provenance": {
    "md5sum": "00703fc6f045c1fdb866ef77eb0284c3",
    "settings": {
      "testing": false
    },
    "software": "mriqc",
    "version": "22.0.6",
    "warnings": {
      "large_rot_frame": true,
      "small_air_mask": false
    },
    "webapi_port": null,
    "webapi_url": "https://mriqc.nimh.nih.gov/api/v1"
  },
  "qi_1": 5.3011609542489804e-05,
  "qi_2": 0.0032798935647503757,
  "rpve_csf": 14.785946413957516,
  "rpve_gm": 6.419404535916367,
  "rpve_wm": 7.827879508958823,
  "size_x": 176,
  "size_y": 224,
  "size_z": 256,
  "snr_csf": 1.9442721156225549,
  "snr_gm": 10.301010840738353,
  "snr_total": 8.92404621539696,
  "snr_wm": 14.526855689829972,
  "snrd_csf": 11.677443633094981,
  "snrd_gm": 30.37350163188112,
  "snrd_total": 28.052691963145076,
  "snrd_wm": 42.10713062445913,
  "spacing_x": 0.9000006318092346,
  "spacing_y": 0.859375,
  "spacing_z": 0.859375,
  "summary_bg_k": 18.23946862611236,
  "summary_bg_mad": 0.0,
  "summary_bg_mean": 9.059919830722361,
  "summary_bg_median": 0.0,
  "summary_bg_n": 1794734.0,
  "summary_bg_p05": 0.0,
  "summary_bg_p95": 40.934829004108906,
  "summary_bg_stdv": 15.55992176812812,
  "summary_csf_k": 0.8728963882747465,
  "summary_csf_mad": 144.319378264256,
  "summary_csf_mean": 291.9147635464183,
  "summary_csf_median": 277.3469912260771,
  "summary_csf_n": 47091.0,
  "summary_csf_p05": 80.35488900542259,
  "summary_csf_p95": 542.3053359650075,
  "summary_csf_stdv": 142.64672325630818,
  "summary_gm_k": 0.1152069048771196,
  "summary_gm_mad": 68.55036788987631,
  "summary_gm_mean": 721.3539144124977,
  "summary_gm_median": 721.3907046169043,
  "summary_gm_n": 45613.0,
  "summary_gm_p05": 605.0420188307762,
  "summary_gm_p95": 836.3111796289683,
  "summary_gm_stdv": 70.03029197768092,
  "summary_wm_k": 0.6363800064516547,
  "summary_wm_mad": 64.91431093471907,
  "summary_wm_mean": 1006.3858616554566,
  "summary_wm_median": 1000.0721352025867,
  "summary_wm_n": 376025.0,
  "summary_wm_p05": 905.0384132415056,
  "summary_wm_p95": 1129.6570167988539,
  "summary_wm_stdv": 68.84289530783289,
  "tpm_overlap_csf": 0.1361612221772703,
  "tpm_overlap_gm": 0.44288529881104904,
  "tpm_overlap_wm": 0.4757110262083287,
  "wm2max": 0.5331064713346406
}