{
  "bids_meta": {
    "AcquisitionNumber": 1,
    "AcquisitionTime": "10:09:25.077500",
    "BodyPartExamined": "BRAIN",
    "ConversionSoftware": "dcm2niix",
    "ConversionSoftwareVersion": "v1.0.20170724 (OpenJPEG build) GCC6.1.0",
    "DeviceSerialNumber": "45031",
    "EchoTime": 0.00308,
    "FlipAngle": 9,
    "ImageType": [
      "ORIGINAL",
      "PRIMARY",
      "M",
      "ND",
      "NORM"
    ],
    "InstitutionAddress": "Washington_and_Faculty_Rd._-_Building_25_25_Princeton_NJ_US_085",
    "InstitutionName": "Princeton_University_-_Neuroscience_Institute",
    "InversionTime": 0.9,
    "MagneticFieldStrength": 3,
    "Manufacturer": "Siemens",
    "ManufacturersModelName": "Skyra",
    "PhaseEncodingDirection": "i-",
    "PhaseEncodingLines": 224,
    "ProcedureStepDescription": "NormanLab_Jarrod",
    "ProtocolName": "long_mprage",
    "RepetitionTime": 2.3,
    "ScanningSequence": "GR_IR",
    "SequenceName": "_tfl3d1_16ns",
    "SequenceVariant": "SK_SP_MP",
    "SeriesDescription": "long_mprage",
    "SoftwareVersions": "syngo_MR_D11",
    "dataset": "ds001232",
    "modality": "T1w",
    "subject_id": "20"
  },
  "cjv": 0.4361318110284657,
  "cnr": 3.0572124044215143,
  "efc": 0.6330220719441058,
  "fber": 1647.2574683737232,
  "fwhm_avg": 3.7498675380649495,
  "fwhm_x": 3.7836767960130304,
  "fwhm_y": 3.8658094545454547,
  "fwhm_z": 3.600116363636364,
  "icvs_csf": 0.16782392617252684,
  "icvs_gm": 0.4319302619422144,
  "icvs_wm": 0.40024581188525876,
  "inu_med": 0.6078791618347168,
  "inu_range": 0.2680598974227905,
  "provenance": {
    "md5sum": "965c98d7acc1b4f6a21a8d7d80f26356",
    "settings": {
      "testing": false
    },
    "software": "mriqc",
    "version": "22.0.6",
    "warnings": {
      "large_rot_frame": true,
      "small_air_mask": false
    },
    "webapi_port": null,
    "webapi_url": "https://mriqc.nimh.nih.gov/api/v1"
  },
  "qi_1": 0.0,
  "qi_2": 0.0028799980540304437,
  "rpve_csf": 18.25341344326521,
  "rpve_gm": 7.721030419087075,
  "rpve_wm": 9.547958693057852,
  "size_x": 176,
  "size_y": 224,
  "size_z": 256,
  "snr_csf": 2.018602642777653,
  "snr_gm": 11.275683888620673,
  "snr_total": 10.004789855338105,
  "snr_wm": 16.72008303461599,
  "snrd_csf": 12.366814305532365,
  "snrd_gm": 30.414782002763314,
  "snrd_total": 28.207287222725117,
  "snrd_wm": 41.84026535987968,
  "spacing_x": 0.9000055193901062,
  "spacing_y": 0.859375,
  "spacing_z": 0.859375,
  "summary_bg_k": 10.421081429868755,
  "summary_bg_mad": 0.0,
  "summary_bg_mean": 9.233081554098783,
  "summary_bg_median": 0.0,
  "summary_bg_n": 1656970.0,
  "summary_bg_p05": 0.0,
  "summary_bg_p95": 40.88489419966936,
  "summary_bg_stdv": 15.659218134493976,
  "summary_csf_k": 9.902161291287207,
  "summary_csf_mad": 129.51570141139922,
  "summary_csf_mean": 309.04386992032204,
  "summary_csf_median": 295.5943874269724,
  "summary_csf_n": 31114.0,
  "summary_csf_p05": 97.4234554167837,
  "summary_csf_p95": 544.2900638066232,
  "summary_csf_stdv": 146.4328000676099,
  "summary_gm_k": 0.23135986102752826,
  "summary_gm_mad": 62.40709035164656,
  "summary_gm_mean": 726.7586064213318,
  "summary_gm_median": 726.9809857830405,
  "summary_gm_n": 39317.0,
  "summary_gm_p05": 619.9478814110159,
  "summary_gm_p95": 832.4587276056409,
  "summary_gm_stdv": 64.47251872102532,
  "summary_wm_k": 0.6032262424635468,
  "summary_wm_mad": 56.698100920374856,
  "summary_wm_mean": 1004.7194408748736,
  "summary_wm_median": 1000.0754683688283,
  "summary_wm_n": 335894.0,
  "summary_wm_p05": 915.0590494051576,
  "summary_wm_p95": 1110.5364105924964,
  "summary_wm_stdv": 59.81274002168881,
  "tpm_overlap_csf": 0.15299872501903716,
  "tpm_overlap_gm": 0.4520141613300651,
  "tpm_overlap_wm": 0.4928559750101287,
  "wm2max": 0.5247301178567891
}