{
  "bids_meta": {
    "AcquisitionNumber": 1,
    "AcquisitionTime": "16:59:41.095000",
    "BodyPartExamined": "BRAIN",
    "ConversionSoftware": "dcm2niix",
    "ConversionSoftwareVersion": "v1.0.20170724 (OpenJPEG build) GCC6.1.0",
    "DeviceSerialNumber": "45031",
    "EchoTime": 0.00308,
    "FlipAngle": 9,
    "ImageType": [
      "ORIGINAL",
      "PRIMARY",
      "M",
      "ND",
      "NORM"
    ],
    "InstitutionAddress": "Washington_and_Faculty_Rd._-_Building_25_25_Princeton_NJ_US_085",
    "InstitutionName": "Princeton_University_-_Neuroscience_Institute",
    "InversionTime": 0.9,
    "MagneticFieldStrength": 3,
    "Manufacturer": "Siemens",
    "ManufacturersModelName": "Skyra",
    "PhaseEncodingDirection": "i-",
    "PhaseEncodingLines": 224,
    "ProcedureStepDescription": "NormanLab_Jarrod",
    "ProtocolName": "long_mprage",
    "RepetitionTime": 2.3,
    "ScanningSequence": "GR_IR",
    "SequenceName": "_tfl3d1_16ns",
    "SequenceVariant": "SK_SP_MP",
    "SeriesDescription": "long_mprage",
    "SoftwareVersions": "syngo_MR_D11",
    "dataset": "ds001232",
    "modality": "T1w",
    "subject_id": "08"
  },
  "cjv": 0.4000238307860887,
  "cnr": 3.3629512643538493,
  "efc": 0.6920149825681794,
  "fber": 3441.146982310094,
  "fwhm_avg": 3.7831761501547603,
  "fwhm_x": 3.7690077231915526,
  "fwhm_y": 3.946728727272727,
  "fwhm_z": 3.633792,
  "icvs_csf": 0.19334836870438013,
  "icvs_gm": 0.46097336074514067,
  "icvs_wm": 0.34567827055047917,
  "inu_med": 0.6460221409797668,
  "inu_range": 0.34323207736015315,
  "provenance": {
    "md5sum": "31afc07331a1688c44b72312a4f5de4c",
    "settings": {
      "testing": false
    },
    "software": "mriqc",
    "version": "22.0.6",
    "warnings": {
      "large_rot_frame": true,
      "small_air_mask": false
    },
    "webapi_port": null,
    "webapi_url": "https://mriqc.nimh.nih.gov/api/v1"
  },
  "qi_1": 0.0,
  "qi_2": 0.003694593141163656,
  "rpve_csf": 14.31249229074574,
  "rpve_gm": 6.487519623492241,
  "rpve_wm": 9.4203906548346,
  "size_x": 176,
  "size_y": 224,
  "size_z": 256,
  "snr_csf": 2.2799355789169993,
  "snr_gm": 11.420883418630828,
  "snr_total": 10.510362193508955,
  "snr_wm": 17.830267582979044,
  "snrd_csf": 13.962548852268972,
  "snrd_gm": 38.606527647212936,
  "snrd_total": 35.53359252960512,
  "snrd_wm": 54.03170108933346,
  "spacing_x": 0.900006115436554,
  "spacing_y": 0.859375,
  "spacing_z": 0.859375,
  "summary_bg_k": 12.741839528787674,
  "summary_bg_mad": 0.0,
  "summary_bg_mean": 6.991182249119554,
  "summary_bg_median": 0.0,
  "summary_bg_n": 1491147.0,
  "summary_bg_p05": 0.0,
  "summary_bg_p95": 32.70212544500828,
  "summary_bg_stdv": 12.125437252446618,
  "summary_csf_k": 1.5515247609990999,
  "summary_csf_mad": 102.19287224225074,
  "summary_csf_mean": 269.52922410955824,
  "summary_csf_median": 258.4225361198187,
  "summary_csf_n": 57690.0,
  "summary_csf_p05": 106.40211188346149,
  "summary_csf_p95": 475.2214908197519,
  "summary_csf_stdv": 113.34543780456116,
  "summary_gm_k": 0.27623864235275564,
  "summary_gm_mad": 60.30014200629702,
  "summary_gm_mean": 713.0860368878749,
  "summary_gm_median": 714.5397943407297,
  "summary_gm_n": 80806.0,
  "summary_gm_p05": 607.5169019289315,
  "summary_gm_p95": 813.4694870263338,
  "summary_gm_stdv": 62.56393194878483,
  "summary_wm_k": 0.507270999828497,
  "summary_wm_mad": 53.903932611297094,
  "summary_wm_mean": 1001.0359185074901,
  "summary_wm_median": 1000.0329720675945,
  "summary_wm_n": 322813.0,
  "summary_wm_p05": 911.3782674372196,
  "summary_wm_p95": 1094.6155544221401,
  "summary_wm_stdv": 56.086170242651136,
  "tpm_overlap_csf": 0.166912452078262,
  "tpm_overlap_gm": 0.4708098915046258,
  "tpm_overlap_wm": 0.493034478598903,
  "wm2max": 0.574724733851249
}