{
  "bids_meta": {
    "AcquisitionNumber": 1,
    "AcquisitionTime": "17:42:20.147500",
    "BodyPartExamined": "BRAIN",
    "ConversionSoftware": "dcm2niix",
    "ConversionSoftwareVersion": "v1.0.20170724 (OpenJPEG build) GCC6.1.0",
    "DeviceSerialNumber": "45031",
    "EchoTime": 0.00308,
    "FlipAngle": 9,
    "ImageType": [
      "ORIGINAL",
      "PRIMARY",
      "M",
      "ND",
      "NORM"
    ],
    "InstitutionAddress": "Washington_and_Faculty_Rd._-_Building_25_25_Princeton_NJ_US_085",
    "InstitutionName": "Princeton_University_-_Neuroscience_Institute",
    "InversionTime": 0.9,
    "MagneticFieldStrength": 3,
    "Manufacturer": "Siemens",
    "ManufacturersModelName": "Skyra",
    "PhaseEncodingDirection": "i-",
    "PhaseEncodingLines": 224,
    "ProcedureStepDescription": "NormanLab_Jarrod",
    "ProtocolName": "long_mprage",
    "RepetitionTime": 2.3,
    "ScanningSequence": "GR_IR",
    "SequenceName": "_tfl3d1_16ns",
    "SequenceVariant": "SK_SP_MP",
    "SeriesDescription": "long_mprage",
    "SoftwareVersions": "syngo_MR_D11",
    "dataset": "ds001232",
    "modality": "T1w",
    "subject_id": "02"
  },
  "cjv": 0.39799281924198315,
  "cnr": 3.420455534093835,
  "efc": 0.6178254488760274,
  "fber": 5097.855385152089,
  "fwhm_avg": 3.8336534779353397,
  "fwhm_x": 3.9420484338060193,
  "fwhm_y": 3.9496960000000003,
  "fwhm_z": 3.609216,
  "icvs_csf": 0.20635570062776804,
  "icvs_gm": 0.44402760315777046,
  "icvs_wm": 0.3496166962144615,
  "inu_med": 0.6263173222541809,
  "inu_range": 0.30260693430900565,
  "provenance": {
    "md5sum": "eee558d1e96c13f2b71e2b3f4292d3a6",
    "settings": {
      "testing": false
    },
    "software": "mriqc",
    "version": "22.0.6",
    "warnings": {
      "large_rot_frame": true,
      "small_air_mask": false
    },
    "webapi_port": null,
    "webapi_url": "https://mriqc.nimh.nih.gov/api/v1"
  },
  "qi_1": 0.0,
  "qi_2": 0.004584145316025296,
  "rpve_csf": 15.323052545679891,
  "rpve_gm": 7.403459995906129,
  "rpve_wm": 10.404033292656216,
  "size_x": 176,
  "size_y": 224,
  "size_z": 256,
  "snr_csf": 2.040498899171316,
  "snr_gm": 11.76604322500909,
  "snr_total": 10.928035666480179,
  "snr_wm": 18.977564875260132,
  "snrd_csf": 13.729026714221988,
  "snrd_gm": 38.0913578058725,
  "snrd_total": 34.897233614762655,
  "snrd_wm": 52.87131632419348,
  "spacing_x": 0.8999940156936646,
  "spacing_y": 0.859375,
  "spacing_z": 0.859375,
  "summary_bg_k": 51.709278985524215,
  "summary_bg_mad": 0.0,
  "summary_bg_mean": 7.884298667039009,
  "summary_bg_median": 0.0,
  "summary_bg_n": 2012119.0,
  "summary_bg_p05": 0.0,
  "summary_bg_p95": 33.649730145931244,
  "summary_bg_stdv": 12.391149791908585,
  "summary_csf_k": 2.5381019823419617,
  "summary_csf_mad": 117.82452029802963,
  "summary_csf_mean": 276.199713598737,
  "summary_csf_median": 259.66871404647827,
  "summary_csf_n": 59761.0,
  "summary_csf_p05": 94.99348598718643,
  "summary_csf_p95": 510.03163988888264,
  "summary_csf_stdv": 127.2563987086021,
  "summary_gm_k": 0.14988344167233114,
  "summary_gm_mad": 60.429906195008165,
  "summary_gm_mean": 719.6092459316288,
  "summary_gm_median": 720.4541227594018,
  "summary_gm_n": 54907.0,
  "summary_gm_p05": 617.7293879322708,
  "summary_gm_p95": 818.686023041606,
  "summary_gm_stdv": 61.23108238475229,
  "summary_wm_k": 0.39887745774505134,
  "summary_wm_mad": 50.827345758541114,
  "summary_wm_mean": 1001.4331352798764,
  "summary_wm_median": 1000.0000004097819,
  "summary_wm_n": 285465.0,
  "summary_wm_p05": 918.1090642139316,
  "summary_wm_p95": 1090.2661459892988,
  "summary_wm_stdv": 52.693707304021615,
  "tpm_overlap_csf": 0.14432439977468597,
  "tpm_overlap_gm": 0.45285334605401745,
  "tpm_overlap_wm": 0.47664122654989743,
  "wm2max": 0.48745305100430025
}