{
  "bids_meta": {
    "AcquisitionNumber": 1,
    "AcquisitionTime": "15:14:37.140000",
    "BodyPartExamined": "BRAIN",
    "ConversionSoftware": "dcm2niix",
    "ConversionSoftwareVersion": "v1.0.20170724 (OpenJPEG build) GCC6.1.0",
    "DeviceSerialNumber": "45031",
    "EchoTime": 0.00308,
    "FlipAngle": 9,
    "ImageType": [
      "ORIGINAL",
      "PRIMARY",
      "M",
      "ND",
      "NORM"
    ],
    "InstitutionAddress": "Washington_and_Faculty_Rd._-_Building_25_25_Princeton_NJ_US_085",
    "InstitutionName": "Princeton_University_-_Neuroscience_Institute",
    "InversionTime": 0.9,
    "MagneticFieldStrength": 3,
    "Manufacturer": "Siemens",
    "ManufacturersModelName": "Skyra",
    "PhaseEncodingDirection": "i-",
    "PhaseEncodingLines": 224,
    "ProcedureStepDescription": "NormanLab_Jarrod",
    "ProtocolName": "long_mprage",
    "RepetitionTime": 2.3,
    "ScanningSequence": "GR_IR",
    "SequenceName": "_tfl3d1_16ns",
    "SequenceVariant": "SK_SP_MP",
    "SeriesDescription": "long_mprage",
    "SoftwareVersions": "syngo_MR_D11",
    "dataset": "ds001232",
    "modality": "T1w",
    "subject_id": "07"
  },
  "cjv": 0.44620853285682244,
  "cnr": 3.0423803933646543,
  "efc": 0.7026206306784412,
  "fber": 1560.4263442681759,
  "fwhm_avg": 3.847496419661065,
  "fwhm_x": 3.948214349892285,
  "fwhm_y": 3.9018007272727275,
  "fwhm_z": 3.692474181818182,
  "icvs_csf": 0.18758284369840153,
  "icvs_gm": 0.43631631325116743,
  "icvs_wm": 0.376100843050431,
  "inu_med": 0.6088649332523346,
  "inu_range": 0.3049978017807007,
  "provenance": {
    "md5sum": "da02562ac940c64a9560865ae1620d76",
    "settings": {
      "testing": false
    },
    "software": "mriqc",
    "version": "22.0.6",
    "warnings": {
      "large_rot_frame": true,
      "small_air_mask": false
    },
    "webapi_port": null,
    "webapi_url": "https://mriqc.nimh.nih.gov/api/v1"
  },
  "qi_1": 0.0,
  "qi_2": 0.0026638833649477466,
  "rpve_csf": 15.644185394534267,
  "rpve_gm": 7.041990202357518,
  "rpve_wm": 9.089870184369213,
  "size_x": 176,
  "size_y": 224,
  "size_z": 256,
  "snr_csf": 2.125680809176937,
  "snr_gm": 11.46218324343516,
  "snr_total": 10.269143091391886,
  "snr_wm": 17.21956522156356,
  "snrd_csf": 13.693795745055326,
  "snrd_gm": 34.95317950507134,
  "snrd_total": 32.09470653063517,
  "snrd_wm": 47.63714434177884,
  "spacing_x": 0.9000043272972107,
  "spacing_y": 0.859375,
  "spacing_z": 0.859375,
  "summary_bg_k": 98.62194401561547,
  "summary_bg_mad": 0.0,
  "summary_bg_mean": 8.066460149154173,
  "summary_bg_median": 0.0,
  "summary_bg_n": 1434846.0,
  "summary_bg_p05": 0.0,
  "summary_bg_p95": 35.047229528427124,
  "summary_bg_stdv": 13.753226254764535,
  "summary_csf_k": 6.040834216462175,
  "summary_csf_mad": 118.87685862375412,
  "summary_csf_mean": 298.5044216491561,
  "summary_csf_median": 287.4727631807327,
  "summary_csf_n": 52765.0,
  "summary_csf_p05": 92.5759745836258,
  "summary_csf_p95": 529.2986469268799,
  "summary_csf_stdv": 135.23669115375853,
  "summary_gm_k": 0.13343365317408606,
  "summary_gm_mad": 62.73352347415596,
  "summary_gm_mean": 732.8056795846642,
  "summary_gm_median": 733.7693128585815,
  "summary_gm_n": 53678.0,
  "summary_gm_p05": 625.6357876062393,
  "summary_gm_p95": 836.4384621411559,
  "summary_gm_stdv": 64.01594376275075,
  "summary_wm_k": 0.3930450612104397,
  "summary_wm_mad": 56.07996795416972,
  "summary_wm_mean": 1002.5864124787093,
  "summary_wm_median": 1000.0427762269974,
  "summary_wm_n": 344698.0,
  "summary_wm_p05": 912.1682592630386,
  "summary_wm_p95": 1101.936185002327,
  "summary_wm_stdv": 58.075875479507395,
  "tpm_overlap_csf": 0.15289877745144567,
  "tpm_overlap_gm": 0.46126173935659587,
  "tpm_overlap_wm": 0.49989335513027666,
  "wm2max": 0.49050633458700443
}