{
  "aor": 0.004358457943925234,
  "aqi": 0.011053953925233643,
  "bids_meta": {
    "AccelFactPE": 2,
    "AcquisitionNumber": 1,
    "AcquisitionTime": "14:47:2.705000",
    "BandwidthPerPixelPhaseEncode": 49.18,
    "BodyPartExamined": "BRAIN",
    "ConversionSoftware": "dcm2niix",
    "ConversionSoftwareVersion": "v1.0.20170724 (OpenJPEG build) GCC6.1.0",
    "DeviceSerialNumber": "45031",
    "EchoTime": 0.034,
    "EchoTrainLength": 29,
    "EffectiveEchoSpacing": 0.000344635,
    "FlipAngle": 71,
    "ImageType": [
      "ORIGINAL",
      "PRIMARY",
      "M",
      "ND",
      "NORM",
      "MOSAIC"
    ],
    "InstitutionAddress": "Washington_and_Faculty_Rd._-_Building_25_25_Princeton_NJ_US_085",
    "InstitutionName": "Princeton_University_-_Neuroscience_Institute",
    "MagneticFieldStrength": 3,
    "Manufacturer": "Siemens",
    "ManufacturersModelName": "Skyra",
    "PhaseEncodingDirection": "j-",
    "PhaseEncodingLines": 59,
    "ProcedureStepDescription": "NormanLab_Jarrod",
    "ProtocolName": "epi_3x3x3_2s_phase2_(214_TRs)",
    "RepetitionTime": 2,
    "ScanningSequence": "EP",
    "SequenceName": "_epfid2d1_59",
    "SequenceVariant": "SK_OSP",
    "SeriesDescription": "epi_3x3x3_2s_phase2_(214_TRs)",
    "SliceTiming": [
      0.99,
      0,
      1.0475,
      0.0575,
      1.105,
      0.115,
      1.1625,
      0.1725,
      1.2225,
      0.2325,
      1.28,
      0.29,
      1.3375,
      0.3475,
      1.3975,
      0.4075,
      1.455,
      0.465,
      1.5125,
      0.5225,
      1.57,
      0.58,
      1.63,
      0.64,
      1.6875,
      0.6975,
      1.745,
      0.755,
      1.805,
      0.815,
      1.8625,
      0.8725,
      1.92,
      0.93
    ],
    "SoftwareVersions": "syngo_MR_D11",
    "TaskName": "Phase 2",
    "TotalReadoutTime": 0.0196442,
    "TrueEchoSpacing": 0.00068927,
    "dataset": "ds001232",
    "modality": "bold",
    "run_id": 4,
    "subject_id": "07",
    "task_id": "phase2"
  },
  "dummy_trs": 0,
  "dvars_nstd": 29.066615144882622,
  "dvars_std": 1.189806335070423,
  "dvars_vstd": 1.0461004858215963,
  "efc": 0.5948257651773,
  "fber": 1146.611083984375,
  "fd_mean": 0.1510190870401014,
  "fd_num": 42,
  "fd_perc": 19.626168224299064,
  "fwhm_avg": 1.731845273523998,
  "fwhm_x": 1.6397127391453883,
  "fwhm_y": 1.8572702880486636,
  "fwhm_z": 1.6985527933779418,
  "gcor": 0.041835,
  "gsr_x": 0.020553402602672577,
  "gsr_y": 0.005396346095949411,
  "provenance": {
    "md5sum": "8376d3eaa3cba728cae309dd08f2a668",
    "settings": {
      "fd_thres": 0.2,
      "testing": false
    },
    "software": "mriqc",
    "version": "22.0.6",
    "webapi_port": null,
    "webapi_url": "https://mriqc.nimh.nih.gov/api/v1"
  },
  "size_t": 214,
  "size_x": 66,
  "size_y": 66,
  "size_z": 34,
  "snr": 6.771921919127164,
  "spacing_tr": 2.0,
  "spacing_x": 2.9696969985961914,
  "spacing_y": 2.9696969985961914,
  "spacing_z": 3.0000009536743164,
  "summary_bg_k": 16.510843522892564,
  "summary_bg_mad": 12.089441487021546,
  "summary_bg_mean": 42.16959762573242,
  "summary_bg_median": 21.102802276611328,
  "summary_bg_n": 76869.0,
  "summary_bg_p05": 9.411214828491211,
  "summary_bg_p95": 162.95139465332028,
  "summary_bg_stdv": 62.19929504394531,
  "summary_fg_k": 3.1466870148744333,
  "summary_fg_mad": 96.41764730278594,
  "summary_fg_mean": 727.2023315429688,
  "summary_fg_median": 719.1261596679688,
  "summary_fg_n": 38253.0,
  "summary_fg_p05": 582.8607055664063,
  "summary_fg_p95": 903.0065063476563,
  "summary_fg_stdv": 106.1909408569336,
  "tsnr": 53.397399959969334
}