{
  "aor": 0.0014031764705882352,
  "aqi": 0.008689123647058823,
  "bids_meta": {
    "AccelFactPE": 2,
    "AcquisitionNumber": 1,
    "AcquisitionTime": "14:02:8.052500",
    "BandwidthPerPixelPhaseEncode": 49.18,
    "BodyPartExamined": "BRAIN",
    "ConversionSoftware": "dcm2niix",
    "ConversionSoftwareVersion": "v1.0.20170724 (OpenJPEG build) GCC6.1.0",
    "DeviceSerialNumber": "45031",
    "EchoTime": 0.034,
    "EchoTrainLength": 29,
    "EffectiveEchoSpacing": 0.000344635,
    "FlipAngle": 71,
    "ImageType": [
      "ORIGINAL",
      "PRIMARY",
      "M",
      "ND",
      "NORM",
      "MOSAIC"
    ],
    "InstitutionAddress": "Washington_and_Faculty_Rd._-_Building_25_25_Princeton_NJ_US_085",
    "InstitutionName": "Princeton_University_-_Neuroscience_Institute",
    "MagneticFieldStrength": 3,
    "Manufacturer": "Siemens",
    "ManufacturersModelName": "Skyra",
    "PhaseEncodingDirection": "j-",
    "PhaseEncodingLines": 59,
    "ProcedureStepDescription": "NormanLab_Jarrod",
    "ProtocolName": "epi_3x3x3_2s_phase1",
    "RepetitionTime": 2,
    "ScanningSequence": "EP",
    "SequenceName": "_epfid2d1_59",
    "SequenceVariant": "SK_OSP",
    "SeriesDescription": "epi_3x3x3_2s_phase1",
    "SliceTiming": [
      0.9875,
      0,
      1.0475,
      0.0575,
      1.105,
      0.115,
      1.1625,
      0.1725,
      1.2225,
      0.2325,
      1.28,
      0.29,
      1.3375,
      0.3475,
      1.395,
      0.4075,
      1.455,
      0.465,
      1.5125,
      0.5225,
      1.57,
      0.58,
      1.63,
      0.64,
      1.6875,
      0.6975,
      1.745,
      0.755,
      1.8025,
      0.815,
      1.8625,
      0.8725,
      1.92,
      0.93
    ],
    "SoftwareVersions": "syngo_MR_D11",
    "TaskName": "Phase 1",
    "TotalReadoutTime": 0.0196442,
    "TrueEchoSpacing": 0.00068927,
    "dataset": "ds001232",
    "modality": "bold",
    "run_id": 2,
    "subject_id": "07",
    "task_id": "phase1"
  },
  "dummy_trs": 0,
  "dvars_nstd": 27.38778856928993,
  "dvars_std": 1.177934419940828,
  "dvars_vstd": 1.0319556909467458,
  "efc": 0.5925020178478593,
  "fber": 1203.180908203125,
  "fd_mean": 0.0986368683138545,
  "fd_num": 21,
  "fd_perc": 12.352941176470589,
  "fwhm_avg": 1.73810123730041,
  "fwhm_x": 1.6488012084447004,
  "fwhm_y": 1.8681030430452867,
  "fwhm_z": 1.6973994604112432,
  "gcor": 0.0372537,
  "gsr_x": 0.019423983991146088,
  "gsr_y": 0.005410211160778999,
  "provenance": {
    "md5sum": "cb37b917f792cc2d771cad1823b824c7",
    "settings": {
      "fd_thres": 0.2,
      "testing": false
    },
    "software": "mriqc",
    "version": "22.0.6",
    "webapi_port": null,
    "webapi_url": "https://mriqc.nimh.nih.gov/api/v1"
  },
  "size_t": 170,
  "size_x": 66,
  "size_y": 66,
  "size_z": 34,
  "snr": 6.681065682307112,
  "spacing_tr": 2.0,
  "spacing_x": 2.9696969985961914,
  "spacing_y": 2.9696969985961914,
  "spacing_z": 3.0000009536743164,
  "summary_bg_k": 17.522169265004834,
  "summary_bg_mad": 11.590462170384773,
  "summary_bg_mean": 41.04042434692383,
  "summary_bg_median": 20.80000114440918,
  "summary_bg_n": 76830.0,
  "summary_bg_p05": 9.290882682800294,
  "summary_bg_p95": 159.35353164672856,
  "summary_bg_stdv": 61.521217346191406,
  "summary_fg_k": 3.181966896771052,
  "summary_fg_mad": 98.71521018900769,
  "summary_fg_mean": 734.7008056640625,
  "summary_fg_median": 726.0059204101562,
  "summary_fg_n": 38243.0,
  "summary_fg_p05": 586.9970825195312,
  "summary_fg_p95": 913.1546997070313,
  "summary_fg_stdv": 108.66476440429688,
  "tsnr": 58.304341150214896
}