{
  "aor": 0.002924158878504673,
  "aqi": 0.008789368831775701,
  "bids_meta": {
    "AccelFactPE": 2,
    "AcquisitionNumber": 1,
    "AcquisitionTime": "10:34:58.237500",
    "BandwidthPerPixelPhaseEncode": 49.18,
    "BodyPartExamined": "BRAIN",
    "ConversionSoftware": "dcm2niix",
    "ConversionSoftwareVersion": "v1.0.20170724 (OpenJPEG build) GCC6.1.0",
    "DeviceSerialNumber": "45031",
    "EchoTime": 0.034,
    "EchoTrainLength": 29,
    "EffectiveEchoSpacing": 0.000344635,
    "FlipAngle": 71,
    "ImageType": [
      "ORIGINAL",
      "PRIMARY",
      "M",
      "ND",
      "NORM",
      "MOSAIC"
    ],
    "InstitutionAddress": "Washington_and_Faculty_Rd._-_Building_25_25_Princeton_NJ_US_085",
    "InstitutionName": "Princeton_University_-_Neuroscience_Institute",
    "MagneticFieldStrength": 3,
    "Manufacturer": "Siemens",
    "ManufacturersModelName": "Skyra",
    "PhaseEncodingDirection": "j-",
    "PhaseEncodingLines": 59,
    "ProcedureStepDescription": "NormanLab_Jarrod",
    "ProtocolName": "epi_3x3x3_2s_phase2_(214_TRs)",
    "RepetitionTime": 2,
    "ScanningSequence": "EP",
    "SequenceName": "_epfid2d1_59",
    "SequenceVariant": "SK_OSP",
    "SeriesDescription": "epi_3x3x3_2s_phase2_(214_TRs)",
    "SliceTiming": [
      0.99,
      0,
      1.0475,
      0.0575,
      1.105,
      0.115,
      1.165,
      0.175,
      1.2225,
      0.2325,
      1.28,
      0.29,
      1.3375,
      0.35,
      1.3975,
      0.4075,
      1.455,
      0.465,
      1.5125,
      0.5225,
      1.5725,
      0.5825,
      1.63,
      0.64,
      1.6875,
      0.6975,
      1.745,
      0.7575,
      1.805,
      0.815,
      1.8625,
      0.8725,
      1.92,
      0.93
    ],
    "SoftwareVersions": "syngo_MR_D11",
    "TaskName": "Phase 2",
    "TotalReadoutTime": 0.0196442,
    "TrueEchoSpacing": 0.00068927,
    "dataset": "ds001232",
    "modality": "bold",
    "run_id": 6,
    "subject_id": "03",
    "task_id": "phase2"
  },
  "dummy_trs": 0,
  "dvars_nstd": 25.76323460896715,
  "dvars_std": 1.0970992877464796,
  "dvars_vstd": 1.0365889077464783,
  "efc": 0.6132963860045714,
  "fber": 1070.779296875,
  "fd_mean": 0.12087026492864585,
  "fd_num": 21,
  "fd_perc": 9.813084112149532,
  "fwhm_avg": 1.678275135324353,
  "fwhm_x": 1.545231719656655,
  "fwhm_y": 1.909454063051048,
  "fwhm_z": 1.5801396232653564,
  "gcor": 0.0225435,
  "gsr_x": -2.8880085665150546e-05,
  "gsr_y": 0.03868492320179939,
  "provenance": {
    "md5sum": "0c658a1f403312a6f2581283e559f331",
    "settings": {
      "fd_thres": 0.2,
      "testing": false
    },
    "software": "mriqc",
    "version": "22.0.6",
    "webapi_port": null,
    "webapi_url": "https://mriqc.nimh.nih.gov/api/v1"
  },
  "size_t": 214,
  "size_x": 66,
  "size_y": 66,
  "size_z": 34,
  "snr": 5.992184132366341,
  "spacing_tr": 2.0,
  "spacing_x": 2.9696969985961914,
  "spacing_y": 2.9696969985961914,
  "spacing_z": 3.0000007152557373,
  "summary_bg_k": 19.090814412735156,
  "summary_bg_mad": 13.03165633780857,
  "summary_bg_mean": 43.6001091003418,
  "summary_bg_median": 21.056074142456055,
  "summary_bg_n": 73082.0,
  "summary_bg_p05": 9.869158744812012,
  "summary_bg_p95": 169.67616424560538,
  "summary_bg_stdv": 61.49974822998047,
  "summary_fg_k": 2.768322049994941,
  "summary_fg_mad": 111.07390863811561,
  "summary_fg_mean": 717.836181640625,
  "summary_fg_median": 711.6611938476562,
  "summary_fg_n": 40762.0,
  "summary_fg_p05": 552.3235565185547,
  "summary_fg_p95": 903.5630340576171,
  "summary_fg_stdv": 118.7634506225586,
  "tsnr": 52.92243436072022
}