{
  "aor": 0.0021290186915887853,
  "aqi": 0.00869431144859813,
  "bids_meta": {
    "AccelFactPE": 2,
    "AcquisitionNumber": 1,
    "AcquisitionTime": "10:03:21.885000",
    "BandwidthPerPixelPhaseEncode": 49.18,
    "BodyPartExamined": "BRAIN",
    "ConversionSoftware": "dcm2niix",
    "ConversionSoftwareVersion": "v1.0.20170724 (OpenJPEG build) GCC6.1.0",
    "DeviceSerialNumber": "45031",
    "EchoTime": 0.034,
    "EchoTrainLength": 29,
    "EffectiveEchoSpacing": 0.000344635,
    "FlipAngle": 71,
    "ImageType": [
      "ORIGINAL",
      "PRIMARY",
      "M",
      "ND",
      "NORM",
      "MOSAIC"
    ],
    "InstitutionAddress": "Washington_and_Faculty_Rd._-_Building_25_25_Princeton_NJ_US_085",
    "InstitutionName": "Princeton_University_-_Neuroscience_Institute",
    "MagneticFieldStrength": 3,
    "Manufacturer": "Siemens",
    "ManufacturersModelName": "Skyra",
    "PhaseEncodingDirection": "j-",
    "PhaseEncodingLines": 59,
    "ProcedureStepDescription": "NormanLab_Jarrod",
    "ProtocolName": "epi_3x3x3_2s_phase2_(214_TRs)",
    "RepetitionTime": 2,
    "ScanningSequence": "EP",
    "SequenceName": "_epfid2d1_59",
    "SequenceVariant": "SK_OSP",
    "SeriesDescription": "epi_3x3x3_2s_phase2_(214_TRs)",
    "SliceTiming": [
      0.99,
      0,
      1.0475,
      0.0575,
      1.105,
      0.1175,
      1.165,
      0.175,
      1.2225,
      0.2325,
      1.28,
      0.29,
      1.34,
      0.35,
      1.3975,
      0.4075,
      1.455,
      0.465,
      1.5125,
      0.525,
      1.5725,
      0.5825,
      1.63,
      0.64,
      1.6875,
      0.6975,
      1.7475,
      0.7575,
      1.805,
      0.815,
      1.8625,
      0.8725,
      1.9225,
      0.9325
    ],
    "SoftwareVersions": "syngo_MR_D11",
    "TaskName": "Phase 2",
    "TotalReadoutTime": 0.0196442,
    "TrueEchoSpacing": 0.00068927,
    "dataset": "ds001232",
    "modality": "bold",
    "run_id": 2,
    "subject_id": "03",
    "task_id": "phase2"
  },
  "dummy_trs": 0,
  "dvars_nstd": 26.26980881859155,
  "dvars_std": 1.0903080330985913,
  "dvars_vstd": 1.0200744393896712,
  "efc": 0.6118102214376044,
  "fber": 1109.99267578125,
  "fd_mean": 0.14563891961434458,
  "fd_num": 37,
  "fd_perc": 17.289719626168225,
  "fwhm_avg": 1.6921796464949022,
  "fwhm_x": 1.555431413434949,
  "fwhm_y": 1.925674573097282,
  "fwhm_z": 1.5954329529524756,
  "gcor": 0.0322767,
  "gsr_x": 2.1475540052051656e-05,
  "gsr_y": 0.03932525962591171,
  "provenance": {
    "md5sum": "2e06cac7da0e4c0f37bff36f2cc13c6d",
    "settings": {
      "fd_thres": 0.2,
      "testing": false
    },
    "software": "mriqc",
    "version": "22.0.6",
    "webapi_port": null,
    "webapi_url": "https://mriqc.nimh.nih.gov/api/v1"
  },
  "size_t": 214,
  "size_x": 66,
  "size_y": 66,
  "size_z": 34,
  "snr": 5.93500577245809,
  "spacing_tr": 2.0,
  "spacing_x": 2.9696969985961914,
  "spacing_y": 2.9696969985961914,
  "spacing_z": 3.0000007152557373,
  "summary_bg_k": 19.369616194665653,
  "summary_bg_mad": 12.816889011472751,
  "summary_bg_mean": 43.303321838378906,
  "summary_bg_median": 20.831775665283203,
  "summary_bg_n": 73124.0,
  "summary_bg_p05": 9.81308364868164,
  "summary_bg_p95": 172.40630187988253,
  "summary_bg_stdv": 62.56352996826172,
  "summary_fg_k": 2.7590501590381127,
  "summary_fg_mad": 112.51144640930579,
  "summary_fg_mean": 723.4498291015625,
  "summary_fg_median": 716.7266235351562,
  "summary_fg_n": 40754.0,
  "summary_fg_p05": 556.4661163330078,
  "summary_fg_p95": 915.7140014648437,
  "summary_fg_stdv": 120.76110076904297,
  "tsnr": 52.53035946749151
}