{
  "aor": 0.0031878823529411762,
  "aqi": 0.007986352058823528,
  "bids_meta": {
    "AccelFactPE": 2,
    "AcquisitionNumber": 1,
    "AcquisitionTime": "09:29:1.577500",
    "BandwidthPerPixelPhaseEncode": 49.18,
    "BodyPartExamined": "BRAIN",
    "ConversionSoftware": "dcm2niix",
    "ConversionSoftwareVersion": "v1.0.20170724 (OpenJPEG build) GCC6.1.0",
    "DeviceSerialNumber": "45031",
    "EchoTime": 0.034,
    "EchoTrainLength": 29,
    "EffectiveEchoSpacing": 0.000344635,
    "FlipAngle": 71,
    "ImageType": [
      "ORIGINAL",
      "PRIMARY",
      "M",
      "ND",
      "NORM",
      "MOSAIC"
    ],
    "InstitutionAddress": "Washington_and_Faculty_Rd._-_Building_25_25_Princeton_NJ_US_085",
    "InstitutionName": "Princeton_University_-_Neuroscience_Institute",
    "MagneticFieldStrength": 3,
    "Manufacturer": "Siemens",
    "ManufacturersModelName": "Skyra",
    "PhaseEncodingDirection": "j-",
    "PhaseEncodingLines": 59,
    "ProcedureStepDescription": "NormanLab_Jarrod",
    "ProtocolName": "epi_3x3x3_2s_phase1",
    "RepetitionTime": 2,
    "ScanningSequence": "EP",
    "SequenceName": "_epfid2d1_59",
    "SequenceVariant": "SK_OSP",
    "SeriesDescription": "epi_3x3x3_2s_phase1",
    "SliceTiming": [
      0.99,
      0,
      1.0475,
      0.0575,
      1.105,
      0.115,
      1.1625,
      0.1725,
      1.2225,
      0.2325,
      1.28,
      0.29,
      1.3375,
      0.3475,
      1.3975,
      0.4075,
      1.455,
      0.465,
      1.5125,
      0.5225,
      1.57,
      0.58,
      1.63,
      0.64,
      1.6875,
      0.6975,
      1.745,
      0.755,
      1.805,
      0.815,
      1.8625,
      0.8725,
      1.92,
      0.93
    ],
    "SoftwareVersions": "syngo_MR_D11",
    "TaskName": "Phase 1",
    "TotalReadoutTime": 0.0196442,
    "TrueEchoSpacing": 0.00068927,
    "dataset": "ds001232",
    "modality": "bold",
    "run_id": 1,
    "subject_id": "03",
    "task_id": "phase1"
  },
  "dummy_trs": 0,
  "dvars_nstd": 25.63692046591716,
  "dvars_std": 1.0984131189940827,
  "dvars_vstd": 1.045173764556213,
  "efc": 0.6080341986331832,
  "fber": 1185.2872314453125,
  "fd_mean": 0.10793004903638831,
  "fd_num": 17,
  "fd_perc": 10.0,
  "fwhm_avg": 1.701306946146861,
  "fwhm_x": 1.55690631137978,
  "fwhm_y": 1.9273582465502852,
  "fwhm_z": 1.6196562805105177,
  "gcor": 0.0208664,
  "gsr_x": 0.0004922813386656344,
  "gsr_y": 0.03815703094005585,
  "provenance": {
    "md5sum": "3a20e7bddad6792c0b16f5551d171ea7",
    "settings": {
      "fd_thres": 0.2,
      "testing": false
    },
    "software": "mriqc",
    "version": "22.0.6",
    "webapi_port": null,
    "webapi_url": "https://mriqc.nimh.nih.gov/api/v1"
  },
  "size_t": 170,
  "size_x": 66,
  "size_y": 66,
  "size_z": 34,
  "snr": 5.907781286767578,
  "spacing_tr": 2.0,
  "spacing_x": 2.9696969985961914,
  "spacing_y": 2.9696969985961914,
  "spacing_z": 3.0000007152557373,
  "summary_bg_k": 20.39215455085251,
  "summary_bg_mad": 12.166059672367663,
  "summary_bg_mean": 41.04955291748047,
  "summary_bg_median": 20.34705924987793,
  "summary_bg_n": 73114.0,
  "summary_bg_p05": 9.60588264465332,
  "summary_bg_p95": 161.41823654174775,
  "summary_bg_stdv": 59.213348388671875,
  "summary_fg_k": 2.850072276321481,
  "summary_fg_mad": 114.39148447642447,
  "summary_fg_mean": 729.7720336914062,
  "summary_fg_median": 722.7265014648438,
  "summary_fg_n": 40600.0,
  "summary_fg_p05": 561.0509185791016,
  "summary_fg_p95": 923.4217803955074,
  "summary_fg_stdv": 122.33316802978516,
  "tsnr": 54.48790110927075
}