{
  "aor": 0.0006961176470588235,
  "aqi": 0.006869316117647058,
  "bids_meta": {
    "AccelFactPE": 2,
    "AcquisitionNumber": 1,
    "AcquisitionTime": "10:15:14.717500",
    "BandwidthPerPixelPhaseEncode": 49.18,
    "BodyPartExamined": "BRAIN",
    "ConversionSoftware": "dcm2niix",
    "ConversionSoftwareVersion": "v1.0.20170724 (OpenJPEG build) GCC6.1.0",
    "DeviceSerialNumber": "45031",
    "EchoTime": 0.034,
    "EchoTrainLength": 29,
    "EffectiveEchoSpacing": 0.000344635,
    "FlipAngle": 71,
    "ImageType": [
      "ORIGINAL",
      "PRIMARY",
      "M",
      "ND",
      "NORM",
      "MOSAIC"
    ],
    "InstitutionAddress": "Washington_and_Faculty_Rd._-_Building_25_25_Princeton_NJ_US_085",
    "InstitutionName": "Princeton_University_-_Neuroscience_Institute",
    "MagneticFieldStrength": 3,
    "Manufacturer": "Siemens",
    "ManufacturersModelName": "Skyra",
    "PhaseEncodingDirection": "j-",
    "PhaseEncodingLines": 59,
    "ProcedureStepDescription": "NormanLab_Jarrod",
    "ProtocolName": "epi_3x3x3_2s_phase1",
    "RepetitionTime": 2,
    "ScanningSequence": "EP",
    "SequenceName": "_epfid2d1_59",
    "SequenceVariant": "SK_OSP",
    "SeriesDescription": "epi_3x3x3_2s_phase1",
    "SliceTiming": [
      0.99,
      0,
      1.0475,
      0.06,
      1.1075,
      0.1175,
      1.165,
      0.175,
      1.2225,
      0.2325,
      1.2825,
      0.2925,
      1.34,
      0.35,
      1.3975,
      0.4075,
      1.455,
      0.4675,
      1.515,
      0.525,
      1.5725,
      0.5825,
      1.63,
      0.64,
      1.69,
      0.7,
      1.7475,
      0.7575,
      1.805,
      0.815,
      1.8625,
      0.875,
      1.9225,
      0.9325
    ],
    "SoftwareVersions": "syngo_MR_D11",
    "TaskName": "Phase 1",
    "TotalReadoutTime": 0.0196442,
    "TrueEchoSpacing": 0.00068927,
    "dataset": "ds001232",
    "modality": "bold",
    "run_id": 4,
    "subject_id": "12",
    "task_id": "phase1"
  },
  "dummy_trs": 0,
  "dvars_nstd": 25.071443478402387,
  "dvars_std": 1.1365269427810658,
  "dvars_vstd": 1.0197902576923081,
  "efc": 0.5536098621604614,
  "fber": 1767.4957275390625,
  "fd_mean": 0.11511147938688866,
  "fd_num": 10,
  "fd_perc": 5.882352941176471,
  "fwhm_avg": 1.7536410237583684,
  "fwhm_x": 1.6328298820695109,
  "fwhm_y": 1.94526932091696,
  "fwhm_z": 1.682823868288634,
  "gcor": 0.0309342,
  "gsr_x": 0.003029674757272005,
  "gsr_y": 0.026277979835867882,
  "provenance": {
    "md5sum": "e38914bc1547cc00f3f753ae38ec2ece",
    "settings": {
      "fd_thres": 0.2,
      "testing": false
    },
    "software": "mriqc",
    "version": "22.0.6",
    "webapi_port": null,
    "webapi_url": "https://mriqc.nimh.nih.gov/api/v1"
  },
  "size_t": 170,
  "size_x": 66,
  "size_y": 66,
  "size_z": 34,
  "snr": 6.355691528006463,
  "spacing_tr": 2.0,
  "spacing_x": 2.9696969985961914,
  "spacing_y": 2.9696967601776123,
  "spacing_z": 2.9999990463256836,
  "summary_bg_k": 53.022096150127155,
  "summary_bg_mad": 8.13687008888915,
  "summary_bg_mean": 31.600130081176758,
  "summary_bg_median": 17.223529815673828,
  "summary_bg_n": 81746.0,
  "summary_bg_p05": 8.970588684082031,
  "summary_bg_p95": 85.68676948547363,
  "summary_bg_stdv": 56.06040573120117,
  "summary_fg_k": 4.950387404283095,
  "summary_fg_mad": 97.76451323419691,
  "summary_fg_mean": 746.2277221679688,
  "summary_fg_median": 734.37060546875,
  "summary_fg_n": 33929.0,
  "summary_fg_p05": 597.382373046875,
  "summary_fg_p95": 929.9553100585937,
  "summary_fg_stdv": 115.54364776611328,
  "tsnr": 64.889483647421
}