{
  "aor": 0.0008330373831775703,
  "aqi": 0.006896739719626168,
  "bids_meta": {
    "AccelFactPE": 2,
    "AcquisitionNumber": 1,
    "AcquisitionTime": "10:37:50.102500",
    "BandwidthPerPixelPhaseEncode": 49.18,
    "BodyPartExamined": "BRAIN",
    "ConversionSoftware": "dcm2niix",
    "ConversionSoftwareVersion": "v1.0.20170724 (OpenJPEG build) GCC6.1.0",
    "DeviceSerialNumber": "45031",
    "EchoTime": 0.034,
    "EchoTrainLength": 29,
    "EffectiveEchoSpacing": 0.000344635,
    "FlipAngle": 71,
    "ImageType": [
      "ORIGINAL",
      "PRIMARY",
      "M",
      "ND",
      "NORM",
      "MOSAIC"
    ],
    "InstitutionAddress": "Washington_and_Faculty_Rd._-_Building_25_25_Princeton_NJ_US_085",
    "InstitutionName": "Princeton_University_-_Neuroscience_Institute",
    "MagneticFieldStrength": 3,
    "Manufacturer": "Siemens",
    "ManufacturersModelName": "Skyra",
    "PhaseEncodingDirection": "j-",
    "PhaseEncodingLines": 59,
    "ProcedureStepDescription": "NormanLab_Jarrod",
    "ProtocolName": "epi_3x3x3_2s_phase2_(214_TRs)",
    "RepetitionTime": 2,
    "ScanningSequence": "EP",
    "SequenceName": "_epfid2d1_59",
    "SequenceVariant": "SK_OSP",
    "SeriesDescription": "epi_3x3x3_2s_phase2_(214_TRs)",
    "SliceTiming": [
      0.99,
      0,
      1.0475,
      0.0575,
      1.105,
      0.1175,
      1.165,
      0.175,
      1.2225,
      0.2325,
      1.28,
      0.29,
      1.34,
      0.35,
      1.3975,
      0.4075,
      1.455,
      0.465,
      1.5125,
      0.525,
      1.5725,
      0.5825,
      1.63,
      0.64,
      1.6875,
      0.6975,
      1.7475,
      0.7575,
      1.805,
      0.815,
      1.8625,
      0.8725,
      1.92,
      0.9325
    ],
    "SoftwareVersions": "syngo_MR_D11",
    "TaskName": "Phase 2",
    "TotalReadoutTime": 0.0196442,
    "TrueEchoSpacing": 0.00068927,
    "dataset": "ds001232",
    "modality": "bold",
    "run_id": 3,
    "subject_id": "12",
    "task_id": "phase2"
  },
  "dummy_trs": 0,
  "dvars_nstd": 24.007766061220646,
  "dvars_std": 1.104481299859155,
  "dvars_vstd": 1.017508279201878,
  "efc": 0.5495552667571335,
  "fber": 1790.747802734375,
  "fd_mean": 0.0906114044337373,
  "fd_num": 7,
  "fd_perc": 3.2710280373831777,
  "fwhm_avg": 1.7669929422761863,
  "fwhm_x": 1.6373084534544997,
  "fwhm_y": 1.9614898322654382,
  "fwhm_z": 1.7021805411086213,
  "gcor": 0.0380804,
  "gsr_x": 0.005465707741677761,
  "gsr_y": 0.0269254632294178,
  "provenance": {
    "md5sum": "6be4cb53614bb2d979ec37b035694d14",
    "settings": {
      "fd_thres": 0.2,
      "testing": false
    },
    "software": "mriqc",
    "version": "22.0.6",
    "webapi_port": null,
    "webapi_url": "https://mriqc.nimh.nih.gov/api/v1"
  },
  "size_t": 214,
  "size_x": 66,
  "size_y": 66,
  "size_z": 34,
  "snr": 6.268528140765476,
  "spacing_tr": 2.0,
  "spacing_x": 2.9696969985961914,
  "spacing_y": 2.9696967601776123,
  "spacing_z": 2.9999990463256836,
  "summary_bg_k": 55.37416566637337,
  "summary_bg_mad": 8.02267910953148,
  "summary_bg_mean": 30.999290466308594,
  "summary_bg_median": 17.08878517150879,
  "summary_bg_n": 82362.0,
  "summary_bg_p05": 8.925232887268066,
  "summary_bg_p95": 81.21916007995603,
  "summary_bg_stdv": 55.24039077758789,
  "summary_fg_k": 5.050563632541831,
  "summary_fg_mad": 99.3758839437263,
  "summary_fg_mean": 746.1392211914062,
  "summary_fg_median": 733.5,
  "summary_fg_n": 33499.0,
  "summary_fg_p05": 595.9195983886718,
  "summary_fg_p95": 932.1317321777343,
  "summary_fg_stdv": 117.01136779785156,
  "tsnr": 64.8790419199504
}