{
  "aor": 0.0005648235294117646,
  "aqi": 0.00698416688235294,
  "bids_meta": {
    "AccelFactPE": 2,
    "AcquisitionNumber": 1,
    "AcquisitionTime": "10:02:38.465000",
    "BandwidthPerPixelPhaseEncode": 49.18,
    "BodyPartExamined": "BRAIN",
    "ConversionSoftware": "dcm2niix",
    "ConversionSoftwareVersion": "v1.0.20170724 (OpenJPEG build) GCC6.1.0",
    "DeviceSerialNumber": "45031",
    "EchoTime": 0.034,
    "EchoTrainLength": 29,
    "EffectiveEchoSpacing": 0.000344635,
    "FlipAngle": 71,
    "ImageType": [
      "ORIGINAL",
      "PRIMARY",
      "M",
      "ND",
      "NORM",
      "MOSAIC"
    ],
    "InstitutionAddress": "Washington_and_Faculty_Rd._-_Building_25_25_Princeton_NJ_US_085",
    "InstitutionName": "Princeton_University_-_Neuroscience_Institute",
    "MagneticFieldStrength": 3,
    "Manufacturer": "Siemens",
    "ManufacturersModelName": "Skyra",
    "PhaseEncodingDirection": "j-",
    "PhaseEncodingLines": 59,
    "ProcedureStepDescription": "NormanLab_Jarrod",
    "ProtocolName": "epi_3x3x3_2s_phase1",
    "RepetitionTime": 2,
    "ScanningSequence": "EP",
    "SequenceName": "_epfid2d1_59",
    "SequenceVariant": "SK_OSP",
    "SeriesDescription": "epi_3x3x3_2s_phase1",
    "SliceTiming": [
      0.99,
      0,
      1.05,
      0.06,
      1.1075,
      0.1175,
      1.165,
      0.175,
      1.225,
      0.235,
      1.2825,
      0.2925,
      1.34,
      0.35,
      1.3975,
      0.4075,
      1.4575,
      0.4675,
      1.515,
      0.525,
      1.5725,
      0.5825,
      1.6325,
      0.6425,
      1.69,
      0.7,
      1.7475,
      0.7575,
      1.805,
      0.815,
      1.865,
      0.875,
      1.9225,
      0.9325
    ],
    "SoftwareVersions": "syngo_MR_D11",
    "TaskName": "Phase 1",
    "TotalReadoutTime": 0.0196442,
    "TrueEchoSpacing": 0.00068927,
    "dataset": "ds001232",
    "modality": "bold",
    "run_id": 2,
    "subject_id": "12",
    "task_id": "phase1"
  },
  "dummy_trs": 0,
  "dvars_nstd": 24.045877332426038,
  "dvars_std": 1.1017521149704146,
  "dvars_vstd": 1.0136442298224853,
  "efc": 0.5567835010263519,
  "fber": 1708.0701904296875,
  "fd_mean": 0.11605597802669639,
  "fd_num": 13,
  "fd_perc": 7.647058823529412,
  "fwhm_avg": 1.745053652784801,
  "fwhm_x": 1.6361332493843035,
  "fwhm_y": 1.9242671765780646,
  "fwhm_z": 1.6747605323920354,
  "gcor": 0.0259292,
  "gsr_x": 0.0011305450461804867,
  "gsr_y": 0.02522973157465458,
  "provenance": {
    "md5sum": "8ac936df4eecc1a78b7bcec03f26ee35",
    "settings": {
      "fd_thres": 0.2,
      "testing": false
    },
    "software": "mriqc",
    "version": "22.0.6",
    "webapi_port": null,
    "webapi_url": "https://mriqc.nimh.nih.gov/api/v1"
  },
  "size_t": 170,
  "size_x": 66,
  "size_y": 66,
  "size_z": 34,
  "snr": 6.363318075065422,
  "spacing_tr": 2.0,
  "spacing_x": 2.9696969985961914,
  "spacing_y": 2.9696967601776123,
  "spacing_z": 2.9999990463256836,
  "summary_bg_k": 55.418874905720465,
  "summary_bg_mad": 8.389783553657534,
  "summary_bg_mean": 32.101322174072266,
  "summary_bg_median": 17.51764678955078,
  "summary_bg_n": 81326.0,
  "summary_bg_p05": 9.019117593765259,
  "summary_bg_p95": 87.92500114440918,
  "summary_bg_stdv": 56.464134216308594,
  "summary_fg_k": 4.9777589243879214,
  "summary_fg_mad": 97.97381858889683,
  "summary_fg_mean": 746.222412109375,
  "summary_fg_median": 734.3294067382812,
  "summary_fg_n": 34173.0,
  "summary_fg_p05": 597.4694458007813,
  "summary_fg_p95": 928.0953125,
  "summary_fg_stdv": 115.3987045288086,
  "tsnr": 64.08344314084388
}