{
  "aor": 0.0008665294117647059,
  "aqi": 0.0068198535882352945,
  "bids_meta": {
    "AccelFactPE": 2,
    "AcquisitionNumber": 1,
    "AcquisitionTime": "10:08:49.972500",
    "BandwidthPerPixelPhaseEncode": 49.18,
    "BodyPartExamined": "BRAIN",
    "ConversionSoftware": "dcm2niix",
    "ConversionSoftwareVersion": "v1.0.20170724 (OpenJPEG build) GCC6.1.0",
    "DeviceSerialNumber": "45031",
    "EchoTime": 0.034,
    "EchoTrainLength": 29,
    "EffectiveEchoSpacing": 0.000344635,
    "FlipAngle": 71,
    "ImageType": [
      "ORIGINAL",
      "PRIMARY",
      "M",
      "ND",
      "NORM",
      "MOSAIC"
    ],
    "InstitutionAddress": "Washington_and_Faculty_Rd._-_Building_25_25_Princeton_NJ_US_085",
    "InstitutionName": "Princeton_University_-_Neuroscience_Institute",
    "MagneticFieldStrength": 3,
    "Manufacturer": "Siemens",
    "ManufacturersModelName": "Skyra",
    "PhaseEncodingDirection": "j-",
    "PhaseEncodingLines": 59,
    "ProcedureStepDescription": "NormanLab_Jarrod",
    "ProtocolName": "epi_3x3x3_2s_phase1",
    "RepetitionTime": 2,
    "ScanningSequence": "EP",
    "SequenceName": "_epfid2d1_59",
    "SequenceVariant": "SK_OSP",
    "SeriesDescription": "epi_3x3x3_2s_phase1",
    "SliceTiming": [
      0.99,
      0,
      1.0475,
      0.0575,
      1.105,
      0.115,
      1.165,
      0.175,
      1.2225,
      0.2325,
      1.28,
      0.29,
      1.3375,
      0.35,
      1.3975,
      0.4075,
      1.455,
      0.465,
      1.5125,
      0.5225,
      1.5725,
      0.5825,
      1.63,
      0.64,
      1.6875,
      0.6975,
      1.7475,
      0.7575,
      1.805,
      0.815,
      1.8625,
      0.8725,
      1.92,
      0.93
    ],
    "SoftwareVersions": "syngo_MR_D11",
    "TaskName": "Phase 1",
    "TotalReadoutTime": 0.0196442,
    "TrueEchoSpacing": 0.00068927,
    "dataset": "ds001232",
    "modality": "bold",
    "run_id": 3,
    "subject_id": "12",
    "task_id": "phase1"
  },
  "dummy_trs": 0,
  "dvars_nstd": 23.932132551715988,
  "dvars_std": 1.1142650607692302,
  "dvars_vstd": 1.0188089364497037,
  "efc": 0.5554538870132464,
  "fber": 1727.3260498046875,
  "fd_mean": 0.09994724158966822,
  "fd_num": 10,
  "fd_perc": 5.882352941176471,
  "fwhm_avg": 1.7497958195294778,
  "fwhm_x": 1.6441845758365652,
  "fwhm_y": 1.9171890128133766,
  "fwhm_z": 1.6880138699384912,
  "gcor": 0.0457753,
  "gsr_x": 0.0022960356436669827,
  "gsr_y": 0.025812271982431412,
  "provenance": {
    "md5sum": "9f7f3c7253e32e3737bf82ae7ec1ab94",
    "settings": {
      "fd_thres": 0.2,
      "testing": false
    },
    "software": "mriqc",
    "version": "22.0.6",
    "webapi_port": null,
    "webapi_url": "https://mriqc.nimh.nih.gov/api/v1"
  },
  "size_t": 170,
  "size_x": 66,
  "size_y": 66,
  "size_z": 34,
  "snr": 6.365533827285494,
  "spacing_tr": 2.0,
  "spacing_x": 2.9696969985961914,
  "spacing_y": 2.9696967601776123,
  "spacing_z": 2.9999990463256836,
  "summary_bg_k": 53.25292482600357,
  "summary_bg_mad": 8.293851932753403,
  "summary_bg_mean": 32.05238342285156,
  "summary_bg_median": 17.447059631347656,
  "summary_bg_n": 81569.0,
  "summary_bg_p05": 9.070588111877441,
  "summary_bg_p95": 87.8376495361326,
  "summary_bg_stdv": 56.610137939453125,
  "summary_fg_k": 4.933960010584559,
  "summary_fg_mad": 98.13082022763629,
  "summary_fg_mean": 747.5075073242188,
  "summary_fg_median": 735.7941284179688,
  "summary_fg_n": 34097.0,
  "summary_fg_p05": 597.6470947265625,
  "summary_fg_p95": 931.0118041992187,
  "summary_fg_stdv": 115.58863067626953,
  "tsnr": 64.7822787403129
}