{
  "aor": 0.0034256074766355143,
  "aqi": 0.007317834205607478,
  "bids_meta": {
    "AccelFactPE": 2,
    "AcquisitionNumber": 1,
    "AcquisitionTime": "10:45:24.897500",
    "BandwidthPerPixelPhaseEncode": 49.18,
    "BodyPartExamined": "BRAIN",
    "ConversionSoftware": "dcm2niix",
    "ConversionSoftwareVersion": "v1.0.20170724 (OpenJPEG build) GCC6.1.0",
    "DeviceSerialNumber": "45031",
    "EchoTime": 0.034,
    "EchoTrainLength": 29,
    "EffectiveEchoSpacing": 0.000344635,
    "FlipAngle": 71,
    "ImageType": [
      "ORIGINAL",
      "PRIMARY",
      "M",
      "ND",
      "NORM",
      "MOSAIC"
    ],
    "InstitutionAddress": "Washington_and_Faculty_Rd._-_Building_25_25_Princeton_NJ_US_085",
    "InstitutionName": "Princeton_University_-_Neuroscience_Institute",
    "MagneticFieldStrength": 3,
    "Manufacturer": "Siemens",
    "ManufacturersModelName": "Skyra",
    "PhaseEncodingDirection": "j-",
    "PhaseEncodingLines": 59,
    "ProcedureStepDescription": "NormanLab_Jarrod",
    "ProtocolName": "epi_3x3x3_2s_phase2_(214_TRs)",
    "RepetitionTime": 2,
    "ScanningSequence": "EP",
    "SequenceName": "_epfid2d1_59",
    "SequenceVariant": "SK_OSP",
    "SeriesDescription": "epi_3x3x3_2s_phase2_(214_TRs)",
    "SliceTiming": [
      0.9875,
      0,
      1.0475,
      0.0575,
      1.105,
      0.115,
      1.1625,
      0.1725,
      1.2225,
      0.2325,
      1.28,
      0.29,
      1.3375,
      0.3475,
      1.395,
      0.4075,
      1.455,
      0.465,
      1.5125,
      0.5225,
      1.57,
      0.58,
      1.63,
      0.64,
      1.6875,
      0.6975,
      1.745,
      0.755,
      1.8025,
      0.815,
      1.8625,
      0.8725,
      1.92,
      0.93
    ],
    "SoftwareVersions": "syngo_MR_D11",
    "TaskName": "Phase 2",
    "TotalReadoutTime": 0.0196442,
    "TrueEchoSpacing": 0.00068927,
    "dataset": "ds001232",
    "modality": "bold",
    "run_id": 4,
    "subject_id": "12",
    "task_id": "phase2"
  },
  "dummy_trs": 0,
  "dvars_nstd": 24.86287472521125,
  "dvars_std": 1.143956830046948,
  "dvars_vstd": 1.053609705633803,
  "efc": 0.5503133486937525,
  "fber": 1771.2706298828125,
  "fd_mean": 0.12742433182658386,
  "fd_num": 20,
  "fd_perc": 9.345794392523365,
  "fwhm_avg": 1.7640234065295424,
  "fwhm_x": 1.6382344738536516,
  "fwhm_y": 1.95608187270022,
  "fwhm_z": 1.6977538730347548,
  "gcor": 0.0441714,
  "gsr_x": 0.005615512374788523,
  "gsr_y": 0.027539927512407303,
  "provenance": {
    "md5sum": "93c456ce4d3376761a8f0126f7fdaec6",
    "settings": {
      "fd_thres": 0.2,
      "testing": false
    },
    "software": "mriqc",
    "version": "22.0.6",
    "webapi_port": null,
    "webapi_url": "https://mriqc.nimh.nih.gov/api/v1"
  },
  "size_t": 214,
  "size_x": 66,
  "size_y": 66,
  "size_z": 34,
  "snr": 6.279800379318046,
  "spacing_tr": 2.0,
  "spacing_x": 2.9696969985961914,
  "spacing_y": 2.9696967601776123,
  "spacing_z": 2.9999990463256836,
  "summary_bg_k": 53.68608891311335,
  "summary_bg_mad": 8.050390520893643,
  "summary_bg_mean": 31.29055404663086,
  "summary_bg_median": 17.12149429321289,
  "summary_bg_n": 82342.0,
  "summary_bg_p05": 8.9579439163208,
  "summary_bg_p95": 82.96238212585448,
  "summary_bg_stdv": 55.685523986816406,
  "summary_fg_k": 5.041386237590839,
  "summary_fg_mad": 98.97410453392618,
  "summary_fg_mean": 743.69482421875,
  "summary_fg_median": 731.6098022460938,
  "summary_fg_n": 33554.0,
  "summary_fg_p05": 593.7067443847657,
  "summary_fg_p95": 929.3810485839841,
  "summary_fg_stdv": 116.5003433227539,
  "tsnr": 63.03127586655319
}