{
  "aor": 0.0015658411214953271,
  "aqi": 0.007094958878504673,
  "bids_meta": {
    "AccelFactPE": 2,
    "AcquisitionNumber": 1,
    "AcquisitionTime": "11:00:37.730000",
    "BandwidthPerPixelPhaseEncode": 49.18,
    "BodyPartExamined": "BRAIN",
    "ConversionSoftware": "dcm2niix",
    "ConversionSoftwareVersion": "v1.0.20170724 (OpenJPEG build) GCC6.1.0",
    "DeviceSerialNumber": "45031",
    "EchoTime": 0.034,
    "EchoTrainLength": 29,
    "EffectiveEchoSpacing": 0.000344635,
    "FlipAngle": 71,
    "ImageType": [
      "ORIGINAL",
      "PRIMARY",
      "M",
      "ND",
      "NORM",
      "MOSAIC"
    ],
    "InstitutionAddress": "Washington_and_Faculty_Rd._-_Building_25_25_Princeton_NJ_US_085",
    "InstitutionName": "Princeton_University_-_Neuroscience_Institute",
    "MagneticFieldStrength": 3,
    "Manufacturer": "Siemens",
    "ManufacturersModelName": "Skyra",
    "PhaseEncodingDirection": "j-",
    "PhaseEncodingLines": 59,
    "ProcedureStepDescription": "NormanLab_Jarrod",
    "ProtocolName": "epi_3x3x3_2s_phase2_(214_TRs)",
    "RepetitionTime": 2,
    "ScanningSequence": "EP",
    "SequenceName": "_epfid2d1_59",
    "SequenceVariant": "SK_OSP",
    "SeriesDescription": "epi_3x3x3_2s_phase2_(214_TRs)",
    "SliceTiming": [
      0.99,
      0,
      1.0475,
      0.0575,
      1.105,
      0.115,
      1.165,
      0.175,
      1.2225,
      0.2325,
      1.28,
      0.29,
      1.34,
      0.35,
      1.3975,
      0.4075,
      1.455,
      0.465,
      1.5125,
      0.5225,
      1.5725,
      0.5825,
      1.63,
      0.64,
      1.6875,
      0.6975,
      1.7475,
      0.7575,
      1.805,
      0.815,
      1.8625,
      0.8725,
      1.92,
      0.93
    ],
    "SoftwareVersions": "syngo_MR_D11",
    "TaskName": "Phase 2",
    "TotalReadoutTime": 0.0196442,
    "TrueEchoSpacing": 0.00068927,
    "dataset": "ds001232",
    "modality": "bold",
    "run_id": 6,
    "subject_id": "12",
    "task_id": "phase2"
  },
  "dummy_trs": 0,
  "dvars_nstd": 23.74733550577464,
  "dvars_std": 1.0966236427699534,
  "dvars_vstd": 1.0260511545539917,
  "efc": 0.5494624447473219,
  "fber": 1784.107421875,
  "fd_mean": 0.1077355054921068,
  "fd_num": 15,
  "fd_perc": 7.009345794392523,
  "fwhm_avg": 1.7600957978533023,
  "fwhm_x": 1.6366888616237947,
  "fwhm_y": 1.9547079950522692,
  "fwhm_z": 1.6888905368838427,
  "gcor": 0.0282832,
  "gsr_x": 0.006214581895619631,
  "gsr_y": 0.027021070942282677,
  "provenance": {
    "md5sum": "f284ba84ac4f7f00d6a0cd6e32396102",
    "settings": {
      "fd_thres": 0.2,
      "testing": false
    },
    "software": "mriqc",
    "version": "22.0.6",
    "webapi_port": null,
    "webapi_url": "https://mriqc.nimh.nih.gov/api/v1"
  },
  "size_t": 214,
  "size_x": 66,
  "size_y": 66,
  "size_z": 34,
  "snr": 6.270143988116565,
  "spacing_tr": 2.0,
  "spacing_x": 2.9696969985961914,
  "spacing_y": 2.9696967601776123,
  "spacing_z": 2.9999990463256836,
  "summary_bg_k": 54.91060171892039,
  "summary_bg_mad": 7.932613841285221,
  "summary_bg_mean": 30.865066528320312,
  "summary_bg_median": 17.016353607177734,
  "summary_bg_n": 82448.0,
  "summary_bg_p05": 8.90654182434082,
  "summary_bg_p95": 81.41214752197244,
  "summary_bg_stdv": 54.752620697021484,
  "summary_fg_k": 5.061423475365917,
  "summary_fg_mad": 97.97644282378066,
  "summary_fg_mean": 741.001708984375,
  "summary_fg_median": 728.766357421875,
  "summary_fg_n": 33451.0,
  "summary_fg_p05": 592.5467224121094,
  "summary_fg_p95": 925.0443725585938,
  "summary_fg_stdv": 116.22627258300781,
  "tsnr": 64.10545851057395
}