{
  "aor": 0.0005591549295774649,
  "aqi": 0.008965885539906104,
  "bids_meta": {
    "AccelFactPE": 2,
    "AcquisitionNumber": 1,
    "AcquisitionTime": "10:41:14.120000",
    "BandwidthPerPixelPhaseEncode": 49.18,
    "BodyPartExamined": "BRAIN",
    "ConversionSoftware": "dcm2niix",
    "ConversionSoftwareVersion": "v1.0.20170724 (OpenJPEG build) GCC6.1.0",
    "DeviceSerialNumber": "45031",
    "EchoTime": 0.034,
    "EchoTrainLength": 29,
    "EffectiveEchoSpacing": 0.000344635,
    "FlipAngle": 71,
    "ImageType": [
      "ORIGINAL",
      "PRIMARY",
      "M",
      "ND",
      "NORM",
      "MOSAIC"
    ],
    "InstitutionAddress": "Washington_and_Faculty_Rd._-_Building_25_25_Princeton_NJ_US_085",
    "InstitutionName": "Princeton_University_-_Neuroscience_Institute",
    "MagneticFieldStrength": 3,
    "Manufacturer": "Siemens",
    "ManufacturersModelName": "Skyra",
    "PhaseEncodingDirection": "j-",
    "PhaseEncodingLines": 59,
    "ProcedureStepDescription": "NormanLab_Jarrod",
    "ProtocolName": "epi_3x3x3_2s_phase2_(214_TRs)",
    "RepetitionTime": 2,
    "ScanningSequence": "EP",
    "SequenceName": "_epfid2d1_59",
    "SequenceVariant": "SK_OSP",
    "SeriesDescription": "epi_3x3x3_2s_phase2_(214_TRs)",
    "SliceTiming": [
      0.99,
      0,
      1.0475,
      0.0575,
      1.105,
      0.115,
      1.1625,
      0.175,
      1.2225,
      0.2325,
      1.28,
      0.29,
      1.3375,
      0.3475,
      1.3975,
      0.4075,
      1.455,
      0.465,
      1.5125,
      0.5225,
      1.57,
      0.5825,
      1.63,
      0.64,
      1.6875,
      0.6975,
      1.745,
      0.755,
      1.805,
      0.815,
      1.8625,
      0.8725,
      1.92,
      0.93
    ],
    "SoftwareVersions": "syngo_MR_D11",
    "TaskName": "Phase 2",
    "TotalReadoutTime": 0.0196442,
    "TrueEchoSpacing": 0.00068927,
    "dataset": "ds001232",
    "modality": "bold",
    "run_id": 2,
    "subject_id": "05",
    "task_id": "phase2"
  },
  "dummy_trs": 1,
  "dvars_nstd": 29.386584965801894,
  "dvars_std": 1.1367416628301885,
  "dvars_vstd": 1.0053499586320758,
  "efc": 0.5547560168281126,
  "fber": 1419.1622314453125,
  "fd_mean": 0.16408650619433734,
  "fd_num": 43,
  "fd_perc": 20.187793427230048,
  "fwhm_avg": 1.7035020111915191,
  "fwhm_x": 1.568718964326051,
  "fwhm_y": 1.9117573283347564,
  "fwhm_z": 1.63002974091375,
  "gcor": 0.0206752,
  "gsr_x": 0.007840759120881557,
  "gsr_y": 0.023215822875499725,
  "provenance": {
    "md5sum": "00f71364fab34b1be989868513fabc0a",
    "settings": {
      "fd_thres": 0.2,
      "testing": false
    },
    "software": "mriqc",
    "version": "22.0.6",
    "webapi_port": null,
    "webapi_url": "https://mriqc.nimh.nih.gov/api/v1"
  },
  "size_t": 213,
  "size_x": 66,
  "size_y": 66,
  "size_z": 34,
  "snr": 6.3767612289891735,
  "spacing_tr": 2.0,
  "spacing_x": 2.9696969985961914,
  "spacing_y": 2.9696969985961914,
  "spacing_z": 3.000000476837158,
  "summary_bg_k": 23.915719714985116,
  "summary_bg_mad": 8.944338396341612,
  "summary_bg_mean": 33.02477264404297,
  "summary_bg_median": 17.427230834960938,
  "summary_bg_n": 82730.0,
  "summary_bg_p05": 9.441314697265625,
  "summary_bg_p95": 106.71244316101081,
  "summary_bg_stdv": 50.748512268066406,
  "summary_fg_k": 3.6419597615404724,
  "summary_fg_mad": 90.83544725059029,
  "summary_fg_mean": 682.3275756835938,
  "summary_fg_median": 672.9859008789062,
  "summary_fg_n": 32533.0,
  "summary_fg_p05": 540.6037719726562,
  "summary_fg_p95": 848.9323852539062,
  "summary_fg_stdv": 105.53563690185547,
  "tsnr": 55.85999904549681
}