{
  "aor": 0.0011776056338028168,
  "aqi": 0.009805798873239437,
  "bids_meta": {
    "AccelFactPE": 2,
    "AcquisitionNumber": 1,
    "AcquisitionTime": "11:03:47.557500",
    "BandwidthPerPixelPhaseEncode": 49.18,
    "BodyPartExamined": "BRAIN",
    "ConversionSoftware": "dcm2niix",
    "ConversionSoftwareVersion": "v1.0.20170724 (OpenJPEG build) GCC6.1.0",
    "DeviceSerialNumber": "45031",
    "EchoTime": 0.034,
    "EchoTrainLength": 29,
    "EffectiveEchoSpacing": 0.000344635,
    "FlipAngle": 71,
    "ImageType": [
      "ORIGINAL",
      "PRIMARY",
      "M",
      "ND",
      "NORM",
      "MOSAIC"
    ],
    "InstitutionAddress": "Washington_and_Faculty_Rd._-_Building_25_25_Princeton_NJ_US_085",
    "InstitutionName": "Princeton_University_-_Neuroscience_Institute",
    "MagneticFieldStrength": 3,
    "Manufacturer": "Siemens",
    "ManufacturersModelName": "Skyra",
    "PhaseEncodingDirection": "j-",
    "PhaseEncodingLines": 59,
    "ProcedureStepDescription": "NormanLab_Jarrod",
    "ProtocolName": "epi_3x3x3_2s_phase2_(214_TRs)",
    "RepetitionTime": 2,
    "ScanningSequence": "EP",
    "SequenceName": "_epfid2d1_59",
    "SequenceVariant": "SK_OSP",
    "SeriesDescription": "epi_3x3x3_2s_phase2_(214_TRs)",
    "SliceTiming": [
      0.99,
      0,
      1.0475,
      0.0575,
      1.105,
      0.115,
      1.165,
      0.175,
      1.2225,
      0.2325,
      1.28,
      0.29,
      1.3375,
      0.35,
      1.3975,
      0.4075,
      1.455,
      0.465,
      1.5125,
      0.5225,
      1.5725,
      0.5825,
      1.63,
      0.64,
      1.6875,
      0.6975,
      1.745,
      0.7575,
      1.805,
      0.815,
      1.8625,
      0.8725,
      1.92,
      0.93
    ],
    "SoftwareVersions": "syngo_MR_D11",
    "TaskName": "Phase 2",
    "TotalReadoutTime": 0.0196442,
    "TrueEchoSpacing": 0.00068927,
    "dataset": "ds001232",
    "modality": "bold",
    "run_id": 5,
    "subject_id": "05",
    "task_id": "phase2"
  },
  "dummy_trs": 1,
  "dvars_nstd": 30.34825584117925,
  "dvars_std": 1.1577297462264144,
  "dvars_vstd": 1.0158510398113207,
  "efc": 0.5546995350081353,
  "fber": 1431.415283203125,
  "fd_mean": 0.17832740079621573,
  "fd_num": 56,
  "fd_perc": 26.291079812206572,
  "fwhm_avg": 1.7031839158351587,
  "fwhm_x": 1.571109780629316,
  "fwhm_y": 1.9059722263502372,
  "fwhm_z": 1.6324697405259225,
  "gcor": 0.0185435,
  "gsr_x": 0.008685854263603687,
  "gsr_y": 0.02224014885723591,
  "provenance": {
    "md5sum": "732f6acf7a92105f194bf578b929f890",
    "settings": {
      "fd_thres": 0.2,
      "testing": false
    },
    "software": "mriqc",
    "version": "22.0.6",
    "webapi_port": null,
    "webapi_url": "https://mriqc.nimh.nih.gov/api/v1"
  },
  "size_t": 213,
  "size_x": 66,
  "size_y": 66,
  "size_z": 34,
  "snr": 6.389392881102421,
  "spacing_tr": 2.0,
  "spacing_x": 2.9696969985961914,
  "spacing_y": 2.9696969985961914,
  "spacing_z": 3.000000476837158,
  "summary_bg_k": 23.470058201418887,
  "summary_bg_mad": 8.832969600619784,
  "summary_bg_mean": 32.89278793334961,
  "summary_bg_median": 17.30047035217285,
  "summary_bg_n": 82706.0,
  "summary_bg_p05": 9.394366264343262,
  "summary_bg_p95": 106.61033248901367,
  "summary_bg_stdv": 50.56393051147461,
  "summary_fg_k": 3.697328279295556,
  "summary_fg_mad": 89.93058391538847,
  "summary_fg_mean": 679.4183349609375,
  "summary_fg_median": 670.8028564453125,
  "summary_fg_n": 32576.0,
  "summary_fg_p05": 538.6971740722656,
  "summary_fg_p95": 844.8180694580078,
  "summary_fg_stdv": 104.98533630371094,
  "tsnr": 54.041520934551954
}