{
  "aor": 0.0011404117647058824,
  "aqi": 0.009123618411764706,
  "bids_meta": {
    "AccelFactPE": 2,
    "AcquisitionNumber": 1,
    "AcquisitionTime": "10:13:43.752500",
    "BandwidthPerPixelPhaseEncode": 49.18,
    "BodyPartExamined": "BRAIN",
    "ConversionSoftware": "dcm2niix",
    "ConversionSoftwareVersion": "v1.0.20170724 (OpenJPEG build) GCC6.1.0",
    "DeviceSerialNumber": "45031",
    "EchoTime": 0.034,
    "EchoTrainLength": 29,
    "EffectiveEchoSpacing": 0.000344635,
    "FlipAngle": 71,
    "ImageType": [
      "ORIGINAL",
      "PRIMARY",
      "M",
      "ND",
      "NORM",
      "MOSAIC"
    ],
    "InstitutionAddress": "Washington_and_Faculty_Rd._-_Building_25_25_Princeton_NJ_US_085",
    "InstitutionName": "Princeton_University_-_Neuroscience_Institute",
    "MagneticFieldStrength": 3,
    "Manufacturer": "Siemens",
    "ManufacturersModelName": "Skyra",
    "PhaseEncodingDirection": "j-",
    "PhaseEncodingLines": 59,
    "ProcedureStepDescription": "NormanLab_Jarrod",
    "ProtocolName": "epi_3x3x3_2s_phase1",
    "RepetitionTime": 2,
    "ScanningSequence": "EP",
    "SequenceName": "_epfid2d1_59",
    "SequenceVariant": "SK_OSP",
    "SeriesDescription": "epi_3x3x3_2s_phase1",
    "SliceTiming": [
      0.99,
      0,
      1.0475,
      0.0575,
      1.1075,
      0.1175,
      1.165,
      0.175,
      1.2225,
      0.2325,
      1.28,
      0.2925,
      1.34,
      0.35,
      1.3975,
      0.4075,
      1.455,
      0.465,
      1.515,
      0.525,
      1.5725,
      0.5825,
      1.63,
      0.64,
      1.6875,
      0.7,
      1.7475,
      0.7575,
      1.805,
      0.815,
      1.8625,
      0.8725,
      1.9225,
      0.9325
    ],
    "SoftwareVersions": "syngo_MR_D11",
    "TaskName": "Phase 1",
    "TotalReadoutTime": 0.0196442,
    "TrueEchoSpacing": 0.00068927,
    "dataset": "ds001232",
    "modality": "bold",
    "run_id": 2,
    "subject_id": "05",
    "task_id": "phase1"
  },
  "dummy_trs": 0,
  "dvars_nstd": 29.87834141532545,
  "dvars_std": 1.171354546863905,
  "dvars_vstd": 1.023323474260355,
  "efc": 0.554707367864302,
  "fber": 1403.2581787109375,
  "fd_mean": 0.14793925552574927,
  "fd_num": 27,
  "fd_perc": 15.882352941176471,
  "fwhm_avg": 1.7209246745020712,
  "fwhm_x": 1.5828618213312788,
  "fwhm_y": 1.931405797531305,
  "fwhm_z": 1.6485064046436302,
  "gcor": 0.00733298,
  "gsr_x": 0.006913087796419859,
  "gsr_y": 0.022477149963378906,
  "provenance": {
    "md5sum": "fc2b3473bf39fa9feb584e730249821b",
    "settings": {
      "fd_thres": 0.2,
      "testing": false
    },
    "software": "mriqc",
    "version": "22.0.6",
    "webapi_port": null,
    "webapi_url": "https://mriqc.nimh.nih.gov/api/v1"
  },
  "size_t": 170,
  "size_x": 66,
  "size_y": 66,
  "size_z": 34,
  "snr": 6.386709360863262,
  "spacing_tr": 2.0,
  "spacing_x": 2.9696969985961914,
  "spacing_y": 2.9696969985961914,
  "spacing_z": 3.000000476837158,
  "summary_bg_k": 23.185861050657547,
  "summary_bg_mad": 9.000268816222885,
  "summary_bg_mean": 32.47250747680664,
  "summary_bg_median": 17.55882453918457,
  "summary_bg_n": 82609.0,
  "summary_bg_p05": 9.464706420898438,
  "summary_bg_p95": 104.05764617919907,
  "summary_bg_stdv": 48.5697135925293,
  "summary_fg_k": 3.5527504639810354,
  "summary_fg_mad": 90.4562000644479,
  "summary_fg_mean": 682.87890625,
  "summary_fg_median": 674.2000122070312,
  "summary_fg_n": 32683.0,
  "summary_fg_p05": 539.4594116210938,
  "summary_fg_p95": 848.5406127929688,
  "summary_fg_stdv": 105.56135559082031,
  "tsnr": 56.28627854085062
}