{
  "aor": 0.0008222941176470588,
  "aqi": 0.008516484411764705,
  "bids_meta": {
    "AccelFactPE": 2,
    "AcquisitionNumber": 1,
    "AcquisitionTime": "10:25:56.552500",
    "BandwidthPerPixelPhaseEncode": 49.18,
    "BodyPartExamined": "BRAIN",
    "ConversionSoftware": "dcm2niix",
    "ConversionSoftwareVersion": "v1.0.20170724 (OpenJPEG build) GCC6.1.0",
    "DeviceSerialNumber": "45031",
    "EchoTime": 0.034,
    "EchoTrainLength": 29,
    "EffectiveEchoSpacing": 0.000344635,
    "FlipAngle": 71,
    "ImageType": [
      "ORIGINAL",
      "PRIMARY",
      "M",
      "ND",
      "NORM",
      "MOSAIC"
    ],
    "InstitutionAddress": "Washington_and_Faculty_Rd._-_Building_25_25_Princeton_NJ_US_085",
    "InstitutionName": "Princeton_University_-_Neuroscience_Institute",
    "MagneticFieldStrength": 3,
    "Manufacturer": "Siemens",
    "ManufacturersModelName": "Skyra",
    "PhaseEncodingDirection": "j-",
    "PhaseEncodingLines": 59,
    "ProcedureStepDescription": "NormanLab_Jarrod",
    "ProtocolName": "epi_3x3x3_2s_phase1",
    "RepetitionTime": 2,
    "ScanningSequence": "EP",
    "SequenceName": "_epfid2d1_59",
    "SequenceVariant": "SK_OSP",
    "SeriesDescription": "epi_3x3x3_2s_phase1",
    "SliceTiming": [
      0.99,
      0,
      1.0475,
      0.0575,
      1.105,
      0.115,
      1.1625,
      0.175,
      1.2225,
      0.2325,
      1.28,
      0.29,
      1.3375,
      0.3475,
      1.3975,
      0.4075,
      1.455,
      0.465,
      1.5125,
      0.5225,
      1.57,
      0.5825,
      1.63,
      0.64,
      1.6875,
      0.6975,
      1.745,
      0.755,
      1.805,
      0.815,
      1.8625,
      0.8725,
      1.92,
      0.93
    ],
    "SoftwareVersions": "syngo_MR_D11",
    "TaskName": "Phase 1",
    "TotalReadoutTime": 0.0196442,
    "TrueEchoSpacing": 0.00068927,
    "dataset": "ds001232",
    "modality": "bold",
    "run_id": 4,
    "subject_id": "05",
    "task_id": "phase1"
  },
  "dummy_trs": 0,
  "dvars_nstd": 29.908034047810645,
  "dvars_std": 1.1707672813609469,
  "dvars_vstd": 1.0199149107100587,
  "efc": 0.5554732826570876,
  "fber": 1409.1025390625,
  "fd_mean": 0.1440707580598347,
  "fd_num": 20,
  "fd_perc": 11.764705882352942,
  "fwhm_avg": 1.713036953929582,
  "fwhm_x": 1.5735612091768887,
  "fwhm_y": 1.9258732465647364,
  "fwhm_z": 1.6396764060471207,
  "gcor": 0.0108948,
  "gsr_x": 0.007605577819049358,
  "gsr_y": 0.022039905190467834,
  "provenance": {
    "md5sum": "3eec55c95f576c548fc7c08ff7b910e7",
    "settings": {
      "fd_thres": 0.2,
      "testing": false
    },
    "software": "mriqc",
    "version": "22.0.6",
    "webapi_port": null,
    "webapi_url": "https://mriqc.nimh.nih.gov/api/v1"
  },
  "size_t": 170,
  "size_x": 66,
  "size_y": 66,
  "size_z": 34,
  "snr": 6.415592687888098,
  "spacing_tr": 2.0,
  "spacing_x": 2.9696969985961914,
  "spacing_y": 2.9696969985961914,
  "spacing_z": 3.000000476837158,
  "summary_bg_k": 23.31292527211643,
  "summary_bg_mad": 8.904335781399098,
  "summary_bg_mean": 32.859683990478516,
  "summary_bg_median": 17.45294189453125,
  "summary_bg_n": 82536.0,
  "summary_bg_p05": 9.5,
  "summary_bg_p95": 107.02499961853027,
  "summary_bg_stdv": 50.15781784057617,
  "summary_fg_k": 3.568141797076528,
  "summary_fg_mad": 89.72358607756915,
  "summary_fg_mean": 679.7347412109375,
  "summary_fg_median": 671.2058715820312,
  "summary_fg_n": 32688.0,
  "summary_fg_p05": 538.1491455078125,
  "summary_fg_p95": 845.2935607910156,
  "summary_fg_stdv": 104.61942291259766,
  "tsnr": 57.49733354989439
}