{
  "bids_meta": {
    "AcquisitionNumber": 1,
    "AcquisitionTime": "12:58:37.110000",
    "BodyPartExamined": "BRAIN",
    "ConversionSoftware": "dcm2niix",
    "ConversionSoftwareVersion": "v1.0.20170724 (OpenJPEG build) GCC6.1.0",
    "DeviceSerialNumber": "45031",
    "EchoTime": 0.00308,
    "FlipAngle": 9,
    "ImageType": [
      "ORIGINAL",
      "PRIMARY",
      "M",
      "ND",
      "NORM"
    ],
    "InstitutionAddress": "Washington_and_Faculty_Rd._-_Building_25_25_Princeton_NJ_US_085",
    "InstitutionName": "Princeton_University_-_Neuroscience_Institute",
    "InversionTime": 0.9,
    "MagneticFieldStrength": 3,
    "Manufacturer": "Siemens",
    "ManufacturersModelName": "Skyra",
    "PhaseEncodingDirection": "i-",
    "PhaseEncodingLines": 224,
    "ProcedureStepDescription": "NormanLab_Jarrod",
    "ProtocolName": "long_mprage",
    "RepetitionTime": 2.3,
    "ScanningSequence": "GR_IR",
    "SequenceName": "_tfl3d1_16ns",
    "SequenceVariant": "SK_SP_MP",
    "SeriesDescription": "long_mprage",
    "SoftwareVersions": "syngo_MR_D11",
    "dataset": "ds001232",
    "modality": "T1w",
    "subject_id": "06"
  },
  "cjv": 0.4916492662637719,
  "cnr": 2.5725179350641394,
  "efc": 0.7222810205580226,
  "fber": 987.9817293435102,
  "fwhm_avg": 3.711281237340353,
  "fwhm_x": 3.6102015302028785,
  "fwhm_y": 3.9732945454545456,
  "fwhm_z": 3.550347636363636,
  "icvs_csf": 0.17624421604838847,
  "icvs_gm": 0.4177792116335809,
  "icvs_wm": 0.40597657231803064,
  "inu_med": 0.8345759510993958,
  "inu_range": 0.45433217883110055,
  "provenance": {
    "md5sum": "19525d75adb35ab1b4ddde2499c2a0b1",
    "settings": {
      "testing": false
    },
    "software": "mriqc",
    "version": "22.0.6",
    "warnings": {
      "large_rot_frame": true,
      "small_air_mask": false
    },
    "webapi_port": null,
    "webapi_url": "https://mriqc.nimh.nih.gov/api/v1"
  },
  "qi_1": 0.0006622234625772791,
  "qi_2": 0.001314533993691002,
  "rpve_csf": 14.779681314462977,
  "rpve_gm": 6.304609504782514,
  "rpve_wm": 7.42199425301986,
  "size_x": 176,
  "size_y": 224,
  "size_z": 256,
  "snr_csf": 2.1285556762548077,
  "snr_gm": 9.670348742301147,
  "snr_total": 8.025083064573982,
  "snr_wm": 12.276344775165994,
  "snrd_csf": 4.504672523000466,
  "snrd_gm": 12.025270834862043,
  "snrd_total": 11.216169348916742,
  "snrd_wm": 17.118564688887716,
  "spacing_x": 0.8999996185302734,
  "spacing_y": 0.859375,
  "spacing_z": 0.859375,
  "summary_bg_k": 458.74587616495637,
  "summary_bg_mad": 0.0,
  "summary_bg_mean": 13.185753405959876,
  "summary_bg_median": 0.0,
  "summary_bg_n": 1287677.0,
  "summary_bg_p05": 0.0,
  "summary_bg_p95": 57.0764575637877,
  "summary_bg_stdv": 38.27353733239904,
  "summary_csf_k": 22.357097092897895,
  "summary_csf_mad": 83.92088192438402,
  "summary_csf_mean": 276.0889583258138,
  "summary_csf_median": 263.166192535311,
  "summary_csf_n": 71318.0,
  "summary_csf_p05": 119.26182923801247,
  "summary_csf_p95": 467.01068383455276,
  "summary_csf_stdv": 123.635172171039,
  "summary_gm_k": 0.12509596868396278,
  "summary_gm_mad": 71.07286938202877,
  "summary_gm_mean": 702.4904380813327,
  "summary_gm_median": 702.5249279849231,
  "summary_gm_n": 40955.0,
  "summary_gm_p05": 581.6362818405032,
  "summary_gm_p95": 822.1649035256354,
  "summary_gm_stdv": 72.6464339459464,
  "summary_wm_k": 0.9623042608284371,
  "summary_wm_mad": 75.21927342978887,
  "summary_wm_mean": 1009.4969021281532,
  "summary_wm_median": 1000.0787999220192,
  "summary_wm_n": 353147.0,
  "summary_wm_p05": 894.0796644464135,
  "summary_wm_p95": 1157.679149620235,
  "summary_wm_stdv": 81.46377462382169,
  "tpm_overlap_csf": 0.16370599917810758,
  "tpm_overlap_gm": 0.43960343117744727,
  "tpm_overlap_wm": 0.4708825504670617,
  "wm2max": 0.4709777950915465
}