{
  "aor": 0.0005570560747663551,
  "aqi": 0.008967282056074768,
  "bids_meta": {
    "AccelFactPE": 2,
    "AcquisitionNumber": 1,
    "AcquisitionTime": "10:56:16.775000",
    "BandwidthPerPixelPhaseEncode": 49.18,
    "BodyPartExamined": "BRAIN",
    "ConversionSoftware": "dcm2niix",
    "ConversionSoftwareVersion": "v1.0.20170724 (OpenJPEG build) GCC6.1.0",
    "DeviceSerialNumber": "45031",
    "EchoTime": 0.034,
    "EchoTrainLength": 29,
    "EffectiveEchoSpacing": 0.000344635,
    "FlipAngle": 71,
    "ImageType": [
      "ORIGINAL",
      "PRIMARY",
      "M",
      "ND",
      "NORM",
      "MOSAIC"
    ],
    "InstitutionAddress": "Washington_and_Faculty_Rd._-_Building_25_25_Princeton_NJ_US_085",
    "InstitutionName": "Princeton_University_-_Neuroscience_Institute",
    "MagneticFieldStrength": 3,
    "Manufacturer": "Siemens",
    "ManufacturersModelName": "Skyra",
    "PhaseEncodingDirection": "j-",
    "PhaseEncodingLines": 59,
    "ProcedureStepDescription": "NormanLab_Jarrod",
    "ProtocolName": "epi_3x3x3_2s_phase2_(214_TRs)",
    "RepetitionTime": 2,
    "ScanningSequence": "EP",
    "SequenceName": "_epfid2d1_59",
    "SequenceVariant": "SK_OSP",
    "SeriesDescription": "epi_3x3x3_2s_phase2_(214_TRs)",
    "SliceTiming": [
      0.99,
      0,
      1.0475,
      0.0575,
      1.105,
      0.115,
      1.165,
      0.175,
      1.2225,
      0.2325,
      1.28,
      0.29,
      1.3375,
      0.35,
      1.3975,
      0.4075,
      1.455,
      0.465,
      1.5125,
      0.5225,
      1.5725,
      0.5825,
      1.63,
      0.64,
      1.6875,
      0.6975,
      1.745,
      0.7575,
      1.805,
      0.815,
      1.8625,
      0.8725,
      1.92,
      0.93
    ],
    "SoftwareVersions": "syngo_MR_D11",
    "TaskName": "Phase 2",
    "TotalReadoutTime": 0.0196442,
    "TrueEchoSpacing": 0.00068927,
    "dataset": "ds001232",
    "modality": "bold",
    "run_id": 4,
    "subject_id": "05",
    "task_id": "phase2"
  },
  "dummy_trs": 0,
  "dvars_nstd": 29.502804778356797,
  "dvars_std": 1.1500471703286381,
  "dvars_vstd": 1.0129778554460092,
  "efc": 0.5547131759005072,
  "fber": 1424.7154541015625,
  "fd_mean": 0.17305446995065513,
  "fd_num": 53,
  "fd_perc": 24.766355140186917,
  "fwhm_avg": 1.709446874740032,
  "fwhm_x": 1.5776491683207805,
  "fwhm_y": 1.9138417160695746,
  "fwhm_z": 1.6368497398297404,
  "gcor": 0.0107067,
  "gsr_x": 0.008898822590708733,
  "gsr_y": 0.02236037515103817,
  "provenance": {
    "md5sum": "efe727a11534ebc4675eed946aa1095e",
    "settings": {
      "fd_thres": 0.2,
      "testing": false
    },
    "software": "mriqc",
    "version": "22.0.6",
    "webapi_port": null,
    "webapi_url": "https://mriqc.nimh.nih.gov/api/v1"
  },
  "size_t": 214,
  "size_x": 66,
  "size_y": 66,
  "size_z": 34,
  "snr": 6.3424756191598375,
  "spacing_tr": 2.0,
  "spacing_x": 2.9696969985961914,
  "spacing_y": 2.9696969985961914,
  "spacing_z": 3.000000476837158,
  "summary_bg_k": 23.464928695343918,
  "summary_bg_mad": 8.874830105991904,
  "summary_bg_mean": 33.048641204833984,
  "summary_bg_median": 17.341121673583984,
  "summary_bg_n": 82701.0,
  "summary_bg_p05": 9.345793724060059,
  "summary_bg_p95": 106.92523193359375,
  "summary_bg_stdv": 51.125335693359375,
  "summary_fg_k": 3.781692743072675,
  "summary_fg_mad": 90.69500543887638,
  "summary_fg_mean": 679.68603515625,
  "summary_fg_median": 670.971923828125,
  "summary_fg_n": 32643.0,
  "summary_fg_p05": 538.7981140136719,
  "summary_fg_p95": 845.5065002441405,
  "summary_fg_stdv": 105.78860473632812,
  "tsnr": 55.682441626209766
}