{
  "aor": 0.000894470588235294,
  "aqi": 0.008481375352941176,
  "bids_meta": {
    "AccelFactPE": 2,
    "AcquisitionNumber": 1,
    "AcquisitionTime": "10:19:46.940000",
    "BandwidthPerPixelPhaseEncode": 49.18,
    "BodyPartExamined": "BRAIN",
    "ConversionSoftware": "dcm2niix",
    "ConversionSoftwareVersion": "v1.0.20170724 (OpenJPEG build) GCC6.1.0",
    "DeviceSerialNumber": "45031",
    "EchoTime": 0.034,
    "EchoTrainLength": 29,
    "EffectiveEchoSpacing": 0.000344635,
    "FlipAngle": 71,
    "ImageType": [
      "ORIGINAL",
      "PRIMARY",
      "M",
      "ND",
      "NORM",
      "MOSAIC"
    ],
    "InstitutionAddress": "Washington_and_Faculty_Rd._-_Building_25_25_Princeton_NJ_US_085",
    "InstitutionName": "Princeton_University_-_Neuroscience_Institute",
    "MagneticFieldStrength": 3,
    "Manufacturer": "Siemens",
    "ManufacturersModelName": "Skyra",
    "PhaseEncodingDirection": "j-",
    "PhaseEncodingLines": 59,
    "ProcedureStepDescription": "NormanLab_Jarrod",
    "ProtocolName": "epi_3x3x3_2s_phase1",
    "RepetitionTime": 2,
    "ScanningSequence": "EP",
    "SequenceName": "_epfid2d1_59",
    "SequenceVariant": "SK_OSP",
    "SeriesDescription": "epi_3x3x3_2s_phase1",
    "SliceTiming": [
      0.99,
      0,
      1.0475,
      0.06,
      1.1075,
      0.1175,
      1.165,
      0.175,
      1.2225,
      0.2325,
      1.2825,
      0.2925,
      1.34,
      0.35,
      1.3975,
      0.4075,
      1.455,
      0.4675,
      1.515,
      0.525,
      1.5725,
      0.5825,
      1.63,
      0.64,
      1.69,
      0.7,
      1.7475,
      0.7575,
      1.805,
      0.815,
      1.8625,
      0.875,
      1.9225,
      0.9325
    ],
    "SoftwareVersions": "syngo_MR_D11",
    "TaskName": "Phase 1",
    "TotalReadoutTime": 0.0196442,
    "TrueEchoSpacing": 0.00068927,
    "dataset": "ds001232",
    "modality": "bold",
    "run_id": 3,
    "subject_id": "05",
    "task_id": "phase1"
  },
  "dummy_trs": 0,
  "dvars_nstd": 29.369709162189363,
  "dvars_std": 1.158394076508876,
  "dvars_vstd": 1.0231459028994085,
  "efc": 0.5551744085738307,
  "fber": 1405.6142578125,
  "fd_mean": 0.13694229298531185,
  "fd_num": 22,
  "fd_perc": 12.941176470588236,
  "fwhm_avg": 1.7153563642128413,
  "fwhm_x": 1.5753593724246964,
  "fwhm_y": 1.9285199812328575,
  "fwhm_z": 1.6421897389809705,
  "gcor": 0.0099393,
  "gsr_x": 0.007776876445859671,
  "gsr_y": 0.02222045697271824,
  "provenance": {
    "md5sum": "41753dff32bd8d9e39a4d5e469ef68cd",
    "settings": {
      "fd_thres": 0.2,
      "testing": false
    },
    "software": "mriqc",
    "version": "22.0.6",
    "webapi_port": null,
    "webapi_url": "https://mriqc.nimh.nih.gov/api/v1"
  },
  "size_t": 170,
  "size_x": 66,
  "size_y": 66,
  "size_z": 34,
  "snr": 6.408558326137431,
  "spacing_tr": 2.0,
  "spacing_x": 2.9696969985961914,
  "spacing_y": 2.9696969985961914,
  "spacing_z": 3.000000476837158,
  "summary_bg_k": 23.27892038350998,
  "summary_bg_mad": 8.930497536816931,
  "summary_bg_mean": 32.79408264160156,
  "summary_bg_median": 17.505882263183594,
  "summary_bg_n": 82582.0,
  "summary_bg_p05": 9.488235473632812,
  "summary_bg_p95": 106.39323692321773,
  "summary_bg_stdv": 49.81352233886719,
  "summary_fg_k": 3.5142016392447557,
  "summary_fg_mad": 90.251238270935,
  "summary_fg_mean": 681.0145874023438,
  "summary_fg_median": 672.2029418945312,
  "summary_fg_n": 32664.0,
  "summary_fg_p05": 539.8965026855469,
  "summary_fg_p95": 846.8435699462889,
  "summary_fg_stdv": 104.88983917236328,
  "tsnr": 57.79776943940669
}