{
  "aor": 0.0008811682242990655,
  "aqi": 0.009294911588785046,
  "bids_meta": {
    "AccelFactPE": 2,
    "AcquisitionNumber": 1,
    "AcquisitionTime": "10:33:37.160000",
    "BandwidthPerPixelPhaseEncode": 49.18,
    "BodyPartExamined": "BRAIN",
    "ConversionSoftware": "dcm2niix",
    "ConversionSoftwareVersion": "v1.0.20170724 (OpenJPEG build) GCC6.1.0",
    "DeviceSerialNumber": "45031",
    "EchoTime": 0.034,
    "EchoTrainLength": 29,
    "EffectiveEchoSpacing": 0.000344635,
    "FlipAngle": 71,
    "ImageType": [
      "ORIGINAL",
      "PRIMARY",
      "M",
      "ND",
      "NORM",
      "MOSAIC"
    ],
    "InstitutionAddress": "Washington_and_Faculty_Rd._-_Building_25_25_Princeton_NJ_US_085",
    "InstitutionName": "Princeton_University_-_Neuroscience_Institute",
    "MagneticFieldStrength": 3,
    "Manufacturer": "Siemens",
    "ManufacturersModelName": "Skyra",
    "PhaseEncodingDirection": "j-",
    "PhaseEncodingLines": 59,
    "ProcedureStepDescription": "NormanLab_Jarrod",
    "ProtocolName": "epi_3x3x3_2s_phase2_(214_TRs)",
    "RepetitionTime": 2,
    "ScanningSequence": "EP",
    "SequenceName": "_epfid2d1_59",
    "SequenceVariant": "SK_OSP",
    "SeriesDescription": "epi_3x3x3_2s_phase2_(214_TRs)",
    "SliceTiming": [
      0.99,
      0,
      1.0475,
      0.0575,
      1.1075,
      0.1175,
      1.165,
      0.175,
      1.2225,
      0.2325,
      1.2825,
      0.2925,
      1.34,
      0.35,
      1.3975,
      0.4075,
      1.455,
      0.465,
      1.515,
      0.525,
      1.5725,
      0.5825,
      1.63,
      0.64,
      1.69,
      0.7,
      1.7475,
      0.7575,
      1.805,
      0.815,
      1.8625,
      0.875,
      1.9225,
      0.9325
    ],
    "SoftwareVersions": "syngo_MR_D11",
    "TaskName": "Phase 2",
    "TotalReadoutTime": 0.0196442,
    "TrueEchoSpacing": 0.00068927,
    "dataset": "ds001232",
    "modality": "bold",
    "run_id": 1,
    "subject_id": "05",
    "task_id": "phase2"
  },
  "dummy_trs": 0,
  "dvars_nstd": 29.14061416483569,
  "dvars_std": 1.1394577692018781,
  "dvars_vstd": 1.0146273352112671,
  "efc": 0.5546829634552929,
  "fber": 1399.9298095703125,
  "fd_mean": 0.1489992006472271,
  "fd_num": 26,
  "fd_perc": 12.149532710280374,
  "fwhm_avg": 1.7039061382544445,
  "fwhm_x": 1.5729079438771234,
  "fwhm_y": 1.910444063041414,
  "fwhm_z": 1.6283664078447966,
  "gcor": 0.00723473,
  "gsr_x": 0.008480113931000233,
  "gsr_y": 0.02228047512471676,
  "provenance": {
    "md5sum": "452a33a552c8350ada05c1438349b872",
    "settings": {
      "fd_thres": 0.2,
      "testing": false
    },
    "software": "mriqc",
    "version": "22.0.6",
    "webapi_port": null,
    "webapi_url": "https://mriqc.nimh.nih.gov/api/v1"
  },
  "size_t": 214,
  "size_x": 66,
  "size_y": 66,
  "size_z": 34,
  "snr": 6.3865985043665106,
  "spacing_tr": 2.0,
  "spacing_x": 2.9696969985961914,
  "spacing_y": 2.9696969985961914,
  "spacing_z": 3.000000476837158,
  "summary_bg_k": 23.87913931057322,
  "summary_bg_mad": 8.944110755276796,
  "summary_bg_mean": 32.80330276489258,
  "summary_bg_median": 17.5,
  "summary_bg_n": 82713.0,
  "summary_bg_p05": 9.40186882019043,
  "summary_bg_p95": 104.74298858642551,
  "summary_bg_stdv": 49.98361587524414,
  "summary_fg_k": 3.4760832200003353,
  "summary_fg_mad": 90.41095463541635,
  "summary_fg_mean": 680.4722290039062,
  "summary_fg_median": 670.9158935546875,
  "summary_fg_n": 32481.0,
  "summary_fg_p05": 539.1588745117188,
  "summary_fg_p95": 846.233642578125,
  "summary_fg_stdv": 105.04896545410156,
  "tsnr": 55.38352733850479
}