{
  "aor": 0.0035613084112149527,
  "aqi": 0.010601888691588785,
  "bids_meta": {
    "AccelFactPE": 2,
    "AcquisitionNumber": 1,
    "AcquisitionTime": "10:10:59.192500",
    "BandwidthPerPixelPhaseEncode": 49.18,
    "BodyPartExamined": "BRAIN",
    "ConversionSoftware": "dcm2niix",
    "ConversionSoftwareVersion": "v1.0.20170724 (OpenJPEG build) GCC6.1.0",
    "DeviceSerialNumber": "45031",
    "EchoTime": 0.034,
    "EchoTrainLength": 29,
    "EffectiveEchoSpacing": 0.000344635,
    "FlipAngle": 71,
    "ImageType": [
      "ORIGINAL",
      "PRIMARY",
      "M",
      "ND",
      "NORM",
      "MOSAIC"
    ],
    "InstitutionAddress": "Washington_and_Faculty_Rd._-_Building_25_25_Princeton_NJ_US_085",
    "InstitutionName": "Princeton_University_-_Neuroscience_Institute",
    "MagneticFieldStrength": 3,
    "Manufacturer": "Siemens",
    "ManufacturersModelName": "Skyra",
    "PhaseEncodingDirection": "j-",
    "PhaseEncodingLines": 59,
    "ProcedureStepDescription": "NormanLab_Jarrod",
    "ProtocolName": "epi_3x3x3_2s_phase2_(214_TRs)",
    "RepetitionTime": 2,
    "ScanningSequence": "EP",
    "SequenceName": "_epfid2d1_59",
    "SequenceVariant": "SK_OSP",
    "SeriesDescription": "epi_3x3x3_2s_phase2_(214_TRs)",
    "SliceTiming": [
      0.99,
      0,
      1.0475,
      0.0575,
      1.1075,
      0.1175,
      1.165,
      0.175,
      1.2225,
      0.2325,
      1.2825,
      0.2925,
      1.34,
      0.35,
      1.3975,
      0.4075,
      1.455,
      0.4675,
      1.515,
      0.525,
      1.5725,
      0.5825,
      1.63,
      0.64,
      1.69,
      0.7,
      1.7475,
      0.7575,
      1.805,
      0.815,
      1.8625,
      0.875,
      1.9225,
      0.9325
    ],
    "SoftwareVersions": "syngo_MR_D11",
    "TaskName": "Phase 2",
    "TotalReadoutTime": 0.0196442,
    "TrueEchoSpacing": 0.00068927,
    "dataset": "ds001232",
    "modality": "bold",
    "run_id": 3,
    "subject_id": "03",
    "task_id": "phase2"
  },
  "dummy_trs": 0,
  "dvars_nstd": 28.03492915004697,
  "dvars_std": 1.1145401315962442,
  "dvars_vstd": 1.0361738361971833,
  "efc": 0.6100573667678204,
  "fber": 1132.357666015625,
  "fd_mean": 0.19203967947003103,
  "fd_num": 48,
  "fd_perc": 22.429906542056074,
  "fwhm_avg": 1.6992469470908036,
  "fwhm_x": 1.5587684542188014,
  "fwhm_y": 1.931436103653459,
  "fwhm_z": 1.60753628340015,
  "gcor": 0.0678877,
  "gsr_x": 0.0010332579258829355,
  "gsr_y": 0.04005248472094536,
  "provenance": {
    "md5sum": "756f6281afe14062c33b82451addf850",
    "settings": {
      "fd_thres": 0.2,
      "testing": false
    },
    "software": "mriqc",
    "version": "22.0.6",
    "webapi_port": null,
    "webapi_url": "https://mriqc.nimh.nih.gov/api/v1"
  },
  "size_t": 214,
  "size_x": 66,
  "size_y": 66,
  "size_z": 34,
  "snr": 5.9667581768577405,
  "spacing_tr": 2.0,
  "spacing_x": 2.9696969985961914,
  "spacing_y": 2.9696969985961914,
  "spacing_z": 3.0000007152557373,
  "summary_bg_k": 19.955125932715138,
  "summary_bg_mad": 12.726822329306835,
  "summary_bg_mean": 42.34108352661133,
  "summary_bg_median": 20.62149429321289,
  "summary_bg_n": 73153.0,
  "summary_bg_p05": 9.628972053527834,
  "summary_bg_p95": 166.02522888183591,
  "summary_bg_stdv": 60.503971099853516,
  "summary_fg_k": 2.7880100127502176,
  "summary_fg_mad": 111.7943968500139,
  "summary_fg_mean": 723.2319946289062,
  "summary_fg_median": 715.8177490234375,
  "summary_fg_n": 40682.0,
  "summary_fg_p05": 556.179653930664,
  "summary_fg_p95": 912.3170471191406,
  "summary_fg_stdv": 119.96614074707031,
  "tsnr": 47.77180208032951
}