{
  "aor": 0.0012341176470588235,
  "aqi": 0.007602887294117648,
  "bids_meta": {
    "AccelFactPE": 2,
    "AcquisitionNumber": 1,
    "AcquisitionTime": "09:48:1.127500",
    "BandwidthPerPixelPhaseEncode": 49.18,
    "BodyPartExamined": "BRAIN",
    "ConversionSoftware": "dcm2niix",
    "ConversionSoftwareVersion": "v1.0.20170724 (OpenJPEG build) GCC6.1.0",
    "DeviceSerialNumber": "45031",
    "EchoTime": 0.034,
    "EchoTrainLength": 29,
    "EffectiveEchoSpacing": 0.000344635,
    "FlipAngle": 71,
    "ImageType": [
      "ORIGINAL",
      "PRIMARY",
      "M",
      "ND",
      "NORM",
      "MOSAIC"
    ],
    "InstitutionAddress": "Washington_and_Faculty_Rd._-_Building_25_25_Princeton_NJ_US_085",
    "InstitutionName": "Princeton_University_-_Neuroscience_Institute",
    "MagneticFieldStrength": 3,
    "Manufacturer": "Siemens",
    "ManufacturersModelName": "Skyra",
    "PhaseEncodingDirection": "j-",
    "PhaseEncodingLines": 59,
    "ProcedureStepDescription": "NormanLab_Jarrod",
    "ProtocolName": "epi_3x3x3_2s_phase1",
    "RepetitionTime": 2,
    "ScanningSequence": "EP",
    "SequenceName": "_epfid2d1_59",
    "SequenceVariant": "SK_OSP",
    "SeriesDescription": "epi_3x3x3_2s_phase1",
    "SliceTiming": [
      0.99,
      0,
      1.0475,
      0.0575,
      1.1075,
      0.1175,
      1.165,
      0.175,
      1.2225,
      0.2325,
      1.28,
      0.2925,
      1.34,
      0.35,
      1.3975,
      0.4075,
      1.455,
      0.465,
      1.515,
      0.525,
      1.5725,
      0.5825,
      1.63,
      0.64,
      1.6875,
      0.7,
      1.7475,
      0.7575,
      1.805,
      0.815,
      1.8625,
      0.8725,
      1.9225,
      0.9325
    ],
    "SoftwareVersions": "syngo_MR_D11",
    "TaskName": "Phase 1",
    "TotalReadoutTime": 0.0196442,
    "TrueEchoSpacing": 0.00068927,
    "dataset": "ds001232",
    "modality": "bold",
    "run_id": 4,
    "subject_id": "03",
    "task_id": "phase1"
  },
  "dummy_trs": 0,
  "dvars_nstd": 24.6139544312426,
  "dvars_std": 1.0781447620710067,
  "dvars_vstd": 1.0206440011834326,
  "efc": 0.6106293251221937,
  "fber": 1150.7606201171875,
  "fd_mean": 0.11295660004791774,
  "fd_num": 12,
  "fd_perc": 7.0588235294117645,
  "fwhm_avg": 1.690884318111303,
  "fwhm_x": 1.554838760379492,
  "fwhm_y": 1.9276545730780137,
  "fwhm_z": 1.5901596208764026,
  "gcor": 0.0442859,
  "gsr_x": -2.0989793370063126e-07,
  "gsr_y": 0.03867500647902489,
  "provenance": {
    "md5sum": "b028bf0feb2ac66802fa4351d1a4d35a",
    "settings": {
      "fd_thres": 0.2,
      "testing": false
    },
    "software": "mriqc",
    "version": "22.0.6",
    "webapi_port": null,
    "webapi_url": "https://mriqc.nimh.nih.gov/api/v1"
  },
  "size_t": 170,
  "size_x": 66,
  "size_y": 66,
  "size_z": 34,
  "snr": 5.929290895766796,
  "spacing_tr": 2.0,
  "spacing_x": 2.9696969985961914,
  "spacing_y": 2.9696969985961914,
  "spacing_z": 3.0000007152557373,
  "summary_bg_k": 21.804854073932223,
  "summary_bg_mad": 12.401530317284557,
  "summary_bg_mean": 42.57305908203125,
  "summary_bg_median": 20.51764678955078,
  "summary_bg_n": 73070.0,
  "summary_bg_p05": 9.641176223754883,
  "summary_bg_p95": 169.6985298156739,
  "summary_bg_stdv": 62.795196533203125,
  "summary_fg_k": 2.8095309875493486,
  "summary_fg_mad": 112.90458394216087,
  "summary_fg_mean": 724.4588623046875,
  "summary_fg_median": 717.688232421875,
  "summary_fg_n": 40768.0,
  "summary_fg_p05": 558.0955871582031,
  "summary_fg_p95": 916.4973602294923,
  "summary_fg_stdv": 121.0396728515625,
  "tsnr": 56.21512055397034
}