{
  "aor": 0.00731341121495327,
  "aqi": 0.01237894696261682,
  "bids_meta": {
    "AccelFactPE": 2,
    "AcquisitionNumber": 1,
    "AcquisitionTime": "10:26:49.272500",
    "BandwidthPerPixelPhaseEncode": 49.18,
    "BodyPartExamined": "BRAIN",
    "ConversionSoftware": "dcm2niix",
    "ConversionSoftwareVersion": "v1.0.20170724 (OpenJPEG build) GCC6.1.0",
    "DeviceSerialNumber": "45031",
    "EchoTime": 0.034,
    "EchoTrainLength": 29,
    "EffectiveEchoSpacing": 0.000344635,
    "FlipAngle": 71,
    "ImageType": [
      "ORIGINAL",
      "PRIMARY",
      "M",
      "ND",
      "NORM",
      "MOSAIC"
    ],
    "InstitutionAddress": "Washington_and_Faculty_Rd._-_Building_25_25_Princeton_NJ_US_085",
    "InstitutionName": "Princeton_University_-_Neuroscience_Institute",
    "MagneticFieldStrength": 3,
    "Manufacturer": "Siemens",
    "ManufacturersModelName": "Skyra",
    "PhaseEncodingDirection": "j-",
    "PhaseEncodingLines": 59,
    "ProcedureStepDescription": "NormanLab_Jarrod",
    "ProtocolName": "epi_3x3x3_2s_phase2_(214_TRs)",
    "RepetitionTime": 2,
    "ScanningSequence": "EP",
    "SequenceName": "_epfid2d1_59",
    "SequenceVariant": "SK_OSP",
    "SeriesDescription": "epi_3x3x3_2s_phase2_(214_TRs)",
    "SliceTiming": [
      0.99,
      0,
      1.0475,
      0.0575,
      1.105,
      0.115,
      1.165,
      0.175,
      1.2225,
      0.2325,
      1.28,
      0.29,
      1.3375,
      0.35,
      1.3975,
      0.4075,
      1.455,
      0.465,
      1.5125,
      0.5225,
      1.5725,
      0.5825,
      1.63,
      0.64,
      1.6875,
      0.6975,
      1.745,
      0.7575,
      1.805,
      0.815,
      1.8625,
      0.8725,
      1.92,
      0.93
    ],
    "SoftwareVersions": "syngo_MR_D11",
    "TaskName": "Phase 2",
    "TotalReadoutTime": 0.0196442,
    "TrueEchoSpacing": 0.00068927,
    "dataset": "ds001232",
    "modality": "bold",
    "run_id": 5,
    "subject_id": "03",
    "task_id": "phase2"
  },
  "dummy_trs": 0,
  "dvars_nstd": 29.440255528215943,
  "dvars_std": 1.1538703630985911,
  "dvars_vstd": 1.0730610487323948,
  "efc": 0.6122836563154325,
  "fber": 1050.8470458984375,
  "fd_mean": 0.19822247550698174,
  "fd_num": 41,
  "fd_perc": 19.1588785046729,
  "fwhm_avg": 1.685183513507681,
  "fwhm_x": 1.5506666175629498,
  "fwhm_y": 1.9190476343862608,
  "fwhm_z": 1.585836288573832,
  "gcor": 0.0513143,
  "gsr_x": -0.0005222038016654551,
  "gsr_y": 0.04027566686272621,
  "provenance": {
    "md5sum": "399e1b6c1f0d20db589f7e4c4a845757",
    "settings": {
      "fd_thres": 0.2,
      "testing": false
    },
    "software": "mriqc",
    "version": "22.0.6",
    "webapi_port": null,
    "webapi_url": "https://mriqc.nimh.nih.gov/api/v1"
  },
  "size_t": 214,
  "size_x": 66,
  "size_y": 66,
  "size_z": 34,
  "snr": 6.000018921782921,
  "spacing_tr": 2.0,
  "spacing_x": 2.9696969985961914,
  "spacing_y": 2.9696969985961914,
  "spacing_z": 3.0000007152557373,
  "summary_bg_k": 19.41409406603247,
  "summary_bg_mad": 13.426557028476221,
  "summary_bg_mean": 42.96120071411133,
  "summary_bg_median": 21.168224334716797,
  "summary_bg_n": 73052.0,
  "summary_bg_p05": 9.724298477172852,
  "summary_bg_p95": 167.53317031860328,
  "summary_bg_stdv": 60.13658905029297,
  "summary_fg_k": 2.798047290583276,
  "summary_fg_mad": 110.72398048998566,
  "summary_fg_mean": 717.5496215820312,
  "summary_fg_median": 710.8317260742188,
  "summary_fg_n": 40644.0,
  "summary_fg_p05": 553.3119171142578,
  "summary_fg_p95": 905.6212524414062,
  "summary_fg_stdv": 118.47012329101562,
  "tsnr": 45.17695547488984
}