{
  "aor": 0.000942570093457944,
  "aqi": 0.008446559999999999,
  "bids_meta": {
    "AccelFactPE": 2,
    "AcquisitionNumber": 1,
    "AcquisitionTime": "09:55:48.110000",
    "BandwidthPerPixelPhaseEncode": 49.18,
    "BodyPartExamined": "BRAIN",
    "ConversionSoftware": "dcm2niix",
    "ConversionSoftwareVersion": "v1.0.20170724 (OpenJPEG build) GCC6.1.0",
    "DeviceSerialNumber": "45031",
    "EchoTime": 0.034,
    "EchoTrainLength": 29,
    "EffectiveEchoSpacing": 0.000344635,
    "FlipAngle": 71,
    "ImageType": [
      "ORIGINAL",
      "PRIMARY",
      "M",
      "ND",
      "NORM",
      "MOSAIC"
    ],
    "InstitutionAddress": "Washington_and_Faculty_Rd._-_Building_25_25_Princeton_NJ_US_085",
    "InstitutionName": "Princeton_University_-_Neuroscience_Institute",
    "MagneticFieldStrength": 3,
    "Manufacturer": "Siemens",
    "ManufacturersModelName": "Skyra",
    "PhaseEncodingDirection": "j-",
    "PhaseEncodingLines": 59,
    "ProcedureStepDescription": "NormanLab_Jarrod",
    "ProtocolName": "epi_3x3x3_2s_phase2_(214_TRs)",
    "RepetitionTime": 2,
    "ScanningSequence": "EP",
    "SequenceName": "_epfid2d1_59",
    "SequenceVariant": "SK_OSP",
    "SeriesDescription": "epi_3x3x3_2s_phase2_(214_TRs)",
    "SliceTiming": [
      0.99,
      0,
      1.05,
      0.06,
      1.1075,
      0.1175,
      1.165,
      0.175,
      1.225,
      0.235,
      1.2825,
      0.2925,
      1.34,
      0.35,
      1.3975,
      0.41,
      1.4575,
      0.4675,
      1.515,
      0.525,
      1.5725,
      0.5825,
      1.6325,
      0.6425,
      1.69,
      0.7,
      1.7475,
      0.7575,
      1.805,
      0.8175,
      1.865,
      0.875,
      1.9225,
      0.9325
    ],
    "SoftwareVersions": "syngo_MR_D11",
    "TaskName": "Phase 2",
    "TotalReadoutTime": 0.0196442,
    "TrueEchoSpacing": 0.00068927,
    "dataset": "ds001232",
    "modality": "bold",
    "run_id": 1,
    "subject_id": "03",
    "task_id": "phase2"
  },
  "dummy_trs": 0,
  "dvars_nstd": 25.127457390469488,
  "dvars_std": 1.0824871405633805,
  "dvars_vstd": 1.016971860985916,
  "efc": 0.6110703095959027,
  "fber": 1135.283203125,
  "fd_mean": 0.13964264873695975,
  "fd_num": 30,
  "fd_perc": 14.018691588785046,
  "fwhm_avg": 1.696853149465064,
  "fwhm_x": 1.5601389644095462,
  "fwhm_y": 1.9299275322395681,
  "fwhm_z": 1.6004929517460778,
  "gcor": 0.0379754,
  "gsr_x": -0.00020835422037634999,
  "gsr_y": 0.039154212921857834,
  "provenance": {
    "md5sum": "d540b9c768213a09d476bd15ebc91003",
    "settings": {
      "fd_thres": 0.2,
      "testing": false
    },
    "software": "mriqc",
    "version": "22.0.6",
    "webapi_port": null,
    "webapi_url": "https://mriqc.nimh.nih.gov/api/v1"
  },
  "size_t": 214,
  "size_x": 66,
  "size_y": 66,
  "size_z": 34,
  "snr": 5.929526697231944,
  "spacing_tr": 2.0,
  "spacing_x": 2.9696969985961914,
  "spacing_y": 2.9696969985961914,
  "spacing_z": 3.0000007152557373,
  "summary_bg_k": 22.116755146781482,
  "summary_bg_mad": 12.505126796650561,
  "summary_bg_mean": 42.962257385253906,
  "summary_bg_median": 20.658878326416016,
  "summary_bg_n": 73094.0,
  "summary_bg_p05": 9.76168155670166,
  "summary_bg_p95": 170.5649482727045,
  "summary_bg_stdv": 63.264522552490234,
  "summary_fg_k": 2.7520215856100734,
  "summary_fg_mad": 113.04498050844575,
  "summary_fg_mean": 725.1959838867188,
  "summary_fg_median": 718.27099609375,
  "summary_fg_n": 40787.0,
  "summary_fg_p05": 558.0130615234375,
  "summary_fg_p95": 917.0027709960937,
  "summary_fg_stdv": 121.13314056396484,
  "tsnr": 54.00119172222912
}