{
  "aor": 0.0006070588235294118,
  "aqi": 0.006814641529411764,
  "bids_meta": {
    "AccelFactPE": 2,
    "AcquisitionNumber": 1,
    "AcquisitionTime": "09:35:40.812500",
    "BandwidthPerPixelPhaseEncode": 49.18,
    "BodyPartExamined": "BRAIN",
    "ConversionSoftware": "dcm2niix",
    "ConversionSoftwareVersion": "v1.0.20170724 (OpenJPEG build) GCC6.1.0",
    "DeviceSerialNumber": "45031",
    "EchoTime": 0.034,
    "EchoTrainLength": 29,
    "EffectiveEchoSpacing": 0.000344635,
    "FlipAngle": 71,
    "ImageType": [
      "ORIGINAL",
      "PRIMARY",
      "M",
      "ND",
      "NORM",
      "MOSAIC"
    ],
    "InstitutionAddress": "Washington_and_Faculty_Rd._-_Building_25_25_Princeton_NJ_US_085",
    "InstitutionName": "Princeton_University_-_Neuroscience_Institute",
    "MagneticFieldStrength": 3,
    "Manufacturer": "Siemens",
    "ManufacturersModelName": "Skyra",
    "PhaseEncodingDirection": "j-",
    "PhaseEncodingLines": 59,
    "ProcedureStepDescription": "NormanLab_Jarrod",
    "ProtocolName": "epi_3x3x3_2s_phase1",
    "RepetitionTime": 2,
    "ScanningSequence": "EP",
    "SequenceName": "_epfid2d1_59",
    "SequenceVariant": "SK_OSP",
    "SeriesDescription": "epi_3x3x3_2s_phase1",
    "SliceTiming": [
      0.99,
      0,
      1.0475,
      0.0575,
      1.105,
      0.1175,
      1.165,
      0.175,
      1.2225,
      0.2325,
      1.28,
      0.29,
      1.34,
      0.35,
      1.3975,
      0.4075,
      1.455,
      0.465,
      1.5125,
      0.525,
      1.5725,
      0.5825,
      1.63,
      0.64,
      1.6875,
      0.6975,
      1.7475,
      0.7575,
      1.805,
      0.815,
      1.8625,
      0.8725,
      1.92,
      0.9325
    ],
    "SoftwareVersions": "syngo_MR_D11",
    "TaskName": "Phase 1",
    "TotalReadoutTime": 0.0196442,
    "TrueEchoSpacing": 0.00068927,
    "dataset": "ds001232",
    "modality": "bold",
    "run_id": 2,
    "subject_id": "03",
    "task_id": "phase1"
  },
  "dummy_trs": 0,
  "dvars_nstd": 23.99231028147929,
  "dvars_std": 1.0766758472189353,
  "dvars_vstd": 1.0166836285798806,
  "efc": 0.6093360512989225,
  "fber": 1163.6834716796875,
  "fd_mean": 0.07576179806840237,
  "fd_num": 2,
  "fd_perc": 1.1764705882352942,
  "fwhm_avg": 1.6970250536756843,
  "fwhm_x": 1.5555358011890352,
  "fwhm_y": 1.927836409810938,
  "fwhm_z": 1.6077029500270803,
  "gcor": 0.0307227,
  "gsr_x": 0.000369646935723722,
  "gsr_y": 0.038118135184049606,
  "provenance": {
    "md5sum": "caded7d78227182b93bb3cfc9751d73e",
    "settings": {
      "fd_thres": 0.2,
      "testing": false
    },
    "software": "mriqc",
    "version": "22.0.6",
    "webapi_port": null,
    "webapi_url": "https://mriqc.nimh.nih.gov/api/v1"
  },
  "size_t": 170,
  "size_x": 66,
  "size_y": 66,
  "size_z": 34,
  "snr": 5.904598465951365,
  "spacing_tr": 2.0,
  "spacing_x": 2.9696969985961914,
  "spacing_y": 2.9696969985961914,
  "spacing_z": 3.0000007152557373,
  "summary_bg_k": 20.15087573708102,
  "summary_bg_mad": 12.26199200023162,
  "summary_bg_mean": 41.9021110534668,
  "summary_bg_median": 20.488235473632812,
  "summary_bg_n": 73176.0,
  "summary_bg_p05": 9.729412078857422,
  "summary_bg_p95": 165.97794723510742,
  "summary_bg_stdv": 60.91254425048828,
  "summary_fg_k": 2.8120698291027315,
  "summary_fg_mad": 113.49752528961925,
  "summary_fg_mean": 726.7741088867188,
  "summary_fg_median": 720.3882446289062,
  "summary_fg_n": 40691.0,
  "summary_fg_p05": 558.5852966308594,
  "summary_fg_p95": 919.0853271484375,
  "summary_fg_stdv": 122.00311279296875,
  "tsnr": 58.16937532555312
}