{
  "aor": 0.0006277058823529411,
  "aqi": 0.007244945235294118,
  "bids_meta": {
    "AccelFactPE": 2,
    "AcquisitionNumber": 1,
    "AcquisitionTime": "09:41:48.370000",
    "BandwidthPerPixelPhaseEncode": 49.18,
    "BodyPartExamined": "BRAIN",
    "ConversionSoftware": "dcm2niix",
    "ConversionSoftwareVersion": "v1.0.20170724 (OpenJPEG build) GCC6.1.0",
    "DeviceSerialNumber": "45031",
    "EchoTime": 0.034,
    "EchoTrainLength": 29,
    "EffectiveEchoSpacing": 0.000344635,
    "FlipAngle": 71,
    "ImageType": [
      "ORIGINAL",
      "PRIMARY",
      "M",
      "ND",
      "NORM",
      "MOSAIC"
    ],
    "InstitutionAddress": "Washington_and_Faculty_Rd._-_Building_25_25_Princeton_NJ_US_085",
    "InstitutionName": "Princeton_University_-_Neuroscience_Institute",
    "MagneticFieldStrength": 3,
    "Manufacturer": "Siemens",
    "ManufacturersModelName": "Skyra",
    "PhaseEncodingDirection": "j-",
    "PhaseEncodingLines": 59,
    "ProcedureStepDescription": "NormanLab_Jarrod",
    "ProtocolName": "epi_3x3x3_2s_phase1",
    "RepetitionTime": 2,
    "ScanningSequence": "EP",
    "SequenceName": "_epfid2d1_59",
    "SequenceVariant": "SK_OSP",
    "SeriesDescription": "epi_3x3x3_2s_phase1",
    "SliceTiming": [
      0.99,
      0,
      1.0475,
      0.0575,
      1.105,
      0.1175,
      1.165,
      0.175,
      1.2225,
      0.2325,
      1.28,
      0.29,
      1.34,
      0.35,
      1.3975,
      0.4075,
      1.455,
      0.465,
      1.515,
      0.525,
      1.5725,
      0.5825,
      1.63,
      0.64,
      1.6875,
      0.6975,
      1.7475,
      0.7575,
      1.805,
      0.815,
      1.8625,
      0.8725,
      1.9225,
      0.9325
    ],
    "SoftwareVersions": "syngo_MR_D11",
    "TaskName": "Phase 1",
    "TotalReadoutTime": 0.0196442,
    "TrueEchoSpacing": 0.00068927,
    "dataset": "ds001232",
    "modality": "bold",
    "run_id": 3,
    "subject_id": "03",
    "task_id": "phase1"
  },
  "dummy_trs": 0,
  "dvars_nstd": 23.614389408343186,
  "dvars_std": 1.070973252840237,
  "dvars_vstd": 1.0142994317751481,
  "efc": 0.6098075679262608,
  "fber": 1121.471435546875,
  "fd_mean": 0.07874487182593366,
  "fd_num": 3,
  "fd_perc": 1.7647058823529411,
  "fwhm_avg": 1.688739158719261,
  "fwhm_x": 1.5471309033116427,
  "fwhm_y": 1.9199702874385067,
  "fwhm_z": 1.599116285407634,
  "gcor": 0.058886,
  "gsr_x": -0.00019276983221061528,
  "gsr_y": 0.03961428254842758,
  "provenance": {
    "md5sum": "43496cdd177926d51f98ce543ddc841e",
    "settings": {
      "fd_thres": 0.2,
      "testing": false
    },
    "software": "mriqc",
    "version": "22.0.6",
    "webapi_port": null,
    "webapi_url": "https://mriqc.nimh.nih.gov/api/v1"
  },
  "size_t": 170,
  "size_x": 66,
  "size_y": 66,
  "size_z": 34,
  "snr": 5.933232194069676,
  "spacing_tr": 2.0,
  "spacing_x": 2.9696969985961914,
  "spacing_y": 2.9696969985961914,
  "spacing_z": 3.0000007152557373,
  "summary_bg_k": 21.21040446027618,
  "summary_bg_mad": 12.863754792431486,
  "summary_bg_mean": 42.15272903442383,
  "summary_bg_median": 20.841176986694336,
  "summary_bg_n": 73140.0,
  "summary_bg_p05": 9.611764907836914,
  "summary_bg_p95": 165.8858840942385,
  "summary_bg_stdv": 61.01945114135742,
  "summary_fg_k": 2.8471527945135167,
  "summary_fg_mad": 113.37988717413722,
  "summary_fg_mean": 727.3776245117188,
  "summary_fg_median": 720.35888671875,
  "summary_fg_n": 40670.0,
  "summary_fg_p05": 560.3935455322265,
  "summary_fg_p95": 919.2888275146483,
  "summary_fg_stdv": 121.40937805175781,
  "tsnr": 56.519350320100784
}