{
  "bids_meta": {
    "AcquisitionNumber": 1,
    "AcquisitionTime": "18:42:52.067500",
    "BodyPartExamined": "BRAIN",
    "ConversionSoftware": "dcm2niix",
    "ConversionSoftwareVersion": "v1.0.20170724 (OpenJPEG build) GCC6.1.0",
    "DeviceSerialNumber": "45031",
    "EchoTime": 0.00308,
    "FlipAngle": 9,
    "ImageType": [
      "ORIGINAL",
      "PRIMARY",
      "M",
      "ND",
      "NORM"
    ],
    "InstitutionAddress": "Washington_and_Faculty_Rd._-_Building_25_25_Princeton_NJ_US_085",
    "InstitutionName": "Princeton_University_-_Neuroscience_Institute",
    "InversionTime": 0.9,
    "MagneticFieldStrength": 3,
    "Manufacturer": "Siemens",
    "ManufacturersModelName": "Skyra",
    "PhaseEncodingDirection": "i-",
    "PhaseEncodingLines": 224,
    "ProcedureStepDescription": "NormanLab_Jarrod",
    "ProtocolName": "long_mprage",
    "RepetitionTime": 2.3,
    "ScanningSequence": "GR_IR",
    "SequenceName": "_tfl3d1_16ns",
    "SequenceVariant": "SK_SP_MP",
    "SeriesDescription": "long_mprage",
    "SoftwareVersions": "syngo_MR_D11",
    "dataset": "ds001232",
    "modality": "T1w",
    "subject_id": "09"
  },
  "cjv": 0.466078114671254,
  "cnr": 2.8235433285083515,
  "efc": 0.6382185255549608,
  "fber": 2465.426488962932,
  "fwhm_avg": 3.8474036769048965,
  "fwhm_x": 3.841393576169234,
  "fwhm_y": 4.008192,
  "fwhm_z": 3.6926254545454547,
  "icvs_csf": 0.17630904143215562,
  "icvs_gm": 0.44365400208666056,
  "icvs_wm": 0.3800369564811838,
  "inu_med": 0.7048107981681824,
  "inu_range": 0.4045518279075623,
  "provenance": {
    "md5sum": "7a77f2b626d654937275f765fad4ddb2",
    "settings": {
      "testing": false
    },
    "software": "mriqc",
    "version": "22.0.6",
    "warnings": {
      "large_rot_frame": true,
      "small_air_mask": false
    },
    "webapi_port": null,
    "webapi_url": "https://mriqc.nimh.nih.gov/api/v1"
  },
  "qi_1": 0.0009270638429940015,
  "qi_2": 0.0026316004120659695,
  "rpve_csf": 16.05758583037034,
  "rpve_gm": 6.7076672360243155,
  "rpve_wm": 8.618037882517735,
  "size_x": 176,
  "size_y": 224,
  "size_z": 256,
  "snr_csf": 1.936447630216048,
  "snr_gm": 11.081849532291763,
  "snr_total": 9.210159374859813,
  "snr_wm": 14.612180962071628,
  "snrd_csf": 6.350704551465003,
  "snrd_gm": 16.703309306798733,
  "snrd_total": 15.400870147311347,
  "snrd_wm": 23.1485965836703,
  "spacing_x": 0.9000067114830017,
  "spacing_y": 0.859375,
  "spacing_z": 0.859375,
  "summary_bg_k": 367.017181657926,
  "summary_bg_mad": 0.0,
  "summary_bg_mean": 13.127907859787472,
  "summary_bg_median": 0.0,
  "summary_bg_n": 2014652.0,
  "summary_bg_p05": 0.0,
  "summary_bg_p95": 50.30418772995472,
  "summary_bg_stdv": 28.30263011551746,
  "summary_csf_k": 8.575466639172538,
  "summary_csf_mad": 121.56450107704602,
  "summary_csf_mean": 288.8705656163863,
  "summary_csf_median": 274.35758705064654,
  "summary_csf_n": 43634.0,
  "summary_csf_p05": 93.16262926161289,
  "summary_csf_p95": 526.484627601318,
  "summary_csf_stdv": 141.6792475565411,
  "summary_gm_k": 0.1135984222762163,
  "summary_gm_mad": 64.4843809699945,
  "summary_gm_mean": 720.8814147151782,
  "summary_gm_median": 721.6017687544227,
  "summary_gm_n": 55423.0,
  "summary_gm_p05": 612.0494176782668,
  "summary_gm_p95": 826.7002923790362,
  "summary_gm_stdv": 65.11505653218998,
  "summary_wm_k": 0.5857018052336582,
  "summary_wm_mad": 65.2921185186792,
  "summary_wm_mean": 1004.4493104188515,
  "summary_wm_median": 1000.0454360358417,
  "summary_wm_n": 326762.0,
  "summary_wm_p05": 900.2996775135398,
  "summary_wm_p95": 1124.0806714855134,
  "summary_wm_stdv": 68.43905837159025,
  "tpm_overlap_csf": 0.15516682243225363,
  "tpm_overlap_gm": 0.46235228286007507,
  "tpm_overlap_wm": 0.49412079484995786,
  "wm2max": 0.39639007360218825
}